{
  "aor": 0.002967084282460136,
  "aqi": 0.016460468564920273,
  "bids_meta": {
    "AcquisitionMatrixPE": 72,
    "AcquisitionNumber": 1,
    "AcquisitionTime": "11:37:44.380000",
    "BandwidthPerPixelPhaseEncode": 28.935,
    "BaseResolution": 72,
    "ConversionSoftware": "dcm2niix",
    "ConversionSoftwareVersion": "v1.0.20171215 GCC4.4.7",
    "DerivedVendorReportedEchoSpacing": 0.000480003,
    "DeviceSerialNumber": "35149",
    "DwellTime": 2.9e-06,
    "EchoTime": 0.03,
    "EffectiveEchoSpacing": 0.000480003,
    "FlipAngle": 75,
    "ImageOrientationPatientDICOM": [
      0.994075,
      0.0983038,
      0.0463788,
      -0.0874655,
      0.97677,
      -0.195627
    ],
    "ImageType": "ORIGINALPRIMARYMNDMOSAIC",
    "InPlanePhaseEncodingDirectionDICOM": "COL",
    "InstitutionAddress": "Street_StreetNo_Rehovot_E1B90C_District_IL_ZIP",
    "InstitutionName": "Weizmann",
    "InstitutionalDepartmentName": "Department",
    "MRAcquisitionType": "2D",
    "MagneticFieldStrength": 3,
    "Manufacturer": "Siemens",
    "ManufacturersModelName": "TrioTim",
    "Modality": "MR",
    "PartialFourier": 1,
    "PatientPosition": "HFS",
    "PercentPhaseFOV": 100,
    "PhaseEncodingDirection": "j-",
    "PhaseEncodingSteps": 72,
    "PhaseResolution": 1,
    "PixelBandwidth": 2395,
    "ProcedureStepDescription": "Weizmann_Dudai",
    "ProtocolName": "run2_mod",
    "PulseSequenceDetails": "%SiemensSeq%_ep2d_pace",
    "ReceiveCoilName": "HeadMatrix",
    "ReconMatrixPE": 72,
    "RepetitionTime": 2,
    "SAR": 0.141449,
    "ScanOptions": "FS",
    "ScanningSequence": "EP",
    "SequenceName": "_epfid2d1_72",
    "SequenceVariant": "SK",
    "SeriesDescription": "run2_mod",
    "SeriesNumber": 4,
    "ShimSetting": [
      2364,
      9454,
      -5378,
      736,
      73,
      -753,
      4,
      -230
    ],
    "SliceThickness": 4,
    "SliceTiming": [
      0.9925,
      0,
      1.055,
      0.0625,
      1.1175,
      0.125,
      1.18,
      0.1875,
      1.2425,
      0.2475,
      1.305,
      0.31,
      1.3675,
      0.3725,
      1.4275,
      0.435,
      1.49,
      0.4975,
      1.5525,
      0.56,
      1.615,
      0.62,
      1.6775,
      0.6825,
      1.74,
      0.745,
      1.8,
      0.8075,
      1.8625,
      0.87,
      1.925,
      0.9325
    ],
    "SoftwareVersions": "syngo_MR_B17",
    "SpacingBetweenSlices": 4,
    "StationName": "MRC35149",
    "TaskName": "viewclips",
    "TotalReadoutTime": 0.0340802,
    "TxRefAmp": 289.756,
    "VendorReportedEchoSpacing": 0.00048,
    "dataset": "ds001840",
    "modality": "bold",
    "run_id": 2,
    "subject_id": "19",
    "task_id": "viewclips"
  },
  "dummy_trs": 1,
  "dvars_nstd": 23.59139889232877,
  "dvars_std": 1.0562939164840186,
  "dvars_vstd": 0.9838845212557076,
  "efc": 0.4978958938143984,
  "fber": 1178.27392578125,
  "fd_mean": 0.21583232672276886,
  "fd_num": 160,
  "fd_perc": 36.44646924829157,
  "fwhm_avg": 2.011966944444444,
  "fwhm_x": 1.9900133333333334,
  "fwhm_y": 2.21412,
  "fwhm_z": 1.8317675,
  "gcor": 0.0381167,
  "gsr_x": -0.026412302628159523,
  "gsr_y": 0.023021064698696136,
  "provenance": {
    "md5sum": "0bd459cd0979499e30b4e11d78e54a73",
    "settings": {
      "fd_thres": 0.2,
      "testing": false
    },
    "software": "mriqc",
    "version": "22.0.6",
    "webapi_port": null,
    "webapi_url": "https://mriqc.nimh.nih.gov/api/v1"
  },
  "size_t": 439,
  "size_x": 72,
  "size_y": 72,
  "size_z": 32,
  "snr": 5.87325629516276,
  "spacing_tr": 2.0,
  "spacing_x": 3.0,
  "spacing_y": 3.0,
  "spacing_z": 4.0,
  "summary_bg_k": 62.04447239759446,
  "summary_bg_mad": 3.5359557293689177,
  "summary_bg_mean": 33.34495544433594,
  "summary_bg_median": 19.653759002685547,
  "summary_bg_n": 105949.0,
  "summary_bg_p05": 16.911163330078125,
  "summary_bg_p95": 95.1640136718748,
  "summary_bg_stdv": 43.26717758178711,
  "summary_fg_k": 1.532299374455567,
  "summary_fg_mad": 101.05001006332242,
  "summary_fg_mean": 697.586181640625,
  "summary_fg_median": 686.9521484375,
  "summary_fg_n": 25788.0,
  "summary_fg_p05": 524.9759002685547,
  "summary_fg_p95": 907.6992675781249,
  "summary_fg_stdv": 116.9604721069336,
  "tsnr": 43.552852449938655
}