{
  "aor": 0.0012963698630136984,
  "aqi": 0.007713194657534246,
  "bids_meta": {
    "AcquisitionMatrixPE": 72,
    "AcquisitionNumber": 1,
    "AcquisitionTime": "10:10:6.335000",
    "BandwidthPerPixelPhaseEncode": 28.935,
    "BaseResolution": 72,
    "ConversionSoftware": "dcm2niix",
    "ConversionSoftwareVersion": "v1.0.20171215 GCC4.4.7",
    "DerivedVendorReportedEchoSpacing": 0.000480003,
    "DeviceSerialNumber": "35149",
    "DwellTime": 2.9e-06,
    "EchoTime": 0.03,
    "EffectiveEchoSpacing": 0.000480003,
    "FlipAngle": 75,
    "ImageOrientationPatientDICOM": [
      0.998966,
      -0.0454289,
      0.00158975,
      0.0426567,
      0.924774,
      -0.378117
    ],
    "ImageType": "ORIGINALPRIMARYMNDMOSAIC",
    "InPlanePhaseEncodingDirectionDICOM": "COL",
    "InstitutionAddress": "Street_StreetNo_Rehovot_E1B90C_District_IL_ZIP",
    "InstitutionName": "Weizmann",
    "InstitutionalDepartmentName": "Department",
    "MRAcquisitionType": "2D",
    "MagneticFieldStrength": 3,
    "Manufacturer": "Siemens",
    "ManufacturersModelName": "TrioTim",
    "Modality": "MR",
    "PartialFourier": 1,
    "PatientPosition": "HFS",
    "PercentPhaseFOV": 100,
    "PhaseEncodingDirection": "j-",
    "PhaseEncodingSteps": 72,
    "PhaseResolution": 1,
    "PixelBandwidth": 2395,
    "ProcedureStepDescription": "Weizmann_Dudai",
    "ProtocolName": "run3_mod",
    "PulseSequenceDetails": "%SiemensSeq%_ep2d_pace",
    "ReceiveCoilName": "HeadMatrix",
    "ReconMatrixPE": 72,
    "RepetitionTime": 2,
    "SAR": 0.106885,
    "ScanOptions": "FS",
    "ScanningSequence": "EP",
    "SequenceName": "_epfid2d1_72",
    "SequenceVariant": "SK",
    "SeriesDescription": "run3_mod",
    "SeriesNumber": 5,
    "ShimSetting": [
      2343,
      9542,
      -5382,
      1200,
      -12,
      -759,
      -94,
      -157
    ],
    "SliceThickness": 4,
    "SliceTiming": [
      0.995,
      0,
      1.0575,
      0.0625,
      1.1175,
      0.125,
      1.18,
      0.1875,
      1.2425,
      0.25,
      1.305,
      0.31,
      1.3675,
      0.3725,
      1.43,
      0.435,
      1.49,
      0.4975,
      1.5525,
      0.56,
      1.615,
      0.6225,
      1.6775,
      0.6825,
      1.74,
      0.745,
      1.8025,
      0.8075,
      1.8625,
      0.87,
      1.925,
      0.9325
    ],
    "SoftwareVersions": "syngo_MR_B17",
    "SpacingBetweenSlices": 4,
    "StationName": "MRC35149",
    "TaskName": "viewclips",
    "TotalReadoutTime": 0.0340802,
    "TxRefAmp": 281.926,
    "VendorReportedEchoSpacing": 0.00048,
    "dataset": "ds001840",
    "modality": "bold",
    "run_id": 3,
    "subject_id": "15",
    "task_id": "viewclips"
  },
  "dummy_trs": 2,
  "dvars_nstd": 26.672449954118996,
  "dvars_std": 1.1768438105263155,
  "dvars_vstd": 1.0085975522196793,
  "efc": 0.5026163327877594,
  "fber": 1108.863525390625,
  "fd_mean": 0.16993119104968982,
  "fd_num": 101,
  "fd_perc": 23.059360730593607,
  "fwhm_avg": 1.9095491666666664,
  "fwhm_x": 1.9098433333333331,
  "fwhm_y": 2.0865966666666664,
  "fwhm_z": 1.7322075,
  "gcor": 0.0862262,
  "gsr_x": -0.022122088819742203,
  "gsr_y": 0.02543153241276741,
  "provenance": {
    "md5sum": "276bc4a2bd20ef4a03771618222698e9",
    "settings": {
      "fd_thres": 0.2,
      "testing": false
    },
    "software": "mriqc",
    "version": "22.0.6",
    "webapi_port": null,
    "webapi_url": "https://mriqc.nimh.nih.gov/api/v1"
  },
  "size_t": 438,
  "size_x": 72,
  "size_y": 72,
  "size_z": 32,
  "snr": 5.358162762597912,
  "spacing_tr": 2.0,
  "spacing_x": 3.0,
  "spacing_y": 3.0,
  "spacing_z": 4.0,
  "summary_bg_k": 99.77123527253109,
  "summary_bg_mad": 3.9502200497424114,
  "summary_bg_mean": 33.990684509277344,
  "summary_bg_median": 19.422372817993164,
  "summary_bg_n": 105161.0,
  "summary_bg_p05": 16.15296745300293,
  "summary_bg_p95": 99.70319366455078,
  "summary_bg_stdv": 48.075599670410156,
  "summary_fg_k": 1.8528413456269046,
  "summary_fg_mad": 107.31265612272344,
  "summary_fg_mean": 672.9534912109375,
  "summary_fg_median": 660.281982421875,
  "summary_fg_n": 26258.0,
  "summary_fg_p05": 498.0637939453125,
  "summary_fg_p95": 890.1149017333984,
  "summary_fg_stdv": 123.2268295288086,
  "tsnr": 59.12464604980778
}