{
  "aor": 0.0022485876993166287,
  "aqi": 0.009208575102505695,
  "bids_meta": {
    "AcquisitionMatrixPE": 72,
    "AcquisitionNumber": 1,
    "AcquisitionTime": "09:53:49.305000",
    "BandwidthPerPixelPhaseEncode": 28.935,
    "BaseResolution": 72,
    "ConversionSoftware": "dcm2niix",
    "ConversionSoftwareVersion": "v1.0.20171215 GCC4.4.7",
    "DerivedVendorReportedEchoSpacing": 0.000480003,
    "DeviceSerialNumber": "35149",
    "DwellTime": 2.9e-06,
    "EchoTime": 0.03,
    "EffectiveEchoSpacing": 0.000480003,
    "FlipAngle": 75,
    "ImageOrientationPatientDICOM": [
      0.998966,
      -0.0454289,
      0.00158975,
      0.0426567,
      0.924774,
      -0.378117
    ],
    "ImageType": "ORIGINALPRIMARYMNDMOSAIC",
    "InPlanePhaseEncodingDirectionDICOM": "COL",
    "InstitutionAddress": "Street_StreetNo_Rehovot_E1B90C_District_IL_ZIP",
    "InstitutionName": "Weizmann",
    "InstitutionalDepartmentName": "Department",
    "MRAcquisitionType": "2D",
    "MagneticFieldStrength": 3,
    "Manufacturer": "Siemens",
    "ManufacturersModelName": "TrioTim",
    "Modality": "MR",
    "PartialFourier": 1,
    "PatientPosition": "HFS",
    "PercentPhaseFOV": 100,
    "PhaseEncodingDirection": "j-",
    "PhaseEncodingSteps": 72,
    "PhaseResolution": 1,
    "PixelBandwidth": 2395,
    "ProcedureStepDescription": "Weizmann_Dudai",
    "ProtocolName": "run2_mod",
    "PulseSequenceDetails": "%SiemensSeq%_ep2d_pace",
    "ReceiveCoilName": "HeadMatrix",
    "ReconMatrixPE": 72,
    "RepetitionTime": 2,
    "SAR": 0.106885,
    "ScanOptions": "FS",
    "ScanningSequence": "EP",
    "SequenceName": "_epfid2d1_72",
    "SequenceVariant": "SK",
    "SeriesDescription": "run2_mod",
    "SeriesNumber": 4,
    "ShimSetting": [
      2343,
      9542,
      -5382,
      1200,
      -12,
      -759,
      -94,
      -157
    ],
    "SliceThickness": 4,
    "SliceTiming": [
      0.995,
      0,
      1.0575,
      0.0625,
      1.12,
      0.125,
      1.18,
      0.1875,
      1.2425,
      0.25,
      1.305,
      0.3125,
      1.3675,
      0.375,
      1.43,
      0.435,
      1.4925,
      0.4975,
      1.555,
      0.56,
      1.615,
      0.6225,
      1.6775,
      0.685,
      1.74,
      0.7475,
      1.8025,
      0.8075,
      1.865,
      0.87,
      1.9275,
      0.9325
    ],
    "SoftwareVersions": "syngo_MR_B17",
    "SpacingBetweenSlices": 4,
    "StationName": "MRC35149",
    "TaskName": "viewclips",
    "TotalReadoutTime": 0.0340802,
    "TxRefAmp": 281.926,
    "VendorReportedEchoSpacing": 0.00048,
    "dataset": "ds001840",
    "modality": "bold",
    "run_id": 2,
    "subject_id": "15",
    "task_id": "viewclips"
  },
  "dummy_trs": 1,
  "dvars_nstd": 27.931301465319606,
  "dvars_std": 1.1908411365525122,
  "dvars_vstd": 1.015181371826485,
  "efc": 0.5005616825518955,
  "fber": 1117.2587890625,
  "fd_mean": 0.17643190567477193,
  "fd_num": 109,
  "fd_perc": 24.829157175398635,
  "fwhm_avg": 1.9141991666666665,
  "fwhm_x": 1.9174666666666667,
  "fwhm_y": 2.0984433333333334,
  "fwhm_z": 1.7266875,
  "gcor": 0.0858253,
  "gsr_x": -0.020828664302825928,
  "gsr_y": 0.027361636981368065,
  "provenance": {
    "md5sum": "2287f6583d239d5a153836789d2d9750",
    "settings": {
      "fd_thres": 0.2,
      "testing": false
    },
    "software": "mriqc",
    "version": "22.0.6",
    "webapi_port": null,
    "webapi_url": "https://mriqc.nimh.nih.gov/api/v1"
  },
  "size_t": 439,
  "size_x": 72,
  "size_y": 72,
  "size_z": 32,
  "snr": 5.334432349024845,
  "spacing_tr": 2.0,
  "spacing_x": 3.0,
  "spacing_y": 3.0,
  "spacing_z": 4.0,
  "summary_bg_k": 83.62161666973314,
  "summary_bg_mad": 4.228287145213017,
  "summary_bg_mean": 32.84530258178711,
  "summary_bg_median": 19.328018188476562,
  "summary_bg_n": 105095.0,
  "summary_bg_p05": 15.3758544921875,
  "summary_bg_p95": 95.17950134277328,
  "summary_bg_stdv": 43.20930099487305,
  "summary_fg_k": 1.7322811881032205,
  "summary_fg_mad": 106.54475070120009,
  "summary_fg_mean": 671.4613647460938,
  "summary_fg_median": 657.7152709960938,
  "summary_fg_n": 26206.0,
  "summary_fg_p05": 496.45333099365234,
  "summary_fg_p95": 889.2118988037109,
  "summary_fg_stdv": 123.29385375976562,
  "tsnr": 52.20082770474255
}