{
  "aor": 0.0015512072892938497,
  "aqi": 0.01156237034168565,
  "bids_meta": {
    "AcquisitionMatrixPE": 72,
    "AcquisitionNumber": 1,
    "AcquisitionTime": "10:25:44.770000",
    "BandwidthPerPixelPhaseEncode": 28.935,
    "BaseResolution": 72,
    "ConversionSoftware": "dcm2niix",
    "ConversionSoftwareVersion": "v1.0.20171215 GCC4.4.7",
    "DerivedVendorReportedEchoSpacing": 0.000480003,
    "DeviceSerialNumber": "35149",
    "DwellTime": 2.9e-06,
    "EchoTime": 0.03,
    "EffectiveEchoSpacing": 0.000480003,
    "FlipAngle": 75,
    "ImageOrientationPatientDICOM": [
      0.998966,
      -0.0454289,
      0.00158975,
      0.0426567,
      0.924774,
      -0.378117
    ],
    "ImageType": "ORIGINALPRIMARYMNDMOSAIC",
    "InPlanePhaseEncodingDirectionDICOM": "COL",
    "InstitutionAddress": "Street_StreetNo_Rehovot_E1B90C_District_IL_ZIP",
    "InstitutionName": "Weizmann",
    "InstitutionalDepartmentName": "Department",
    "MRAcquisitionType": "2D",
    "MagneticFieldStrength": 3,
    "Manufacturer": "Siemens",
    "ManufacturersModelName": "TrioTim",
    "Modality": "MR",
    "PartialFourier": 1,
    "PatientPosition": "HFS",
    "PercentPhaseFOV": 100,
    "PhaseEncodingDirection": "j-",
    "PhaseEncodingSteps": 72,
    "PhaseResolution": 1,
    "PixelBandwidth": 2395,
    "ProcedureStepDescription": "Weizmann_Dudai",
    "ProtocolName": "run4_mod",
    "PulseSequenceDetails": "%SiemensSeq%_ep2d_pace",
    "ReceiveCoilName": "HeadMatrix",
    "ReconMatrixPE": 72,
    "RepetitionTime": 2,
    "SAR": 0.106885,
    "ScanOptions": "FS",
    "ScanningSequence": "EP",
    "SequenceName": "_epfid2d1_72",
    "SequenceVariant": "SK",
    "SeriesDescription": "run4_mod",
    "SeriesNumber": 6,
    "ShimSetting": [
      2343,
      9542,
      -5382,
      1200,
      -12,
      -759,
      -94,
      -157
    ],
    "SliceThickness": 4,
    "SliceTiming": [
      0.9925,
      0,
      1.055,
      0.0625,
      1.1175,
      0.125,
      1.18,
      0.1875,
      1.2425,
      0.2475,
      1.305,
      0.31,
      1.3675,
      0.3725,
      1.4275,
      0.435,
      1.49,
      0.4975,
      1.5525,
      0.56,
      1.615,
      0.62,
      1.6775,
      0.6825,
      1.74,
      0.745,
      1.8,
      0.8075,
      1.8625,
      0.87,
      1.925,
      0.9325
    ],
    "SoftwareVersions": "syngo_MR_B17",
    "SpacingBetweenSlices": 4,
    "StationName": "MRC35149",
    "TaskName": "viewclips",
    "TotalReadoutTime": 0.0340802,
    "TxRefAmp": 281.926,
    "VendorReportedEchoSpacing": 0.00048,
    "dataset": "ds001840",
    "modality": "bold",
    "run_id": 4,
    "subject_id": "15",
    "task_id": "viewclips"
  },
  "dummy_trs": 1,
  "dvars_nstd": 25.82255568557074,
  "dvars_std": 1.115681793447489,
  "dvars_vstd": 0.9852257120776248,
  "efc": 0.5038945668172073,
  "fber": 1131.2646484375,
  "fd_mean": 0.20088677831072335,
  "fd_num": 163,
  "fd_perc": 37.12984054669704,
  "fwhm_avg": 1.9151850000000001,
  "fwhm_x": 1.9259766666666664,
  "fwhm_y": 2.1024033333333336,
  "fwhm_z": 1.717175,
  "gcor": 0.0554408,
  "gsr_x": -0.02382197417318821,
  "gsr_y": 0.02741311304271221,
  "provenance": {
    "md5sum": "97862e6f0a4b55782fdeab42194aa139",
    "settings": {
      "fd_thres": 0.2,
      "testing": false
    },
    "software": "mriqc",
    "version": "22.0.6",
    "webapi_port": null,
    "webapi_url": "https://mriqc.nimh.nih.gov/api/v1"
  },
  "size_t": 439,
  "size_x": 72,
  "size_y": 72,
  "size_z": 32,
  "snr": 5.395281182546523,
  "spacing_tr": 2.0,
  "spacing_x": 3.0,
  "spacing_y": 3.0,
  "spacing_z": 4.0,
  "summary_bg_k": 103.4768643379533,
  "summary_bg_mad": 4.768644820618792,
  "summary_bg_mean": 35.768104553222656,
  "summary_bg_median": 19.79498863220215,
  "summary_bg_n": 105185.0,
  "summary_bg_p05": 15.640091896057129,
  "summary_bg_p95": 107.26652069091783,
  "summary_bg_stdv": 52.28528594970703,
  "summary_fg_k": 1.5577664965933309,
  "summary_fg_mad": 110.98748986866536,
  "summary_fg_mean": 693.2022705078125,
  "summary_fg_median": 680.7323608398438,
  "summary_fg_n": 26274.0,
  "summary_fg_p05": 511.9878265380859,
  "summary_fg_p95": 915.2056274414062,
  "summary_fg_stdv": 126.16940307617188,
  "tsnr": 49.79467178293271
}