{
  "aor": 0.0002508883826879271,
  "aqi": 0.00586537895216401,
  "bids_meta": {
    "AcquisitionMatrixPE": 72,
    "AcquisitionNumber": 1,
    "AcquisitionTime": "12:07:29.802500",
    "BandwidthPerPixelPhaseEncode": 28.935,
    "BaseResolution": 72,
    "ConversionSoftware": "dcm2niix",
    "ConversionSoftwareVersion": "v1.0.20171215 GCC4.4.7",
    "DerivedVendorReportedEchoSpacing": 0.000480003,
    "DeviceSerialNumber": "35149",
    "DwellTime": 2.9e-06,
    "EchoTime": 0.03,
    "EffectiveEchoSpacing": 0.000480003,
    "FlipAngle": 75,
    "ImageOrientationPatientDICOM": [
      0.999586,
      0.0253236,
      0.0136528,
      -0.0147567,
      0.858681,
      -0.512298
    ],
    "ImageType": "ORIGINALPRIMARYMNDMOSAIC",
    "InPlanePhaseEncodingDirectionDICOM": "COL",
    "InstitutionAddress": "Street_StreetNo_Rehovot_E1B90C_District_IL_ZIP",
    "InstitutionName": "Weizmann",
    "InstitutionalDepartmentName": "Department",
    "MRAcquisitionType": "2D",
    "MagneticFieldStrength": 3,
    "Manufacturer": "Siemens",
    "ManufacturersModelName": "TrioTim",
    "Modality": "MR",
    "PartialFourier": 1,
    "PatientPosition": "HFS",
    "PercentPhaseFOV": 100,
    "PhaseEncodingDirection": "j-",
    "PhaseEncodingSteps": 72,
    "PhaseResolution": 1,
    "PixelBandwidth": 2395,
    "ProcedureStepDescription": "Weizmann_Dudai",
    "ProtocolName": "run1_mod",
    "PulseSequenceDetails": "%SiemensSeq%_ep2d_pace",
    "ReceiveCoilName": "HeadMatrix",
    "ReconMatrixPE": 72,
    "RepetitionTime": 2,
    "SAR": 0.12906,
    "ScanOptions": "FS",
    "ScanningSequence": "EP",
    "SequenceName": "_epfid2d1_72",
    "SequenceVariant": "SK",
    "SeriesDescription": "run1_mod",
    "SeriesNumber": 3,
    "ShimSetting": [
      2337,
      9643,
      -5386,
      1047,
      4,
      -1,
      -44,
      -85
    ],
    "SliceThickness": 4,
    "SliceTiming": [
      0.995,
      0,
      1.0575,
      0.0625,
      1.12,
      0.125,
      1.18,
      0.1875,
      1.2425,
      0.25,
      1.305,
      0.3125,
      1.3675,
      0.3725,
      1.43,
      0.435,
      1.4925,
      0.4975,
      1.5525,
      0.56,
      1.615,
      0.6225,
      1.6775,
      0.685,
      1.74,
      0.745,
      1.8025,
      0.8075,
      1.865,
      0.87,
      1.9275,
      0.9325
    ],
    "SoftwareVersions": "syngo_MR_B17",
    "SpacingBetweenSlices": 4,
    "StationName": "MRC35149",
    "TaskName": "viewclips",
    "TotalReadoutTime": 0.0340802,
    "TxRefAmp": 327.491,
    "VendorReportedEchoSpacing": 0.00048,
    "dataset": "ds001840",
    "modality": "bold",
    "run_id": 1,
    "subject_id": "04",
    "task_id": "viewclips"
  },
  "dummy_trs": 1,
  "dvars_nstd": 21.603979685502285,
  "dvars_std": 1.0485126968721463,
  "dvars_vstd": 0.9753889242465745,
  "efc": 0.5545698880964073,
  "fber": 808.5955810546875,
  "fd_mean": 0.10712416538882197,
  "fd_num": 14,
  "fd_perc": 3.1890660592255125,
  "fwhm_avg": 1.9778497222222222,
  "fwhm_x": 1.9607533333333331,
  "fwhm_y": 2.0940433333333335,
  "fwhm_z": 1.8787525,
  "gcor": 0.0204785,
  "gsr_x": -0.018112504854798317,
  "gsr_y": 0.03154117986559868,
  "provenance": {
    "md5sum": "63cd6431e2ab202b0bf7749cd297e271",
    "settings": {
      "fd_thres": 0.2,
      "testing": false
    },
    "software": "mriqc",
    "version": "22.0.6",
    "webapi_port": null,
    "webapi_url": "https://mriqc.nimh.nih.gov/api/v1"
  },
  "size_t": 439,
  "size_x": 72,
  "size_y": 72,
  "size_z": 32,
  "snr": 5.476351523505854,
  "spacing_tr": 2.0,
  "spacing_x": 3.0,
  "spacing_y": 3.0,
  "spacing_z": 4.0,
  "summary_bg_k": 19.686820536728185,
  "summary_bg_mad": 7.603825205950599,
  "summary_bg_mean": 43.75739288330078,
  "summary_bg_median": 22.993167877197266,
  "summary_bg_n": 97250.0,
  "summary_bg_p05": 17.432802200317383,
  "summary_bg_p95": 148.8648132324219,
  "summary_bg_stdv": 54.28861618041992,
  "summary_fg_k": 1.1382468380535924,
  "summary_fg_mad": 112.60682377370429,
  "summary_fg_mean": 687.2821044921875,
  "summary_fg_median": 679.0478515625,
  "summary_fg_n": 32427.0,
  "summary_fg_p05": 503.78065795898436,
  "summary_fg_p95": 901.6098510742186,
  "summary_fg_stdv": 123.9944839477539,
  "tsnr": 63.15869256108999
}