{
  "aor": 0.0007595652173913043,
  "aqi": 0.006503284233409611,
  "bids_meta": {
    "AcquisitionMatrixPE": 72,
    "AcquisitionNumber": 1,
    "AcquisitionTime": "12:59:0.430000",
    "BandwidthPerPixelPhaseEncode": 28.935,
    "BaseResolution": 72,
    "ConversionSoftware": "dcm2niix",
    "ConversionSoftwareVersion": "v1.0.20171215 GCC4.4.7",
    "DerivedVendorReportedEchoSpacing": 0.000480003,
    "DeviceSerialNumber": "35149",
    "DwellTime": 2.9e-06,
    "EchoTime": 0.03,
    "EffectiveEchoSpacing": 0.000480003,
    "FlipAngle": 75,
    "ImageOrientationPatientDICOM": [
      0.999586,
      0.0253236,
      0.0136528,
      -0.0147567,
      0.858681,
      -0.512298
    ],
    "ImageType": "ORIGINALPRIMARYMNDMOSAIC",
    "InPlanePhaseEncodingDirectionDICOM": "COL",
    "InstitutionAddress": "Street_StreetNo_Rehovot_E1B90C_District_IL_ZIP",
    "InstitutionName": "Weizmann",
    "InstitutionalDepartmentName": "Department",
    "MRAcquisitionType": "2D",
    "MagneticFieldStrength": 3,
    "Manufacturer": "Siemens",
    "ManufacturersModelName": "TrioTim",
    "Modality": "MR",
    "PartialFourier": 1,
    "PatientPosition": "HFS",
    "PercentPhaseFOV": 100,
    "PhaseEncodingDirection": "j-",
    "PhaseEncodingSteps": 72,
    "PhaseResolution": 1,
    "PixelBandwidth": 2395,
    "ProcedureStepDescription": "Weizmann_Dudai",
    "ProtocolName": "run4_mod",
    "PulseSequenceDetails": "%SiemensSeq%_ep2d_pace",
    "ReceiveCoilName": "HeadMatrix",
    "ReconMatrixPE": 72,
    "RepetitionTime": 2,
    "SAR": 0.12906,
    "ScanOptions": "FS",
    "ScanningSequence": "EP",
    "SequenceName": "_epfid2d1_72",
    "SequenceVariant": "SK",
    "SeriesDescription": "run4_mod",
    "SeriesNumber": 6,
    "ShimSetting": [
      2337,
      9643,
      -5386,
      1047,
      4,
      -1,
      -44,
      -85
    ],
    "SliceThickness": 4,
    "SliceTiming": [
      0.9925,
      0,
      1.055,
      0.06,
      1.1175,
      0.1225,
      1.18,
      0.185,
      1.24,
      0.2475,
      1.3025,
      0.31,
      1.365,
      0.3725,
      1.4275,
      0.4325,
      1.49,
      0.495,
      1.5525,
      0.5575,
      1.615,
      0.62,
      1.675,
      0.6825,
      1.7375,
      0.745,
      1.8,
      0.8075,
      1.8625,
      0.8675,
      1.925,
      0.93
    ],
    "SoftwareVersions": "syngo_MR_B17",
    "SpacingBetweenSlices": 4,
    "StationName": "MRC35149",
    "TaskName": "viewclips",
    "TotalReadoutTime": 0.0340802,
    "TxRefAmp": 327.491,
    "VendorReportedEchoSpacing": 0.00048,
    "dataset": "ds001840",
    "modality": "bold",
    "run_id": 4,
    "subject_id": "04",
    "task_id": "viewclips"
  },
  "dummy_trs": 3,
  "dvars_nstd": 21.244903686697263,
  "dvars_std": 1.0365219307798175,
  "dvars_vstd": 0.9777971759862378,
  "efc": 0.5578277640128979,
  "fber": 764.3119506835938,
  "fd_mean": 0.11202940666468267,
  "fd_num": 21,
  "fd_perc": 4.805491990846682,
  "fwhm_avg": 1.9645249999999999,
  "fwhm_x": 1.9399499999999998,
  "fwhm_y": 2.08779,
  "fwhm_z": 1.865835,
  "gcor": 0.0145766,
  "gsr_x": -0.017405111342668533,
  "gsr_y": 0.031786393374204636,
  "provenance": {
    "md5sum": "cd089021ab93a4f9db56af146279ac27",
    "settings": {
      "fd_thres": 0.2,
      "testing": false
    },
    "software": "mriqc",
    "version": "22.0.6",
    "webapi_port": null,
    "webapi_url": "https://mriqc.nimh.nih.gov/api/v1"
  },
  "size_t": 437,
  "size_x": 72,
  "size_y": 72,
  "size_z": 32,
  "snr": 5.372233779208304,
  "spacing_tr": 2.0,
  "spacing_x": 3.0,
  "spacing_y": 3.0,
  "spacing_z": 4.0,
  "summary_bg_k": 18.052054761237475,
  "summary_bg_mad": 8.101725701888899,
  "summary_bg_mean": 45.25302505493164,
  "summary_bg_median": 23.430204391479492,
  "summary_bg_n": 97128.0,
  "summary_bg_p05": 17.578947067260742,
  "summary_bg_p95": 157.30662536621094,
  "summary_bg_stdv": 55.95766067504883,
  "summary_fg_k": 1.2620564407964627,
  "summary_fg_mad": 112.84400031268764,
  "summary_fg_mean": 682.213623046875,
  "summary_fg_median": 673.1876220703125,
  "summary_fg_n": 32497.0,
  "summary_fg_p05": 498.01507568359375,
  "summary_fg_p95": 902.1299438476562,
  "summary_fg_stdv": 125.30677032470703,
  "tsnr": 61.61171902669594
}