{
  "aor": 0.001189863325740319,
  "aqi": 0.005927613621867882,
  "bids_meta": {
    "AcquisitionMatrixPE": 72,
    "AcquisitionNumber": 1,
    "AcquisitionTime": "12:23:59.865000",
    "BandwidthPerPixelPhaseEncode": 28.935,
    "BaseResolution": 72,
    "ConversionSoftware": "dcm2niix",
    "ConversionSoftwareVersion": "v1.0.20171215 GCC4.4.7",
    "DerivedVendorReportedEchoSpacing": 0.000480003,
    "DeviceSerialNumber": "35149",
    "DwellTime": 2.9e-06,
    "EchoTime": 0.03,
    "EffectiveEchoSpacing": 0.000480003,
    "FlipAngle": 75,
    "ImageOrientationPatientDICOM": [
      0.999586,
      0.0253236,
      0.0136528,
      -0.0147567,
      0.858681,
      -0.512298
    ],
    "ImageType": "ORIGINALPRIMARYMNDMOSAIC",
    "InPlanePhaseEncodingDirectionDICOM": "COL",
    "InstitutionAddress": "Street_StreetNo_Rehovot_E1B90C_District_IL_ZIP",
    "InstitutionName": "Weizmann",
    "InstitutionalDepartmentName": "Department",
    "MRAcquisitionType": "2D",
    "MagneticFieldStrength": 3,
    "Manufacturer": "Siemens",
    "ManufacturersModelName": "TrioTim",
    "Modality": "MR",
    "PartialFourier": 1,
    "PatientPosition": "HFS",
    "PercentPhaseFOV": 100,
    "PhaseEncodingDirection": "j-",
    "PhaseEncodingSteps": 72,
    "PhaseResolution": 1,
    "PixelBandwidth": 2395,
    "ProcedureStepDescription": "Weizmann_Dudai",
    "ProtocolName": "run2_mod",
    "PulseSequenceDetails": "%SiemensSeq%_ep2d_pace",
    "ReceiveCoilName": "HeadMatrix",
    "ReconMatrixPE": 72,
    "RepetitionTime": 2,
    "SAR": 0.12906,
    "ScanOptions": "FS",
    "ScanningSequence": "EP",
    "SequenceName": "_epfid2d1_72",
    "SequenceVariant": "SK",
    "SeriesDescription": "run2_mod",
    "SeriesNumber": 4,
    "ShimSetting": [
      2337,
      9643,
      -5386,
      1047,
      4,
      -1,
      -44,
      -85
    ],
    "SliceThickness": 4,
    "SliceTiming": [
      0.995,
      0,
      1.055,
      0.0625,
      1.1175,
      0.125,
      1.18,
      0.1875,
      1.2425,
      0.2475,
      1.305,
      0.31,
      1.3675,
      0.3725,
      1.4275,
      0.435,
      1.49,
      0.4975,
      1.5525,
      0.56,
      1.615,
      0.62,
      1.6775,
      0.6825,
      1.74,
      0.745,
      1.8,
      0.8075,
      1.8625,
      0.87,
      1.925,
      0.9325
    ],
    "SoftwareVersions": "syngo_MR_B17",
    "SpacingBetweenSlices": 4,
    "StationName": "MRC35149",
    "TaskName": "viewclips",
    "TotalReadoutTime": 0.0340802,
    "TxRefAmp": 327.491,
    "VendorReportedEchoSpacing": 0.00048,
    "dataset": "ds001840",
    "modality": "bold",
    "run_id": 2,
    "subject_id": "04",
    "task_id": "viewclips"
  },
  "dummy_trs": 1,
  "dvars_nstd": 22.409201656940642,
  "dvars_std": 1.0601226964383565,
  "dvars_vstd": 0.9861483748630135,
  "efc": 0.5561740892587648,
  "fber": 795.5184936523438,
  "fd_mean": 0.14700839829542092,
  "fd_num": 54,
  "fd_perc": 12.300683371298405,
  "fwhm_avg": 1.9788063888888887,
  "fwhm_x": 1.9527999999999999,
  "fwhm_y": 2.105046666666667,
  "fwhm_z": 1.8785725,
  "gcor": 0.0250709,
  "gsr_x": -0.018244367092847824,
  "gsr_y": 0.03171710669994354,
  "provenance": {
    "md5sum": "282fec8bed240860b6221a0e985d244d",
    "settings": {
      "fd_thres": 0.2,
      "testing": false
    },
    "software": "mriqc",
    "version": "22.0.6",
    "webapi_port": null,
    "webapi_url": "https://mriqc.nimh.nih.gov/api/v1"
  },
  "size_t": 439,
  "size_x": 72,
  "size_y": 72,
  "size_z": 32,
  "snr": 5.4386228506550145,
  "spacing_tr": 2.0,
  "spacing_x": 3.0,
  "spacing_y": 3.0,
  "spacing_z": 4.0,
  "summary_bg_k": 19.28814513170316,
  "summary_bg_mad": 7.828410790386263,
  "summary_bg_mean": 45.03026580810547,
  "summary_bg_median": 23.22779083251953,
  "summary_bg_n": 97370.0,
  "summary_bg_p05": 17.601367950439453,
  "summary_bg_p95": 155.18667907714848,
  "summary_bg_stdv": 56.202510833740234,
  "summary_fg_k": 1.2067004589254484,
  "summary_fg_mad": 113.47137343163901,
  "summary_fg_mean": 690.8357543945312,
  "summary_fg_median": 682.6993408203125,
  "summary_fg_n": 32337.0,
  "summary_fg_p05": 505.57359008789064,
  "summary_fg_p95": 910.2492431640624,
  "summary_fg_stdv": 125.52603912353516,
  "tsnr": 62.56868342170492
}