{
  "aor": 0.000540387243735763,
  "aqi": 0.013843844236902053,
  "bids_meta": {
    "AcquisitionMatrixPE": 72,
    "AcquisitionNumber": 1,
    "AcquisitionTime": "15:06:31.800000",
    "BandwidthPerPixelPhaseEncode": 28.935,
    "BaseResolution": 72,
    "ConversionSoftware": "dcm2niix",
    "ConversionSoftwareVersion": "v1.0.20171215 GCC4.4.7",
    "DerivedVendorReportedEchoSpacing": 0.000480003,
    "DeviceSerialNumber": "35149",
    "DwellTime": 2.9e-06,
    "EchoTime": 0.03,
    "EffectiveEchoSpacing": 0.000480003,
    "FlipAngle": 75,
    "ImageOrientationPatientDICOM": [
      0.999772,
      -0.0187255,
      0.0103043,
      0.0205057,
      0.976328,
      -0.215321
    ],
    "ImageType": "ORIGINALPRIMARYMNDMOSAIC",
    "InPlanePhaseEncodingDirectionDICOM": "COL",
    "InstitutionAddress": "Street_StreetNo_Rehovot_90B50C_District_IL_ZIP",
    "InstitutionName": "Weizmann",
    "InstitutionalDepartmentName": "Department",
    "MRAcquisitionType": "2D",
    "MagneticFieldStrength": 3,
    "Manufacturer": "Siemens",
    "ManufacturersModelName": "TrioTim",
    "Modality": "MR",
    "PartialFourier": 1,
    "PatientPosition": "HFS",
    "PercentPhaseFOV": 100,
    "PhaseEncodingDirection": "j-",
    "PhaseEncodingSteps": 72,
    "PhaseResolution": 1,
    "PixelBandwidth": 2395,
    "ProcedureStepDescription": "Weizmann_Dudai",
    "ProtocolName": "run1_mod",
    "PulseSequenceDetails": "%SiemensSeq%_ep2d_pace",
    "ReceiveCoilName": "HeadMatrix",
    "ReconMatrixPE": 72,
    "RepetitionTime": 2,
    "SAR": 0.115086,
    "ScanOptions": "FS",
    "ScanningSequence": "EP",
    "SequenceName": "_epfid2d1_72",
    "SequenceVariant": "SK",
    "SeriesDescription": "run1_mod",
    "SeriesNumber": 3,
    "ShimSetting": [
      2363,
      9561,
      -5300,
      1172,
      12,
      -1024,
      313,
      -81
    ],
    "SliceThickness": 4,
    "SliceTiming": [
      0.995,
      0,
      1.0575,
      0.0625,
      1.1175,
      0.125,
      1.18,
      0.1875,
      1.2425,
      0.25,
      1.305,
      0.3125,
      1.3675,
      0.3725,
      1.43,
      0.435,
      1.4925,
      0.4975,
      1.5525,
      0.56,
      1.615,
      0.6225,
      1.6775,
      0.685,
      1.74,
      0.745,
      1.8025,
      0.8075,
      1.865,
      0.87,
      1.925,
      0.9325
    ],
    "SoftwareVersions": "syngo_MR_B17",
    "SpacingBetweenSlices": 4,
    "StationName": "MRC35149",
    "TaskName": "viewclips",
    "TotalReadoutTime": 0.0340802,
    "TxRefAmp": 276.602,
    "VendorReportedEchoSpacing": 0.00048,
    "dataset": "ds001840",
    "modality": "bold",
    "run_id": 1,
    "subject_id": "33",
    "task_id": "viewclips"
  },
  "dummy_trs": 1,
  "dvars_nstd": 21.361502037990864,
  "dvars_std": 1.048120084063927,
  "dvars_vstd": 0.9276357727397258,
  "efc": 0.46530242224064755,
  "fber": 1654.6898193359375,
  "fd_mean": 0.16131247577614158,
  "fd_num": 118,
  "fd_perc": 26.879271070615033,
  "fwhm_avg": 1.9777919444444443,
  "fwhm_x": 1.9050566666666666,
  "fwhm_y": 2.2006966666666665,
  "fwhm_z": 1.8276225,
  "gcor": 0.0267911,
  "gsr_x": -0.020731518045067787,
  "gsr_y": 0.017768967896699905,
  "provenance": {
    "md5sum": "2abd693827ebdaba16220a2f0061917f",
    "settings": {
      "fd_thres": 0.2,
      "testing": false
    },
    "software": "mriqc",
    "version": "22.0.6",
    "webapi_port": null,
    "webapi_url": "https://mriqc.nimh.nih.gov/api/v1"
  },
  "size_t": 439,
  "size_x": 72,
  "size_y": 72,
  "size_z": 32,
  "snr": 6.171325217428737,
  "spacing_tr": 2.0,
  "spacing_x": 3.0,
  "spacing_y": 3.0,
  "spacing_z": 4.0,
  "summary_bg_k": 42.05975191930348,
  "summary_bg_mad": 5.369789729928445,
  "summary_bg_mean": 34.97183609008789,
  "summary_bg_median": 20.075172424316406,
  "summary_bg_n": 110999.0,
  "summary_bg_p05": 14.760820388793945,
  "summary_bg_p95": 102.97836532592764,
  "summary_bg_stdv": 47.33971405029297,
  "summary_fg_k": 0.750998823678191,
  "summary_fg_mad": 124.97429983604432,
  "summary_fg_mean": 835.7650756835938,
  "summary_fg_median": 827.5911254882812,
  "summary_fg_n": 21982.0,
  "summary_fg_p05": 627.1258514404296,
  "summary_fg_p95": 1064.2371704101563,
  "summary_fg_stdv": 134.099609375,
  "tsnr": 49.49073437182233
}