{
  "aor": 0.0004534318181818182,
  "aqi": 0.006698261318181817,
  "bids_meta": {
    "AcquisitionMatrixPE": 72,
    "AcquisitionNumber": 1,
    "AcquisitionTime": "11:04:35.962500",
    "BandwidthPerPixelPhaseEncode": 28.935,
    "BaseResolution": 72,
    "ConversionSoftware": "dcm2niix",
    "ConversionSoftwareVersion": "v1.0.20171215 GCC4.4.7",
    "DerivedVendorReportedEchoSpacing": 0.000480003,
    "DeviceSerialNumber": "35149",
    "DwellTime": 2.9e-06,
    "EchoTime": 0.03,
    "EffectiveEchoSpacing": 0.000480003,
    "FlipAngle": 75,
    "ImageOrientationPatientDICOM": [
      0.997497,
      0.0167871,
      -0.0686809,
      -0.0488201,
      0.866186,
      -0.49733
    ],
    "ImageType": "ORIGINALPRIMARYMNDMOSAIC",
    "InPlanePhaseEncodingDirectionDICOM": "COL",
    "InstitutionAddress": "Street_StreetNo_Rehovot_E1B90C_District_IL_ZIP",
    "InstitutionName": "Weizmann",
    "InstitutionalDepartmentName": "Department",
    "MRAcquisitionType": "2D",
    "MagneticFieldStrength": 3,
    "Manufacturer": "Siemens",
    "ManufacturersModelName": "TrioTim",
    "Modality": "MR",
    "PartialFourier": 1,
    "PatientPosition": "HFS",
    "PercentPhaseFOV": 100,
    "PhaseEncodingDirection": "j-",
    "PhaseEncodingSteps": 72,
    "PhaseResolution": 1,
    "PixelBandwidth": 2395,
    "ProcedureStepDescription": "Weizmann_Dudai",
    "ProtocolName": "run1_mod",
    "PulseSequenceDetails": "%SiemensSeq%_ep2d_pace",
    "ReceiveCoilName": "HeadMatrix",
    "ReconMatrixPE": 72,
    "RepetitionTime": 2,
    "SAR": 0.129859,
    "ScanOptions": "FS",
    "ScanningSequence": "EP",
    "SequenceName": "_epfid2d1_72",
    "SequenceVariant": "SK",
    "SeriesDescription": "run1_mod",
    "SeriesNumber": 3,
    "ShimSetting": [
      2324,
      9479,
      -5405,
      966,
      62,
      -955,
      103,
      36
    ],
    "SliceThickness": 4,
    "SliceTiming": [
      0.995,
      0,
      1.0575,
      0.0625,
      1.12,
      0.125,
      1.18,
      0.1875,
      1.2425,
      0.25,
      1.305,
      0.3125,
      1.3675,
      0.375,
      1.43,
      0.435,
      1.4925,
      0.4975,
      1.555,
      0.56,
      1.615,
      0.6225,
      1.6775,
      0.685,
      1.74,
      0.7475,
      1.8025,
      0.8075,
      1.865,
      0.87,
      1.9275,
      0.9325
    ],
    "SoftwareVersions": "syngo_MR_B17",
    "SpacingBetweenSlices": 4,
    "StationName": "MRC35149",
    "TaskName": "viewclips",
    "TotalReadoutTime": 0.0340802,
    "TxRefAmp": 313.664,
    "VendorReportedEchoSpacing": 0.00048,
    "dataset": "ds001840",
    "modality": "bold",
    "run_id": 1,
    "subject_id": "16",
    "task_id": "viewclips"
  },
  "dummy_trs": 0,
  "dvars_nstd": 24.970036469908887,
  "dvars_std": 1.1411585284738037,
  "dvars_vstd": 0.9821629973804099,
  "efc": 0.5480173303050284,
  "fber": 861.8473510742188,
  "fd_mean": 0.20345275212463804,
  "fd_num": 221,
  "fd_perc": 50.22727272727273,
  "fwhm_avg": 1.946057829248933,
  "fwhm_x": 1.9431866666666666,
  "fwhm_y": 2.0536933333333334,
  "fwhm_z": 1.8412934877467984,
  "gcor": 0.0626884,
  "gsr_x": -0.03157154470682144,
  "gsr_y": 0.03573746606707573,
  "provenance": {
    "md5sum": "aaf11bc2995fc66bdfe33793374692d4",
    "settings": {
      "fd_thres": 0.2,
      "testing": false
    },
    "software": "mriqc",
    "version": "22.0.6",
    "webapi_port": null,
    "webapi_url": "https://mriqc.nimh.nih.gov/api/v1"
  },
  "size_t": 440,
  "size_x": 72,
  "size_y": 72,
  "size_z": 32,
  "snr": 5.827900255355391,
  "spacing_tr": 2.0,
  "spacing_x": 3.0,
  "spacing_y": 3.0,
  "spacing_z": 3.999997854232788,
  "summary_bg_k": 15.587722187522914,
  "summary_bg_mad": 6.658232501102438,
  "summary_bg_mean": 40.72218704223633,
  "summary_bg_median": 22.222726821899414,
  "summary_bg_n": 99248.0,
  "summary_bg_p05": 16.899999618530273,
  "summary_bg_p95": 136.42034225463863,
  "summary_bg_stdv": 46.58870315551758,
  "summary_fg_k": 0.43880116637867106,
  "summary_fg_mad": 111.89257943101235,
  "summary_fg_mean": 681.58544921875,
  "summary_fg_median": 674.574951171875,
  "summary_fg_n": 31383.0,
  "summary_fg_p05": 502.46998901367186,
  "summary_fg_p95": 879.7472595214842,
  "summary_fg_stdv": 115.74738311767578,
  "tsnr": 59.26013277377933
}