{
  "aor": 0.004045704545454546,
  "aqi": 0.012387176750000003,
  "bids_meta": {
    "AcquisitionMatrixPE": 72,
    "AcquisitionNumber": 1,
    "AcquisitionTime": "11:51:37.975000",
    "BandwidthPerPixelPhaseEncode": 28.935,
    "BaseResolution": 72,
    "ConversionSoftware": "dcm2niix",
    "ConversionSoftwareVersion": "v1.0.20171215 GCC4.4.7",
    "DerivedVendorReportedEchoSpacing": 0.000480003,
    "DeviceSerialNumber": "35149",
    "DwellTime": 2.9e-06,
    "EchoTime": 0.03,
    "EffectiveEchoSpacing": 0.000480003,
    "FlipAngle": 75,
    "ImageOrientationPatientDICOM": [
      0.997497,
      0.0167871,
      -0.0686809,
      -0.0488201,
      0.866186,
      -0.49733
    ],
    "ImageType": "ORIGINALPRIMARYMNDMOSAIC",
    "InPlanePhaseEncodingDirectionDICOM": "COL",
    "InstitutionAddress": "Street_StreetNo_Rehovot_E1B90C_District_IL_ZIP",
    "InstitutionName": "Weizmann",
    "InstitutionalDepartmentName": "Department",
    "MRAcquisitionType": "2D",
    "MagneticFieldStrength": 3,
    "Manufacturer": "Siemens",
    "ManufacturersModelName": "TrioTim",
    "Modality": "MR",
    "PartialFourier": 1,
    "PatientPosition": "HFS",
    "PercentPhaseFOV": 100,
    "PhaseEncodingDirection": "j-",
    "PhaseEncodingSteps": 72,
    "PhaseResolution": 1,
    "PixelBandwidth": 2395,
    "ProcedureStepDescription": "Weizmann_Dudai",
    "ProtocolName": "run4_mod",
    "PulseSequenceDetails": "%SiemensSeq%_ep2d_pace",
    "ReceiveCoilName": "HeadMatrix",
    "ReconMatrixPE": 72,
    "RepetitionTime": 2,
    "SAR": 0.129859,
    "ScanOptions": "FS",
    "ScanningSequence": "EP",
    "SequenceName": "_epfid2d1_72",
    "SequenceVariant": "SK",
    "SeriesDescription": "run4_mod",
    "SeriesNumber": 6,
    "ShimSetting": [
      2324,
      9479,
      -5405,
      966,
      62,
      -955,
      103,
      36
    ],
    "SliceThickness": 4,
    "SliceTiming": [
      0.995,
      0,
      1.055,
      0.0625,
      1.1175,
      0.125,
      1.18,
      0.1875,
      1.2425,
      0.2475,
      1.305,
      0.31,
      1.3675,
      0.3725,
      1.4275,
      0.435,
      1.49,
      0.4975,
      1.5525,
      0.56,
      1.615,
      0.62,
      1.6775,
      0.6825,
      1.74,
      0.745,
      1.8,
      0.8075,
      1.8625,
      0.87,
      1.925,
      0.9325
    ],
    "SoftwareVersions": "syngo_MR_B17",
    "SpacingBetweenSlices": 4,
    "StationName": "MRC35149",
    "TaskName": "viewclips",
    "TotalReadoutTime": 0.0340802,
    "TxRefAmp": 313.664,
    "VendorReportedEchoSpacing": 0.00048,
    "dataset": "ds001840",
    "modality": "bold",
    "run_id": 4,
    "subject_id": "16",
    "task_id": "viewclips"
  },
  "dummy_trs": 0,
  "dvars_nstd": 29.416353403895204,
  "dvars_std": 1.2110753347836007,
  "dvars_vstd": 1.0406695899772218,
  "efc": 0.5514570914928961,
  "fber": 839.2117919921875,
  "fd_mean": 0.3401577622352853,
  "fd_num": 284,
  "fd_perc": 64.54545454545455,
  "fwhm_avg": 1.9450261627262113,
  "fwhm_x": 1.9306999999999999,
  "fwhm_y": 2.06228,
  "fwhm_z": 1.8420984881786342,
  "gcor": 0.0468488,
  "gsr_x": -0.033005453646183014,
  "gsr_y": 0.040310103446245193,
  "provenance": {
    "md5sum": "29672f18d8d37fe6ed4330bdad172fb5",
    "settings": {
      "fd_thres": 0.2,
      "testing": false
    },
    "software": "mriqc",
    "version": "22.0.6",
    "webapi_port": null,
    "webapi_url": "https://mriqc.nimh.nih.gov/api/v1"
  },
  "size_t": 440,
  "size_x": 72,
  "size_y": 72,
  "size_z": 32,
  "snr": 5.848620232943704,
  "spacing_tr": 2.0,
  "spacing_x": 3.0,
  "spacing_y": 3.0,
  "spacing_z": 3.999997854232788,
  "summary_bg_k": 14.843791968741925,
  "summary_bg_mad": 7.723010149537627,
  "summary_bg_mean": 43.865943908691406,
  "summary_bg_median": 23.027271270751953,
  "summary_bg_n": 99141.0,
  "summary_bg_p05": 16.91363525390625,
  "summary_bg_p95": 149.3545379638672,
  "summary_bg_stdv": 51.79146957397461,
  "summary_fg_k": 0.4072368280218077,
  "summary_fg_mad": 115.72722003229369,
  "summary_fg_mean": 699.9379272460938,
  "summary_fg_median": 692.8431396484375,
  "summary_fg_n": 31504.0,
  "summary_fg_p05": 515.6312194824219,
  "summary_fg_p95": 900.8615600585937,
  "summary_fg_stdv": 118.46078491210938,
  "tsnr": 44.98919072560966
}