{
  "aor": 0.001594,
  "aqi": 0.007907006522727272,
  "bids_meta": {
    "AcquisitionMatrixPE": 72,
    "AcquisitionNumber": 1,
    "AcquisitionTime": "11:35:59.870000",
    "BandwidthPerPixelPhaseEncode": 28.935,
    "BaseResolution": 72,
    "ConversionSoftware": "dcm2niix",
    "ConversionSoftwareVersion": "v1.0.20171215 GCC4.4.7",
    "DerivedVendorReportedEchoSpacing": 0.000480003,
    "DeviceSerialNumber": "35149",
    "DwellTime": 2.9e-06,
    "EchoTime": 0.03,
    "EffectiveEchoSpacing": 0.000480003,
    "FlipAngle": 75,
    "ImageOrientationPatientDICOM": [
      0.997497,
      0.0167871,
      -0.0686809,
      -0.0488201,
      0.866186,
      -0.49733
    ],
    "ImageType": "ORIGINALPRIMARYMNDMOSAIC",
    "InPlanePhaseEncodingDirectionDICOM": "COL",
    "InstitutionAddress": "Street_StreetNo_Rehovot_E1B90C_District_IL_ZIP",
    "InstitutionName": "Weizmann",
    "InstitutionalDepartmentName": "Department",
    "MRAcquisitionType": "2D",
    "MagneticFieldStrength": 3,
    "Manufacturer": "Siemens",
    "ManufacturersModelName": "TrioTim",
    "Modality": "MR",
    "PartialFourier": 1,
    "PatientPosition": "HFS",
    "PercentPhaseFOV": 100,
    "PhaseEncodingDirection": "j-",
    "PhaseEncodingSteps": 72,
    "PhaseResolution": 1,
    "PixelBandwidth": 2395,
    "ProcedureStepDescription": "Weizmann_Dudai",
    "ProtocolName": "run3_mod",
    "PulseSequenceDetails": "%SiemensSeq%_ep2d_pace",
    "ReceiveCoilName": "HeadMatrix",
    "ReconMatrixPE": 72,
    "RepetitionTime": 2,
    "SAR": 0.129859,
    "ScanOptions": "FS",
    "ScanningSequence": "EP",
    "SequenceName": "_epfid2d1_72",
    "SequenceVariant": "SK",
    "SeriesDescription": "run3_mod",
    "SeriesNumber": 5,
    "ShimSetting": [
      2324,
      9479,
      -5405,
      966,
      62,
      -955,
      103,
      36
    ],
    "SliceThickness": 4,
    "SliceTiming": [
      0.9925,
      0,
      1.055,
      0.06,
      1.1175,
      0.1225,
      1.18,
      0.185,
      1.24,
      0.2475,
      1.3025,
      0.31,
      1.365,
      0.3725,
      1.4275,
      0.4325,
      1.49,
      0.495,
      1.5525,
      0.5575,
      1.6125,
      0.62,
      1.675,
      0.6825,
      1.7375,
      0.745,
      1.8,
      0.8075,
      1.8625,
      0.8675,
      1.925,
      0.93
    ],
    "SoftwareVersions": "syngo_MR_B17",
    "SpacingBetweenSlices": 4,
    "StationName": "MRC35149",
    "TaskName": "viewclips",
    "TotalReadoutTime": 0.0340802,
    "TxRefAmp": 313.664,
    "VendorReportedEchoSpacing": 0.00048,
    "dataset": "ds001840",
    "modality": "bold",
    "run_id": 3,
    "subject_id": "16",
    "task_id": "viewclips"
  },
  "dummy_trs": 0,
  "dvars_nstd": 28.2855694061731,
  "dvars_std": 1.2283826440091126,
  "dvars_vstd": 1.0253673801594543,
  "efc": 0.550032680953877,
  "fber": 840.89697265625,
  "fd_mean": 0.2647367338334495,
  "fd_num": 255,
  "fd_perc": 57.95454545454545,
  "fwhm_avg": 1.9317289367372716,
  "fwhm_x": 1.9232466666666665,
  "fwhm_y": 2.0509066666666667,
  "fwhm_z": 1.8210334768784817,
  "gcor": 0.0644357,
  "gsr_x": -0.031421590596437454,
  "gsr_y": 0.03739386796951294,
  "provenance": {
    "md5sum": "adae93c515c1a1749592bcbe3a15e725",
    "settings": {
      "fd_thres": 0.2,
      "testing": false
    },
    "software": "mriqc",
    "version": "22.0.6",
    "webapi_port": null,
    "webapi_url": "https://mriqc.nimh.nih.gov/api/v1"
  },
  "size_t": 440,
  "size_x": 72,
  "size_y": 72,
  "size_z": 32,
  "snr": 5.8429041150719785,
  "spacing_tr": 2.0,
  "spacing_x": 3.0,
  "spacing_y": 3.0,
  "spacing_z": 3.999997854232788,
  "summary_bg_k": 15.805387297070709,
  "summary_bg_mad": 7.042360537901609,
  "summary_bg_mean": 41.88966369628906,
  "summary_bg_median": 22.62727165222168,
  "summary_bg_n": 99123.0,
  "summary_bg_p05": 17.12727165222168,
  "summary_bg_p95": 139.34385375976552,
  "summary_bg_stdv": 48.21741485595703,
  "summary_fg_k": 0.4192322092509517,
  "summary_fg_mad": 113.14271063515389,
  "summary_fg_mean": 686.6510009765625,
  "summary_fg_median": 679.4772338867188,
  "summary_fg_n": 31421.0,
  "summary_fg_p05": 506.29315185546875,
  "summary_fg_p95": 885.3226928710938,
  "summary_fg_stdv": 116.2891616821289,
  "tsnr": 55.11616322770715
}