{
  "aor": 0.0006709794988610479,
  "aqi": 0.005219561412300683,
  "bids_meta": {
    "AcquisitionMatrixPE": 72,
    "AcquisitionNumber": 1,
    "AcquisitionTime": "11:20:41.462500",
    "BandwidthPerPixelPhaseEncode": 28.935,
    "BaseResolution": 72,
    "ConversionSoftware": "dcm2niix",
    "ConversionSoftwareVersion": "v1.0.20171215 GCC4.4.7",
    "DerivedVendorReportedEchoSpacing": 0.000480003,
    "DeviceSerialNumber": "35149",
    "DwellTime": 2.9e-06,
    "EchoTime": 0.03,
    "EffectiveEchoSpacing": 0.000480003,
    "FlipAngle": 75,
    "ImageOrientationPatientDICOM": [
      0.997497,
      0.0167871,
      -0.0686809,
      -0.0488201,
      0.866186,
      -0.49733
    ],
    "ImageType": "ORIGINALPRIMARYMNDMOSAIC",
    "InPlanePhaseEncodingDirectionDICOM": "COL",
    "InstitutionAddress": "Street_StreetNo_Rehovot_E1B90C_District_IL_ZIP",
    "InstitutionName": "Weizmann",
    "InstitutionalDepartmentName": "Department",
    "MRAcquisitionType": "2D",
    "MagneticFieldStrength": 3,
    "Manufacturer": "Siemens",
    "ManufacturersModelName": "TrioTim",
    "Modality": "MR",
    "PartialFourier": 1,
    "PatientPosition": "HFS",
    "PercentPhaseFOV": 100,
    "PhaseEncodingDirection": "j-",
    "PhaseEncodingSteps": 72,
    "PhaseResolution": 1,
    "PixelBandwidth": 2395,
    "ProcedureStepDescription": "Weizmann_Dudai",
    "ProtocolName": "run2_mod",
    "PulseSequenceDetails": "%SiemensSeq%_ep2d_pace",
    "ReceiveCoilName": "HeadMatrix",
    "ReconMatrixPE": 72,
    "RepetitionTime": 2,
    "SAR": 0.129859,
    "ScanOptions": "FS",
    "ScanningSequence": "EP",
    "SequenceName": "_epfid2d1_72",
    "SequenceVariant": "SK",
    "SeriesDescription": "run2_mod",
    "SeriesNumber": 4,
    "ShimSetting": [
      2324,
      9479,
      -5405,
      966,
      62,
      -955,
      103,
      36
    ],
    "SliceThickness": 4,
    "SliceTiming": [
      0.9925,
      0,
      1.055,
      0.0625,
      1.1175,
      0.1225,
      1.18,
      0.185,
      1.2425,
      0.2475,
      1.3025,
      0.31,
      1.365,
      0.3725,
      1.4275,
      0.435,
      1.49,
      0.495,
      1.5525,
      0.5575,
      1.615,
      0.62,
      1.6775,
      0.6825,
      1.7375,
      0.745,
      1.8,
      0.8075,
      1.8625,
      0.87,
      1.925,
      0.93
    ],
    "SoftwareVersions": "syngo_MR_B17",
    "SpacingBetweenSlices": 4,
    "StationName": "MRC35149",
    "TaskName": "viewclips",
    "TotalReadoutTime": 0.0340802,
    "TxRefAmp": 313.664,
    "VendorReportedEchoSpacing": 0.00048,
    "dataset": "ds001840",
    "modality": "bold",
    "run_id": 2,
    "subject_id": "16",
    "task_id": "viewclips"
  },
  "dummy_trs": 1,
  "dvars_nstd": 26.67017549136988,
  "dvars_std": 1.216061624041097,
  "dvars_vstd": 1.0092676623972596,
  "efc": 0.5491774162105683,
  "fber": 861.3408203125,
  "fd_mean": 0.2043177465189118,
  "fd_num": 222,
  "fd_perc": 50.569476082004556,
  "fwhm_avg": 1.929595049328069,
  "fwhm_x": 1.9222233333333334,
  "fwhm_y": 2.0372533333333336,
  "fwhm_z": 1.82930848131754,
  "gcor": 0.0743963,
  "gsr_x": -0.031512580811977386,
  "gsr_y": 0.03667885437607765,
  "provenance": {
    "md5sum": "ccc8f47f885b64bf15699f976a353b19",
    "settings": {
      "fd_thres": 0.2,
      "testing": false
    },
    "software": "mriqc",
    "version": "22.0.6",
    "webapi_port": null,
    "webapi_url": "https://mriqc.nimh.nih.gov/api/v1"
  },
  "size_t": 439,
  "size_x": 72,
  "size_y": 72,
  "size_z": 32,
  "snr": 5.82581575036189,
  "spacing_tr": 2.0,
  "spacing_x": 3.0,
  "spacing_y": 3.0,
  "spacing_z": 3.999997854232788,
  "summary_bg_k": 15.628240290774947,
  "summary_bg_mad": 6.352562866083277,
  "summary_bg_mean": 41.59953689575195,
  "summary_bg_median": 22.33940887451172,
  "summary_bg_n": 99224.0,
  "summary_bg_p05": 17.706151962280273,
  "summary_bg_p95": 139.10570449829095,
  "summary_bg_stdv": 48.029747009277344,
  "summary_fg_k": 0.4211077629366837,
  "summary_fg_mad": 113.08470599513545,
  "summary_fg_mean": 685.9091796875,
  "summary_fg_median": 678.986328125,
  "summary_fg_n": 31378.0,
  "summary_fg_p05": 505.20115814208987,
  "summary_fg_p95": 884.8517211914062,
  "summary_fg_stdv": 116.5459976196289,
  "tsnr": 66.33517779456452
}