{
  "aor": 0.0013985421412300685,
  "aqi": 0.007604722961275626,
  "bids_meta": {
    "AcquisitionMatrixPE": 72,
    "AcquisitionNumber": 1,
    "AcquisitionTime": "10:00:41.707500",
    "BandwidthPerPixelPhaseEncode": 28.935,
    "BaseResolution": 72,
    "ConversionSoftware": "dcm2niix",
    "ConversionSoftwareVersion": "v1.0.20171215 GCC4.4.7",
    "DerivedVendorReportedEchoSpacing": 0.000480003,
    "DeviceSerialNumber": "35149",
    "DwellTime": 2.9e-06,
    "EchoTime": 0.03,
    "EffectiveEchoSpacing": 0.000480003,
    "FlipAngle": 75,
    "ImageOrientationPatientDICOM": [
      0.996575,
      0.069988,
      -0.0440398,
      -0.0825377,
      0.874349,
      -0.478227
    ],
    "ImageType": "ORIGINALPRIMARYMNDMOSAIC",
    "InPlanePhaseEncodingDirectionDICOM": "COL",
    "InstitutionAddress": "Street_StreetNo_Rehovot_90B50C_District_IL_ZIP",
    "InstitutionName": "Weizmann",
    "InstitutionalDepartmentName": "Department",
    "MRAcquisitionType": "2D",
    "MagneticFieldStrength": 3,
    "Manufacturer": "Siemens",
    "ManufacturersModelName": "TrioTim",
    "Modality": "MR",
    "PartialFourier": 1,
    "PatientPosition": "HFS",
    "PercentPhaseFOV": 100,
    "PhaseEncodingDirection": "j-",
    "PhaseEncodingSteps": 72,
    "PhaseResolution": 1,
    "PixelBandwidth": 2395,
    "ProcedureStepDescription": "Weizmann_Dudai",
    "ProtocolName": "run3_mod",
    "PulseSequenceDetails": "%SiemensSeq%_ep2d_pace",
    "ReceiveCoilName": "HeadMatrix",
    "ReconMatrixPE": 72,
    "RepetitionTime": 2,
    "SAR": 0.128621,
    "ScanOptions": "FS",
    "ScanningSequence": "EP",
    "SequenceName": "_epfid2d1_72",
    "SequenceVariant": "SK",
    "SeriesDescription": "run3_mod",
    "SeriesNumber": 5,
    "ShimSetting": [
      2158,
      9817,
      -5556,
      847,
      -499,
      191,
      180,
      362
    ],
    "SliceThickness": 4,
    "SliceTiming": [
      0.9925,
      0,
      1.055,
      0.0625,
      1.1175,
      0.1225,
      1.18,
      0.185,
      1.2425,
      0.2475,
      1.3025,
      0.31,
      1.365,
      0.3725,
      1.4275,
      0.435,
      1.49,
      0.495,
      1.5525,
      0.5575,
      1.615,
      0.62,
      1.675,
      0.6825,
      1.7375,
      0.745,
      1.8,
      0.8075,
      1.8625,
      0.87,
      1.925,
      0.93
    ],
    "SoftwareVersions": "syngo_MR_B17",
    "SpacingBetweenSlices": 4,
    "StationName": "MRC35149",
    "TaskName": "viewclips",
    "TotalReadoutTime": 0.0340802,
    "TxRefAmp": 278.723,
    "VendorReportedEchoSpacing": 0.00048,
    "dataset": "ds001840",
    "modality": "bold",
    "run_id": 3,
    "subject_id": "28",
    "task_id": "viewclips"
  },
  "dummy_trs": 1,
  "dvars_nstd": 22.05731377981735,
  "dvars_std": 1.111228493721461,
  "dvars_vstd": 0.9835450947488591,
  "efc": 0.49290564422459904,
  "fber": 1553.3482666015625,
  "fd_mean": 0.2500366221568564,
  "fd_num": 235,
  "fd_perc": 53.53075170842825,
  "fwhm_avg": 2.0631517119825387,
  "fwhm_x": 2.0236233333333336,
  "fwhm_y": 2.2158,
  "fwhm_z": 1.9500318026142827,
  "gcor": 0.0645712,
  "gsr_x": -0.014536269009113312,
  "gsr_y": 0.0225250031799078,
  "provenance": {
    "md5sum": "ab7a3425a054f8b6312717a1c5f88afc",
    "settings": {
      "fd_thres": 0.2,
      "testing": false
    },
    "software": "mriqc",
    "version": "22.0.6",
    "webapi_port": null,
    "webapi_url": "https://mriqc.nimh.nih.gov/api/v1"
  },
  "size_t": 439,
  "size_x": 72,
  "size_y": 72,
  "size_z": 32,
  "snr": 5.887936090527002,
  "spacing_tr": 2.0,
  "spacing_x": 3.0,
  "spacing_y": 3.0,
  "spacing_z": 4.000001430511475,
  "summary_bg_k": 65.41314451272267,
  "summary_bg_mad": 5.021934388015999,
  "summary_bg_mean": 33.59234619140625,
  "summary_bg_median": 19.954442977905273,
  "summary_bg_n": 104045.0,
  "summary_bg_p05": 16.207290649414062,
  "summary_bg_p95": 87.48929443359359,
  "summary_bg_stdv": 43.60670852661133,
  "summary_fg_k": 1.2971877544198858,
  "summary_fg_mad": 116.83175144581172,
  "summary_fg_mean": 816.4291381835938,
  "summary_fg_median": 807.6685791015625,
  "summary_fg_n": 26752.0,
  "summary_fg_p05": 606.7475341796875,
  "summary_fg_p95": 1060.0095703124998,
  "summary_fg_stdv": 137.1708984375,
  "tsnr": 59.935590187087655
}