{
  "aor": 0.004826879271070615,
  "aqi": 0.01808127061503417,
  "bids_meta": {
    "AcquisitionMatrixPE": 72,
    "AcquisitionNumber": 1,
    "AcquisitionTime": "11:54:40.192500",
    "BandwidthPerPixelPhaseEncode": 28.935,
    "BaseResolution": 72,
    "ConversionSoftware": "dcm2niix",
    "ConversionSoftwareVersion": "v1.0.20171215 GCC4.4.7",
    "DerivedVendorReportedEchoSpacing": 0.000480003,
    "DeviceSerialNumber": "35149",
    "DwellTime": 2.9e-06,
    "EchoTime": 0.03,
    "EffectiveEchoSpacing": 0.000480003,
    "FlipAngle": 75,
    "ImageOrientationPatientDICOM": [
      0.994075,
      0.0983038,
      0.0463788,
      -0.0874655,
      0.97677,
      -0.195627
    ],
    "ImageType": "ORIGINALPRIMARYMNDMOSAIC",
    "InPlanePhaseEncodingDirectionDICOM": "COL",
    "InstitutionAddress": "Street_StreetNo_Rehovot_E1B90C_District_IL_ZIP",
    "InstitutionName": "Weizmann",
    "InstitutionalDepartmentName": "Department",
    "MRAcquisitionType": "2D",
    "MagneticFieldStrength": 3,
    "Manufacturer": "Siemens",
    "ManufacturersModelName": "TrioTim",
    "Modality": "MR",
    "PartialFourier": 1,
    "PatientPosition": "HFS",
    "PercentPhaseFOV": 100,
    "PhaseEncodingDirection": "j-",
    "PhaseEncodingSteps": 72,
    "PhaseResolution": 1,
    "PixelBandwidth": 2395,
    "ProcedureStepDescription": "Weizmann_Dudai",
    "ProtocolName": "run3_mod",
    "PulseSequenceDetails": "%SiemensSeq%_ep2d_pace",
    "ReceiveCoilName": "HeadMatrix",
    "ReconMatrixPE": 72,
    "RepetitionTime": 2,
    "SAR": 0.141449,
    "ScanOptions": "FS",
    "ScanningSequence": "EP",
    "SequenceName": "_epfid2d1_72",
    "SequenceVariant": "SK",
    "SeriesDescription": "run3_mod",
    "SeriesNumber": 5,
    "ShimSetting": [
      2364,
      9454,
      -5378,
      736,
      73,
      -753,
      4,
      -230
    ],
    "SliceThickness": 4,
    "SliceTiming": [
      0.995,
      0,
      1.055,
      0.0625,
      1.1175,
      0.125,
      1.18,
      0.1875,
      1.2425,
      0.2475,
      1.305,
      0.31,
      1.3675,
      0.3725,
      1.4275,
      0.435,
      1.49,
      0.4975,
      1.5525,
      0.56,
      1.615,
      0.6225,
      1.6775,
      0.6825,
      1.74,
      0.745,
      1.8025,
      0.8075,
      1.8625,
      0.87,
      1.925,
      0.9325
    ],
    "SoftwareVersions": "syngo_MR_B17",
    "SpacingBetweenSlices": 4,
    "StationName": "MRC35149",
    "TaskName": "viewclips",
    "TotalReadoutTime": 0.0340802,
    "TxRefAmp": 289.756,
    "VendorReportedEchoSpacing": 0.00048,
    "dataset": "ds001840",
    "modality": "bold",
    "run_id": 3,
    "subject_id": "19",
    "task_id": "viewclips"
  },
  "dummy_trs": 1,
  "dvars_nstd": 25.58781076913242,
  "dvars_std": 1.0500524684703194,
  "dvars_vstd": 0.9746618936986298,
  "efc": 0.4975388061963396,
  "fber": 1164.7762451171875,
  "fd_mean": 0.2779655273904512,
  "fd_num": 189,
  "fd_perc": 43.05239179954442,
  "fwhm_avg": 2.009672777777778,
  "fwhm_x": 1.9753766666666666,
  "fwhm_y": 2.2186666666666666,
  "fwhm_z": 1.834975,
  "gcor": 0.0161713,
  "gsr_x": -0.025627203285694122,
  "gsr_y": 0.022907888516783714,
  "provenance": {
    "md5sum": "3c4312fbbf094b81c92b2d85417403ed",
    "settings": {
      "fd_thres": 0.2,
      "testing": false
    },
    "software": "mriqc",
    "version": "22.0.6",
    "webapi_port": null,
    "webapi_url": "https://mriqc.nimh.nih.gov/api/v1"
  },
  "size_t": 439,
  "size_x": 72,
  "size_y": 72,
  "size_z": 32,
  "snr": 5.941776870544833,
  "spacing_tr": 2.0,
  "spacing_x": 3.0,
  "spacing_y": 3.0,
  "spacing_z": 4.0,
  "summary_bg_k": 55.66200377519754,
  "summary_bg_mad": 3.7824952443224813,
  "summary_bg_mean": 33.2381591796875,
  "summary_bg_median": 19.854215621948242,
  "summary_bg_n": 106121.0,
  "summary_bg_p05": 16.83371353149414,
  "summary_bg_p95": 95.50798034667969,
  "summary_bg_stdv": 41.64164352416992,
  "summary_fg_k": 1.255055165499253,
  "summary_fg_mad": 100.50959865896965,
  "summary_fg_mean": 699.0953979492188,
  "summary_fg_median": 688.3018798828125,
  "summary_fg_n": 25674.0,
  "summary_fg_p05": 526.8673309326172,
  "summary_fg_p95": 906.2626739501952,
  "summary_fg_stdv": 115.83882904052734,
  "tsnr": 42.19163956842385
}