{
  "aor": 0.002775227272727273,
  "aqi": 0.018541753181818183,
  "bids_meta": {
    "AcquisitionMatrixPE": 72,
    "AcquisitionNumber": 1,
    "AcquisitionTime": "12:10:3.987500",
    "BandwidthPerPixelPhaseEncode": 28.935,
    "BaseResolution": 72,
    "ConversionSoftware": "dcm2niix",
    "ConversionSoftwareVersion": "v1.0.20171215 GCC4.4.7",
    "DerivedVendorReportedEchoSpacing": 0.000480003,
    "DeviceSerialNumber": "35149",
    "DwellTime": 2.9e-06,
    "EchoTime": 0.03,
    "EffectiveEchoSpacing": 0.000480003,
    "FlipAngle": 75,
    "ImageOrientationPatientDICOM": [
      0.994075,
      0.0983038,
      0.0463788,
      -0.0874655,
      0.97677,
      -0.195627
    ],
    "ImageType": "ORIGINALPRIMARYMNDMOSAIC",
    "InPlanePhaseEncodingDirectionDICOM": "COL",
    "InstitutionAddress": "Street_StreetNo_Rehovot_E1B90C_District_IL_ZIP",
    "InstitutionName": "Weizmann",
    "InstitutionalDepartmentName": "Department",
    "MRAcquisitionType": "2D",
    "MagneticFieldStrength": 3,
    "Manufacturer": "Siemens",
    "ManufacturersModelName": "TrioTim",
    "Modality": "MR",
    "PartialFourier": 1,
    "PatientPosition": "HFS",
    "PercentPhaseFOV": 100,
    "PhaseEncodingDirection": "j-",
    "PhaseEncodingSteps": 72,
    "PhaseResolution": 1,
    "PixelBandwidth": 2395,
    "ProcedureStepDescription": "Weizmann_Dudai",
    "ProtocolName": "run4_mod",
    "PulseSequenceDetails": "%SiemensSeq%_ep2d_pace",
    "ReceiveCoilName": "HeadMatrix",
    "ReconMatrixPE": 72,
    "RepetitionTime": 2,
    "SAR": 0.141449,
    "ScanOptions": "FS",
    "ScanningSequence": "EP",
    "SequenceName": "_epfid2d1_72",
    "SequenceVariant": "SK",
    "SeriesDescription": "run4_mod",
    "SeriesNumber": 6,
    "ShimSetting": [
      2364,
      9454,
      -5378,
      736,
      73,
      -753,
      4,
      -230
    ],
    "SliceThickness": 4,
    "SliceTiming": [
      0.9925,
      0,
      1.055,
      0.06,
      1.1175,
      0.1225,
      1.18,
      0.185,
      1.24,
      0.2475,
      1.3025,
      0.31,
      1.365,
      0.3725,
      1.4275,
      0.4325,
      1.49,
      0.495,
      1.5525,
      0.5575,
      1.6125,
      0.62,
      1.675,
      0.6825,
      1.7375,
      0.745,
      1.8,
      0.8075,
      1.8625,
      0.8675,
      1.925,
      0.93
    ],
    "SoftwareVersions": "syngo_MR_B17",
    "SpacingBetweenSlices": 4,
    "StationName": "MRC35149",
    "TaskName": "viewclips",
    "TotalReadoutTime": 0.0340802,
    "TxRefAmp": 289.756,
    "VendorReportedEchoSpacing": 0.00048,
    "dataset": "ds001840",
    "modality": "bold",
    "run_id": 4,
    "subject_id": "19",
    "task_id": "viewclips"
  },
  "dummy_trs": 0,
  "dvars_nstd": 25.441194360569472,
  "dvars_std": 1.027985827653758,
  "dvars_vstd": 0.9476672859225523,
  "efc": 0.4986426857128359,
  "fber": 1200.3648681640625,
  "fd_mean": 0.27708676419036377,
  "fd_num": 218,
  "fd_perc": 49.54545454545455,
  "fwhm_avg": 1.9995649999999998,
  "fwhm_x": 1.9920066666666667,
  "fwhm_y": 2.212473333333333,
  "fwhm_z": 1.794215,
  "gcor": 0.0282451,
  "gsr_x": -0.02758726477622986,
  "gsr_y": 0.026440292596817017,
  "provenance": {
    "md5sum": "516e7ea0db235d0e4dc07bcf1a3940ff",
    "settings": {
      "fd_thres": 0.2,
      "testing": false
    },
    "software": "mriqc",
    "version": "22.0.6",
    "webapi_port": null,
    "webapi_url": "https://mriqc.nimh.nih.gov/api/v1"
  },
  "size_t": 440,
  "size_x": 72,
  "size_y": 72,
  "size_z": 32,
  "snr": 5.92363421775903,
  "spacing_tr": 2.0,
  "spacing_x": 3.0,
  "spacing_y": 3.0,
  "spacing_z": 4.0,
  "summary_bg_k": 55.40425738580954,
  "summary_bg_mad": 4.104113893075262,
  "summary_bg_mean": 34.95390319824219,
  "summary_bg_median": 19.93181800842285,
  "summary_bg_n": 106063.0,
  "summary_bg_p05": 16.634090423583984,
  "summary_bg_p95": 103.32158737182611,
  "summary_bg_stdv": 46.064571380615234,
  "summary_fg_k": 1.558475525623952,
  "summary_fg_mad": 102.91950594547674,
  "summary_fg_mean": 713.8165893554688,
  "summary_fg_median": 702.8817749023438,
  "summary_fg_n": 25677.0,
  "summary_fg_p05": 537.8781860351562,
  "summary_fg_p95": 924.9240600585937,
  "summary_fg_stdv": 118.65487670898438,
  "tsnr": 40.57714118761942
}