{
  "aor": 0.0012597038724373576,
  "aqi": 0.00794516799544419,
  "bids_meta": {
    "AcquisitionMatrixPE": 72,
    "AcquisitionNumber": 1,
    "AcquisitionTime": "11:22:20.140000",
    "BandwidthPerPixelPhaseEncode": 28.935,
    "BaseResolution": 72,
    "ConversionSoftware": "dcm2niix",
    "ConversionSoftwareVersion": "v1.0.20171215 GCC4.4.7",
    "DerivedVendorReportedEchoSpacing": 0.000480003,
    "DeviceSerialNumber": "35149",
    "DwellTime": 2.9e-06,
    "EchoTime": 0.03,
    "EffectiveEchoSpacing": 0.000480003,
    "FlipAngle": 75,
    "ImageOrientationPatientDICOM": [
      0.994075,
      0.0983038,
      0.0463788,
      -0.0874655,
      0.97677,
      -0.195627
    ],
    "ImageType": "ORIGINALPRIMARYMNDMOSAIC",
    "InPlanePhaseEncodingDirectionDICOM": "COL",
    "InstitutionAddress": "Street_StreetNo_Rehovot_E1B90C_District_IL_ZIP",
    "InstitutionName": "Weizmann",
    "InstitutionalDepartmentName": "Department",
    "MRAcquisitionType": "2D",
    "MagneticFieldStrength": 3,
    "Manufacturer": "Siemens",
    "ManufacturersModelName": "TrioTim",
    "Modality": "MR",
    "PartialFourier": 1,
    "PatientPosition": "HFS",
    "PercentPhaseFOV": 100,
    "PhaseEncodingDirection": "j-",
    "PhaseEncodingSteps": 72,
    "PhaseResolution": 1,
    "PixelBandwidth": 2395,
    "ProcedureStepDescription": "Weizmann_Dudai",
    "ProtocolName": "run1_mod",
    "PulseSequenceDetails": "%SiemensSeq%_ep2d_pace",
    "ReceiveCoilName": "HeadMatrix",
    "ReconMatrixPE": 72,
    "RepetitionTime": 2,
    "SAR": 0.141449,
    "ScanOptions": "FS",
    "ScanningSequence": "EP",
    "SequenceName": "_epfid2d1_72",
    "SequenceVariant": "SK",
    "SeriesDescription": "run1_mod",
    "SeriesNumber": 3,
    "ShimSetting": [
      2364,
      9454,
      -5378,
      736,
      73,
      -753,
      4,
      -230
    ],
    "SliceThickness": 4,
    "SliceTiming": [
      0.9925,
      0,
      1.055,
      0.06,
      1.1175,
      0.1225,
      1.18,
      0.185,
      1.24,
      0.2475,
      1.3025,
      0.31,
      1.365,
      0.3725,
      1.4275,
      0.4325,
      1.49,
      0.495,
      1.5525,
      0.5575,
      1.6125,
      0.62,
      1.675,
      0.6825,
      1.7375,
      0.745,
      1.8,
      0.805,
      1.8625,
      0.8675,
      1.925,
      0.93
    ],
    "SoftwareVersions": "syngo_MR_B17",
    "SpacingBetweenSlices": 4,
    "StationName": "MRC35149",
    "TaskName": "viewclips",
    "TotalReadoutTime": 0.0340802,
    "TxRefAmp": 289.756,
    "VendorReportedEchoSpacing": 0.00048,
    "dataset": "ds001840",
    "modality": "bold",
    "run_id": 1,
    "subject_id": "19",
    "task_id": "viewclips"
  },
  "dummy_trs": 1,
  "dvars_nstd": 21.533028977146145,
  "dvars_std": 1.0826388312328774,
  "dvars_vstd": 0.9876018038127864,
  "efc": 0.4957346160188403,
  "fber": 1192.0189208984375,
  "fd_mean": 0.13662650340569799,
  "fd_num": 66,
  "fd_perc": 15.034168564920273,
  "fwhm_avg": 1.990509722222222,
  "fwhm_x": 1.96969,
  "fwhm_y": 2.1633166666666668,
  "fwhm_z": 1.8385225,
  "gcor": 0.0450773,
  "gsr_x": -0.025755759328603745,
  "gsr_y": 0.0238912682980299,
  "provenance": {
    "md5sum": "91c545d81bf14c0e5aebfc555deb4006",
    "settings": {
      "fd_thres": 0.2,
      "testing": false
    },
    "software": "mriqc",
    "version": "22.0.6",
    "webapi_port": null,
    "webapi_url": "https://mriqc.nimh.nih.gov/api/v1"
  },
  "size_t": 439,
  "size_x": 72,
  "size_y": 72,
  "size_z": 32,
  "snr": 5.797825558666182,
  "spacing_tr": 2.0,
  "spacing_x": 3.0,
  "spacing_y": 3.0,
  "spacing_z": 4.0,
  "summary_bg_k": 57.220119154549344,
  "summary_bg_mad": 3.5359557293689177,
  "summary_bg_mean": 32.49602127075195,
  "summary_bg_median": 19.469249725341797,
  "summary_bg_n": 106125.0,
  "summary_bg_p05": 16.56492042541504,
  "summary_bg_p95": 92.18861236572249,
  "summary_bg_stdv": 40.6846923828125,
  "summary_fg_k": 1.4773655960683527,
  "summary_fg_mad": 101.2205400853423,
  "summary_fg_mean": 695.9349975585938,
  "summary_fg_median": 684.48974609375,
  "summary_fg_n": 25576.0,
  "summary_fg_p05": 522.9943237304688,
  "summary_fg_p95": 908.0501708984375,
  "summary_fg_stdv": 118.05742645263672,
  "tsnr": 60.50193831464276
}