{
  "aor": 0.004508333333333333,
  "aqi": 0.012645261780821917,
  "bids_meta": {
    "AcquisitionMatrixPE": 72,
    "AcquisitionNumber": 1,
    "AcquisitionTime": "13:50:55.805000",
    "BandwidthPerPixelPhaseEncode": 28.935,
    "BaseResolution": 72,
    "ConversionSoftware": "dcm2niix",
    "ConversionSoftwareVersion": "v1.0.20171215 GCC4.4.7",
    "DerivedVendorReportedEchoSpacing": 0.000480003,
    "DeviceSerialNumber": "35149",
    "DwellTime": 2.9e-06,
    "EchoTime": 0.03,
    "EffectiveEchoSpacing": 0.000480003,
    "FlipAngle": 75,
    "ImageOrientationPatientDICOM": [
      0.995705,
      0.014509,
      0.0914439,
      0.0354537,
      0.852621,
      -0.521326
    ],
    "ImageType": "ORIGINALPRIMARYMNDMOSAIC",
    "InPlanePhaseEncodingDirectionDICOM": "COL",
    "InstitutionAddress": "Street_StreetNo_Rehovot_E1B90C_District_IL_ZIP",
    "InstitutionName": "Weizmann",
    "InstitutionalDepartmentName": "Department",
    "MRAcquisitionType": "2D",
    "MagneticFieldStrength": 3,
    "Manufacturer": "Siemens",
    "ManufacturersModelName": "TrioTim",
    "Modality": "MR",
    "PartialFourier": 1,
    "PatientPosition": "HFS",
    "PercentPhaseFOV": 100,
    "PhaseEncodingDirection": "j-",
    "PhaseEncodingSteps": 72,
    "PhaseResolution": 1,
    "PixelBandwidth": 2395,
    "ProcedureStepDescription": "Weizmann_Dudai",
    "ProtocolName": "run4_mod",
    "PulseSequenceDetails": "%SiemensSeq%_ep2d_pace",
    "ReceiveCoilName": "HeadMatrix",
    "ReconMatrixPE": 72,
    "RepetitionTime": 2,
    "SAR": 0.161066,
    "ScanOptions": "FS",
    "ScanningSequence": "EP",
    "SequenceName": "_epfid2d1_72",
    "SequenceVariant": "SK",
    "SeriesDescription": "run4_mod",
    "SeriesNumber": 6,
    "ShimSetting": [
      2352,
      9518,
      -5402,
      1051,
      10,
      -517,
      201,
      -87
    ],
    "SliceThickness": 4,
    "SliceTiming": [
      0.995,
      0,
      1.0575,
      0.0625,
      1.12,
      0.125,
      1.18,
      0.1875,
      1.2425,
      0.25,
      1.305,
      0.3125,
      1.3675,
      0.3725,
      1.43,
      0.435,
      1.4925,
      0.4975,
      1.5525,
      0.56,
      1.615,
      0.6225,
      1.6775,
      0.685,
      1.74,
      0.745,
      1.8025,
      0.8075,
      1.865,
      0.87,
      1.9275,
      0.9325
    ],
    "SoftwareVersions": "syngo_MR_B17",
    "SpacingBetweenSlices": 4,
    "StationName": "MRC35149",
    "TaskName": "viewclips",
    "TotalReadoutTime": 0.0340802,
    "TxRefAmp": 416.077,
    "VendorReportedEchoSpacing": 0.00048,
    "dataset": "ds001840",
    "modality": "bold",
    "run_id": 4,
    "subject_id": "09",
    "task_id": "viewclips"
  },
  "dummy_trs": 2,
  "dvars_nstd": 26.619306407093827,
  "dvars_std": 1.1544167624942792,
  "dvars_vstd": 1.0170774540732264,
  "efc": 0.5576692191053827,
  "fber": 700.79736328125,
  "fd_mean": 0.14355060407831832,
  "fd_num": 63,
  "fd_perc": 14.383561643835616,
  "fwhm_avg": 2.0897917784894706,
  "fwhm_x": 2.04682,
  "fwhm_y": 2.34648,
  "fwhm_z": 1.8760753354684119,
  "gcor": 0.0208502,
  "gsr_x": -0.02615411765873432,
  "gsr_y": 0.04130217432975769,
  "provenance": {
    "md5sum": "c1e1ba4a229cb8b63d049a4bde6fafec",
    "settings": {
      "fd_thres": 0.2,
      "testing": false
    },
    "software": "mriqc",
    "version": "22.0.6",
    "webapi_port": null,
    "webapi_url": "https://mriqc.nimh.nih.gov/api/v1"
  },
  "size_t": 438,
  "size_x": 72,
  "size_y": 72,
  "size_z": 32,
  "snr": 5.479495303780323,
  "spacing_tr": 2.0,
  "spacing_x": 3.0,
  "spacing_y": 3.0,
  "spacing_z": 3.9999992847442627,
  "summary_bg_k": 14.844005408091189,
  "summary_bg_mad": 9.809542699077635,
  "summary_bg_mean": 53.28951644897461,
  "summary_bg_median": 26.077625274658203,
  "summary_bg_n": 99247.0,
  "summary_bg_p05": 18.570775985717773,
  "summary_bg_p95": 195.73378448486326,
  "summary_bg_stdv": 63.995662689208984,
  "summary_fg_k": 1.149774255631863,
  "summary_fg_mad": 116.87844472857226,
  "summary_fg_mean": 716.6841430664062,
  "summary_fg_median": 710.805908203125,
  "summary_fg_n": 30143.0,
  "summary_fg_p05": 517.3638916015625,
  "summary_fg_p95": 938.8284851074218,
  "summary_fg_stdv": 129.71890258789062,
  "tsnr": 44.87730045046192
}