{
  "aor": 0.0018236529680365295,
  "aqi": 0.009220565388127853,
  "bids_meta": {
    "AcquisitionMatrixPE": 72,
    "AcquisitionNumber": 1,
    "AcquisitionTime": "13:17:52.302500",
    "BandwidthPerPixelPhaseEncode": 28.935,
    "BaseResolution": 72,
    "ConversionSoftware": "dcm2niix",
    "ConversionSoftwareVersion": "v1.0.20171215 GCC4.4.7",
    "DerivedVendorReportedEchoSpacing": 0.000480003,
    "DeviceSerialNumber": "35149",
    "DwellTime": 2.9e-06,
    "EchoTime": 0.03,
    "EffectiveEchoSpacing": 0.000480003,
    "FlipAngle": 75,
    "ImageOrientationPatientDICOM": [
      0.995705,
      0.014509,
      0.0914439,
      0.0354537,
      0.852621,
      -0.521326
    ],
    "ImageType": "ORIGINALPRIMARYMNDMOSAIC",
    "InPlanePhaseEncodingDirectionDICOM": "COL",
    "InstitutionAddress": "Street_StreetNo_Rehovot_E1B90C_District_IL_ZIP",
    "InstitutionName": "Weizmann",
    "InstitutionalDepartmentName": "Department",
    "MRAcquisitionType": "2D",
    "MagneticFieldStrength": 3,
    "Manufacturer": "Siemens",
    "ManufacturersModelName": "TrioTim",
    "Modality": "MR",
    "PartialFourier": 1,
    "PatientPosition": "HFS",
    "PercentPhaseFOV": 100,
    "PhaseEncodingDirection": "j-",
    "PhaseEncodingSteps": 72,
    "PhaseResolution": 1,
    "PixelBandwidth": 2395,
    "ProcedureStepDescription": "Weizmann_Dudai",
    "ProtocolName": "run2_mod",
    "PulseSequenceDetails": "%SiemensSeq%_ep2d_pace",
    "ReceiveCoilName": "HeadMatrix",
    "ReconMatrixPE": 72,
    "RepetitionTime": 2,
    "SAR": 0.161066,
    "ScanOptions": "FS",
    "ScanningSequence": "EP",
    "SequenceName": "_epfid2d1_72",
    "SequenceVariant": "SK",
    "SeriesDescription": "run2_mod",
    "SeriesNumber": 4,
    "ShimSetting": [
      2352,
      9518,
      -5402,
      1051,
      10,
      -517,
      201,
      -87
    ],
    "SliceThickness": 4,
    "SliceTiming": [
      0.9925,
      0,
      1.055,
      0.0625,
      1.1175,
      0.125,
      1.18,
      0.185,
      1.2425,
      0.2475,
      1.305,
      0.31,
      1.365,
      0.3725,
      1.4275,
      0.435,
      1.49,
      0.4975,
      1.5525,
      0.5575,
      1.615,
      0.62,
      1.6775,
      0.6825,
      1.7375,
      0.745,
      1.8,
      0.8075,
      1.8625,
      0.87,
      1.925,
      0.93
    ],
    "SoftwareVersions": "syngo_MR_B17",
    "SpacingBetweenSlices": 4,
    "StationName": "MRC35149",
    "TaskName": "viewclips",
    "TotalReadoutTime": 0.0340802,
    "TxRefAmp": 416.077,
    "VendorReportedEchoSpacing": 0.00048,
    "dataset": "ds001840",
    "modality": "bold",
    "run_id": 2,
    "subject_id": "09",
    "task_id": "viewclips"
  },
  "dummy_trs": 2,
  "dvars_nstd": 28.623029835583495,
  "dvars_std": 1.2092766678947384,
  "dvars_vstd": 1.0094961624713956,
  "efc": 0.5567131618933454,
  "fber": 707.5137329101562,
  "fd_mean": 0.14884874702930903,
  "fd_num": 82,
  "fd_perc": 18.72146118721461,
  "fwhm_avg": 2.0459845555439458,
  "fwhm_x": 2.0063733333333333,
  "fwhm_y": 2.26764,
  "fwhm_z": 1.8639403332985043,
  "gcor": 0.036478,
  "gsr_x": -0.029241161420941353,
  "gsr_y": 0.04045215994119644,
  "provenance": {
    "md5sum": "3acebab6cd8afb0d7a27a432731c801c",
    "settings": {
      "fd_thres": 0.2,
      "testing": false
    },
    "software": "mriqc",
    "version": "22.0.6",
    "webapi_port": null,
    "webapi_url": "https://mriqc.nimh.nih.gov/api/v1"
  },
  "size_t": 438,
  "size_x": 72,
  "size_y": 72,
  "size_z": 32,
  "snr": 5.5738765191680155,
  "spacing_tr": 2.0,
  "spacing_x": 3.0,
  "spacing_y": 3.0,
  "spacing_z": 3.9999992847442627,
  "summary_bg_k": 12.188151517191471,
  "summary_bg_mad": 9.176561974765663,
  "summary_bg_mean": 52.202449798583984,
  "summary_bg_median": 25.751140594482422,
  "summary_bg_n": 99765.0,
  "summary_bg_p05": 18.88584327697754,
  "summary_bg_p95": 191.3826385498045,
  "summary_bg_stdv": 62.04835510253906,
  "summary_fg_k": 1.1837030856458766,
  "summary_fg_mad": 114.54957200546069,
  "summary_fg_mean": 716.8557739257812,
  "summary_fg_median": 711.3995361328125,
  "summary_fg_n": 29891.0,
  "summary_fg_p05": 521.6232604980469,
  "summary_fg_p95": 932.2899169921875,
  "summary_fg_stdv": 127.6288833618164,
  "tsnr": 52.64227746403776
}