{
  "aor": 0.0006229612756264237,
  "aqi": 0.00703088257403189,
  "bids_meta": {
    "AcquisitionMatrixPE": 72,
    "AcquisitionNumber": 1,
    "AcquisitionTime": "13:19:38.345000",
    "BandwidthPerPixelPhaseEncode": 28.935,
    "BaseResolution": 72,
    "ConversionSoftware": "dcm2niix",
    "ConversionSoftwareVersion": "v1.0.20171215 GCC4.4.7",
    "DerivedVendorReportedEchoSpacing": 0.000480003,
    "DeviceSerialNumber": "35149",
    "DwellTime": 2.9e-06,
    "EchoTime": 0.03,
    "EffectiveEchoSpacing": 0.000480003,
    "FlipAngle": 75,
    "ImageOrientationPatientDICOM": [
      0.998213,
      0.0596501,
      0.00359562,
      -0.0536812,
      0.92151,
      -0.384626
    ],
    "ImageType": "ORIGINALPRIMARYMNDMOSAIC",
    "InPlanePhaseEncodingDirectionDICOM": "COL",
    "InstitutionAddress": "Street_StreetNo_Rehovot_E1B90C_District_IL_ZIP",
    "InstitutionName": "Weizmann",
    "InstitutionalDepartmentName": "Department",
    "MRAcquisitionType": "2D",
    "MagneticFieldStrength": 3,
    "Manufacturer": "Siemens",
    "ManufacturersModelName": "TrioTim",
    "Modality": "MR",
    "PartialFourier": 1,
    "PatientPosition": "HFS",
    "PercentPhaseFOV": 100,
    "PhaseEncodingDirection": "j-",
    "PhaseEncodingSteps": 72,
    "PhaseResolution": 1,
    "PixelBandwidth": 2395,
    "ProcedureStepDescription": "Weizmann_Dudai",
    "ProtocolName": "run3_mod",
    "PulseSequenceDetails": "%SiemensSeq%_ep2d_pace",
    "ReceiveCoilName": "HeadMatrix",
    "ReconMatrixPE": 72,
    "RepetitionTime": 2,
    "SAR": 0.121361,
    "ScanOptions": "FS",
    "ScanningSequence": "EP",
    "SequenceName": "_epfid2d1_72",
    "SequenceVariant": "SK",
    "SeriesDescription": "run3_mod",
    "SeriesNumber": 7,
    "ShimSetting": [
      2337,
      9578,
      -5444,
      950,
      27,
      -281,
      -176,
      51
    ],
    "SliceThickness": 4,
    "SliceTiming": [
      0.995,
      0,
      1.0575,
      0.0625,
      1.1175,
      0.125,
      1.18,
      0.1875,
      1.2425,
      0.25,
      1.305,
      0.31,
      1.3675,
      0.3725,
      1.43,
      0.435,
      1.4925,
      0.4975,
      1.5525,
      0.56,
      1.615,
      0.6225,
      1.6775,
      0.685,
      1.74,
      0.745,
      1.8025,
      0.8075,
      1.865,
      0.87,
      1.925,
      0.9325
    ],
    "SoftwareVersions": "syngo_MR_B17",
    "SpacingBetweenSlices": 4,
    "StationName": "MRC35149",
    "TaskName": "viewclips",
    "TotalReadoutTime": 0.0340802,
    "TxRefAmp": 290.543,
    "VendorReportedEchoSpacing": 0.00048,
    "dataset": "ds001840",
    "modality": "bold",
    "run_id": 3,
    "subject_id": "20",
    "task_id": "viewclips"
  },
  "dummy_trs": 1,
  "dvars_nstd": 20.44235464666667,
  "dvars_std": 1.061373456894978,
  "dvars_vstd": 0.9946640620776261,
  "efc": 0.560590754393914,
  "fber": 894.9599609375,
  "fd_mean": 0.08427496713868829,
  "fd_num": 19,
  "fd_perc": 4.328018223234624,
  "fwhm_avg": 1.9625981893114595,
  "fwhm_x": 1.91876,
  "fwhm_y": 2.15682,
  "fwhm_z": 1.8122145679343775,
  "gcor": 0.0257604,
  "gsr_x": -0.02176515758037567,
  "gsr_y": 0.04286481440067291,
  "provenance": {
    "md5sum": "92394e92ff7fe37d367f573bde158e98",
    "settings": {
      "fd_thres": 0.2,
      "testing": false
    },
    "software": "mriqc",
    "version": "22.0.6",
    "webapi_port": null,
    "webapi_url": "https://mriqc.nimh.nih.gov/api/v1"
  },
  "size_t": 439,
  "size_x": 72,
  "size_y": 72,
  "size_z": 32,
  "snr": 5.799771123437695,
  "spacing_tr": 2.0,
  "spacing_x": 3.0,
  "spacing_y": 3.0,
  "spacing_z": 4.000000953674316,
  "summary_bg_k": 12.872824956801878,
  "summary_bg_mad": 6.710547528420159,
  "summary_bg_mean": 46.009605407714844,
  "summary_bg_median": 22.391799926757812,
  "summary_bg_n": 96201.0,
  "summary_bg_p05": 17.33713150024414,
  "summary_bg_p95": 172.22323608398438,
  "summary_bg_stdv": 56.69873046875,
  "summary_fg_k": 1.3356927817629352,
  "summary_fg_mad": 109.70577735505981,
  "summary_fg_mean": 697.8109130859375,
  "summary_fg_median": 692.2095947265625,
  "summary_fg_n": 33089.0,
  "summary_fg_p05": 519.4373779296875,
  "summary_fg_p95": 901.3052978515624,
  "summary_fg_stdv": 119.3493881225586,
  "tsnr": 60.348842590814456
}