{
  "aor": 0.0006499772209567198,
  "aqi": 0.009894772460136675,
  "bids_meta": {
    "AcquisitionMatrixPE": 72,
    "AcquisitionNumber": 1,
    "AcquisitionTime": "13:01:27.017500",
    "BandwidthPerPixelPhaseEncode": 28.935,
    "BaseResolution": 72,
    "ConversionSoftware": "dcm2niix",
    "ConversionSoftwareVersion": "v1.0.20171215 GCC4.4.7",
    "DerivedVendorReportedEchoSpacing": 0.000480003,
    "DeviceSerialNumber": "35149",
    "DwellTime": 2.9e-06,
    "EchoTime": 0.03,
    "EffectiveEchoSpacing": 0.000480003,
    "FlipAngle": 75,
    "ImageOrientationPatientDICOM": [
      0.998632,
      0.0522631,
      0.00153775,
      -0.0471071,
      0.912096,
      -0.407261
    ],
    "ImageType": "ORIGINALPRIMARYMNDMOSAIC",
    "InPlanePhaseEncodingDirectionDICOM": "COL",
    "InstitutionAddress": "Street_StreetNo_Rehovot_E1B90C_District_IL_ZIP",
    "InstitutionName": "Weizmann",
    "InstitutionalDepartmentName": "Department",
    "MRAcquisitionType": "2D",
    "MagneticFieldStrength": 3,
    "Manufacturer": "Siemens",
    "ManufacturersModelName": "TrioTim",
    "Modality": "MR",
    "PartialFourier": 1,
    "PatientPosition": "HFS",
    "PercentPhaseFOV": 100,
    "PhaseEncodingDirection": "j-",
    "PhaseEncodingSteps": 72,
    "PhaseResolution": 1,
    "PixelBandwidth": 2395,
    "ProcedureStepDescription": "Weizmann_Dudai",
    "ProtocolName": "run2_mod",
    "PulseSequenceDetails": "%SiemensSeq%_ep2d_pace",
    "ReceiveCoilName": "HeadMatrix",
    "ReconMatrixPE": 72,
    "RepetitionTime": 2,
    "SAR": 0.121361,
    "ScanOptions": "FS",
    "ScanningSequence": "EP",
    "SequenceName": "_epfid2d1_72",
    "SequenceVariant": "SK",
    "SeriesDescription": "run2_mod",
    "SeriesNumber": 4,
    "ShimSetting": [
      2336,
      9580,
      -5442,
      957,
      24,
      -266,
      -180,
      50
    ],
    "SliceThickness": 4,
    "SliceTiming": [
      0.9925,
      0,
      1.055,
      0.0625,
      1.1175,
      0.125,
      1.18,
      0.185,
      1.2425,
      0.2475,
      1.305,
      0.31,
      1.365,
      0.3725,
      1.4275,
      0.435,
      1.49,
      0.4975,
      1.5525,
      0.56,
      1.615,
      0.62,
      1.6775,
      0.6825,
      1.74,
      0.745,
      1.8,
      0.8075,
      1.8625,
      0.87,
      1.925,
      0.9325
    ],
    "SoftwareVersions": "syngo_MR_B17",
    "SpacingBetweenSlices": 4,
    "StationName": "MRC35149",
    "TaskName": "viewclips",
    "TotalReadoutTime": 0.0340802,
    "TxRefAmp": 290.543,
    "VendorReportedEchoSpacing": 0.00048,
    "dataset": "ds001840",
    "modality": "bold",
    "run_id": 2,
    "subject_id": "20",
    "task_id": "viewclips"
  },
  "dummy_trs": 1,
  "dvars_nstd": 22.21522398748857,
  "dvars_std": 1.0683962711415522,
  "dvars_vstd": 0.970471044406392,
  "efc": 0.5603550566169663,
  "fber": 884.9247436523438,
  "fd_mean": 0.09918708318605941,
  "fd_num": 40,
  "fd_perc": 9.111617312072893,
  "fwhm_avg": 1.9948255555555556,
  "fwhm_x": 1.9386333333333334,
  "fwhm_y": 2.1828833333333333,
  "fwhm_z": 1.86296,
  "gcor": 0.0416187,
  "gsr_x": -0.0218792874366045,
  "gsr_y": 0.04274566099047661,
  "provenance": {
    "md5sum": "8f4990c795576463f0406d9c4c578bf4",
    "settings": {
      "fd_thres": 0.2,
      "testing": false
    },
    "software": "mriqc",
    "version": "22.0.6",
    "webapi_port": null,
    "webapi_url": "https://mriqc.nimh.nih.gov/api/v1"
  },
  "size_t": 439,
  "size_x": 72,
  "size_y": 72,
  "size_z": 32,
  "snr": 5.803228166464765,
  "spacing_tr": 2.0,
  "spacing_x": 3.0,
  "spacing_y": 3.0,
  "spacing_z": 4.0,
  "summary_bg_k": 13.211917999258198,
  "summary_bg_mad": 7.1664715775744465,
  "summary_bg_mean": 46.16799545288086,
  "summary_bg_median": 22.72892951965332,
  "summary_bg_n": 96054.0,
  "summary_bg_p05": 17.132118225097656,
  "summary_bg_p95": 173.17495574951155,
  "summary_bg_stdv": 56.61913299560547,
  "summary_fg_k": 1.236662277062515,
  "summary_fg_mad": 110.17017643863957,
  "summary_fg_mean": 706.6658935546875,
  "summary_fg_median": 700.0775146484375,
  "summary_fg_n": 33140.0,
  "summary_fg_p05": 526.3321258544922,
  "summary_fg_p95": 913.8384307861328,
  "summary_fg_stdv": 120.6340560913086,
  "tsnr": 54.07764036889421
}