{
  "aor": 0.001474919908466819,
  "aqi": 0.009083677643020595,
  "bids_meta": {
    "AcquisitionMatrixPE": 72,
    "AcquisitionNumber": 1,
    "AcquisitionTime": "12:45:2.907500",
    "BandwidthPerPixelPhaseEncode": 28.935,
    "BaseResolution": 72,
    "ConversionSoftware": "dcm2niix",
    "ConversionSoftwareVersion": "v1.0.20171215 GCC4.4.7",
    "DerivedVendorReportedEchoSpacing": 0.000480003,
    "DeviceSerialNumber": "35149",
    "DwellTime": 2.9e-06,
    "EchoTime": 0.03,
    "EffectiveEchoSpacing": 0.000480003,
    "FlipAngle": 75,
    "ImageOrientationPatientDICOM": [
      0.998632,
      0.0522631,
      0.00153775,
      -0.0471071,
      0.912096,
      -0.407261
    ],
    "ImageType": "ORIGINALPRIMARYMNDMOSAIC",
    "InPlanePhaseEncodingDirectionDICOM": "COL",
    "InstitutionAddress": "Street_StreetNo_Rehovot_E1B90C_District_IL_ZIP",
    "InstitutionName": "Weizmann",
    "InstitutionalDepartmentName": "Department",
    "MRAcquisitionType": "2D",
    "MagneticFieldStrength": 3,
    "Manufacturer": "Siemens",
    "ManufacturersModelName": "TrioTim",
    "Modality": "MR",
    "PartialFourier": 1,
    "PatientPosition": "HFS",
    "PercentPhaseFOV": 100,
    "PhaseEncodingDirection": "j-",
    "PhaseEncodingSteps": 72,
    "PhaseResolution": 1,
    "PixelBandwidth": 2395,
    "ProcedureStepDescription": "Weizmann_Dudai",
    "ProtocolName": "run1_mod",
    "PulseSequenceDetails": "%SiemensSeq%_ep2d_pace",
    "ReceiveCoilName": "HeadMatrix",
    "ReconMatrixPE": 72,
    "RepetitionTime": 2,
    "SAR": 0.121361,
    "ScanOptions": "FS",
    "ScanningSequence": "EP",
    "SequenceName": "_epfid2d1_72",
    "SequenceVariant": "SK",
    "SeriesDescription": "run1_mod",
    "SeriesNumber": 3,
    "ShimSetting": [
      2336,
      9580,
      -5442,
      957,
      24,
      -266,
      -180,
      50
    ],
    "SliceThickness": 4,
    "SliceTiming": [
      0.9925,
      0,
      1.055,
      0.06,
      1.1175,
      0.1225,
      1.18,
      0.185,
      1.24,
      0.2475,
      1.3025,
      0.31,
      1.365,
      0.3725,
      1.4275,
      0.435,
      1.49,
      0.495,
      1.5525,
      0.5575,
      1.615,
      0.62,
      1.675,
      0.6825,
      1.7375,
      0.745,
      1.8,
      0.8075,
      1.8625,
      0.8675,
      1.925,
      0.93
    ],
    "SoftwareVersions": "syngo_MR_B17",
    "SpacingBetweenSlices": 4,
    "StationName": "MRC35149",
    "TaskName": "viewclips",
    "TotalReadoutTime": 0.0340802,
    "TxRefAmp": 290.543,
    "VendorReportedEchoSpacing": 0.00048,
    "dataset": "ds001840",
    "modality": "bold",
    "run_id": 1,
    "subject_id": "20",
    "task_id": "viewclips"
  },
  "dummy_trs": 3,
  "dvars_nstd": 21.739732160596322,
  "dvars_std": 1.105411216330275,
  "dvars_vstd": 1.0048839894495423,
  "efc": 0.558860724731506,
  "fber": 905.7810668945312,
  "fd_mean": 0.07704196264562509,
  "fd_num": 17,
  "fd_perc": 3.8901601830663615,
  "fwhm_avg": 1.9873822222222224,
  "fwhm_x": 1.93567,
  "fwhm_y": 2.1783266666666665,
  "fwhm_z": 1.84815,
  "gcor": 0.0624815,
  "gsr_x": -0.022145554423332214,
  "gsr_y": 0.04210676997900009,
  "provenance": {
    "md5sum": "9e908bb4b3c062a9af25a4681548bca0",
    "settings": {
      "fd_thres": 0.2,
      "testing": false
    },
    "software": "mriqc",
    "version": "22.0.6",
    "webapi_port": null,
    "webapi_url": "https://mriqc.nimh.nih.gov/api/v1"
  },
  "size_t": 437,
  "size_x": 72,
  "size_y": 72,
  "size_z": 32,
  "snr": 5.828313884137393,
  "spacing_tr": 2.0,
  "spacing_x": 3.0,
  "spacing_y": 3.0,
  "spacing_z": 4.0,
  "summary_bg_k": 13.518215759848069,
  "summary_bg_mad": 6.744654098391999,
  "summary_bg_mean": 44.89825439453125,
  "summary_bg_median": 22.382150650024414,
  "summary_bg_n": 96117.0,
  "summary_bg_p05": 17.086956024169922,
  "summary_bg_p95": 166.11120605468741,
  "summary_bg_stdv": 54.64078903198242,
  "summary_fg_k": 1.3072588686362119,
  "summary_fg_mad": 108.48777040553067,
  "summary_fg_mean": 702.0032958984375,
  "summary_fg_median": 695.466796875,
  "summary_fg_n": 33091.0,
  "summary_fg_p05": 524.4153137207031,
  "summary_fg_p95": 908.1235046386719,
  "summary_fg_stdv": 119.3237533569336,
  "tsnr": 53.64123724400997
}