{
  "bids_meta": {
    "AcquisitionMatrixPE": 256,
    "AcquisitionNumber": 1,
    "AcquisitionTime": "12:00:4.745000",
    "BaseResolution": 256,
    "ConversionSoftware": "dcm2niix",
    "ConversionSoftwareVersion": "v1.0.20171215 GCC4.4.7",
    "DeviceSerialNumber": "35149",
    "DwellTime": 8.2e-06,
    "EchoTime": 0.00298,
    "FlipAngle": 9,
    "ImageOrientationPatientDICOM": [
      -0.0391736,
      0.999194,
      -0.00876022,
      0.00694896,
      -0.00849432,
      -0.99994
    ],
    "ImageType": [
      "ORIGINAL",
      "PRIMARY",
      "M",
      "ND"
    ],
    "InPlanePhaseEncodingDirectionDICOM": "ROW",
    "InstitutionAddress": "Street_StreetNo_Rehovot_E1B90C_District_IL_ZIP",
    "InstitutionName": "Weizmann",
    "InstitutionalDepartmentName": "Department",
    "InversionTime": 0.9,
    "MRAcquisitionType": "3D",
    "MagneticFieldStrength": 3,
    "Manufacturer": "Siemens",
    "ManufacturersModelName": "TrioTim",
    "Modality": "MR",
    "PartialFourier": 0.875,
    "PatientPosition": "HFS",
    "PercentPhaseFOV": 100,
    "PhaseEncodingSteps": 224,
    "PhaseResolution": 1,
    "PixelBandwidth": 238,
    "ProcedureStepDescription": "Weizmann_Dudai",
    "ProtocolName": "t1_mprage",
    "PulseSequenceDetails": "%SiemensSeq%_tfl",
    "ReceiveCoilName": "HeadMatrix",
    "ReconMatrixPE": 256,
    "RepetitionTime": 2.3,
    "SAR": 0.114813,
    "ScanOptions": "IR_PFP",
    "ScanningSequence": "GR_IR",
    "SequenceName": "_tfl3d1_ns",
    "SequenceVariant": "SP_MP",
    "SeriesDescription": "t1_mprage",
    "SeriesNumber": 7,
    "ShimSetting": [
      2322,
      9428,
      -5440,
      553,
      57,
      -868,
      441,
      -75
    ],
    "SliceThickness": 1,
    "SoftwareVersions": "syngo_MR_B17",
    "StationName": "MRC35149",
    "TxRefAmp": 311.845,
    "dataset": "ds001840",
    "modality": "T1w",
    "subject_id": "12"
  },
  "cjv": 0.3686973899688637,
  "cnr": 3.6833220236524213,
  "efc": 0.5739888027725738,
  "fber": 17556.25,
  "fwhm_avg": 3.766852165465919,
  "fwhm_x": 3.758326496397757,
  "fwhm_y": 4.08198,
  "fwhm_z": 3.46025,
  "icvs_csf": 0.20882142006192064,
  "icvs_gm": 0.43112094855187216,
  "icvs_wm": 0.36005763138620717,
  "inu_med": 0.6115891635417938,
  "inu_range": 0.2272858947515487,
  "provenance": {
    "md5sum": "6a6f17c3dd04e11211fd9c4f1e482c2c",
    "settings": {
      "testing": false
    },
    "software": "mriqc",
    "version": "22.0.6",
    "warnings": {
      "large_rot_frame": true,
      "small_air_mask": false
    },
    "webapi_port": null,
    "webapi_url": "https://mriqc.nimh.nih.gov/api/v1"
  },
  "qi_1": 0.0,
  "qi_2": 0.003441975633973393,
  "rpve_csf": 24.450405206103383,
  "rpve_gm": 12.219543803130644,
  "rpve_wm": 16.599339159784726,
  "size_x": 176,
  "size_y": 256,
  "size_z": 256,
  "snr_csf": 1.7349539654830255,
  "snr_gm": 10.106518645654203,
  "snr_total": 10.340032030992438,
  "snr_wm": 19.17862348184008,
  "snrd_csf": 9.201971323360974,
  "snrd_gm": 27.07394110382479,
  "snrd_total": 25.353509081955277,
  "snrd_wm": 39.78461481868007,
  "spacing_x": 0.9999982714653015,
  "spacing_y": 1.0,
  "spacing_z": 1.0,
  "summary_bg_k": 3.790634752175275,
  "summary_bg_mad": 0.0,
  "summary_bg_mean": 11.274157501545305,
  "summary_bg_median": 0.0,
  "summary_bg_n": 2092849.0,
  "summary_bg_p05": 0.0,
  "summary_bg_p95": 45.58552169799805,
  "summary_bg_stdv": 16.4670792221415,
  "summary_csf_k": 0.1333830305322814,
  "summary_csf_mad": 131.76233091282583,
  "summary_csf_mean": 251.37263166680808,
  "summary_csf_median": 231.29472088813782,
  "summary_csf_n": 34461.0,
  "summary_csf_p05": 63.23048570752144,
  "summary_csf_p95": 497.0375916957855,
  "summary_csf_stdv": 133.31268124360773,
  "summary_gm_k": 0.00414279525632244,
  "summary_gm_mad": 66.96118456225574,
  "summary_gm_mean": 680.8213380854231,
  "summary_gm_median": 680.5128413140774,
  "summary_gm_n": 37842.0,
  "summary_gm_p05": 569.9161494672298,
  "summary_gm_p95": 791.8541830182076,
  "summary_gm_stdv": 67.33316126075115,
  "summary_wm_k": 0.20443244460788268,
  "summary_wm_mad": 50.83289924833608,
  "summary_wm_mean": 999.8536920697799,
  "summary_wm_median": 1000.0000061690807,
  "summary_wm_n": 208477.0,
  "summary_wm_p05": 914.268144339323,
  "summary_wm_p95": 1084.9872181415558,
  "summary_wm_stdv": 52.1412607514283,
  "tpm_overlap_csf": 0.14711946925818473,
  "tpm_overlap_gm": 0.4663611860441019,
  "tpm_overlap_wm": 0.5080026191038772,
  "wm2max": 0.5301412378335207
}