{
  "aor": 0.003693386363636363,
  "aqi": 0.007736412568181817,
  "bids_meta": {
    "AcquisitionMatrixPE": 72,
    "AcquisitionNumber": 1,
    "AcquisitionTime": "12:54:4.912500",
    "BandwidthPerPixelPhaseEncode": 28.935,
    "BaseResolution": 72,
    "ConversionSoftware": "dcm2niix",
    "ConversionSoftwareVersion": "v1.0.20171215 GCC4.4.7",
    "DerivedVendorReportedEchoSpacing": 0.000480003,
    "DeviceSerialNumber": "35149",
    "DwellTime": 2.9e-06,
    "EchoTime": 0.03,
    "EffectiveEchoSpacing": 0.000480003,
    "FlipAngle": 75,
    "ImageOrientationPatientDICOM": [
      0.997854,
      0.0593141,
      0.0277234,
      -0.050949,
      0.969389,
      -0.240185
    ],
    "ImageType": "ORIGINALPRIMARYMNDMOSAIC",
    "InPlanePhaseEncodingDirectionDICOM": "COL",
    "InstitutionAddress": "Street_StreetNo_Rehovot_90B50C_District_IL_ZIP",
    "InstitutionName": "Weizmann",
    "InstitutionalDepartmentName": "Department",
    "MRAcquisitionType": "2D",
    "MagneticFieldStrength": 3,
    "Manufacturer": "Siemens",
    "ManufacturersModelName": "TrioTim",
    "Modality": "MR",
    "PartialFourier": 1,
    "PatientPosition": "HFS",
    "PercentPhaseFOV": 100,
    "PhaseEncodingDirection": "j-",
    "PhaseEncodingSteps": 72,
    "PhaseResolution": 1,
    "PixelBandwidth": 2395,
    "ProcedureStepDescription": "Weizmann_Dudai",
    "ProtocolName": "run4_mod",
    "PulseSequenceDetails": "%SiemensSeq%_ep2d_pace",
    "ReceiveCoilName": "HeadMatrix",
    "ReconMatrixPE": 72,
    "RepetitionTime": 2,
    "SAR": 0.149923,
    "ScanOptions": "FS",
    "ScanningSequence": "EP",
    "SequenceName": "_epfid2d1_72",
    "SequenceVariant": "SK",
    "SeriesDescription": "run4_mod",
    "SeriesNumber": 6,
    "ShimSetting": [
      2333,
      9414,
      -5296,
      971,
      2,
      -983,
      -145,
      -58
    ],
    "SliceThickness": 4,
    "SliceTiming": [
      0.995,
      0,
      1.055,
      0.0625,
      1.1175,
      0.125,
      1.18,
      0.1875,
      1.2425,
      0.2475,
      1.305,
      0.31,
      1.3675,
      0.3725,
      1.43,
      0.435,
      1.49,
      0.4975,
      1.5525,
      0.56,
      1.615,
      0.6225,
      1.6775,
      0.6825,
      1.74,
      0.745,
      1.8025,
      0.8075,
      1.8625,
      0.87,
      1.925,
      0.9325
    ],
    "SoftwareVersions": "syngo_MR_B17",
    "SpacingBetweenSlices": 4,
    "StationName": "MRC35149",
    "TaskName": "viewclips",
    "TotalReadoutTime": 0.0340802,
    "TxRefAmp": 298.777,
    "VendorReportedEchoSpacing": 0.00048,
    "dataset": "ds001840",
    "modality": "bold",
    "run_id": 4,
    "subject_id": "26",
    "task_id": "viewclips"
  },
  "dummy_trs": 0,
  "dvars_nstd": 19.64570005929384,
  "dvars_std": 1.0888666792482917,
  "dvars_vstd": 1.0019203893621875,
  "efc": 0.473059602144679,
  "fber": 1586.0311279296875,
  "fd_mean": 0.16225718525835872,
  "fd_num": 67,
  "fd_perc": 15.227272727272727,
  "fwhm_avg": 1.8851041062121288,
  "fwhm_x": 1.8774333333333333,
  "fwhm_y": 2.0755,
  "fwhm_z": 1.702378985303053,
  "gcor": 0.0537976,
  "gsr_x": -0.020581962540745735,
  "gsr_y": 0.02189898118376732,
  "provenance": {
    "md5sum": "815672927dfb24ca1ecc09ddfe941008",
    "settings": {
      "fd_thres": 0.2,
      "testing": false
    },
    "software": "mriqc",
    "version": "22.0.6",
    "webapi_port": null,
    "webapi_url": "https://mriqc.nimh.nih.gov/api/v1"
  },
  "size_t": 440,
  "size_x": 72,
  "size_y": 72,
  "size_z": 32,
  "snr": 6.639126447096475,
  "spacing_tr": 2.0,
  "spacing_x": 3.0,
  "spacing_y": 3.0,
  "spacing_z": 4.000002384185791,
  "summary_bg_k": 48.73434923096977,
  "summary_bg_mad": 5.054324459523954,
  "summary_bg_mean": 36.47235870361328,
  "summary_bg_median": 19.924999237060547,
  "summary_bg_n": 110535.0,
  "summary_bg_p05": 15.879545211791992,
  "summary_bg_p95": 107.02113418579098,
  "summary_bg_stdv": 50.786075592041016,
  "summary_fg_k": 1.0167183880176154,
  "summary_fg_mad": 113.00462158574962,
  "summary_fg_mean": 820.8355102539062,
  "summary_fg_median": 812.835205078125,
  "summary_fg_n": 22028.0,
  "summary_fg_p05": 638.0478271484375,
  "summary_fg_p95": 1034.0827026367185,
  "summary_fg_stdv": 122.42826843261719,
  "tsnr": 61.984890113119036
}