{
  "aor": 0.0025992954545454544,
  "aqi": 0.007694979113636364,
  "bids_meta": {
    "AcquisitionMatrixPE": 72,
    "AcquisitionNumber": 1,
    "AcquisitionTime": "12:07:10.797500",
    "BandwidthPerPixelPhaseEncode": 28.935,
    "BaseResolution": 72,
    "ConversionSoftware": "dcm2niix",
    "ConversionSoftwareVersion": "v1.0.20171215 GCC4.4.7",
    "DerivedVendorReportedEchoSpacing": 0.000480003,
    "DeviceSerialNumber": "35149",
    "DwellTime": 2.9e-06,
    "EchoTime": 0.03,
    "EffectiveEchoSpacing": 0.000480003,
    "FlipAngle": 75,
    "ImageOrientationPatientDICOM": [
      0.997854,
      0.0593141,
      0.0277234,
      -0.050949,
      0.969389,
      -0.240185
    ],
    "ImageType": "ORIGINALPRIMARYMNDMOSAIC",
    "InPlanePhaseEncodingDirectionDICOM": "COL",
    "InstitutionAddress": "Street_StreetNo_Rehovot_90B50C_District_IL_ZIP",
    "InstitutionName": "Weizmann",
    "InstitutionalDepartmentName": "Department",
    "MRAcquisitionType": "2D",
    "MagneticFieldStrength": 3,
    "Manufacturer": "Siemens",
    "ManufacturersModelName": "TrioTim",
    "Modality": "MR",
    "PartialFourier": 1,
    "PatientPosition": "HFS",
    "PercentPhaseFOV": 100,
    "PhaseEncodingDirection": "j-",
    "PhaseEncodingSteps": 72,
    "PhaseResolution": 1,
    "PixelBandwidth": 2395,
    "ProcedureStepDescription": "Weizmann_Dudai",
    "ProtocolName": "run1_mod",
    "PulseSequenceDetails": "%SiemensSeq%_ep2d_pace",
    "ReceiveCoilName": "HeadMatrix",
    "ReconMatrixPE": 72,
    "RepetitionTime": 2,
    "SAR": 0.149923,
    "ScanOptions": "FS",
    "ScanningSequence": "EP",
    "SequenceName": "_epfid2d1_72",
    "SequenceVariant": "SK",
    "SeriesDescription": "run1_mod",
    "SeriesNumber": 3,
    "ShimSetting": [
      2333,
      9414,
      -5296,
      971,
      2,
      -983,
      -145,
      -58
    ],
    "SliceThickness": 4,
    "SliceTiming": [
      0.9925,
      0,
      1.055,
      0.0625,
      1.1175,
      0.1225,
      1.18,
      0.185,
      1.2425,
      0.2475,
      1.3025,
      0.31,
      1.365,
      0.3725,
      1.4275,
      0.435,
      1.49,
      0.495,
      1.5525,
      0.5575,
      1.615,
      0.62,
      1.675,
      0.6825,
      1.7375,
      0.745,
      1.8,
      0.8075,
      1.8625,
      0.87,
      1.925,
      0.93
    ],
    "SoftwareVersions": "syngo_MR_B17",
    "SpacingBetweenSlices": 4,
    "StationName": "MRC35149",
    "TaskName": "viewclips",
    "TotalReadoutTime": 0.0340802,
    "TxRefAmp": 298.777,
    "VendorReportedEchoSpacing": 0.00048,
    "dataset": "ds001840",
    "modality": "bold",
    "run_id": 1,
    "subject_id": "26",
    "task_id": "viewclips"
  },
  "dummy_trs": 0,
  "dvars_nstd": 20.271423072369014,
  "dvars_std": 1.1449375671526203,
  "dvars_vstd": 1.0176130369248289,
  "efc": 0.4709490447552055,
  "fber": 1605.9697265625,
  "fd_mean": 0.1517923297905081,
  "fd_num": 58,
  "fd_perc": 13.181818181818182,
  "fwhm_avg": 1.904465485453515,
  "fwhm_x": 1.8798233333333334,
  "fwhm_y": 2.0826366666666667,
  "fwhm_z": 1.750936456360545,
  "gcor": 0.0552431,
  "gsr_x": -0.019682392477989197,
  "gsr_y": 0.022480925545096397,
  "provenance": {
    "md5sum": "f2ffd28245b1a43dd447b3756b1ddaa7",
    "settings": {
      "fd_thres": 0.2,
      "testing": false
    },
    "software": "mriqc",
    "version": "22.0.6",
    "webapi_port": null,
    "webapi_url": "https://mriqc.nimh.nih.gov/api/v1"
  },
  "size_t": 440,
  "size_x": 72,
  "size_y": 72,
  "size_z": 32,
  "snr": 6.57535976906769,
  "spacing_tr": 2.0,
  "spacing_x": 3.0,
  "spacing_y": 3.0,
  "spacing_z": 4.000002384185791,
  "summary_bg_k": 48.08699095350563,
  "summary_bg_mad": 5.07791146724596,
  "summary_bg_mean": 35.38875961303711,
  "summary_bg_median": 19.704544067382812,
  "summary_bg_n": 110492.0,
  "summary_bg_p05": 15.554545402526855,
  "summary_bg_p95": 102.71170234680172,
  "summary_bg_stdv": 48.664390563964844,
  "summary_fg_k": 1.139943706092562,
  "summary_fg_mad": 112.52447709286687,
  "summary_fg_mean": 813.0093994140625,
  "summary_fg_median": 805.6295166015625,
  "summary_fg_n": 22114.0,
  "summary_fg_p05": 628.9696228027344,
  "summary_fg_p95": 1024.5216918945312,
  "summary_fg_stdv": 122.51972961425781,
  "tsnr": 61.604241454042494
}