{
  "bids_meta": {
    "AcquisitionMatrixPE": 256,
    "AcquisitionNumber": 1,
    "AcquisitionTime": "12:25:8.335000",
    "BaseResolution": 256,
    "ConversionSoftware": "dcm2niix",
    "ConversionSoftwareVersion": "v1.0.20171215 GCC4.4.7",
    "DeviceSerialNumber": "35149",
    "DwellTime": 8.2e-06,
    "EchoTime": 0.00298,
    "FlipAngle": 9,
    "ImageOrientationPatientDICOM": [
      -0.052041,
      0.996444,
      0.0662665,
      0.0539523,
      0.0690648,
      -0.996152
    ],
    "ImageType": [
      "ORIGINAL",
      "PRIMARY",
      "M",
      "ND"
    ],
    "InPlanePhaseEncodingDirectionDICOM": "ROW",
    "InstitutionAddress": "Street_StreetNo_Rehovot_E1B90C_District_IL_ZIP",
    "InstitutionName": "Weizmann",
    "InstitutionalDepartmentName": "Department",
    "InversionTime": 0.9,
    "MRAcquisitionType": "3D",
    "MagneticFieldStrength": 3,
    "Manufacturer": "Siemens",
    "ManufacturersModelName": "TrioTim",
    "Modality": "MR",
    "PartialFourier": 0.875,
    "PatientPosition": "HFS",
    "PercentPhaseFOV": 100,
    "PhaseEncodingSteps": 224,
    "PhaseResolution": 1,
    "PixelBandwidth": 238,
    "ProcedureStepDescription": "Weizmann_Dudai",
    "ProtocolName": "t1_mprage",
    "PulseSequenceDetails": "%SiemensSeq%_tfl",
    "ReceiveCoilName": "HeadMatrix",
    "ReconMatrixPE": 256,
    "RepetitionTime": 2.3,
    "SAR": 0.10835,
    "ScanOptions": "IR_PFP",
    "ScanningSequence": "GR_IR",
    "SequenceName": "_tfl3d1_ns",
    "SequenceVariant": "SP_MP",
    "SeriesDescription": "t1_mprage",
    "SeriesNumber": 7,
    "ShimSetting": [
      2364,
      9454,
      -5378,
      736,
      73,
      -753,
      4,
      -230
    ],
    "SliceThickness": 1,
    "SoftwareVersions": "syngo_MR_B17",
    "StationName": "MRC35149",
    "TxRefAmp": 289.756,
    "dataset": "ds001840",
    "modality": "T1w",
    "subject_id": "19"
  },
  "cjv": 0.35169181154305645,
  "cnr": 3.821635177618376,
  "efc": 0.5571008920792007,
  "fber": 19375.992563547865,
  "fwhm_avg": 3.883856032165754,
  "fwhm_x": 3.8810480964972602,
  "fwhm_y": 4.18132,
  "fwhm_z": 3.5892,
  "icvs_csf": 0.2133128787236299,
  "icvs_gm": 0.42603423050451805,
  "icvs_wm": 0.3606528907718521,
  "inu_med": 0.5345216691493988,
  "inu_range": 0.23721282184123993,
  "provenance": {
    "md5sum": "73996da1c4c7cbbed89d8f646a42e95b",
    "settings": {
      "testing": false
    },
    "software": "mriqc",
    "version": "22.0.6",
    "warnings": {
      "large_rot_frame": true,
      "small_air_mask": false
    },
    "webapi_port": null,
    "webapi_url": "https://mriqc.nimh.nih.gov/api/v1"
  },
  "qi_1": 0.0,
  "qi_2": 0.0035516562745807074,
  "rpve_csf": 26.469204797908652,
  "rpve_gm": 13.72069418183132,
  "rpve_wm": 18.772154240904396,
  "size_x": 176,
  "size_y": 256,
  "size_z": 256,
  "snr_csf": 1.9165648135729996,
  "snr_gm": 9.202735021790382,
  "snr_total": 11.195865486534109,
  "snr_wm": 22.468296624238945,
  "snrd_csf": 28.63177927436917,
  "snrd_gm": 83.84964305121426,
  "snrd_total": 79.2204704995356,
  "snrd_wm": 125.17998917302334,
  "spacing_x": 0.9999979138374329,
  "spacing_y": 1.0,
  "spacing_z": 1.0,
  "summary_bg_k": 3.5746994853667875,
  "summary_bg_mad": 5.2335552239408445,
  "summary_bg_mean": 9.7173751217277,
  "summary_bg_median": 3.529979355633259,
  "summary_bg_n": 1964477.0,
  "summary_bg_p05": 0.0,
  "summary_bg_p95": 38.144093468785286,
  "summary_bg_stdv": 13.616439113427129,
  "summary_csf_k": 0.19606297505301074,
  "summary_csf_mad": 111.16598416320392,
  "summary_csf_mean": 249.2862889948136,
  "summary_csf_median": 228.72488537058234,
  "summary_csf_n": 28448.0,
  "summary_csf_p05": 78.51537535116077,
  "summary_csf_p95": 476.529436136037,
  "summary_csf_stdv": 119.33896712667723,
  "summary_gm_k": 0.04338378047921765,
  "summary_gm_mad": 72.81795541799708,
  "summary_gm_mean": 669.7036405408692,
  "summary_gm_median": 669.8326293826103,
  "summary_gm_n": 34182.0,
  "summary_gm_p05": 549.8146010678262,
  "summary_gm_p95": 789.267830170691,
  "summary_gm_stdv": 72.78519154288092,
  "summary_wm_k": 0.26708618450170896,
  "summary_wm_mad": 43.299197895913466,
  "summary_wm_mean": 999.3364086417332,
  "summary_wm_median": 999.9999790415168,
  "summary_wm_n": 198343.0,
  "summary_wm_p05": 925.2101286649704,
  "summary_wm_p95": 1071.1328723877668,
  "summary_wm_stdv": 44.507043630270196,
  "tpm_overlap_csf": 0.1458791810027098,
  "tpm_overlap_gm": 0.46664944150384197,
  "tpm_overlap_wm": 0.5167603227477475,
  "wm2max": 0.6988676700269771
}