{
  "bids_meta": {
    "AcquisitionMatrixPE": 256,
    "AcquisitionNumber": 1,
    "AcquisitionTime": "16:11:4.697500",
    "BaseResolution": 256,
    "ConversionSoftware": "dcm2niix",
    "ConversionSoftwareVersion": "v1.0.20171215 GCC4.4.7",
    "DeviceSerialNumber": "35149",
    "DwellTime": 8.2e-06,
    "EchoTime": 0.00298,
    "FlipAngle": 9,
    "ImageOrientationPatientDICOM": [
      0.0473384,
      0.998877,
      -0.00174428,
      0.0351673,
      -0.00341178,
      -0.999376
    ],
    "ImageType": [
      "ORIGINAL",
      "PRIMARY",
      "M",
      "ND"
    ],
    "InPlanePhaseEncodingDirectionDICOM": "ROW",
    "InstitutionAddress": "Street_StreetNo_Rehovot_90B50C_District_IL_ZIP",
    "InstitutionName": "Weizmann",
    "InstitutionalDepartmentName": "Department",
    "InversionTime": 0.9,
    "MRAcquisitionType": "3D",
    "MagneticFieldStrength": 3,
    "Manufacturer": "Siemens",
    "ManufacturersModelName": "TrioTim",
    "Modality": "MR",
    "PartialFourier": 0.875,
    "PatientPosition": "HFS",
    "PercentPhaseFOV": 100,
    "PhaseEncodingSteps": 224,
    "PhaseResolution": 1,
    "PixelBandwidth": 238,
    "ProcedureStepDescription": "Weizmann_Dudai",
    "ProtocolName": "t1_mprage",
    "PulseSequenceDetails": "%SiemensSeq%_tfl",
    "ReceiveCoilName": "HeadMatrix",
    "ReconMatrixPE": 256,
    "RepetitionTime": 2.3,
    "SAR": 0.0881566,
    "ScanOptions": "IR_PFP",
    "ScanningSequence": "GR_IR",
    "SequenceName": "_tfl3d1_ns",
    "SequenceVariant": "SP_MP",
    "SeriesDescription": "t1_mprage",
    "SeriesNumber": 7,
    "ShimSetting": [
      2363,
      9561,
      -5300,
      1172,
      12,
      -1024,
      313,
      -81
    ],
    "SliceThickness": 1,
    "SoftwareVersions": "syngo_MR_B17",
    "StationName": "MRC35149",
    "TxRefAmp": 276.602,
    "dataset": "ds001840",
    "modality": "T1w",
    "subject_id": "33"
  },
  "cjv": 0.3430092541599849,
  "cnr": 3.9715353761336654,
  "efc": 0.5586967692034117,
  "fber": 13330.525457063712,
  "fwhm_avg": 3.5186729125437655,
  "fwhm_x": 3.529838737631296,
  "fwhm_y": 3.77382,
  "fwhm_z": 3.25236,
  "icvs_csf": 0.22182523329162365,
  "icvs_gm": 0.4512955254849273,
  "icvs_wm": 0.326879241223449,
  "inu_med": 0.5807210505008698,
  "inu_range": 0.2104568392038345,
  "provenance": {
    "md5sum": "8b9257c60806cf50b93b8e9c9a48cef8",
    "settings": {
      "testing": false
    },
    "software": "mriqc",
    "version": "22.0.6",
    "warnings": {
      "large_rot_frame": true,
      "small_air_mask": false
    },
    "webapi_port": null,
    "webapi_url": "https://mriqc.nimh.nih.gov/api/v1"
  },
  "qi_1": 0.0,
  "qi_2": 0.004050800844555543,
  "rpve_csf": 29.01691862465343,
  "rpve_gm": 15.022243287187893,
  "rpve_wm": 22.930573017963905,
  "size_x": 176,
  "size_y": 256,
  "size_z": 256,
  "snr_csf": 1.8006571117065246,
  "snr_gm": 9.802466697029843,
  "snr_total": 10.876984657756848,
  "snr_wm": 21.027830164534176,
  "snrd_csf": 25.693447002970096,
  "snrd_gm": 72.33715237208705,
  "snrd_total": 68.83604088297504,
  "snrd_wm": 108.477523273868,
  "spacing_x": 1.0000003576278687,
  "spacing_y": 1.0,
  "spacing_z": 1.0,
  "summary_bg_k": 3.403486415251346,
  "summary_bg_mad": 6.039374793372057,
  "summary_bg_mean": 8.915540066976877,
  "summary_bg_median": 4.073496395722032,
  "summary_bg_n": 1833965.0,
  "summary_bg_p05": 0.0,
  "summary_bg_p95": 34.00358338840306,
  "summary_bg_stdv": 12.158540553704185,
  "summary_csf_k": 0.33043687777582376,
  "summary_csf_mad": 135.07211638935308,
  "summary_csf_mean": 254.73133893772834,
  "summary_csf_median": 236.8550368817523,
  "summary_csf_n": 29260.0,
  "summary_csf_p05": 68.00572227453813,
  "summary_csf_p95": 491.1928847129456,
  "summary_csf_stdv": 131.53586426145574,
  "summary_gm_k": 0.029614495794799467,
  "summary_gm_mad": 68.23208543150133,
  "summary_gm_mean": 666.1137422311965,
  "summary_gm_median": 666.8400269933045,
  "summary_gm_n": 31421.0,
  "summary_gm_p05": 552.9843582306057,
  "summary_gm_p95": 776.4777491334826,
  "summary_gm_stdv": 68.0266953353625,
  "summary_wm_k": 0.32884941281220703,
  "summary_wm_mad": 46.04487874379406,
  "summary_wm_mean": 999.2925817887091,
  "summary_wm_median": 1000.0000300817192,
  "summary_wm_n": 141294.0,
  "summary_wm_p05": 919.8590442538261,
  "summary_wm_p95": 1075.4608285613358,
  "summary_wm_stdv": 47.555857334309145,
  "tpm_overlap_csf": 0.15066436336598768,
  "tpm_overlap_gm": 0.48516033688131743,
  "tpm_overlap_wm": 0.4924231065377481,
  "wm2max": 0.6050340849501835
}