{
  "bids_meta": {
    "AcquisitionMatrixPE": 256,
    "AcquisitionNumber": 1,
    "AcquisitionTime": "12:06:43.900000",
    "BaseResolution": 256,
    "ConversionSoftware": "dcm2niix",
    "ConversionSoftwareVersion": "v1.0.20171215 GCC4.4.7",
    "DeviceSerialNumber": "35149",
    "DwellTime": 8.2e-06,
    "EchoTime": 0.00298,
    "FlipAngle": 9,
    "ImageOrientationPatientDICOM": [
      0.00810549,
      0.999912,
      0.0104631,
      -0.0407321,
      0.0107849,
      -0.999112
    ],
    "ImageType": [
      "ORIGINAL",
      "PRIMARY",
      "M",
      "ND"
    ],
    "InPlanePhaseEncodingDirectionDICOM": "ROW",
    "InstitutionAddress": "Street_StreetNo_Rehovot_E1B90C_District_IL_ZIP",
    "InstitutionName": "Weizmann",
    "InstitutionalDepartmentName": "Department",
    "InversionTime": 0.9,
    "MRAcquisitionType": "3D",
    "MagneticFieldStrength": 3,
    "Manufacturer": "Siemens",
    "ManufacturersModelName": "TrioTim",
    "Modality": "MR",
    "PartialFourier": 0.875,
    "PatientPosition": "HFS",
    "PercentPhaseFOV": 100,
    "PhaseEncodingSteps": 224,
    "PhaseResolution": 1,
    "PixelBandwidth": 238,
    "ProcedureStepDescription": "Weizmann_Dudai",
    "ProtocolName": "t1_mprage",
    "PulseSequenceDetails": "%SiemensSeq%_tfl",
    "ReceiveCoilName": "HeadMatrix",
    "ReconMatrixPE": 256,
    "RepetitionTime": 2.3,
    "SAR": 0.0994723,
    "ScanOptions": "IR_PFP",
    "ScanningSequence": "GR_IR",
    "SequenceName": "_tfl3d1_ns",
    "SequenceVariant": "SP_MP",
    "SeriesDescription": "t1_mprage",
    "SeriesNumber": 7,
    "ShimSetting": [
      2324,
      9479,
      -5405,
      966,
      62,
      -955,
      103,
      36
    ],
    "SliceThickness": 1,
    "SoftwareVersions": "syngo_MR_B17",
    "StationName": "MRC35149",
    "TxRefAmp": 313.664,
    "dataset": "ds001840",
    "modality": "T1w",
    "subject_id": "16"
  },
  "cjv": 0.3935327074412476,
  "cnr": 3.4381878385706917,
  "efc": 0.5751834505708506,
  "fber": 4596.055210347287,
  "fwhm_avg": 3.577758346954879,
  "fwhm_x": 3.5603050408646357,
  "fwhm_y": 3.82852,
  "fwhm_z": 3.34445,
  "icvs_csf": 0.1992745441347292,
  "icvs_gm": 0.4304001748655832,
  "icvs_wm": 0.37032528099968764,
  "inu_med": 0.6627705693244934,
  "inu_range": 0.20644370317459104,
  "provenance": {
    "md5sum": "52de8be81dada1a52815bfa01e93bc05",
    "settings": {
      "testing": false
    },
    "software": "mriqc",
    "version": "22.0.6",
    "warnings": {
      "large_rot_frame": true,
      "small_air_mask": false
    },
    "webapi_port": null,
    "webapi_url": "https://mriqc.nimh.nih.gov/api/v1"
  },
  "qi_1": 0.0,
  "qi_2": 0.0029455716634278093,
  "rpve_csf": 22.849234560406423,
  "rpve_gm": 11.222866010358597,
  "rpve_wm": 15.137194529201004,
  "size_x": 176,
  "size_y": 256,
  "size_z": 256,
  "snr_csf": 1.6882053686194831,
  "snr_gm": 8.438189820505608,
  "snr_total": 8.993350345402257,
  "snr_wm": 16.853655847081683,
  "snrd_csf": 17.03419829501863,
  "snrd_gm": 53.781988199117144,
  "snrd_total": 50.92464979365493,
  "snrd_wm": 81.95776288682902,
  "spacing_x": 0.9999929666519165,
  "spacing_y": 1.0,
  "spacing_z": 1.0,
  "summary_bg_k": 4.163800492677714,
  "summary_bg_mad": 7.993834772951462,
  "summary_bg_mean": 15.073993034341308,
  "summary_bg_median": 5.391759619116783,
  "summary_bg_n": 2738507.0,
  "summary_bg_p05": 0.0,
  "summary_bg_p95": 57.12771897017956,
  "summary_bg_stdv": 20.73324042195128,
  "summary_csf_k": 1.0957226276604883,
  "summary_csf_mad": 114.73232220369064,
  "summary_csf_mean": 225.6281319301514,
  "summary_csf_median": 207.84765838086605,
  "summary_csf_n": 23497.0,
  "summary_csf_p05": 54.15445961952209,
  "summary_csf_p95": 455.5631717026234,
  "summary_csf_stdv": 123.11490020230531,
  "summary_gm_k": -0.012486599710227253,
  "summary_gm_mad": 77.6279908587194,
  "summary_gm_mean": 655.7212508887865,
  "summary_gm_median": 656.2363615036011,
  "summary_gm_n": 35687.0,
  "summary_gm_p05": 526.6969991862774,
  "summary_gm_p95": 782.8866133198142,
  "summary_gm_stdv": 77.76871355879717,
  "summary_wm_k": 0.3390508780823005,
  "summary_wm_mad": 57.6665074950487,
  "summary_wm_mean": 1001.702877853773,
  "summary_wm_median": 1000.0311612635851,
  "summary_wm_n": 240359.0,
  "summary_wm_p05": 907.373928040266,
  "summary_wm_p95": 1101.324559749662,
  "summary_wm_stdv": 59.33603308673779,
  "tpm_overlap_csf": 0.1477885869316136,
  "tpm_overlap_gm": 0.4543202836434175,
  "tpm_overlap_wm": 0.5075089085646733,
  "wm2max": 0.56368305840966
}