{
  "aor": 0.0005384282460136674,
  "aqi": 0.010340608086560366,
  "bids_meta": {
    "AcquisitionMatrixPE": 72,
    "AcquisitionNumber": 1,
    "AcquisitionTime": "13:01:36.635000",
    "BandwidthPerPixelPhaseEncode": 28.935,
    "BaseResolution": 72,
    "ConversionSoftware": "dcm2niix",
    "ConversionSoftwareVersion": "v1.0.20171215 GCC4.4.7",
    "DerivedVendorReportedEchoSpacing": 0.000480003,
    "DeviceSerialNumber": "35149",
    "DwellTime": 2.9e-06,
    "EchoTime": 0.03,
    "EffectiveEchoSpacing": 0.000480003,
    "FlipAngle": 75,
    "ImageOrientationPatientDICOM": [
      0.995705,
      0.014509,
      0.0914439,
      0.0354537,
      0.852621,
      -0.521326
    ],
    "ImageType": "ORIGINALPRIMARYMNDMOSAIC",
    "InPlanePhaseEncodingDirectionDICOM": "COL",
    "InstitutionAddress": "Street_StreetNo_Rehovot_E1B90C_District_IL_ZIP",
    "InstitutionName": "Weizmann",
    "InstitutionalDepartmentName": "Department",
    "MRAcquisitionType": "2D",
    "MagneticFieldStrength": 3,
    "Manufacturer": "Siemens",
    "ManufacturersModelName": "TrioTim",
    "Modality": "MR",
    "PartialFourier": 1,
    "PatientPosition": "HFS",
    "PercentPhaseFOV": 100,
    "PhaseEncodingDirection": "j-",
    "PhaseEncodingSteps": 72,
    "PhaseResolution": 1,
    "PixelBandwidth": 2395,
    "ProcedureStepDescription": "Weizmann_Dudai",
    "ProtocolName": "run1_mod",
    "PulseSequenceDetails": "%SiemensSeq%_ep2d_pace",
    "ReceiveCoilName": "HeadMatrix",
    "ReconMatrixPE": 72,
    "RepetitionTime": 2,
    "SAR": 0.161066,
    "ScanOptions": "FS",
    "ScanningSequence": "EP",
    "SequenceName": "_epfid2d1_72",
    "SequenceVariant": "SK",
    "SeriesDescription": "run1_mod",
    "SeriesNumber": 3,
    "ShimSetting": [
      2352,
      9518,
      -5402,
      1051,
      10,
      -517,
      201,
      -87
    ],
    "SliceThickness": 4,
    "SliceTiming": [
      0.995,
      0,
      1.0575,
      0.0625,
      1.1175,
      0.125,
      1.18,
      0.1875,
      1.2425,
      0.25,
      1.305,
      0.31,
      1.3675,
      0.3725,
      1.43,
      0.435,
      1.49,
      0.4975,
      1.5525,
      0.56,
      1.615,
      0.6225,
      1.6775,
      0.6825,
      1.74,
      0.745,
      1.8025,
      0.8075,
      1.8625,
      0.87,
      1.925,
      0.9325
    ],
    "SoftwareVersions": "syngo_MR_B17",
    "SpacingBetweenSlices": 4,
    "StationName": "MRC35149",
    "TaskName": "viewclips",
    "TotalReadoutTime": 0.0340802,
    "TxRefAmp": 416.077,
    "VendorReportedEchoSpacing": 0.00048,
    "dataset": "ds001840",
    "modality": "bold",
    "run_id": 1,
    "subject_id": "09",
    "task_id": "viewclips"
  },
  "dummy_trs": 1,
  "dvars_nstd": 28.8316293092694,
  "dvars_std": 1.180633068812786,
  "dvars_vstd": 0.9686405416438345,
  "efc": 0.5549243823407036,
  "fber": 719.0338745117188,
  "fd_mean": 0.1048302102689087,
  "fd_num": 33,
  "fd_perc": 7.517084282460137,
  "fwhm_avg": 2.040623166769647,
  "fwhm_x": 1.9945533333333334,
  "fwhm_y": 2.2614533333333333,
  "fwhm_z": 1.8658628336422742,
  "gcor": 0.0291487,
  "gsr_x": -0.027516258880496025,
  "gsr_y": 0.04016384109854698,
  "provenance": {
    "md5sum": "f5e1fbcad722db8c902a68cfefd2a206",
    "settings": {
      "fd_thres": 0.2,
      "testing": false
    },
    "software": "mriqc",
    "version": "22.0.6",
    "webapi_port": null,
    "webapi_url": "https://mriqc.nimh.nih.gov/api/v1"
  },
  "size_t": 439,
  "size_x": 72,
  "size_y": 72,
  "size_z": 32,
  "snr": 5.590821847721692,
  "spacing_tr": 2.0,
  "spacing_x": 3.0,
  "spacing_y": 3.0,
  "spacing_z": 3.9999992847442627,
  "summary_bg_k": 12.143413294437705,
  "summary_bg_mad": 8.456574290426033,
  "summary_bg_mean": 50.34040451049805,
  "summary_bg_median": 25.35535430908203,
  "summary_bg_n": 99606.0,
  "summary_bg_p05": 19.052392959594727,
  "summary_bg_p95": 179.92654418945312,
  "summary_bg_stdv": 59.021400451660156,
  "summary_fg_k": 1.1774395377898976,
  "summary_fg_mad": 113.83614208049131,
  "summary_fg_mean": 712.0072021484375,
  "summary_fg_median": 706.323486328125,
  "summary_fg_n": 29953.0,
  "summary_fg_p05": 517.7084350585938,
  "summary_fg_p95": 927.0014282226562,
  "summary_fg_stdv": 126.33414459228516,
  "tsnr": 52.64421967789531
}