{
  "aor": 0.002096104783599089,
  "aqi": 0.00957501077448747,
  "bids_meta": {
    "AcquisitionMatrixPE": 72,
    "AcquisitionNumber": 1,
    "AcquisitionTime": "13:34:12.017500",
    "BandwidthPerPixelPhaseEncode": 28.935,
    "BaseResolution": 72,
    "ConversionSoftware": "dcm2niix",
    "ConversionSoftwareVersion": "v1.0.20171215 GCC4.4.7",
    "DerivedVendorReportedEchoSpacing": 0.000480003,
    "DeviceSerialNumber": "35149",
    "DwellTime": 2.9e-06,
    "EchoTime": 0.03,
    "EffectiveEchoSpacing": 0.000480003,
    "FlipAngle": 75,
    "ImageOrientationPatientDICOM": [
      0.995705,
      0.014509,
      0.0914439,
      0.0354537,
      0.852621,
      -0.521326
    ],
    "ImageType": "ORIGINALPRIMARYMNDMOSAIC",
    "InPlanePhaseEncodingDirectionDICOM": "COL",
    "InstitutionAddress": "Street_StreetNo_Rehovot_E1B90C_District_IL_ZIP",
    "InstitutionName": "Weizmann",
    "InstitutionalDepartmentName": "Department",
    "MRAcquisitionType": "2D",
    "MagneticFieldStrength": 3,
    "Manufacturer": "Siemens",
    "ManufacturersModelName": "TrioTim",
    "Modality": "MR",
    "PartialFourier": 1,
    "PatientPosition": "HFS",
    "PercentPhaseFOV": 100,
    "PhaseEncodingDirection": "j-",
    "PhaseEncodingSteps": 72,
    "PhaseResolution": 1,
    "PixelBandwidth": 2395,
    "ProcedureStepDescription": "Weizmann_Dudai",
    "ProtocolName": "run3_mod",
    "PulseSequenceDetails": "%SiemensSeq%_ep2d_pace",
    "ReceiveCoilName": "HeadMatrix",
    "ReconMatrixPE": 72,
    "RepetitionTime": 2,
    "SAR": 0.161066,
    "ScanOptions": "FS",
    "ScanningSequence": "EP",
    "SequenceName": "_epfid2d1_72",
    "SequenceVariant": "SK",
    "SeriesDescription": "run3_mod",
    "SeriesNumber": 5,
    "ShimSetting": [
      2352,
      9518,
      -5402,
      1051,
      10,
      -517,
      201,
      -87
    ],
    "SliceThickness": 4,
    "SliceTiming": [
      0.9925,
      0,
      1.055,
      0.06,
      1.1175,
      0.1225,
      1.18,
      0.185,
      1.24,
      0.2475,
      1.3025,
      0.31,
      1.365,
      0.3725,
      1.4275,
      0.435,
      1.49,
      0.495,
      1.5525,
      0.5575,
      1.615,
      0.62,
      1.675,
      0.6825,
      1.7375,
      0.745,
      1.8,
      0.8075,
      1.8625,
      0.8675,
      1.925,
      0.93
    ],
    "SoftwareVersions": "syngo_MR_B17",
    "SpacingBetweenSlices": 4,
    "StationName": "MRC35149",
    "TaskName": "viewclips",
    "TotalReadoutTime": 0.0340802,
    "TxRefAmp": 416.077,
    "VendorReportedEchoSpacing": 0.00048,
    "dataset": "ds001840",
    "modality": "bold",
    "run_id": 3,
    "subject_id": "09",
    "task_id": "viewclips"
  },
  "dummy_trs": 1,
  "dvars_nstd": 28.338120260296794,
  "dvars_std": 1.1919914274657537,
  "dvars_vstd": 1.0024940079680362,
  "efc": 0.5575244390278373,
  "fber": 699.228759765625,
  "fd_mean": 0.1559822281104231,
  "fd_num": 72,
  "fd_perc": 16.40091116173121,
  "fwhm_avg": 2.0667626122288607,
  "fwhm_x": 2.0218433333333334,
  "fwhm_y": 2.2955566666666667,
  "fwhm_z": 1.882887836686582,
  "gcor": 0.0327614,
  "gsr_x": -0.02755139023065567,
  "gsr_y": 0.04111897945404053,
  "provenance": {
    "md5sum": "4ed3d32bd0a41d376ee7aca5e27d136e",
    "settings": {
      "fd_thres": 0.2,
      "testing": false
    },
    "software": "mriqc",
    "version": "22.0.6",
    "webapi_port": null,
    "webapi_url": "https://mriqc.nimh.nih.gov/api/v1"
  },
  "size_t": 439,
  "size_x": 72,
  "size_y": 72,
  "size_z": 32,
  "snr": 5.4728525413776525,
  "spacing_tr": 2.0,
  "spacing_x": 3.0,
  "spacing_y": 3.0,
  "spacing_z": 3.9999992847442627,
  "summary_bg_k": 12.278018259800213,
  "summary_bg_mad": 9.72303626660864,
  "summary_bg_mean": 52.83144760131836,
  "summary_bg_median": 25.917997360229492,
  "summary_bg_n": 99501.0,
  "summary_bg_p05": 18.3963565826416,
  "summary_bg_p95": 192.97267150878906,
  "summary_bg_stdv": 63.010658264160156,
  "summary_fg_k": 1.2049635163180792,
  "summary_fg_mad": 116.54810785121298,
  "summary_fg_mean": 716.4803466796875,
  "summary_fg_median": 711.2677001953125,
  "summary_fg_n": 30082.0,
  "summary_fg_p05": 518.1597106933593,
  "summary_fg_p95": 937.5533599853516,
  "summary_fg_stdv": 129.96072387695312,
  "tsnr": 51.56922383978963
}