{
  "aor": 0.0004522551252847381,
  "aqi": 0.00599799979498861,
  "bids_meta": {
    "AcquisitionMatrixPE": 72,
    "AcquisitionNumber": 1,
    "AcquisitionTime": "13:40:4.457500",
    "BandwidthPerPixelPhaseEncode": 28.935,
    "BaseResolution": 72,
    "ConversionSoftware": "dcm2niix",
    "ConversionSoftwareVersion": "v1.0.20171215 GCC4.4.7",
    "DerivedVendorReportedEchoSpacing": 0.000480003,
    "DeviceSerialNumber": "35149",
    "DwellTime": 2.9e-06,
    "EchoTime": 0.03,
    "EffectiveEchoSpacing": 0.000480003,
    "FlipAngle": 75,
    "ImageOrientationPatientDICOM": [
      0.999336,
      0.035764,
      0.00694933,
      -0.0285069,
      0.886351,
      -0.462135
    ],
    "ImageType": "ORIGINALPRIMARYMNDMOSAIC",
    "InPlanePhaseEncodingDirectionDICOM": "COL",
    "InstitutionAddress": "Street_StreetNo_Rehovot_E1B90C_District_IL_ZIP",
    "InstitutionName": "Weizmann",
    "InstitutionalDepartmentName": "Department",
    "MRAcquisitionType": "2D",
    "MagneticFieldStrength": 3,
    "Manufacturer": "Siemens",
    "ManufacturersModelName": "TrioTim",
    "Modality": "MR",
    "PartialFourier": 1,
    "PatientPosition": "HFS",
    "PercentPhaseFOV": 100,
    "PhaseEncodingDirection": "j-",
    "PhaseEncodingSteps": 72,
    "PhaseResolution": 1,
    "PixelBandwidth": 2395,
    "ProcedureStepDescription": "Weizmann_Dudai",
    "ProtocolName": "run4_mod",
    "PulseSequenceDetails": "%SiemensSeq%_ep2d_pace",
    "ReceiveCoilName": "HeadMatrix",
    "ReconMatrixPE": 72,
    "RepetitionTime": 2,
    "SAR": 0.140053,
    "ScanOptions": "FS",
    "ScanningSequence": "EP",
    "SequenceName": "_epfid2d1_72",
    "SequenceVariant": "SK",
    "SeriesDescription": "run4_mod",
    "SeriesNumber": 6,
    "ShimSetting": [
      2359,
      9488,
      -5497,
      726,
      55,
      -641,
      46,
      -58
    ],
    "SliceThickness": 4,
    "SliceTiming": [
      0.9925,
      0,
      1.055,
      0.06,
      1.1175,
      0.1225,
      1.18,
      0.185,
      1.24,
      0.2475,
      1.3025,
      0.31,
      1.365,
      0.3725,
      1.4275,
      0.4325,
      1.49,
      0.495,
      1.5525,
      0.5575,
      1.615,
      0.62,
      1.675,
      0.6825,
      1.7375,
      0.745,
      1.8,
      0.8075,
      1.8625,
      0.8675,
      1.925,
      0.93
    ],
    "SoftwareVersions": "syngo_MR_B17",
    "SpacingBetweenSlices": 4,
    "StationName": "MRC35149",
    "TaskName": "viewclips",
    "TotalReadoutTime": 0.0340802,
    "TxRefAmp": 334.747,
    "VendorReportedEchoSpacing": 0.00048,
    "dataset": "ds001840",
    "modality": "bold",
    "run_id": 4,
    "subject_id": "13",
    "task_id": "viewclips"
  },
  "dummy_trs": 1,
  "dvars_nstd": 25.179208093493155,
  "dvars_std": 1.1356204886529686,
  "dvars_vstd": 0.9965003334931498,
  "efc": 0.5395379456807302,
  "fber": 869.3331909179688,
  "fd_mean": 0.13377896727168764,
  "fd_num": 42,
  "fd_perc": 9.567198177676538,
  "fwhm_avg": 1.9532733333333334,
  "fwhm_x": 1.9092166666666666,
  "fwhm_y": 2.1481233333333334,
  "fwhm_z": 1.80248,
  "gcor": 0.0146177,
  "gsr_x": -0.01731417328119278,
  "gsr_y": 0.022197077050805092,
  "provenance": {
    "md5sum": "90af6aeec52e7f2b559f1dd5f4dc8cf4",
    "settings": {
      "fd_thres": 0.2,
      "testing": false
    },
    "software": "mriqc",
    "version": "22.0.6",
    "webapi_port": null,
    "webapi_url": "https://mriqc.nimh.nih.gov/api/v1"
  },
  "size_t": 439,
  "size_x": 72,
  "size_y": 72,
  "size_z": 32,
  "snr": 5.644221265679769,
  "spacing_tr": 2.0,
  "spacing_x": 3.0,
  "spacing_y": 3.0,
  "spacing_z": 4.0,
  "summary_bg_k": 50.307716110804094,
  "summary_bg_mad": 5.612949976901215,
  "summary_bg_mean": 37.81401062011719,
  "summary_bg_median": 21.60820198059082,
  "summary_bg_n": 98946.0,
  "summary_bg_p05": 17.466970443725586,
  "summary_bg_p95": 117.99943351745605,
  "summary_bg_stdv": 44.67192077636719,
  "summary_fg_k": 1.5560328199495554,
  "summary_fg_mad": 101.90609882602823,
  "summary_fg_mean": 659.9979248046875,
  "summary_fg_median": 656.7562866210938,
  "summary_fg_n": 30522.0,
  "summary_fg_p05": 477.87575073242186,
  "summary_fg_p95": 851.592379760742,
  "summary_fg_stdv": 116.3571548461914,
  "tsnr": 62.26922551752068
}