{
  "bids_meta": {
    "AcquisitionMatrixPE": 256,
    "AcquisitionNumber": 1,
    "AcquisitionTime": "10:38:17.172500",
    "BaseResolution": 256,
    "ConversionSoftware": "dcm2niix",
    "ConversionSoftwareVersion": "v1.0.20171215 GCC4.4.7",
    "DeviceSerialNumber": "35149",
    "DwellTime": 8.2e-06,
    "EchoTime": 0.00298,
    "FlipAngle": 9,
    "ImageOrientationPatientDICOM": [
      0.0145665,
      0.999892,
      -0.00174527,
      -0.00400575,
      -0.00168708,
      -0.999991
    ],
    "ImageType": [
      "ORIGINAL",
      "PRIMARY",
      "M",
      "ND"
    ],
    "InPlanePhaseEncodingDirectionDICOM": "ROW",
    "InstitutionAddress": "Street_StreetNo_Rehovot_E1B90C_District_IL_ZIP",
    "InstitutionName": "Weizmann",
    "InstitutionalDepartmentName": "Department",
    "InversionTime": 0.9,
    "MRAcquisitionType": "3D",
    "MagneticFieldStrength": 3,
    "Manufacturer": "Siemens",
    "ManufacturersModelName": "TrioTim",
    "Modality": "MR",
    "PartialFourier": 0.875,
    "PatientPosition": "HFS",
    "PercentPhaseFOV": 100,
    "PhaseEncodingSteps": 224,
    "PhaseResolution": 1,
    "PixelBandwidth": 238,
    "ProcedureStepDescription": "Weizmann_Dudai",
    "ProtocolName": "t1_mprage",
    "PulseSequenceDetails": "%SiemensSeq%_tfl",
    "ReceiveCoilName": "HeadMatrix",
    "ReconMatrixPE": 256,
    "RepetitionTime": 2.3,
    "SAR": 0.102574,
    "ScanOptions": "IR_PFP",
    "ScanningSequence": "GR_IR",
    "SequenceName": "_tfl3d1_ns",
    "SequenceVariant": "SP_MP",
    "SeriesDescription": "t1_mprage",
    "SeriesNumber": 7,
    "ShimSetting": [
      2338,
      9655,
      -5598,
      888,
      91,
      -421,
      100,
      -89
    ],
    "SliceThickness": 1,
    "SoftwareVersions": "syngo_MR_B17",
    "StationName": "MRC35149",
    "TxRefAmp": 281.843,
    "dataset": "ds001840",
    "modality": "T1w",
    "subject_id": "21"
  },
  "cjv": 0.3422168892022007,
  "cnr": 3.886198122791052,
  "efc": 0.539359538719549,
  "fber": 18921.746131719898,
  "fwhm_avg": 3.9213571334212696,
  "fwhm_x": 3.9154214002638104,
  "fwhm_y": 4.22617,
  "fwhm_z": 3.62248,
  "icvs_csf": 0.20490260275544053,
  "icvs_gm": 0.43211241389072225,
  "icvs_wm": 0.3629849833538372,
  "inu_med": 0.5194124579429626,
  "inu_range": 0.2352708458900452,
  "provenance": {
    "md5sum": "9c83187db4820efc312e9a963f5ba268",
    "settings": {
      "testing": false
    },
    "software": "mriqc",
    "version": "22.0.6",
    "warnings": {
      "large_rot_frame": true,
      "small_air_mask": false
    },
    "webapi_port": null,
    "webapi_url": "https://mriqc.nimh.nih.gov/api/v1"
  },
  "qi_1": 0.0,
  "qi_2": 0.0037797375601639014,
  "rpve_csf": 26.74172360045547,
  "rpve_gm": 13.510507255828735,
  "rpve_wm": 18.527407507941277,
  "size_x": 176,
  "size_y": 256,
  "size_z": 256,
  "snr_csf": 1.7018663695063567,
  "snr_gm": 9.341672028302522,
  "snr_total": 11.163601819015,
  "snr_wm": 22.447267059236122,
  "snrd_csf": 9.828028163667643,
  "snrd_gm": 30.97759618564987,
  "snrd_total": 29.059370233101987,
  "snrd_wm": 46.37248634998845,
  "spacing_x": 0.9999996423721313,
  "spacing_y": 1.0,
  "spacing_z": 1.0,
  "summary_bg_k": 28.949505990493396,
  "summary_bg_mad": 0.0,
  "summary_bg_mean": 9.369793944398765,
  "summary_bg_median": 0.0,
  "summary_bg_n": 2404074.0,
  "summary_bg_p05": 0.0,
  "summary_bg_p95": 37.52187126874924,
  "summary_bg_stdv": 14.128153878758871,
  "summary_csf_k": 0.26187629673714197,
  "summary_csf_mad": 118.4659789619301,
  "summary_csf_mean": 234.87039502641554,
  "summary_csf_median": 211.94348874688148,
  "summary_csf_n": 26465.0,
  "summary_csf_p05": 64.42226637005807,
  "summary_csf_p95": 471.53780986666675,
  "summary_csf_stdv": 124.53356402370461,
  "summary_gm_k": 0.10484955764710513,
  "summary_gm_mad": 70.28212782696826,
  "summary_gm_mean": 668.9333341878634,
  "summary_gm_median": 668.038359194994,
  "summary_gm_n": 40727.0,
  "summary_gm_p05": 552.0381008684635,
  "summary_gm_p95": 787.8620897233486,
  "summary_gm_stdv": 71.5107697746195,
  "summary_wm_k": 0.30018857155185596,
  "summary_wm_mad": 43.331838209108255,
  "summary_wm_mean": 999.9489955297183,
  "summary_wm_median": 1000.032394617796,
  "summary_wm_n": 218913.0,
  "summary_wm_p05": 926.8679858744144,
  "summary_wm_p95": 1072.5811595320702,
  "summary_wm_stdv": 44.550194368421195,
  "tpm_overlap_csf": 0.1358067355621156,
  "tpm_overlap_gm": 0.46025615403134384,
  "tpm_overlap_wm": 0.5146337878484053,
  "wm2max": 0.5488316676743608
}