{
  "bids_meta": {
    "AcquisitionMatrixPE": 256,
    "AcquisitionNumber": 1,
    "AcquisitionTime": "14:14:28.185000",
    "BaseResolution": 256,
    "ConversionSoftware": "dcm2niix",
    "ConversionSoftwareVersion": "v1.0.20171215 GCC4.4.7",
    "DeviceSerialNumber": "35149",
    "DwellTime": 8.2e-06,
    "EchoTime": 0.00298,
    "FlipAngle": 9,
    "ImageOrientationPatientDICOM": [
      -0.0264935,
      0.999611,
      -0.00871744,
      0.0458623,
      -0.00749588,
      -0.99892
    ],
    "ImageType": [
      "ORIGINAL",
      "PRIMARY",
      "M",
      "ND"
    ],
    "InPlanePhaseEncodingDirectionDICOM": "ROW",
    "InstitutionAddress": "Street_StreetNo_Rehovot_E1B90C_District_IL_ZIP",
    "InstitutionName": "Weizmann",
    "InstitutionalDepartmentName": "Department",
    "InversionTime": 0.9,
    "MRAcquisitionType": "3D",
    "MagneticFieldStrength": 3,
    "Manufacturer": "Siemens",
    "ManufacturersModelName": "TrioTim",
    "Modality": "MR",
    "ParallelReductionFactorInPlane": 2,
    "PartialFourier": 0.875,
    "PatientPosition": "HFS",
    "PercentPhaseFOV": 100,
    "PhaseEncodingSteps": 223,
    "PhaseResolution": 1,
    "PixelBandwidth": 238,
    "ProcedureStepDescription": "Weizmann_Dudai",
    "ProtocolName": "t1_mprage",
    "PulseSequenceDetails": "%SiemensSeq%_tfl",
    "ReceiveCoilName": "HeadMatrix",
    "ReconMatrixPE": 256,
    "RepetitionTime": 2.3,
    "SAR": 0.123401,
    "ScanOptions": "IR_PFP",
    "ScanningSequence": "GR_IR",
    "SequenceName": "_tfl3d1_ns",
    "SequenceVariant": "SP_MP",
    "SeriesDescription": "t1_mprage",
    "SeriesNumber": 10,
    "ShimSetting": [
      2324,
      9583,
      -5451,
      908,
      -43,
      -925,
      173,
      36
    ],
    "SliceThickness": 1,
    "SoftwareVersions": "syngo_MR_B17",
    "StationName": "MRC35149",
    "TxRefAmp": 325.612,
    "dataset": "ds001840",
    "modality": "T1w",
    "subject_id": "23"
  },
  "cjv": 0.4371918549687084,
  "cnr": 3.1253176231583013,
  "efc": 0.6187157113642175,
  "fber": 8124.564049586777,
  "fwhm_avg": 3.5991366666666664,
  "fwhm_x": 3.60034,
  "fwhm_y": 3.85342,
  "fwhm_z": 3.34365,
  "icvs_csf": 0.1968234975867387,
  "icvs_gm": 0.44052909734066253,
  "icvs_wm": 0.3626474050725988,
  "inu_med": 0.7109156847000122,
  "inu_range": 0.30855498313903806,
  "provenance": {
    "md5sum": "c609ab98ce359e59e30bcc20a863899f",
    "settings": {
      "testing": false
    },
    "software": "mriqc",
    "version": "22.0.6",
    "warnings": {
      "large_rot_frame": true,
      "small_air_mask": false
    },
    "webapi_port": null,
    "webapi_url": "https://mriqc.nimh.nih.gov/api/v1"
  },
  "qi_1": 0.0,
  "qi_2": 0.003114664869386947,
  "rpve_csf": 25.574335676974673,
  "rpve_gm": 11.897970329712871,
  "rpve_wm": 15.82636273483326,
  "size_x": 176,
  "size_y": 256,
  "size_z": 256,
  "snr_csf": 1.9509333993825007,
  "snr_gm": 9.262487385330935,
  "snr_total": 8.552130054950556,
  "snr_wm": 14.442969380138234,
  "snrd_csf": 17.049956884074952,
  "snrd_gm": 50.922468984174145,
  "snrd_total": 47.658738225673595,
  "snrd_wm": 75.00378880877167,
  "spacing_x": 1.0,
  "spacing_y": 1.0,
  "spacing_z": 1.0,
  "summary_bg_k": 6.0444545183504435,
  "summary_bg_mad": 8.735011783138722,
  "summary_bg_mean": 14.242968599923087,
  "summary_bg_median": 5.891675915569067,
  "summary_bg_n": 2362847.0,
  "summary_bg_p05": 0.0,
  "summary_bg_p95": 54.230981819331646,
  "summary_bg_stdv": 19.68025761995571,
  "summary_csf_k": 1.4073821473473247,
  "summary_csf_mad": 107.22099258952152,
  "summary_csf_mean": 237.18440979639368,
  "summary_csf_median": 227.32910930365324,
  "summary_csf_n": 35215.0,
  "summary_csf_p05": 65.84206242486835,
  "summary_csf_p95": 447.6364434517914,
  "summary_csf_stdv": 116.52160018454647,
  "summary_gm_k": -0.014424464847657692,
  "summary_gm_mad": 72.74068291923707,
  "summary_gm_mean": 678.4257270831431,
  "summary_gm_median": 678.9553543403745,
  "summary_gm_n": 31304.0,
  "summary_gm_p05": 556.0277758879587,
  "summary_gm_p95": 799.8845865758135,
  "summary_gm_stdv": 73.30045175367493,
  "summary_wm_k": 0.23426971106180217,
  "summary_wm_mad": 67.63248889400975,
  "summary_wm_mean": 1001.8546802716137,
  "summary_wm_median": 1000.0344646163285,
  "summary_wm_n": 204338.0,
  "summary_wm_p05": 891.5035924874246,
  "summary_wm_p95": 1118.729339055717,
  "summary_wm_stdv": 69.24005661730895,
  "tpm_overlap_csf": 0.15083032882442446,
  "tpm_overlap_gm": 0.4683374255109247,
  "tpm_overlap_wm": 0.5113347183846972,
  "wm2max": 0.5486577426216611
}