{
  "aor": 0.0019196810933940773,
  "aqi": 0.007635552824601366,
  "bids_meta": {
    "AcquisitionMatrixPE": 72,
    "AcquisitionNumber": 1,
    "AcquisitionTime": "13:39:40.927500",
    "BandwidthPerPixelPhaseEncode": 28.935,
    "BaseResolution": 72,
    "ConversionSoftware": "dcm2niix",
    "ConversionSoftwareVersion": "v1.0.20171215 GCC4.4.7",
    "DerivedVendorReportedEchoSpacing": 0.000480003,
    "DeviceSerialNumber": "35149",
    "DwellTime": 2.9e-06,
    "EchoTime": 0.03,
    "EffectiveEchoSpacing": 0.000480003,
    "FlipAngle": 75,
    "ImageOrientationPatientDICOM": [
      0.99926,
      0.0357271,
      -0.0142453,
      -0.0384622,
      0.929498,
      -0.366816
    ],
    "ImageType": "ORIGINALPRIMARYMNDMOSAIC",
    "InPlanePhaseEncodingDirectionDICOM": "COL",
    "InstitutionAddress": "Street_StreetNo_Rehovot_E1B90C_District_IL_ZIP",
    "InstitutionName": "Weizmann",
    "InstitutionalDepartmentName": "Department",
    "MRAcquisitionType": "2D",
    "MagneticFieldStrength": 3,
    "Manufacturer": "Siemens",
    "ManufacturersModelName": "TrioTim",
    "Modality": "MR",
    "PartialFourier": 1,
    "PatientPosition": "HFS",
    "PercentPhaseFOV": 100,
    "PhaseEncodingDirection": "j-",
    "PhaseEncodingSteps": 72,
    "PhaseResolution": 1,
    "PixelBandwidth": 2395,
    "ProcedureStepDescription": "Weizmann_Dudai",
    "ProtocolName": "run4_mod",
    "PulseSequenceDetails": "%SiemensSeq%_ep2d_pace",
    "ReceiveCoilName": "HeadMatrix",
    "ReconMatrixPE": 72,
    "RepetitionTime": 2,
    "SAR": 0.121361,
    "ScanOptions": "FS",
    "ScanningSequence": "EP",
    "SequenceName": "_epfid2d1_72",
    "SequenceVariant": "SK",
    "SeriesDescription": "run4_mod",
    "SeriesNumber": 12,
    "ShimSetting": [
      2336,
      9580,
      -5441,
      965,
      20,
      -261,
      -186,
      48
    ],
    "SliceThickness": 4,
    "SliceTiming": [
      0.9925,
      0,
      1.055,
      0.06,
      1.1175,
      0.1225,
      1.18,
      0.185,
      1.24,
      0.2475,
      1.3025,
      0.31,
      1.365,
      0.3725,
      1.4275,
      0.4325,
      1.49,
      0.495,
      1.5525,
      0.5575,
      1.6125,
      0.62,
      1.675,
      0.6825,
      1.7375,
      0.745,
      1.8,
      0.805,
      1.8625,
      0.8675,
      1.925,
      0.93
    ],
    "SoftwareVersions": "syngo_MR_B17",
    "SpacingBetweenSlices": 4,
    "StationName": "MRC35149",
    "TaskName": "viewclips",
    "TotalReadoutTime": 0.0340802,
    "TxRefAmp": 290.543,
    "VendorReportedEchoSpacing": 0.00048,
    "dataset": "ds001840",
    "modality": "bold",
    "run_id": 4,
    "subject_id": "20",
    "task_id": "viewclips"
  },
  "dummy_trs": 1,
  "dvars_nstd": 20.931522940022806,
  "dvars_std": 1.0902547102511415,
  "dvars_vstd": 1.010820968493151,
  "efc": 0.5593499746663044,
  "fber": 901.8802490234375,
  "fd_mean": 0.08786935089561952,
  "fd_num": 18,
  "fd_perc": 4.100227790432802,
  "fwhm_avg": 1.938680762386231,
  "fwhm_x": 1.8982733333333333,
  "fwhm_y": 2.1323266666666667,
  "fwhm_z": 1.7854422871586935,
  "gcor": 0.0335643,
  "gsr_x": -0.021541723981499672,
  "gsr_y": 0.04172646999359131,
  "provenance": {
    "md5sum": "fb0b81ab59e84865aa514711f263f1f4",
    "settings": {
      "fd_thres": 0.2,
      "testing": false
    },
    "software": "mriqc",
    "version": "22.0.6",
    "webapi_port": null,
    "webapi_url": "https://mriqc.nimh.nih.gov/api/v1"
  },
  "size_t": 439,
  "size_x": 72,
  "size_y": 72,
  "size_z": 32,
  "snr": 5.821960692511908,
  "spacing_tr": 2.0,
  "spacing_x": 3.0,
  "spacing_y": 3.0,
  "spacing_z": 4.000000476837158,
  "summary_bg_k": 12.928802779769311,
  "summary_bg_mad": 6.90980557003576,
  "summary_bg_mean": 46.00784683227539,
  "summary_bg_median": 22.494306564331055,
  "summary_bg_n": 96357.0,
  "summary_bg_p05": 17.125286102294922,
  "summary_bg_p95": 172.6309844970702,
  "summary_bg_stdv": 56.628746032714844,
  "summary_fg_k": 1.3557634973748751,
  "summary_fg_mad": 109.96584808113312,
  "summary_fg_mean": 701.2517700195312,
  "summary_fg_median": 695.2175903320312,
  "summary_fg_n": 32994.0,
  "summary_fg_p05": 521.9150482177735,
  "summary_fg_p95": 904.1466033935546,
  "summary_fg_stdv": 119.4111557006836,
  "tsnr": 60.14616700122133
}