{
  "bids_meta": {
    "AcquisitionMatrixPE": 256,
    "AcquisitionNumber": 1,
    "AcquisitionTime": "10:31:4.090000",
    "BaseResolution": 256,
    "ConversionSoftware": "dcm2niix",
    "ConversionSoftwareVersion": "v1.0.20171215 GCC4.4.7",
    "DeviceSerialNumber": "35149",
    "DwellTime": 8.2e-06,
    "EchoTime": 0.00298,
    "FlipAngle": 9,
    "ImageOrientationPatientDICOM": [
      -0.0495889,
      0.998764,
      0.0034904,
      -0.0122455,
      0.00288646,
      -0.999921
    ],
    "ImageType": [
      "ORIGINAL",
      "PRIMARY",
      "M",
      "ND"
    ],
    "InPlanePhaseEncodingDirectionDICOM": "ROW",
    "InstitutionAddress": "Street_StreetNo_Rehovot_90B50C_District_IL_ZIP",
    "InstitutionName": "Weizmann",
    "InstitutionalDepartmentName": "Department",
    "InversionTime": 0.9,
    "MRAcquisitionType": "3D",
    "MagneticFieldStrength": 3,
    "Manufacturer": "Siemens",
    "ManufacturersModelName": "TrioTim",
    "Modality": "MR",
    "PartialFourier": 0.875,
    "PatientPosition": "HFS",
    "PercentPhaseFOV": 100,
    "PhaseEncodingSteps": 224,
    "PhaseResolution": 1,
    "PixelBandwidth": 238,
    "ProcedureStepDescription": "Weizmann_Dudai",
    "ProtocolName": "t1_mprage",
    "PulseSequenceDetails": "%SiemensSeq%_tfl",
    "ReceiveCoilName": "HeadMatrix",
    "ReconMatrixPE": 256,
    "RepetitionTime": 2.3,
    "SAR": 0.0985241,
    "ScanOptions": "IR_PFP",
    "ScanningSequence": "GR_IR",
    "SequenceName": "_tfl3d1_ns",
    "SequenceVariant": "SP_MP",
    "SeriesDescription": "t1_mprage",
    "SeriesNumber": 7,
    "ShimSetting": [
      2158,
      9817,
      -5556,
      847,
      -499,
      191,
      180,
      362
    ],
    "SliceThickness": 1,
    "SoftwareVersions": "syngo_MR_B17",
    "StationName": "MRC35149",
    "TxRefAmp": 278.723,
    "dataset": "ds001840",
    "modality": "T1w",
    "subject_id": "28"
  },
  "cjv": 0.35853471612226867,
  "cnr": 3.7749993490263054,
  "efc": 0.5458373863895004,
  "fber": 23353.914432313566,
  "fwhm_avg": 3.781446073638881,
  "fwhm_x": 3.731008220916643,
  "fwhm_y": 4.10641,
  "fwhm_z": 3.50692,
  "icvs_csf": 0.2068050044360413,
  "icvs_gm": 0.4357441205783392,
  "icvs_wm": 0.35745087498561945,
  "inu_med": 0.49407048523426056,
  "inu_range": 0.15347797721624368,
  "provenance": {
    "md5sum": "8e895797c0114d5d9d8b89281f93cec2",
    "settings": {
      "testing": false
    },
    "software": "mriqc",
    "version": "22.0.6",
    "warnings": {
      "large_rot_frame": true,
      "small_air_mask": false
    },
    "webapi_port": null,
    "webapi_url": "https://mriqc.nimh.nih.gov/api/v1"
  },
  "qi_1": 0.0,
  "qi_2": 0.00398558186654521,
  "rpve_csf": 26.249005927785465,
  "rpve_gm": 13.22897286349056,
  "rpve_wm": 18.540897997997835,
  "size_x": 176,
  "size_y": 256,
  "size_z": 256,
  "snr_csf": 1.706744272608878,
  "snr_gm": 9.693081276278788,
  "snr_total": 11.169550082680304,
  "snr_wm": 22.108824699153253,
  "snrd_csf": 27.803264944220267,
  "snrd_gm": 95.2805340167284,
  "snrd_total": 87.64008604477145,
  "snrd_wm": 139.83645917336568,
  "spacing_x": 1.0000004768371582,
  "spacing_y": 1.0,
  "spacing_z": 1.0,
  "summary_bg_k": 3.793582855903052,
  "summary_bg_mad": 4.685018641907811,
  "summary_bg_mean": 8.312798953053267,
  "summary_bg_median": 3.1599970534443855,
  "summary_bg_n": 2512178.0,
  "summary_bg_p05": 0.0,
  "summary_bg_p95": 32.20668996870518,
  "summary_bg_stdv": 11.71178664899291,
  "summary_csf_k": 1.4039771317906338,
  "summary_csf_mad": 98.91011356795771,
  "summary_csf_mean": 217.83648061728252,
  "summary_csf_median": 198.82701460272074,
  "summary_csf_n": 26096.0,
  "summary_csf_p05": 58.851785123348236,
  "summary_csf_p95": 447.65782257914543,
  "summary_csf_stdv": 116.49267451873943,
  "summary_gm_k": 0.07566117540758333,
  "summary_gm_mad": 69.75055754072349,
  "summary_gm_mean": 681.0312359312189,
  "summary_gm_median": 681.3712046518922,
  "summary_gm_n": 45702.0,
  "summary_gm_p05": 563.5665144994855,
  "summary_gm_p95": 795.8882338698953,
  "summary_gm_stdv": 70.29382408848885,
  "summary_wm_k": 0.18809928182307578,
  "summary_wm_mad": 44.48893702355657,
  "summary_wm_mean": 1000.1912036212999,
  "summary_wm_median": 1000.0000275447965,
  "summary_wm_n": 213466.0,
  "summary_wm_p05": 926.0055365413427,
  "summary_wm_p95": 1074.7276378646493,
  "summary_wm_stdv": 45.23070307246597,
  "tpm_overlap_csf": 0.15127613096105583,
  "tpm_overlap_gm": 0.4683681297331609,
  "tpm_overlap_wm": 0.5241054882782792,
  "wm2max": 0.6654834205346478
}