{
  "bids_meta": {
    "AcquisitionMatrixPE": 256,
    "AcquisitionNumber": 1,
    "AcquisitionTime": "13:55:13.665000",
    "BaseResolution": 256,
    "ConversionSoftware": "dcm2niix",
    "ConversionSoftwareVersion": "v1.0.20171215 GCC4.4.7",
    "DeviceSerialNumber": "35149",
    "DwellTime": 8.2e-06,
    "EchoTime": 0.00298,
    "FlipAngle": 9,
    "ImageOrientationPatientDICOM": [
      0.00984277,
      0.999938,
      -0.00523438,
      0.0247758,
      -0.0054769,
      -0.999678
    ],
    "ImageType": [
      "ORIGINAL",
      "PRIMARY",
      "M",
      "ND"
    ],
    "InPlanePhaseEncodingDirectionDICOM": "ROW",
    "InstitutionAddress": "Street_StreetNo_Rehovot_E1B90C_District_IL_ZIP",
    "InstitutionName": "Weizmann",
    "InstitutionalDepartmentName": "Department",
    "InversionTime": 0.9,
    "MRAcquisitionType": "3D",
    "MagneticFieldStrength": 3,
    "Manufacturer": "Siemens",
    "ManufacturersModelName": "TrioTim",
    "Modality": "MR",
    "PartialFourier": 0.875,
    "PatientPosition": "HFS",
    "PercentPhaseFOV": 100,
    "PhaseEncodingSteps": 224,
    "PhaseResolution": 1,
    "PixelBandwidth": 238,
    "ProcedureStepDescription": "Weizmann_Dudai",
    "ProtocolName": "t1_mprage",
    "PulseSequenceDetails": "%SiemensSeq%_tfl",
    "ReceiveCoilName": "HeadMatrix",
    "ReconMatrixPE": 256,
    "RepetitionTime": 2.3,
    "SAR": 0.107281,
    "ScanOptions": "IR_PFP",
    "ScanningSequence": "GR_IR",
    "SequenceName": "_tfl3d1_ns",
    "SequenceVariant": "SP_MP",
    "SeriesDescription": "t1_mprage",
    "SeriesNumber": 7,
    "ShimSetting": [
      2359,
      9488,
      -5497,
      726,
      55,
      -641,
      46,
      -58
    ],
    "SliceThickness": 1,
    "SoftwareVersions": "syngo_MR_B17",
    "StationName": "MRC35149",
    "TxRefAmp": 334.747,
    "dataset": "ds001840",
    "modality": "T1w",
    "subject_id": "13"
  },
  "cjv": 0.38114961650077944,
  "cnr": 3.5550904174759195,
  "efc": 0.5779208017676813,
  "fber": 10843.266070441065,
  "fwhm_avg": 3.6337039722205287,
  "fwhm_x": 3.6350619166615856,
  "fwhm_y": 3.86861,
  "fwhm_z": 3.39744,
  "icvs_csf": 0.2139406593728046,
  "icvs_gm": 0.4257144724221467,
  "icvs_wm": 0.3603448682050487,
  "inu_med": 0.5416338741779327,
  "inu_range": 0.1613979116082192,
  "provenance": {
    "md5sum": "49e784ffc9eb0592ce6b481ad1babe98",
    "settings": {
      "testing": false
    },
    "software": "mriqc",
    "version": "22.0.6",
    "warnings": {
      "large_rot_frame": true,
      "small_air_mask": false
    },
    "webapi_port": null,
    "webapi_url": "https://mriqc.nimh.nih.gov/api/v1"
  },
  "qi_1": 0.0,
  "qi_2": 0.0034886553549414783,
  "rpve_csf": 22.711876511419838,
  "rpve_gm": 11.896457087133621,
  "rpve_wm": 16.27718037734991,
  "size_x": 176,
  "size_y": 256,
  "size_z": 256,
  "snr_csf": 1.9642007496881275,
  "snr_gm": 9.249607778086792,
  "snr_total": 10.053964718676687,
  "snr_wm": 18.94808562825514,
  "snrd_csf": 21.255355845548706,
  "snrd_gm": 66.44647030915213,
  "snrd_total": 62.06292250416533,
  "snrd_wm": 98.48694135779513,
  "spacing_x": 0.9999967217445374,
  "spacing_y": 1.0,
  "spacing_z": 1.0,
  "summary_bg_k": 3.5135726455045795,
  "summary_bg_mad": 6.652191675729675,
  "summary_bg_mean": 11.965962044162842,
  "summary_bg_median": 4.486835101619363,
  "summary_bg_n": 2464611.0,
  "summary_bg_p05": 0.0,
  "summary_bg_p95": 46.34605119936168,
  "summary_bg_stdv": 16.3919016040281,
  "summary_csf_k": 1.4145378789655911,
  "summary_csf_mad": 95.56052592859575,
  "summary_csf_mean": 229.8582388368201,
  "summary_csf_median": 215.82482857070863,
  "summary_csf_n": 29117.0,
  "summary_csf_p05": 73.58409566655756,
  "summary_csf_p95": 435.5991467218842,
  "summary_csf_stdv": 109.87732410135797,
  "summary_gm_k": 0.07450870099825035,
  "summary_gm_mad": 72.17827135582138,
  "summary_gm_mean": 674.1550946181395,
  "summary_gm_median": 674.6910363584757,
  "summary_gm_n": 30106.0,
  "summary_gm_p05": 553.3852849584073,
  "summary_gm_p95": 793.7265029316768,
  "summary_gm_stdv": 72.94145299924124,
  "summary_wm_k": 0.17342745288060746,
  "summary_wm_mad": 51.82336149775035,
  "summary_wm_mean": 1000.4825538022071,
  "summary_wm_median": 1000.0268821399659,
  "summary_wm_n": 224205.0,
  "summary_wm_p05": 914.6964133810252,
  "summary_wm_p95": 1087.748538468033,
  "summary_wm_stdv": 52.77708110440402,
  "tpm_overlap_csf": 0.17191494161793341,
  "tpm_overlap_gm": 0.46730273140053136,
  "tpm_overlap_wm": 0.5224873701495117,
  "wm2max": 0.6183609389796155
}