{
  "aor": 0.0005292500000000001,
  "aqi": 0.004212513022727273,
  "bids_meta": {
    "AcquisitionMatrixPE": 72,
    "AcquisitionNumber": 1,
    "AcquisitionTime": "15:34:25.042500",
    "BandwidthPerPixelPhaseEncode": 28.935,
    "BaseResolution": 72,
    "ConversionSoftware": "dcm2niix",
    "ConversionSoftwareVersion": "v1.0.20171215 GCC4.4.7",
    "DerivedVendorReportedEchoSpacing": 0.000480003,
    "DeviceSerialNumber": "35149",
    "DwellTime": 2.9e-06,
    "EchoTime": 0.03,
    "EffectiveEchoSpacing": 0.000480003,
    "FlipAngle": 75,
    "ImageOrientationPatientDICOM": [
      0.996597,
      -0.0783901,
      0.0254705,
      0.0824242,
      0.94782,
      -0.307966
    ],
    "ImageType": "ORIGINALPRIMARYMNDMOSAIC",
    "InPlanePhaseEncodingDirectionDICOM": "COL",
    "InstitutionAddress": "Street_StreetNo_Rehovot_E1B90C_District_IL_ZIP",
    "InstitutionName": "Weizmann",
    "InstitutionalDepartmentName": "Department",
    "MRAcquisitionType": "2D",
    "MagneticFieldStrength": 3,
    "Manufacturer": "Siemens",
    "ManufacturersModelName": "TrioTim",
    "Modality": "MR",
    "PartialFourier": 1,
    "PatientPosition": "HFS",
    "PercentPhaseFOV": 100,
    "PhaseEncodingDirection": "j-",
    "PhaseEncodingSteps": 72,
    "PhaseResolution": 1,
    "PixelBandwidth": 2395,
    "ProcedureStepDescription": "Weizmann_Dudai",
    "ProtocolName": "run4_mod",
    "PulseSequenceDetails": "%SiemensSeq%_ep2d_pace",
    "ReceiveCoilName": "HeadMatrix",
    "ReconMatrixPE": 72,
    "RepetitionTime": 2,
    "SAR": 0.142818,
    "ScanOptions": "FS",
    "ScanningSequence": "EP",
    "SequenceName": "_epfid2d1_72",
    "SequenceVariant": "SK",
    "SeriesDescription": "run4_mod",
    "SeriesNumber": 6,
    "ShimSetting": [
      2364,
      9514,
      -5255,
      957,
      32,
      -735,
      143,
      -76
    ],
    "SliceThickness": 4,
    "SliceTiming": [
      0.995,
      0,
      1.0575,
      0.0625,
      1.1175,
      0.125,
      1.18,
      0.1875,
      1.2425,
      0.25,
      1.305,
      0.31,
      1.3675,
      0.3725,
      1.43,
      0.435,
      1.4925,
      0.4975,
      1.5525,
      0.56,
      1.615,
      0.6225,
      1.6775,
      0.685,
      1.74,
      0.745,
      1.8025,
      0.8075,
      1.865,
      0.87,
      1.925,
      0.9325
    ],
    "SoftwareVersions": "syngo_MR_B17",
    "SpacingBetweenSlices": 4,
    "StationName": "MRC35149",
    "TaskName": "viewclips",
    "TotalReadoutTime": 0.0340802,
    "TxRefAmp": 294.192,
    "VendorReportedEchoSpacing": 0.00048,
    "dataset": "ds001840",
    "modality": "bold",
    "run_id": 4,
    "subject_id": "24",
    "task_id": "viewclips"
  },
  "dummy_trs": 0,
  "dvars_nstd": 19.363282318906613,
  "dvars_std": 1.119236911936218,
  "dvars_vstd": 0.9986592048747152,
  "efc": 0.5123527057256825,
  "fber": 1236.4888916015625,
  "fd_mean": 0.131868878142684,
  "fd_num": 60,
  "fd_perc": 13.636363636363637,
  "fwhm_avg": 2.0310038888888893,
  "fwhm_x": 1.9680233333333332,
  "fwhm_y": 2.1512033333333336,
  "fwhm_z": 1.973785,
  "gcor": 0.0417484,
  "gsr_x": -0.024725712835788727,
  "gsr_y": 0.02722085267305374,
  "provenance": {
    "md5sum": "211ac47ee68588480cc79418d99cb28c",
    "settings": {
      "fd_thres": 0.2,
      "testing": false
    },
    "software": "mriqc",
    "version": "22.0.6",
    "webapi_port": null,
    "webapi_url": "https://mriqc.nimh.nih.gov/api/v1"
  },
  "size_t": 440,
  "size_x": 72,
  "size_y": 72,
  "size_z": 32,
  "snr": 5.208864717668592,
  "spacing_tr": 2.0,
  "spacing_x": 3.0,
  "spacing_y": 3.0,
  "spacing_z": 4.0,
  "summary_bg_k": 28.584012200393747,
  "summary_bg_mad": 4.872369966673604,
  "summary_bg_mean": 35.24983215332031,
  "summary_bg_median": 20.19318199157715,
  "summary_bg_n": 102285.0,
  "summary_bg_p05": 16.44999885559082,
  "summary_bg_p95": 107.89726715087875,
  "summary_bg_stdv": 41.203739166259766,
  "summary_fg_k": 1.006153942096085,
  "summary_fg_mad": 119.13207430320439,
  "summary_fg_mean": 749.7625732421875,
  "summary_fg_median": 729.5408935546875,
  "summary_fg_n": 29160.0,
  "summary_fg_p05": 555.9495574951172,
  "summary_fg_p95": 1013.288931274414,
  "summary_fg_stdv": 140.05516052246094,
  "tsnr": 79.80197806004435
}