{
  "aor": 0.001343872437357631,
  "aqi": 0.011808812391799543,
  "bids_meta": {
    "AcquisitionMatrixPE": 72,
    "AcquisitionNumber": 1,
    "AcquisitionTime": "10:16:8.150000",
    "BandwidthPerPixelPhaseEncode": 28.935,
    "BaseResolution": 72,
    "ConversionSoftware": "dcm2niix",
    "ConversionSoftwareVersion": "v1.0.20171215 GCC4.4.7",
    "DerivedVendorReportedEchoSpacing": 0.000480003,
    "DeviceSerialNumber": "35149",
    "DwellTime": 2.9e-06,
    "EchoTime": 0.03,
    "EffectiveEchoSpacing": 0.000480003,
    "FlipAngle": 75,
    "ImageOrientationPatientDICOM": [
      0.996575,
      0.069988,
      -0.0440398,
      -0.0825377,
      0.874349,
      -0.478227
    ],
    "ImageType": "ORIGINALPRIMARYMNDMOSAIC",
    "InPlanePhaseEncodingDirectionDICOM": "COL",
    "InstitutionAddress": "Street_StreetNo_Rehovot_90B50C_District_IL_ZIP",
    "InstitutionName": "Weizmann",
    "InstitutionalDepartmentName": "Department",
    "MRAcquisitionType": "2D",
    "MagneticFieldStrength": 3,
    "Manufacturer": "Siemens",
    "ManufacturersModelName": "TrioTim",
    "Modality": "MR",
    "PartialFourier": 1,
    "PatientPosition": "HFS",
    "PercentPhaseFOV": 100,
    "PhaseEncodingDirection": "j-",
    "PhaseEncodingSteps": 72,
    "PhaseResolution": 1,
    "PixelBandwidth": 2395,
    "ProcedureStepDescription": "Weizmann_Dudai",
    "ProtocolName": "run4_mod",
    "PulseSequenceDetails": "%SiemensSeq%_ep2d_pace",
    "ReceiveCoilName": "HeadMatrix",
    "ReconMatrixPE": 72,
    "RepetitionTime": 2,
    "SAR": 0.128621,
    "ScanOptions": "FS",
    "ScanningSequence": "EP",
    "SequenceName": "_epfid2d1_72",
    "SequenceVariant": "SK",
    "SeriesDescription": "run4_mod",
    "SeriesNumber": 6,
    "ShimSetting": [
      2158,
      9817,
      -5556,
      847,
      -499,
      191,
      180,
      362
    ],
    "SliceThickness": 4,
    "SliceTiming": [
      0.995,
      0,
      1.0575,
      0.0625,
      1.12,
      0.125,
      1.18,
      0.1875,
      1.2425,
      0.25,
      1.305,
      0.3125,
      1.3675,
      0.3725,
      1.43,
      0.435,
      1.4925,
      0.4975,
      1.5525,
      0.56,
      1.615,
      0.6225,
      1.6775,
      0.685,
      1.74,
      0.745,
      1.8025,
      0.8075,
      1.865,
      0.87,
      1.9275,
      0.9325
    ],
    "SoftwareVersions": "syngo_MR_B17",
    "SpacingBetweenSlices": 4,
    "StationName": "MRC35149",
    "TaskName": "viewclips",
    "TotalReadoutTime": 0.0340802,
    "TxRefAmp": 278.723,
    "VendorReportedEchoSpacing": 0.00048,
    "dataset": "ds001840",
    "modality": "bold",
    "run_id": 4,
    "subject_id": "28",
    "task_id": "viewclips"
  },
  "dummy_trs": 1,
  "dvars_nstd": 21.515446020410952,
  "dvars_std": 1.044414545022831,
  "dvars_vstd": 0.9429961567123283,
  "efc": 0.49488369018932643,
  "fber": 1547.0430908203125,
  "fd_mean": 0.2862755999366321,
  "fd_num": 217,
  "fd_perc": 49.430523917995444,
  "fwhm_avg": 2.061886157900409,
  "fwhm_x": 2.0045633333333335,
  "fwhm_y": 2.2434233333333333,
  "fwhm_z": 1.9376718070345613,
  "gcor": 0.0280836,
  "gsr_x": -0.015940891578793526,
  "gsr_y": 0.02591848000884056,
  "provenance": {
    "md5sum": "e74e48cca971f51f504ae1c9993a4c17",
    "settings": {
      "fd_thres": 0.2,
      "testing": false
    },
    "software": "mriqc",
    "version": "22.0.6",
    "webapi_port": null,
    "webapi_url": "https://mriqc.nimh.nih.gov/api/v1"
  },
  "size_t": 439,
  "size_x": 72,
  "size_y": 72,
  "size_z": 32,
  "snr": 5.912738287391329,
  "spacing_tr": 2.0,
  "spacing_x": 3.0,
  "spacing_y": 3.0,
  "spacing_z": 4.000001430511475,
  "summary_bg_k": 65.8738717925131,
  "summary_bg_mad": 5.8696188122792154,
  "summary_bg_mean": 35.1038703918457,
  "summary_bg_median": 20.466970443725586,
  "summary_bg_n": 103969.0,
  "summary_bg_p05": 15.71070671081543,
  "summary_bg_p95": 94.20182647705076,
  "summary_bg_stdv": 46.845428466796875,
  "summary_fg_k": 1.3205444411932845,
  "summary_fg_mad": 120.2512199902996,
  "summary_fg_mean": 835.326171875,
  "summary_fg_median": 826.5205078125,
  "summary_fg_n": 26832.0,
  "summary_fg_p05": 621.6509307861328,
  "summary_fg_p95": 1083.3768798828123,
  "summary_fg_stdv": 139.7838134765625,
  "tsnr": 50.83230518968776
}