{
  "aor": 0.003202642369020502,
  "aqi": 0.007745883189066059,
  "bids_meta": {
    "AcquisitionMatrixPE": 72,
    "AcquisitionNumber": 1,
    "AcquisitionTime": "09:29:52.407500",
    "BandwidthPerPixelPhaseEncode": 28.935,
    "BaseResolution": 72,
    "ConversionSoftware": "dcm2niix",
    "ConversionSoftwareVersion": "v1.0.20171215 GCC4.4.7",
    "DerivedVendorReportedEchoSpacing": 0.000480003,
    "DeviceSerialNumber": "35149",
    "DwellTime": 2.9e-06,
    "EchoTime": 0.03,
    "EffectiveEchoSpacing": 0.000480003,
    "FlipAngle": 75,
    "ImageOrientationPatientDICOM": [
      0.996575,
      0.069988,
      -0.0440398,
      -0.0825377,
      0.874349,
      -0.478227
    ],
    "ImageType": "ORIGINALPRIMARYMNDMOSAIC",
    "InPlanePhaseEncodingDirectionDICOM": "COL",
    "InstitutionAddress": "Street_StreetNo_Rehovot_90B50C_District_IL_ZIP",
    "InstitutionName": "Weizmann",
    "InstitutionalDepartmentName": "Department",
    "MRAcquisitionType": "2D",
    "MagneticFieldStrength": 3,
    "Manufacturer": "Siemens",
    "ManufacturersModelName": "TrioTim",
    "Modality": "MR",
    "PartialFourier": 1,
    "PatientPosition": "HFS",
    "PercentPhaseFOV": 100,
    "PhaseEncodingDirection": "j-",
    "PhaseEncodingSteps": 72,
    "PhaseResolution": 1,
    "PixelBandwidth": 2395,
    "ProcedureStepDescription": "Weizmann_Dudai",
    "ProtocolName": "run1_mod",
    "PulseSequenceDetails": "%SiemensSeq%_ep2d_pace",
    "ReceiveCoilName": "HeadMatrix",
    "ReconMatrixPE": 72,
    "RepetitionTime": 2,
    "SAR": 0.128621,
    "ScanOptions": "FS",
    "ScanningSequence": "EP",
    "SequenceName": "_epfid2d1_72",
    "SequenceVariant": "SK",
    "SeriesDescription": "run1_mod",
    "SeriesNumber": 3,
    "ShimSetting": [
      2158,
      9817,
      -5556,
      847,
      -499,
      191,
      180,
      362
    ],
    "SliceThickness": 4,
    "SliceTiming": [
      0.9925,
      0,
      1.055,
      0.0625,
      1.1175,
      0.1225,
      1.18,
      0.185,
      1.2425,
      0.2475,
      1.305,
      0.31,
      1.365,
      0.3725,
      1.4275,
      0.435,
      1.49,
      0.4975,
      1.5525,
      0.5575,
      1.615,
      0.62,
      1.6775,
      0.6825,
      1.7375,
      0.745,
      1.8,
      0.8075,
      1.8625,
      0.87,
      1.925,
      0.93
    ],
    "SoftwareVersions": "syngo_MR_B17",
    "SpacingBetweenSlices": 4,
    "StationName": "MRC35149",
    "TaskName": "viewclips",
    "TotalReadoutTime": 0.0340802,
    "TxRefAmp": 278.723,
    "VendorReportedEchoSpacing": 0.00048,
    "dataset": "ds001840",
    "modality": "bold",
    "run_id": 1,
    "subject_id": "28",
    "task_id": "viewclips"
  },
  "dummy_trs": 1,
  "dvars_nstd": 19.119579524269405,
  "dvars_std": 1.1040539410045664,
  "dvars_vstd": 1.0062121917123283,
  "efc": 0.49285856451629634,
  "fber": 1523.5716552734375,
  "fd_mean": 0.18553502733541882,
  "fd_num": 141,
  "fd_perc": 32.11845102505695,
  "fwhm_avg": 2.0657867131525776,
  "fwhm_x": 2.0127166666666665,
  "fwhm_y": 2.2444266666666666,
  "fwhm_z": 1.9402168061243987,
  "gcor": 0.0604257,
  "gsr_x": -0.015046256594359875,
  "gsr_y": 0.023024065420031548,
  "provenance": {
    "md5sum": "7c857783b1183f0543e784a3f2f41f94",
    "settings": {
      "fd_thres": 0.2,
      "testing": false
    },
    "software": "mriqc",
    "version": "22.0.6",
    "webapi_port": null,
    "webapi_url": "https://mriqc.nimh.nih.gov/api/v1"
  },
  "size_t": 439,
  "size_x": 72,
  "size_y": 72,
  "size_z": 32,
  "snr": 5.8210238843909075,
  "spacing_tr": 2.0,
  "spacing_x": 3.0,
  "spacing_y": 3.0,
  "spacing_z": 4.000001430511475,
  "summary_bg_k": 67.40297354707094,
  "summary_bg_mad": 6.352561452163619,
  "summary_bg_mean": 33.45346450805664,
  "summary_bg_median": 20.16400909423828,
  "summary_bg_n": 103989.0,
  "summary_bg_p05": 13.847380638122559,
  "summary_bg_p95": 87.50843048095669,
  "summary_bg_stdv": 44.47096252441406,
  "summary_fg_k": 1.2177532493911505,
  "summary_fg_mad": 118.92729349140762,
  "summary_fg_mean": 814.7410278320312,
  "summary_fg_median": 805.8975219726562,
  "summary_fg_n": 26906.0,
  "summary_fg_p05": 603.9362335205078,
  "summary_fg_p95": 1062.7113037109375,
  "summary_fg_stdv": 138.4434356689453,
  "tsnr": 58.23816986195743
}