{
  "aor": 0.000633599088838269,
  "aqi": 0.009174561321184509,
  "bids_meta": {
    "AcquisitionMatrixPE": 72,
    "AcquisitionNumber": 1,
    "AcquisitionTime": "09:45:17.792500",
    "BandwidthPerPixelPhaseEncode": 28.935,
    "BaseResolution": 72,
    "ConversionSoftware": "dcm2niix",
    "ConversionSoftwareVersion": "v1.0.20171215 GCC4.4.7",
    "DerivedVendorReportedEchoSpacing": 0.000480003,
    "DeviceSerialNumber": "35149",
    "DwellTime": 2.9e-06,
    "EchoTime": 0.03,
    "EffectiveEchoSpacing": 0.000480003,
    "FlipAngle": 75,
    "ImageOrientationPatientDICOM": [
      0.996575,
      0.069988,
      -0.0440398,
      -0.0825377,
      0.874349,
      -0.478227
    ],
    "ImageType": "ORIGINALPRIMARYMNDMOSAIC",
    "InPlanePhaseEncodingDirectionDICOM": "COL",
    "InstitutionAddress": "Street_StreetNo_Rehovot_90B50C_District_IL_ZIP",
    "InstitutionName": "Weizmann",
    "InstitutionalDepartmentName": "Department",
    "MRAcquisitionType": "2D",
    "MagneticFieldStrength": 3,
    "Manufacturer": "Siemens",
    "ManufacturersModelName": "TrioTim",
    "Modality": "MR",
    "PartialFourier": 1,
    "PatientPosition": "HFS",
    "PercentPhaseFOV": 100,
    "PhaseEncodingDirection": "j-",
    "PhaseEncodingSteps": 72,
    "PhaseResolution": 1,
    "PixelBandwidth": 2395,
    "ProcedureStepDescription": "Weizmann_Dudai",
    "ProtocolName": "run2_mod",
    "PulseSequenceDetails": "%SiemensSeq%_ep2d_pace",
    "ReceiveCoilName": "HeadMatrix",
    "ReconMatrixPE": 72,
    "RepetitionTime": 2,
    "SAR": 0.128621,
    "ScanOptions": "FS",
    "ScanningSequence": "EP",
    "SequenceName": "_epfid2d1_72",
    "SequenceVariant": "SK",
    "SeriesDescription": "run2_mod",
    "SeriesNumber": 4,
    "ShimSetting": [
      2158,
      9817,
      -5556,
      847,
      -499,
      191,
      180,
      362
    ],
    "SliceThickness": 4,
    "SliceTiming": [
      0.9925,
      0,
      1.055,
      0.0625,
      1.1175,
      0.125,
      1.18,
      0.1875,
      1.2425,
      0.2475,
      1.305,
      0.31,
      1.3675,
      0.3725,
      1.4275,
      0.435,
      1.49,
      0.4975,
      1.5525,
      0.56,
      1.615,
      0.62,
      1.6775,
      0.6825,
      1.74,
      0.745,
      1.8,
      0.8075,
      1.8625,
      0.87,
      1.925,
      0.9325
    ],
    "SoftwareVersions": "syngo_MR_B17",
    "SpacingBetweenSlices": 4,
    "StationName": "MRC35149",
    "TaskName": "viewclips",
    "TotalReadoutTime": 0.0340802,
    "TxRefAmp": 278.723,
    "VendorReportedEchoSpacing": 0.00048,
    "dataset": "ds001840",
    "modality": "bold",
    "run_id": 2,
    "subject_id": "28",
    "task_id": "viewclips"
  },
  "dummy_trs": 1,
  "dvars_nstd": 20.208527044611877,
  "dvars_std": 1.045893487283104,
  "dvars_vstd": 0.9388067004109595,
  "efc": 0.49355458613607683,
  "fber": 1557.3216552734375,
  "fd_mean": 0.21610970155323356,
  "fd_num": 193,
  "fd_perc": 43.96355353075171,
  "fwhm_avg": 2.070030598874673,
  "fwhm_x": 2.01435,
  "fwhm_y": 2.2289600000000003,
  "fwhm_z": 1.966781796624018,
  "gcor": 0.0563274,
  "gsr_x": -0.015178881585597992,
  "gsr_y": 0.02287607081234455,
  "provenance": {
    "md5sum": "546cfcd45a2ec0ac4748b52a533a5ef2",
    "settings": {
      "fd_thres": 0.2,
      "testing": false
    },
    "software": "mriqc",
    "version": "22.0.6",
    "webapi_port": null,
    "webapi_url": "https://mriqc.nimh.nih.gov/api/v1"
  },
  "size_t": 439,
  "size_x": 72,
  "size_y": 72,
  "size_z": 32,
  "snr": 5.9139459603726054,
  "spacing_tr": 2.0,
  "spacing_x": 3.0,
  "spacing_y": 3.0,
  "spacing_z": 4.000001430511475,
  "summary_bg_k": 67.0389985144575,
  "summary_bg_mad": 5.1603995400490925,
  "summary_bg_mean": 33.78957748413086,
  "summary_bg_median": 19.974943161010742,
  "summary_bg_n": 104075.0,
  "summary_bg_p05": 16.015945434570312,
  "summary_bg_p95": 88.47038955688463,
  "summary_bg_stdv": 44.39790344238281,
  "summary_fg_k": 1.25281939980494,
  "summary_fg_mad": 117.07322630055306,
  "summary_fg_mean": 818.690185546875,
  "summary_fg_median": 809.5478515625,
  "summary_fg_n": 26744.0,
  "summary_fg_p05": 609.7432189941406,
  "summary_fg_p95": 1062.0799804687497,
  "summary_fg_stdv": 136.8853759765625,
  "tsnr": 56.287970137782395
}