{
  "aor": 0.0006558219178082192,
  "aqi": 0.006014103493150685,
  "bids_meta": {
    "AcquisitionMatrixPE": 72,
    "AcquisitionNumber": 1,
    "AcquisitionTime": "11:13:15.905000",
    "BandwidthPerPixelPhaseEncode": 28.935,
    "BaseResolution": 72,
    "ConversionSoftware": "dcm2niix",
    "ConversionSoftwareVersion": "v1.0.20171215 GCC4.4.7",
    "DerivedVendorReportedEchoSpacing": 0.000480003,
    "DeviceSerialNumber": "35149",
    "DwellTime": 2.9e-06,
    "EchoTime": 0.03,
    "EffectiveEchoSpacing": 0.000480003,
    "FlipAngle": 75,
    "ImageOrientationPatientDICOM": [
      0.997364,
      -0.0524444,
      -0.0501549,
      0.033189,
      0.944297,
      -0.327417
    ],
    "ImageType": "ORIGINALPRIMARYMNDMOSAIC",
    "InPlanePhaseEncodingDirectionDICOM": "COL",
    "InstitutionAddress": "Street_StreetNo_Rehovot_E1B90C_District_IL_ZIP",
    "InstitutionName": "Weizmann",
    "InstitutionalDepartmentName": "Department",
    "MRAcquisitionType": "2D",
    "MagneticFieldStrength": 3,
    "Manufacturer": "Siemens",
    "ManufacturersModelName": "TrioTim",
    "Modality": "MR",
    "PartialFourier": 1,
    "PatientPosition": "HFS",
    "PercentPhaseFOV": 100,
    "PhaseEncodingDirection": "j-",
    "PhaseEncodingSteps": 72,
    "PhaseResolution": 1,
    "PixelBandwidth": 2395,
    "ProcedureStepDescription": "Weizmann_Dudai",
    "ProtocolName": "run1_mod",
    "PulseSequenceDetails": "%SiemensSeq%_ep2d_pace",
    "ReceiveCoilName": "HeadMatrix",
    "ReconMatrixPE": 72,
    "RepetitionTime": 2,
    "SAR": 0.115367,
    "ScanOptions": "FS",
    "ScanningSequence": "EP",
    "SequenceName": "_epfid2d1_72",
    "SequenceVariant": "SK",
    "SeriesDescription": "run1_mod",
    "SeriesNumber": 3,
    "ShimSetting": [
      2352,
      9445,
      -5317,
      1029,
      96,
      -1324,
      172,
      -19
    ],
    "SliceThickness": 4,
    "SliceTiming": [
      0.9925,
      0,
      1.055,
      0.06,
      1.1175,
      0.1225,
      1.18,
      0.185,
      1.24,
      0.2475,
      1.3025,
      0.31,
      1.365,
      0.3725,
      1.4275,
      0.435,
      1.49,
      0.495,
      1.5525,
      0.5575,
      1.615,
      0.62,
      1.675,
      0.6825,
      1.7375,
      0.745,
      1.8,
      0.8075,
      1.8625,
      0.8675,
      1.925,
      0.93
    ],
    "SoftwareVersions": "syngo_MR_B17",
    "SpacingBetweenSlices": 4,
    "StationName": "MRC35149",
    "TaskName": "viewclips",
    "TotalReadoutTime": 0.0340802,
    "TxRefAmp": 283.059,
    "VendorReportedEchoSpacing": 0.00048,
    "dataset": "ds001840",
    "modality": "bold",
    "run_id": 1,
    "subject_id": "22",
    "task_id": "viewclips"
  },
  "dummy_trs": 2,
  "dvars_nstd": 20.33904033320367,
  "dvars_std": 1.1306965946224248,
  "dvars_vstd": 0.9958886934553779,
  "efc": 0.48382753936918416,
  "fber": 1222.6597900390625,
  "fd_mean": 0.10257077284521701,
  "fd_num": 23,
  "fd_perc": 5.251141552511416,
  "fwhm_avg": 1.9209583333333333,
  "fwhm_x": 1.9031399999999998,
  "fwhm_y": 2.09064,
  "fwhm_z": 1.769095,
  "gcor": 0.0524705,
  "gsr_x": -0.018325960263609886,
  "gsr_y": 0.014946660958230495,
  "provenance": {
    "md5sum": "9466b848cbb5cc3c64707df3cc47dcbe",
    "settings": {
      "fd_thres": 0.2,
      "testing": false
    },
    "software": "mriqc",
    "version": "22.0.6",
    "webapi_port": null,
    "webapi_url": "https://mriqc.nimh.nih.gov/api/v1"
  },
  "size_t": 438,
  "size_x": 72,
  "size_y": 72,
  "size_z": 32,
  "snr": 6.387041279605439,
  "spacing_tr": 2.0,
  "spacing_x": 3.0,
  "spacing_y": 3.0,
  "spacing_z": 4.0,
  "summary_bg_k": 104.06451239542234,
  "summary_bg_mad": 3.665886462350937,
  "summary_bg_mean": 31.9335994720459,
  "summary_bg_median": 18.02054786682129,
  "summary_bg_n": 109589.0,
  "summary_bg_p05": 14.783103942871094,
  "summary_bg_p95": 93.26209564208969,
  "summary_bg_stdv": 46.55381774902344,
  "summary_fg_k": 1.1724986177327406,
  "summary_fg_mad": 91.75714188539185,
  "summary_fg_mean": 649.4179077148438,
  "summary_fg_median": 645.5045166015625,
  "summary_fg_n": 22642.0,
  "summary_fg_p05": 490.6603607177734,
  "summary_fg_p95": 817.7366271972656,
  "summary_fg_stdv": 101.06248474121094,
  "tsnr": 68.75769721576944
}