{
  "aor": 0.0011202277904328018,
  "aqi": 0.008613183986332573,
  "bids_meta": {
    "AcquisitionMatrixPE": 72,
    "AcquisitionNumber": 1,
    "AcquisitionTime": "11:47:0.887500",
    "BandwidthPerPixelPhaseEncode": 28.935,
    "BaseResolution": 72,
    "ConversionSoftware": "dcm2niix",
    "ConversionSoftwareVersion": "v1.0.20171215 GCC4.4.7",
    "DerivedVendorReportedEchoSpacing": 0.000480003,
    "DeviceSerialNumber": "35149",
    "DwellTime": 2.9e-06,
    "EchoTime": 0.03,
    "EffectiveEchoSpacing": 0.000480003,
    "FlipAngle": 75,
    "ImageOrientationPatientDICOM": [
      0.999699,
      -0.00556643,
      -0.0239132,
      -0.00175314,
      0.955292,
      -0.29566
    ],
    "ImageType": "ORIGINALPRIMARYMNDMOSAIC",
    "InPlanePhaseEncodingDirectionDICOM": "COL",
    "InstitutionAddress": "Street_StreetNo_Rehovot_E1B90C_District_IL_ZIP",
    "InstitutionName": "Weizmann",
    "InstitutionalDepartmentName": "Department",
    "MRAcquisitionType": "2D",
    "MagneticFieldStrength": 3,
    "Manufacturer": "Siemens",
    "ManufacturersModelName": "TrioTim",
    "Modality": "MR",
    "PartialFourier": 1,
    "PatientPosition": "HFS",
    "PercentPhaseFOV": 100,
    "PhaseEncodingDirection": "j-",
    "PhaseEncodingSteps": 72,
    "PhaseResolution": 1,
    "PixelBandwidth": 2395,
    "ProcedureStepDescription": "Weizmann_Dudai",
    "ProtocolName": "run3_mod",
    "PulseSequenceDetails": "%SiemensSeq%_ep2d_pace",
    "ReceiveCoilName": "HeadMatrix",
    "ReconMatrixPE": 72,
    "RepetitionTime": 2,
    "SAR": 0.115367,
    "ScanOptions": "FS",
    "ScanningSequence": "EP",
    "SequenceName": "_epfid2d1_72",
    "SequenceVariant": "SK",
    "SeriesDescription": "run3_mod",
    "SeriesNumber": 7,
    "ShimSetting": [
      2353,
      9441,
      -5317,
      1022,
      100,
      -1341,
      188,
      -22
    ],
    "SliceThickness": 4,
    "SliceTiming": [
      0.995,
      0,
      1.0575,
      0.0625,
      1.1175,
      0.125,
      1.18,
      0.1875,
      1.2425,
      0.25,
      1.305,
      0.31,
      1.3675,
      0.3725,
      1.43,
      0.435,
      1.49,
      0.4975,
      1.5525,
      0.56,
      1.615,
      0.6225,
      1.6775,
      0.6825,
      1.74,
      0.745,
      1.8025,
      0.8075,
      1.865,
      0.87,
      1.925,
      0.9325
    ],
    "SoftwareVersions": "syngo_MR_B17",
    "SpacingBetweenSlices": 4,
    "StationName": "MRC35149",
    "TaskName": "viewclips",
    "TotalReadoutTime": 0.0340802,
    "TxRefAmp": 283.059,
    "VendorReportedEchoSpacing": 0.00048,
    "dataset": "ds001840",
    "modality": "bold",
    "run_id": 3,
    "subject_id": "22",
    "task_id": "viewclips"
  },
  "dummy_trs": 1,
  "dvars_nstd": 19.032432347191783,
  "dvars_std": 1.0722936100228304,
  "dvars_vstd": 0.9793364578538815,
  "efc": 0.4824319053044136,
  "fber": 1207.8104248046875,
  "fd_mean": 0.11486111814013826,
  "fd_num": 38,
  "fd_perc": 8.656036446469248,
  "fwhm_avg": 1.913067708121811,
  "fwhm_x": 1.8953666666666666,
  "fwhm_y": 2.0908866666666666,
  "fwhm_z": 1.7529497910321008,
  "gcor": 0.0404241,
  "gsr_x": -0.0180811770260334,
  "gsr_y": 0.014218863099813461,
  "provenance": {
    "md5sum": "4e8aec2080e0f4a305d3c52e3ad93140",
    "settings": {
      "fd_thres": 0.2,
      "testing": false
    },
    "software": "mriqc",
    "version": "22.0.6",
    "webapi_port": null,
    "webapi_url": "https://mriqc.nimh.nih.gov/api/v1"
  },
  "size_t": 439,
  "size_x": 72,
  "size_y": 72,
  "size_z": 32,
  "snr": 6.486353969764253,
  "spacing_tr": 2.0,
  "spacing_x": 3.0,
  "spacing_y": 3.0,
  "spacing_z": 4.000000476837158,
  "summary_bg_k": 89.2468765668157,
  "summary_bg_mad": 4.822677760320055,
  "summary_bg_mean": 32.82863235473633,
  "summary_bg_median": 18.574031829833984,
  "summary_bg_n": 110072.0,
  "summary_bg_p05": 13.76993179321289,
  "summary_bg_p95": 96.76868095397948,
  "summary_bg_stdv": 47.59835433959961,
  "summary_fg_k": 1.1473805573983222,
  "summary_fg_mad": 94.05402609017813,
  "summary_fg_mean": 664.1864624023438,
  "summary_fg_median": 661.8428955078125,
  "summary_fg_n": 22328.0,
  "summary_fg_p05": 503.26584930419926,
  "summary_fg_p95": 830.2212097167968,
  "summary_fg_stdv": 102.0339126586914,
  "tsnr": 60.73055039194878
}