{
  "aor": 0.0009915068493150684,
  "aqi": 0.004401090502283105,
  "bids_meta": {
    "AcquisitionMatrixPE": 72,
    "AcquisitionNumber": 1,
    "AcquisitionTime": "12:40:54.670000",
    "BandwidthPerPixelPhaseEncode": 28.935,
    "BaseResolution": 72,
    "ConversionSoftware": "dcm2niix",
    "ConversionSoftwareVersion": "v1.0.20171215 GCC4.4.7",
    "DerivedVendorReportedEchoSpacing": 0.000480003,
    "DeviceSerialNumber": "35149",
    "DwellTime": 2.9e-06,
    "EchoTime": 0.03,
    "EffectiveEchoSpacing": 0.000480003,
    "FlipAngle": 75,
    "ImageOrientationPatientDICOM": [
      0.999586,
      0.0253236,
      0.0136528,
      -0.0147567,
      0.858681,
      -0.512298
    ],
    "ImageType": "ORIGINALPRIMARYMNDMOSAIC",
    "InPlanePhaseEncodingDirectionDICOM": "COL",
    "InstitutionAddress": "Street_StreetNo_Rehovot_E1B90C_District_IL_ZIP",
    "InstitutionName": "Weizmann",
    "InstitutionalDepartmentName": "Department",
    "MRAcquisitionType": "2D",
    "MagneticFieldStrength": 3,
    "Manufacturer": "Siemens",
    "ManufacturersModelName": "TrioTim",
    "Modality": "MR",
    "PartialFourier": 1,
    "PatientPosition": "HFS",
    "PercentPhaseFOV": 100,
    "PhaseEncodingDirection": "j-",
    "PhaseEncodingSteps": 72,
    "PhaseResolution": 1,
    "PixelBandwidth": 2395,
    "ProcedureStepDescription": "Weizmann_Dudai",
    "ProtocolName": "run3_mod",
    "PulseSequenceDetails": "%SiemensSeq%_ep2d_pace",
    "ReceiveCoilName": "HeadMatrix",
    "ReconMatrixPE": 72,
    "RepetitionTime": 2,
    "SAR": 0.12906,
    "ScanOptions": "FS",
    "ScanningSequence": "EP",
    "SequenceName": "_epfid2d1_72",
    "SequenceVariant": "SK",
    "SeriesDescription": "run3_mod",
    "SeriesNumber": 5,
    "ShimSetting": [
      2337,
      9643,
      -5386,
      1047,
      4,
      -1,
      -44,
      -85
    ],
    "SliceThickness": 4,
    "SliceTiming": [
      0.995,
      0,
      1.0575,
      0.0625,
      1.12,
      0.125,
      1.18,
      0.1875,
      1.2425,
      0.25,
      1.305,
      0.3125,
      1.3675,
      0.3725,
      1.43,
      0.435,
      1.4925,
      0.4975,
      1.5525,
      0.56,
      1.615,
      0.6225,
      1.6775,
      0.685,
      1.74,
      0.7475,
      1.8025,
      0.8075,
      1.865,
      0.87,
      1.9275,
      0.9325
    ],
    "SoftwareVersions": "syngo_MR_B17",
    "SpacingBetweenSlices": 4,
    "StationName": "MRC35149",
    "TaskName": "viewclips",
    "TotalReadoutTime": 0.0340802,
    "TxRefAmp": 327.491,
    "VendorReportedEchoSpacing": 0.00048,
    "dataset": "ds001840",
    "modality": "bold",
    "run_id": 3,
    "subject_id": "04",
    "task_id": "viewclips"
  },
  "dummy_trs": 2,
  "dvars_nstd": 22.151751254279183,
  "dvars_std": 1.102607106338673,
  "dvars_vstd": 1.010711198672769,
  "efc": 0.557276422725518,
  "fber": 795.9968872070312,
  "fd_mean": 0.12290057427811693,
  "fd_num": 28,
  "fd_perc": 6.392694063926941,
  "fwhm_avg": 1.9667666666666666,
  "fwhm_x": 1.9407666666666668,
  "fwhm_y": 2.1042733333333334,
  "fwhm_z": 1.85526,
  "gcor": 0.0256497,
  "gsr_x": -0.017570538446307182,
  "gsr_y": 0.031998440623283386,
  "provenance": {
    "md5sum": "49bfc906f4312c8478f2d60b1557a3fe",
    "settings": {
      "fd_thres": 0.2,
      "testing": false
    },
    "software": "mriqc",
    "version": "22.0.6",
    "webapi_port": null,
    "webapi_url": "https://mriqc.nimh.nih.gov/api/v1"
  },
  "size_t": 438,
  "size_x": 72,
  "size_y": 72,
  "size_z": 32,
  "snr": 5.418026212227393,
  "spacing_tr": 2.0,
  "spacing_x": 3.0,
  "spacing_y": 3.0,
  "spacing_z": 4.0,
  "summary_bg_k": 18.417537259948762,
  "summary_bg_mad": 7.832744454135691,
  "summary_bg_mean": 45.13227462768555,
  "summary_bg_median": 23.187213897705078,
  "summary_bg_n": 97028.0,
  "summary_bg_p05": 17.51369857788086,
  "summary_bg_p95": 155.75946807861328,
  "summary_bg_stdv": 56.19982147216797,
  "summary_fg_k": 1.1715390051260552,
  "summary_fg_mad": 114.02327717496578,
  "summary_fg_mean": 688.430908203125,
  "summary_fg_median": 679.809326171875,
  "summary_fg_n": 32562.0,
  "summary_fg_p05": 503.02931518554686,
  "summary_fg_p95": 909.2572509765624,
  "summary_fg_stdv": 125.46984100341797,
  "tsnr": 67.90495949983597
}