{
  "aor": 0.001483849658314351,
  "aqi": 0.005851338018223235,
  "bids_meta": {
    "AcquisitionMatrixPE": 72,
    "AcquisitionNumber": 1,
    "AcquisitionTime": "13:20:57.685000",
    "BandwidthPerPixelPhaseEncode": 28.935,
    "BaseResolution": 72,
    "ConversionSoftware": "dcm2niix",
    "ConversionSoftwareVersion": "v1.0.20171215 GCC4.4.7",
    "DerivedVendorReportedEchoSpacing": 0.000480003,
    "DeviceSerialNumber": "35149",
    "DwellTime": 2.9e-06,
    "EchoTime": 0.03,
    "EffectiveEchoSpacing": 0.000480003,
    "FlipAngle": 75,
    "ImageOrientationPatientDICOM": [
      0.999336,
      0.035764,
      0.00694933,
      -0.0285069,
      0.886351,
      -0.462135
    ],
    "ImageType": "ORIGINALPRIMARYMNDMOSAIC",
    "InPlanePhaseEncodingDirectionDICOM": "COL",
    "InstitutionAddress": "Street_StreetNo_Rehovot_E1B90C_District_IL_ZIP",
    "InstitutionName": "Weizmann",
    "InstitutionalDepartmentName": "Department",
    "MRAcquisitionType": "2D",
    "MagneticFieldStrength": 3,
    "Manufacturer": "Siemens",
    "ManufacturersModelName": "TrioTim",
    "Modality": "MR",
    "PartialFourier": 1,
    "PatientPosition": "HFS",
    "PercentPhaseFOV": 100,
    "PhaseEncodingDirection": "j-",
    "PhaseEncodingSteps": 72,
    "PhaseResolution": 1,
    "PixelBandwidth": 2395,
    "ProcedureStepDescription": "Weizmann_Dudai",
    "ProtocolName": "run3_mod",
    "PulseSequenceDetails": "%SiemensSeq%_ep2d_pace",
    "ReceiveCoilName": "HeadMatrix",
    "ReconMatrixPE": 72,
    "RepetitionTime": 2,
    "SAR": 0.140053,
    "ScanOptions": "FS",
    "ScanningSequence": "EP",
    "SequenceName": "_epfid2d1_72",
    "SequenceVariant": "SK",
    "SeriesDescription": "run3_mod",
    "SeriesNumber": 5,
    "ShimSetting": [
      2359,
      9488,
      -5497,
      726,
      55,
      -641,
      46,
      -58
    ],
    "SliceThickness": 4,
    "SliceTiming": [
      0.9925,
      0,
      1.055,
      0.06,
      1.1175,
      0.1225,
      1.18,
      0.185,
      1.24,
      0.2475,
      1.3025,
      0.31,
      1.365,
      0.3725,
      1.4275,
      0.4325,
      1.49,
      0.495,
      1.5525,
      0.5575,
      1.6125,
      0.62,
      1.675,
      0.6825,
      1.7375,
      0.745,
      1.8,
      0.805,
      1.8625,
      0.8675,
      1.925,
      0.93
    ],
    "SoftwareVersions": "syngo_MR_B17",
    "SpacingBetweenSlices": 4,
    "StationName": "MRC35149",
    "TaskName": "viewclips",
    "TotalReadoutTime": 0.0340802,
    "TxRefAmp": 334.747,
    "VendorReportedEchoSpacing": 0.00048,
    "dataset": "ds001840",
    "modality": "bold",
    "run_id": 3,
    "subject_id": "13",
    "task_id": "viewclips"
  },
  "dummy_trs": 1,
  "dvars_nstd": 24.714169902739737,
  "dvars_std": 1.1380229513698632,
  "dvars_vstd": 1.0225290102511413,
  "efc": 0.538714549511156,
  "fber": 872.345703125,
  "fd_mean": 0.14429373307639579,
  "fd_num": 60,
  "fd_perc": 13.66742596810934,
  "fwhm_avg": 1.9829183333333333,
  "fwhm_x": 1.9314266666666666,
  "fwhm_y": 2.1952933333333333,
  "fwhm_z": 1.822035,
  "gcor": 0.0328523,
  "gsr_x": -0.015842651948332787,
  "gsr_y": 0.023677630349993706,
  "provenance": {
    "md5sum": "09f53fbf9c504fcc9fed92b9e16f5cbf",
    "settings": {
      "fd_thres": 0.2,
      "testing": false
    },
    "software": "mriqc",
    "version": "22.0.6",
    "webapi_port": null,
    "webapi_url": "https://mriqc.nimh.nih.gov/api/v1"
  },
  "size_t": 439,
  "size_x": 72,
  "size_y": 72,
  "size_z": 32,
  "snr": 5.6289438237110465,
  "spacing_tr": 2.0,
  "spacing_x": 3.0,
  "spacing_y": 3.0,
  "spacing_z": 4.0,
  "summary_bg_k": 44.408841089479125,
  "summary_bg_mad": 5.602820656476778,
  "summary_bg_mean": 36.49492645263672,
  "summary_bg_median": 21.261959075927734,
  "summary_bg_n": 98666.0,
  "summary_bg_p05": 16.724374771118164,
  "summary_bg_p95": 111.42312812805176,
  "summary_bg_stdv": 41.79275894165039,
  "summary_fg_k": 1.435417606238909,
  "summary_fg_mad": 100.05031230887047,
  "summary_fg_mean": 648.0103149414062,
  "summary_fg_median": 645.5558471679688,
  "summary_fg_n": 30777.0,
  "summary_fg_p05": 467.4966003417969,
  "summary_fg_p95": 836.6893432617185,
  "summary_fg_stdv": 114.68321228027344,
  "tsnr": 61.81650530837942
}