{
  "aor": 0.0008813667425968108,
  "aqi": 0.007295562255125286,
  "bids_meta": {
    "AcquisitionMatrixPE": 72,
    "AcquisitionNumber": 1,
    "AcquisitionTime": "13:01:40.575000",
    "BandwidthPerPixelPhaseEncode": 28.935,
    "BaseResolution": 72,
    "ConversionSoftware": "dcm2niix",
    "ConversionSoftwareVersion": "v1.0.20171215 GCC4.4.7",
    "DerivedVendorReportedEchoSpacing": 0.000480003,
    "DeviceSerialNumber": "35149",
    "DwellTime": 2.9e-06,
    "EchoTime": 0.03,
    "EffectiveEchoSpacing": 0.000480003,
    "FlipAngle": 75,
    "ImageOrientationPatientDICOM": [
      0.999336,
      0.035764,
      0.00694933,
      -0.0285069,
      0.886351,
      -0.462135
    ],
    "ImageType": "ORIGINALPRIMARYMNDMOSAIC",
    "InPlanePhaseEncodingDirectionDICOM": "COL",
    "InstitutionAddress": "Street_StreetNo_Rehovot_E1B90C_District_IL_ZIP",
    "InstitutionName": "Weizmann",
    "InstitutionalDepartmentName": "Department",
    "MRAcquisitionType": "2D",
    "MagneticFieldStrength": 3,
    "Manufacturer": "Siemens",
    "ManufacturersModelName": "TrioTim",
    "Modality": "MR",
    "PartialFourier": 1,
    "PatientPosition": "HFS",
    "PercentPhaseFOV": 100,
    "PhaseEncodingDirection": "j-",
    "PhaseEncodingSteps": 72,
    "PhaseResolution": 1,
    "PixelBandwidth": 2395,
    "ProcedureStepDescription": "Weizmann_Dudai",
    "ProtocolName": "run2_mod",
    "PulseSequenceDetails": "%SiemensSeq%_ep2d_pace",
    "ReceiveCoilName": "HeadMatrix",
    "ReconMatrixPE": 72,
    "RepetitionTime": 2,
    "SAR": 0.140053,
    "ScanOptions": "FS",
    "ScanningSequence": "EP",
    "SequenceName": "_epfid2d1_72",
    "SequenceVariant": "SK",
    "SeriesDescription": "run2_mod",
    "SeriesNumber": 4,
    "ShimSetting": [
      2359,
      9488,
      -5497,
      726,
      55,
      -641,
      46,
      -58
    ],
    "SliceThickness": 4,
    "SliceTiming": [
      0.995,
      0,
      1.055,
      0.0625,
      1.1175,
      0.125,
      1.18,
      0.1875,
      1.2425,
      0.2475,
      1.305,
      0.31,
      1.3675,
      0.3725,
      1.4275,
      0.435,
      1.49,
      0.4975,
      1.5525,
      0.56,
      1.615,
      0.62,
      1.6775,
      0.6825,
      1.74,
      0.745,
      1.8,
      0.8075,
      1.8625,
      0.87,
      1.925,
      0.9325
    ],
    "SoftwareVersions": "syngo_MR_B17",
    "SpacingBetweenSlices": 4,
    "StationName": "MRC35149",
    "TaskName": "viewclips",
    "TotalReadoutTime": 0.0340802,
    "TxRefAmp": 334.747,
    "VendorReportedEchoSpacing": 0.00048,
    "dataset": "ds001840",
    "modality": "bold",
    "run_id": 2,
    "subject_id": "13",
    "task_id": "viewclips"
  },
  "dummy_trs": 1,
  "dvars_nstd": 24.488350632899518,
  "dvars_std": 1.107262544908676,
  "dvars_vstd": 1.000947676004566,
  "efc": 0.5377573452299547,
  "fber": 870.1532592773438,
  "fd_mean": 0.14273986203986871,
  "fd_num": 58,
  "fd_perc": 13.211845102505695,
  "fwhm_avg": 1.975865,
  "fwhm_x": 1.9238833333333334,
  "fwhm_y": 2.1874166666666666,
  "fwhm_z": 1.816295,
  "gcor": 0.0214793,
  "gsr_x": -0.015685927122831345,
  "gsr_y": 0.02344382554292679,
  "provenance": {
    "md5sum": "3dff16518e1253534376ad44404ed400",
    "settings": {
      "fd_thres": 0.2,
      "testing": false
    },
    "software": "mriqc",
    "version": "22.0.6",
    "webapi_port": null,
    "webapi_url": "https://mriqc.nimh.nih.gov/api/v1"
  },
  "size_t": 439,
  "size_x": 72,
  "size_y": 72,
  "size_z": 32,
  "snr": 5.699854497737316,
  "spacing_tr": 2.0,
  "spacing_x": 3.0,
  "spacing_y": 3.0,
  "spacing_z": 4.0,
  "summary_bg_k": 48.082786295493634,
  "summary_bg_mad": 6.021595380556854,
  "summary_bg_mean": 36.22022247314453,
  "summary_bg_median": 21.33713150024414,
  "summary_bg_n": 98708.0,
  "summary_bg_p05": 16.20956802368164,
  "summary_bg_p95": 110.21856994628902,
  "summary_bg_stdv": 41.19102478027344,
  "summary_fg_k": 1.4406081996471158,
  "summary_fg_mad": 100.06886293477339,
  "summary_fg_mean": 649.7274169921875,
  "summary_fg_median": 646.705078125,
  "summary_fg_n": 30648.0,
  "summary_fg_p05": 472.0234802246094,
  "summary_fg_p95": 837.395016479492,
  "summary_fg_stdv": 113.45807647705078,
  "tsnr": 57.53083967976272
}