{
  "aor": 0.0007667198177676536,
  "aqi": 0.00803754833712984,
  "bids_meta": {
    "AcquisitionMatrixPE": 72,
    "AcquisitionNumber": 1,
    "AcquisitionTime": "12:44:17.792500",
    "BandwidthPerPixelPhaseEncode": 28.935,
    "BaseResolution": 72,
    "ConversionSoftware": "dcm2niix",
    "ConversionSoftwareVersion": "v1.0.20171215 GCC4.4.7",
    "DerivedVendorReportedEchoSpacing": 0.000480003,
    "DeviceSerialNumber": "35149",
    "DwellTime": 2.9e-06,
    "EchoTime": 0.03,
    "EffectiveEchoSpacing": 0.000480003,
    "FlipAngle": 75,
    "ImageOrientationPatientDICOM": [
      0.999336,
      0.035764,
      0.00694933,
      -0.0285069,
      0.886351,
      -0.462135
    ],
    "ImageType": "ORIGINALPRIMARYMNDMOSAIC",
    "InPlanePhaseEncodingDirectionDICOM": "COL",
    "InstitutionAddress": "Street_StreetNo_Rehovot_E1B90C_District_IL_ZIP",
    "InstitutionName": "Weizmann",
    "InstitutionalDepartmentName": "Department",
    "MRAcquisitionType": "2D",
    "MagneticFieldStrength": 3,
    "Manufacturer": "Siemens",
    "ManufacturersModelName": "TrioTim",
    "Modality": "MR",
    "PartialFourier": 1,
    "PatientPosition": "HFS",
    "PercentPhaseFOV": 100,
    "PhaseEncodingDirection": "j-",
    "PhaseEncodingSteps": 72,
    "PhaseResolution": 1,
    "PixelBandwidth": 2395,
    "ProcedureStepDescription": "Weizmann_Dudai",
    "ProtocolName": "run1_mod",
    "PulseSequenceDetails": "%SiemensSeq%_ep2d_pace",
    "ReceiveCoilName": "HeadMatrix",
    "ReconMatrixPE": 72,
    "RepetitionTime": 2,
    "SAR": 0.140053,
    "ScanOptions": "FS",
    "ScanningSequence": "EP",
    "SequenceName": "_epfid2d1_72",
    "SequenceVariant": "SK",
    "SeriesDescription": "run1_mod",
    "SeriesNumber": 3,
    "ShimSetting": [
      2359,
      9488,
      -5497,
      726,
      55,
      -641,
      46,
      -58
    ],
    "SliceThickness": 4,
    "SliceTiming": [
      0.9925,
      0,
      1.055,
      0.0625,
      1.1175,
      0.1225,
      1.18,
      0.185,
      1.2425,
      0.2475,
      1.3025,
      0.31,
      1.365,
      0.3725,
      1.4275,
      0.435,
      1.49,
      0.495,
      1.5525,
      0.5575,
      1.615,
      0.62,
      1.675,
      0.6825,
      1.7375,
      0.745,
      1.8,
      0.8075,
      1.8625,
      0.87,
      1.925,
      0.93
    ],
    "SoftwareVersions": "syngo_MR_B17",
    "SpacingBetweenSlices": 4,
    "StationName": "MRC35149",
    "TaskName": "viewclips",
    "TotalReadoutTime": 0.0340802,
    "TxRefAmp": 334.747,
    "VendorReportedEchoSpacing": 0.00048,
    "dataset": "ds001840",
    "modality": "bold",
    "run_id": 1,
    "subject_id": "13",
    "task_id": "viewclips"
  },
  "dummy_trs": 1,
  "dvars_nstd": 24.611472674041092,
  "dvars_std": 1.094289797420091,
  "dvars_vstd": 0.9883095855251144,
  "efc": 0.5370394295509104,
  "fber": 892.5839233398438,
  "fd_mean": 0.14377429960504268,
  "fd_num": 52,
  "fd_perc": 11.845102505694761,
  "fwhm_avg": 1.9893816666666666,
  "fwhm_x": 1.9460366666666669,
  "fwhm_y": 2.2025633333333334,
  "fwhm_z": 1.819545,
  "gcor": 0.016065,
  "gsr_x": -0.014474455267190933,
  "gsr_y": 0.02289128676056862,
  "provenance": {
    "md5sum": "041b1884b943d04051552a8e17af7226",
    "settings": {
      "fd_thres": 0.2,
      "testing": false
    },
    "software": "mriqc",
    "version": "22.0.6",
    "webapi_port": null,
    "webapi_url": "https://mriqc.nimh.nih.gov/api/v1"
  },
  "size_t": 439,
  "size_x": 72,
  "size_y": 72,
  "size_z": 32,
  "snr": 5.729470138153105,
  "spacing_tr": 2.0,
  "spacing_x": 3.0,
  "spacing_y": 3.0,
  "spacing_z": 4.0,
  "summary_bg_k": 48.07083330073705,
  "summary_bg_mad": 5.31575254846821,
  "summary_bg_mean": 35.522178649902344,
  "summary_bg_median": 20.94077491760254,
  "summary_bg_n": 98581.0,
  "summary_bg_p05": 16.60592269897461,
  "summary_bg_p95": 105.28701782226562,
  "summary_bg_stdv": 40.373626708984375,
  "summary_fg_k": 1.513556519126599,
  "summary_fg_mad": 98.8514894212507,
  "summary_fg_mean": 646.5785522460938,
  "summary_fg_median": 643.5671997070312,
  "summary_fg_n": 30599.0,
  "summary_fg_p05": 471.0774658203125,
  "summary_fg_p95": 833.0155151367187,
  "summary_fg_stdv": 112.32394409179688,
  "tsnr": 56.00995358021464
}