{
  "bids_meta": {
    "AcquisitionMatrixPE": 256,
    "AcquisitionNumber": 1,
    "AcquisitionTime": "12:22:28.172500",
    "BaseResolution": 256,
    "ConversionSoftware": "dcm2niix",
    "ConversionSoftwareVersion": "v1.0.20171215 GCC4.4.7",
    "DeviceSerialNumber": "35149",
    "DwellTime": 8.2e-06,
    "EchoTime": 0.00298,
    "FlipAngle": 9,
    "ImageOrientationPatientDICOM": [
      0.0790195,
      0.996502,
      0.0271866,
      0.0334575,
      0.0246054,
      -0.999137
    ],
    "ImageType": [
      "ORIGINAL",
      "PRIMARY",
      "M",
      "ND"
    ],
    "InPlanePhaseEncodingDirectionDICOM": "ROW",
    "InstitutionAddress": "Street_StreetNo_Rehovot_E1B90C_District_IL_ZIP",
    "InstitutionName": "Weizmann",
    "InstitutionalDepartmentName": "Department",
    "InversionTime": 0.9,
    "MRAcquisitionType": "3D",
    "MagneticFieldStrength": 3,
    "Manufacturer": "Siemens",
    "ManufacturersModelName": "TrioTim",
    "Modality": "MR",
    "PartialFourier": 0.875,
    "PatientPosition": "HFS",
    "PercentPhaseFOV": 100,
    "PhaseEncodingSteps": 224,
    "PhaseResolution": 1,
    "PixelBandwidth": 238,
    "ProcedureStepDescription": "Weizmann_Dudai",
    "ProtocolName": "t1_mprage",
    "PulseSequenceDetails": "%SiemensSeq%_tfl",
    "ReceiveCoilName": "HeadMatrix",
    "ReconMatrixPE": 256,
    "RepetitionTime": 2.3,
    "SAR": 0.128901,
    "ScanOptions": "IR_PFP",
    "ScanningSequence": "GR_IR",
    "SequenceName": "_tfl3d1_ns",
    "SequenceVariant": "SP_MP",
    "SeriesDescription": "t1_mprage",
    "SeriesNumber": 9,
    "ShimSetting": [
      2272,
      9589,
      -5334,
      1097,
      -65,
      -323,
      -18,
      -21
    ],
    "SliceThickness": 1,
    "SoftwareVersions": "syngo_MR_B17",
    "StationName": "MRC35149",
    "TxRefAmp": 317.825,
    "dataset": "ds001840",
    "modality": "T1w",
    "subject_id": "08"
  },
  "cjv": 0.35978259700663934,
  "cnr": 3.73062814673762,
  "efc": 0.5793087881988491,
  "fber": 29470.41432059753,
  "fwhm_avg": 3.560962172385512,
  "fwhm_x": 3.534446517156536,
  "fwhm_y": 3.87145,
  "fwhm_z": 3.27699,
  "icvs_csf": 0.20285425254649367,
  "icvs_gm": 0.45020791253738157,
  "icvs_wm": 0.34693783491612473,
  "inu_med": 0.5727540850639343,
  "inu_range": 0.24305259585380556,
  "provenance": {
    "md5sum": "cb7d9d4f46c04be7d917c88da978d3df",
    "settings": {
      "testing": false
    },
    "software": "mriqc",
    "version": "22.0.6",
    "warnings": {
      "large_rot_frame": true,
      "small_air_mask": false
    },
    "webapi_port": null,
    "webapi_url": "https://mriqc.nimh.nih.gov/api/v1"
  },
  "qi_1": 0.0,
  "qi_2": 0.00373855049021978,
  "rpve_csf": 25.055945508615412,
  "rpve_gm": 12.115702373780486,
  "rpve_wm": 17.502131176592805,
  "size_x": 176,
  "size_y": 256,
  "size_z": 256,
  "snr_csf": 2.1105794652249465,
  "snr_gm": 10.550698520822866,
  "snr_total": 10.6798995982586,
  "snr_wm": 19.37842080872799,
  "snrd_csf": 10.170226571582832,
  "snrd_gm": 28.918261436931676,
  "snrd_total": 27.097900765198688,
  "snrd_wm": 42.20521428708155,
  "spacing_x": 1.0000038146972656,
  "spacing_y": 1.0,
  "spacing_z": 1.0,
  "summary_bg_k": 4.397161261014287,
  "summary_bg_mad": 0.0,
  "summary_bg_mean": 10.40473094370526,
  "summary_bg_median": 0.0,
  "summary_bg_n": 2115058.0,
  "summary_bg_p05": 0.0,
  "summary_bg_p95": 43.12041857838631,
  "summary_bg_stdv": 15.522640416802927,
  "summary_csf_k": 6.169180885051729,
  "summary_csf_mad": 96.94838894374159,
  "summary_csf_mean": 255.1171487275284,
  "summary_csf_median": 240.97084214538336,
  "summary_csf_n": 30606.0,
  "summary_csf_p05": 96.28666820656508,
  "summary_csf_p95": 465.5133212246001,
  "summary_csf_stdv": 114.17097030619382,
  "summary_gm_k": 0.13512825593346323,
  "summary_gm_mad": 63.3562028437877,
  "summary_gm_mean": 684.3399915263784,
  "summary_gm_median": 685.182160180062,
  "summary_gm_n": 36841.0,
  "summary_gm_p05": 575.9609801881015,
  "summary_gm_p95": 789.2392181865871,
  "summary_gm_stdv": 64.94099509951681,
  "summary_wm_k": 0.2768325383926844,
  "summary_wm_mad": 49.90975798041584,
  "summary_wm_mean": 1000.6887737163433,
  "summary_wm_median": 999.9999467171729,
  "summary_wm_n": 203148.0,
  "summary_wm_p05": 917.2448919005692,
  "summary_wm_p95": 1086.5958172604442,
  "summary_wm_stdv": 51.603662410102466,
  "tpm_overlap_csf": 0.16025674856737274,
  "tpm_overlap_gm": 0.469188117483919,
  "tpm_overlap_wm": 0.5097993018743412,
  "wm2max": 0.5803164862897665
}