{
  "aor": 0.002049977168949772,
  "aqi": 0.015004728858447489,
  "bids_meta": {
    "AcquisitionMatrixPE": 72,
    "AcquisitionNumber": 1,
    "AcquisitionTime": "10:11:10.602500",
    "BandwidthPerPixelPhaseEncode": 28.935,
    "BaseResolution": 72,
    "ConversionSoftware": "dcm2niix",
    "ConversionSoftwareVersion": "v1.0.20171215 GCC4.4.7",
    "DerivedVendorReportedEchoSpacing": 0.000480003,
    "DeviceSerialNumber": "35149",
    "DwellTime": 2.9e-06,
    "EchoTime": 0.03,
    "EffectiveEchoSpacing": 0.000480003,
    "FlipAngle": 75,
    "ImageOrientationPatientDICOM": [
      0.999572,
      -0.027074,
      0.0110765,
      0.0290431,
      0.963716,
      -0.265346
    ],
    "ImageType": "ORIGINALPRIMARYMNDMOSAIC",
    "InPlanePhaseEncodingDirectionDICOM": "COL",
    "InstitutionAddress": "Street_StreetNo_Rehovot_E1B90C_District_IL_ZIP",
    "InstitutionName": "Weizmann",
    "InstitutionalDepartmentName": "Department",
    "MRAcquisitionType": "2D",
    "MagneticFieldStrength": 3,
    "Manufacturer": "Siemens",
    "ManufacturersModelName": "TrioTim",
    "Modality": "MR",
    "PartialFourier": 1,
    "PatientPosition": "HFS",
    "PercentPhaseFOV": 100,
    "PhaseEncodingDirection": "j-",
    "PhaseEncodingSteps": 72,
    "PhaseResolution": 1,
    "PixelBandwidth": 2395,
    "ProcedureStepDescription": "Weizmann_Dudai",
    "ProtocolName": "run2_mod",
    "PulseSequenceDetails": "%SiemensSeq%_ep2d_pace",
    "ReceiveCoilName": "HeadMatrix",
    "ReconMatrixPE": 72,
    "RepetitionTime": 2,
    "SAR": 0.164937,
    "ScanOptions": "FS",
    "ScanningSequence": "EP",
    "SequenceName": "_epfid2d1_72",
    "SequenceVariant": "SK",
    "SeriesDescription": "run2_mod",
    "SeriesNumber": 4,
    "ShimSetting": [
      2292,
      9341,
      -5382,
      729,
      353,
      -845,
      296,
      453
    ],
    "SliceThickness": 4,
    "SliceTiming": [
      0.995,
      0,
      1.0575,
      0.0625,
      1.1175,
      0.125,
      1.18,
      0.1875,
      1.2425,
      0.25,
      1.305,
      0.31,
      1.3675,
      0.3725,
      1.43,
      0.435,
      1.49,
      0.4975,
      1.5525,
      0.56,
      1.615,
      0.6225,
      1.6775,
      0.6825,
      1.74,
      0.745,
      1.8025,
      0.8075,
      1.8625,
      0.87,
      1.925,
      0.9325
    ],
    "SoftwareVersions": "syngo_MR_B17",
    "SpacingBetweenSlices": 4,
    "StationName": "MRC35149",
    "TaskName": "viewclips",
    "TotalReadoutTime": 0.0340802,
    "TxRefAmp": 350.835,
    "VendorReportedEchoSpacing": 0.00048,
    "dataset": "ds001840",
    "modality": "bold",
    "run_id": 2,
    "subject_id": "18",
    "task_id": "viewclips"
  },
  "dummy_trs": 2,
  "dvars_nstd": 27.54287683068649,
  "dvars_std": 1.0342452320137292,
  "dvars_vstd": 0.968902906613272,
  "efc": 0.536536963384438,
  "fber": 797.2574462890625,
  "fd_mean": 0.27611611919789075,
  "fd_num": 196,
  "fd_perc": 44.74885844748859,
  "fwhm_avg": 1.981899722222222,
  "fwhm_x": 1.93128,
  "fwhm_y": 2.2084466666666667,
  "fwhm_z": 1.8059725,
  "gcor": 0.0481277,
  "gsr_x": -0.02234475128352642,
  "gsr_y": 0.03457146883010864,
  "provenance": {
    "md5sum": "b19586605f2292d0f0c54ed3f1b38353",
    "settings": {
      "fd_thres": 0.2,
      "testing": false
    },
    "software": "mriqc",
    "version": "22.0.6",
    "webapi_port": null,
    "webapi_url": "https://mriqc.nimh.nih.gov/api/v1"
  },
  "size_t": 438,
  "size_x": 72,
  "size_y": 72,
  "size_z": 32,
  "snr": 5.322458889644086,
  "spacing_tr": 2.0,
  "spacing_x": 3.0,
  "spacing_y": 3.0,
  "spacing_z": 4.0,
  "summary_bg_k": 16.871210313429593,
  "summary_bg_mad": 7.436705558143966,
  "summary_bg_mean": 42.21723175048828,
  "summary_bg_median": 23.289953231811523,
  "summary_bg_n": 101068.0,
  "summary_bg_p05": 17.098173141479492,
  "summary_bg_p95": 135.6848121643066,
  "summary_bg_stdv": 47.94466018676758,
  "summary_fg_k": 0.9583747257672588,
  "summary_fg_mad": 119.48820107511166,
  "summary_fg_mean": 683.3074951171875,
  "summary_fg_median": 670.8652954101562,
  "summary_fg_n": 29203.0,
  "summary_fg_p05": 501.7664276123047,
  "summary_fg_p95": 904.8147766113282,
  "summary_fg_stdv": 126.04208374023438,
  "tsnr": 38.473394460976124
}