{
  "aor": 0.0011504555808656035,
  "aqi": 0.011975507243735762,
  "bids_meta": {
    "AcquisitionMatrixPE": 72,
    "AcquisitionNumber": 1,
    "AcquisitionTime": "09:55:28.642500",
    "BandwidthPerPixelPhaseEncode": 28.935,
    "BaseResolution": 72,
    "ConversionSoftware": "dcm2niix",
    "ConversionSoftwareVersion": "v1.0.20171215 GCC4.4.7",
    "DerivedVendorReportedEchoSpacing": 0.000480003,
    "DeviceSerialNumber": "35149",
    "DwellTime": 2.9e-06,
    "EchoTime": 0.03,
    "EffectiveEchoSpacing": 0.000480003,
    "FlipAngle": 75,
    "ImageOrientationPatientDICOM": [
      0.999572,
      -0.027074,
      0.0110765,
      0.0290431,
      0.963716,
      -0.265346
    ],
    "ImageType": "ORIGINALPRIMARYMNDMOSAIC",
    "InPlanePhaseEncodingDirectionDICOM": "COL",
    "InstitutionAddress": "Street_StreetNo_Rehovot_E1B90C_District_IL_ZIP",
    "InstitutionName": "Weizmann",
    "InstitutionalDepartmentName": "Department",
    "MRAcquisitionType": "2D",
    "MagneticFieldStrength": 3,
    "Manufacturer": "Siemens",
    "ManufacturersModelName": "TrioTim",
    "Modality": "MR",
    "PartialFourier": 1,
    "PatientPosition": "HFS",
    "PercentPhaseFOV": 100,
    "PhaseEncodingDirection": "j-",
    "PhaseEncodingSteps": 72,
    "PhaseResolution": 1,
    "PixelBandwidth": 2395,
    "ProcedureStepDescription": "Weizmann_Dudai",
    "ProtocolName": "run1_mod",
    "PulseSequenceDetails": "%SiemensSeq%_ep2d_pace",
    "ReceiveCoilName": "HeadMatrix",
    "ReconMatrixPE": 72,
    "RepetitionTime": 2,
    "SAR": 0.164937,
    "ScanOptions": "FS",
    "ScanningSequence": "EP",
    "SequenceName": "_epfid2d1_72",
    "SequenceVariant": "SK",
    "SeriesDescription": "run1_mod",
    "SeriesNumber": 3,
    "ShimSetting": [
      2292,
      9341,
      -5382,
      729,
      353,
      -845,
      296,
      453
    ],
    "SliceThickness": 4,
    "SliceTiming": [
      0.9925,
      0,
      1.055,
      0.0625,
      1.1175,
      0.1225,
      1.18,
      0.185,
      1.2425,
      0.2475,
      1.305,
      0.31,
      1.365,
      0.3725,
      1.4275,
      0.435,
      1.49,
      0.4975,
      1.5525,
      0.5575,
      1.615,
      0.62,
      1.6775,
      0.6825,
      1.7375,
      0.745,
      1.8,
      0.8075,
      1.8625,
      0.87,
      1.925,
      0.93
    ],
    "SoftwareVersions": "syngo_MR_B17",
    "SpacingBetweenSlices": 4,
    "StationName": "MRC35149",
    "TaskName": "viewclips",
    "TotalReadoutTime": 0.0340802,
    "TxRefAmp": 350.835,
    "VendorReportedEchoSpacing": 0.00048,
    "dataset": "ds001840",
    "modality": "bold",
    "run_id": 1,
    "subject_id": "18",
    "task_id": "viewclips"
  },
  "dummy_trs": 1,
  "dvars_nstd": 25.246132462922407,
  "dvars_std": 1.0090414355479458,
  "dvars_vstd": 0.9492485859817358,
  "efc": 0.5356741678827038,
  "fber": 798.7261962890625,
  "fd_mean": 0.1951236633108597,
  "fd_num": 135,
  "fd_perc": 30.751708428246015,
  "fwhm_avg": 1.9977902777777778,
  "fwhm_x": 1.9506,
  "fwhm_y": 2.2120633333333335,
  "fwhm_z": 1.8307075,
  "gcor": 0.0343192,
  "gsr_x": -0.02343086525797844,
  "gsr_y": 0.033786993473768234,
  "provenance": {
    "md5sum": "8a1857b63a2a76f0324a6155040a16b0",
    "settings": {
      "fd_thres": 0.2,
      "testing": false
    },
    "software": "mriqc",
    "version": "22.0.6",
    "webapi_port": null,
    "webapi_url": "https://mriqc.nimh.nih.gov/api/v1"
  },
  "size_t": 439,
  "size_x": 72,
  "size_y": 72,
  "size_z": 32,
  "snr": 5.321325671853003,
  "spacing_tr": 2.0,
  "spacing_x": 3.0,
  "spacing_y": 3.0,
  "spacing_z": 4.0,
  "summary_bg_k": 16.701291792480486,
  "summary_bg_mad": 7.382614647736756,
  "summary_bg_mean": 41.62313461303711,
  "summary_bg_median": 23.138952255249023,
  "summary_bg_n": 101039.0,
  "summary_bg_p05": 16.776765823364258,
  "summary_bg_p95": 132.41299133300777,
  "summary_bg_stdv": 47.030155181884766,
  "summary_fg_k": 0.923778973276645,
  "summary_fg_mad": 118.15219404666827,
  "summary_fg_mean": 681.450927734375,
  "summary_fg_median": 668.9703979492188,
  "summary_fg_n": 29213.0,
  "summary_fg_p05": 499.8009338378906,
  "summary_fg_p95": 901.9244140624996,
  "summary_fg_stdv": 125.71283721923828,
  "tsnr": 44.060067070648074
}