{
  "aor": 0.003758613636363637,
  "aqi": 0.006205835681818182,
  "bids_meta": {
    "AcquisitionMatrixPE": 72,
    "AcquisitionNumber": 1,
    "AcquisitionTime": "10:47:2.845000",
    "BandwidthPerPixelPhaseEncode": 28.935,
    "BaseResolution": 72,
    "ConversionSoftware": "dcm2niix",
    "ConversionSoftwareVersion": "v1.0.20171215 GCC4.4.7",
    "DerivedVendorReportedEchoSpacing": 0.000480003,
    "DeviceSerialNumber": "35149",
    "DwellTime": 2.9e-06,
    "EchoTime": 0.03,
    "EffectiveEchoSpacing": 0.000480003,
    "FlipAngle": 75,
    "ImageOrientationPatientDICOM": [
      0.999286,
      -0.0377041,
      -0.00243789,
      0.0330617,
      0.903829,
      -0.426615
    ],
    "ImageType": "ORIGINALPRIMARYMNDMOSAIC",
    "InPlanePhaseEncodingDirectionDICOM": "COL",
    "InstitutionAddress": "Street_StreetNo_Rehovot_E1B90C_District_IL_ZIP",
    "InstitutionName": "Weizmann",
    "InstitutionalDepartmentName": "Department",
    "MRAcquisitionType": "2D",
    "MagneticFieldStrength": 3,
    "Manufacturer": "Siemens",
    "ManufacturersModelName": "TrioTim",
    "Modality": "MR",
    "PartialFourier": 1,
    "PatientPosition": "HFS",
    "PercentPhaseFOV": 100,
    "PhaseEncodingDirection": "j-",
    "PhaseEncodingSteps": 72,
    "PhaseResolution": 1,
    "PixelBandwidth": 2395,
    "ProcedureStepDescription": "Weizmann_Dudai",
    "ProtocolName": "run4_mod",
    "PulseSequenceDetails": "%SiemensSeq%_ep2d_pace",
    "ReceiveCoilName": "HeadMatrix",
    "ReconMatrixPE": 72,
    "RepetitionTime": 2,
    "SAR": 0.164937,
    "ScanOptions": "FS",
    "ScanningSequence": "EP",
    "SequenceName": "_epfid2d1_72",
    "SequenceVariant": "SK",
    "SeriesDescription": "run4_mod",
    "SeriesNumber": 8,
    "ShimSetting": [
      2289,
      9327,
      -5406,
      664,
      342,
      -879,
      324,
      453
    ],
    "SliceThickness": 4,
    "SliceTiming": [
      0.9925,
      0,
      1.055,
      0.0625,
      1.1175,
      0.1225,
      1.18,
      0.185,
      1.2425,
      0.2475,
      1.3025,
      0.31,
      1.365,
      0.3725,
      1.4275,
      0.435,
      1.49,
      0.495,
      1.5525,
      0.5575,
      1.615,
      0.62,
      1.6775,
      0.6825,
      1.7375,
      0.745,
      1.8,
      0.8075,
      1.8625,
      0.87,
      1.925,
      0.93
    ],
    "SoftwareVersions": "syngo_MR_B17",
    "SpacingBetweenSlices": 4,
    "StationName": "MRC35149",
    "TaskName": "viewclips",
    "TotalReadoutTime": 0.0340802,
    "TxRefAmp": 350.835,
    "VendorReportedEchoSpacing": 0.00048,
    "dataset": "ds001840",
    "modality": "bold",
    "run_id": 4,
    "subject_id": "18",
    "task_id": "viewclips"
  },
  "dummy_trs": 0,
  "dvars_nstd": 26.0793619873804,
  "dvars_std": 1.1582115803644655,
  "dvars_vstd": 1.0337791243963554,
  "efc": 0.5449666250540987,
  "fber": 748.7063598632812,
  "fd_mean": 0.16927365861872654,
  "fd_num": 94,
  "fd_perc": 21.363636363636363,
  "fwhm_avg": 2.011547074542213,
  "fwhm_x": 1.9573266666666667,
  "fwhm_y": 2.21907,
  "fwhm_z": 1.858244556959973,
  "gcor": 0.0822376,
  "gsr_x": -0.02249820902943611,
  "gsr_y": 0.037995412945747375,
  "provenance": {
    "md5sum": "e808955a9e81a3cec95fe3471934dfac",
    "settings": {
      "fd_thres": 0.2,
      "testing": false
    },
    "software": "mriqc",
    "version": "22.0.6",
    "webapi_port": null,
    "webapi_url": "https://mriqc.nimh.nih.gov/api/v1"
  },
  "size_t": 440,
  "size_x": 72,
  "size_y": 72,
  "size_z": 32,
  "snr": 5.21626930259351,
  "spacing_tr": 2.0,
  "spacing_x": 3.0,
  "spacing_y": 3.0,
  "spacing_z": 4.000000953674316,
  "summary_bg_k": 14.740813696344656,
  "summary_bg_mad": 7.530946131138041,
  "summary_bg_mean": 43.66429138183594,
  "summary_bg_median": 23.21590805053711,
  "summary_bg_n": 100067.0,
  "summary_bg_p05": 17.259090423583984,
  "summary_bg_p95": 146.53658905029295,
  "summary_bg_stdv": 50.124725341796875,
  "summary_fg_k": 0.7973241068849015,
  "summary_fg_mad": 118.68228949320182,
  "summary_fg_mean": 665.992431640625,
  "summary_fg_median": 654.6749877929688,
  "summary_fg_n": 29911.0,
  "summary_fg_p05": 483.1795196533203,
  "summary_fg_p95": 886.7181701660156,
  "summary_fg_stdv": 125.50426483154297,
  "tsnr": 54.313611267716624
}