{
  "aor": 0.0019943963553530745,
  "aqi": 0.005429640182232347,
  "bids_meta": {
    "AcquisitionMatrixPE": 72,
    "AcquisitionNumber": 1,
    "AcquisitionTime": "10:31:31.525000",
    "BandwidthPerPixelPhaseEncode": 28.935,
    "BaseResolution": 72,
    "ConversionSoftware": "dcm2niix",
    "ConversionSoftwareVersion": "v1.0.20171215 GCC4.4.7",
    "DerivedVendorReportedEchoSpacing": 0.000480003,
    "DeviceSerialNumber": "35149",
    "DwellTime": 2.9e-06,
    "EchoTime": 0.03,
    "EffectiveEchoSpacing": 0.000480003,
    "FlipAngle": 75,
    "ImageOrientationPatientDICOM": [
      0.999286,
      -0.0377041,
      -0.00243789,
      0.0330617,
      0.903829,
      -0.426615
    ],
    "ImageType": "ORIGINALPRIMARYMNDMOSAIC",
    "InPlanePhaseEncodingDirectionDICOM": "COL",
    "InstitutionAddress": "Street_StreetNo_Rehovot_E1B90C_District_IL_ZIP",
    "InstitutionName": "Weizmann",
    "InstitutionalDepartmentName": "Department",
    "MRAcquisitionType": "2D",
    "MagneticFieldStrength": 3,
    "Manufacturer": "Siemens",
    "ManufacturersModelName": "TrioTim",
    "Modality": "MR",
    "PartialFourier": 1,
    "PatientPosition": "HFS",
    "PercentPhaseFOV": 100,
    "PhaseEncodingDirection": "j-",
    "PhaseEncodingSteps": 72,
    "PhaseResolution": 1,
    "PixelBandwidth": 2395,
    "ProcedureStepDescription": "Weizmann_Dudai",
    "ProtocolName": "run3_mod",
    "PulseSequenceDetails": "%SiemensSeq%_ep2d_pace",
    "ReceiveCoilName": "HeadMatrix",
    "ReconMatrixPE": 72,
    "RepetitionTime": 2,
    "SAR": 0.164937,
    "ScanOptions": "FS",
    "ScanningSequence": "EP",
    "SequenceName": "_epfid2d1_72",
    "SequenceVariant": "SK",
    "SeriesDescription": "run3_mod",
    "SeriesNumber": 7,
    "ShimSetting": [
      2289,
      9327,
      -5406,
      664,
      342,
      -879,
      324,
      453
    ],
    "SliceThickness": 4,
    "SliceTiming": [
      0.995,
      0,
      1.0575,
      0.0625,
      1.1175,
      0.125,
      1.18,
      0.1875,
      1.2425,
      0.25,
      1.305,
      0.31,
      1.3675,
      0.3725,
      1.43,
      0.435,
      1.4925,
      0.4975,
      1.5525,
      0.56,
      1.615,
      0.6225,
      1.6775,
      0.685,
      1.74,
      0.745,
      1.8025,
      0.8075,
      1.865,
      0.87,
      1.925,
      0.9325
    ],
    "SoftwareVersions": "syngo_MR_B17",
    "SpacingBetweenSlices": 4,
    "StationName": "MRC35149",
    "TaskName": "viewclips",
    "TotalReadoutTime": 0.0340802,
    "TxRefAmp": 350.835,
    "VendorReportedEchoSpacing": 0.00048,
    "dataset": "ds001840",
    "modality": "bold",
    "run_id": 3,
    "subject_id": "18",
    "task_id": "viewclips"
  },
  "dummy_trs": 1,
  "dvars_nstd": 24.32366215694062,
  "dvars_std": 1.1309135543378994,
  "dvars_vstd": 1.021562584223744,
  "efc": 0.544368204058416,
  "fber": 758.402587890625,
  "fd_mean": 0.1272616251916298,
  "fd_num": 56,
  "fd_perc": 12.75626423690205,
  "fwhm_avg": 2.0193045745372458,
  "fwhm_x": 1.97748,
  "fwhm_y": 2.2221266666666666,
  "fwhm_z": 1.858307056945072,
  "gcor": 0.0714782,
  "gsr_x": -0.021929122507572174,
  "gsr_y": 0.03677314519882202,
  "provenance": {
    "md5sum": "ee51ad148ae1979163e29c730e1d9589",
    "settings": {
      "fd_thres": 0.2,
      "testing": false
    },
    "software": "mriqc",
    "version": "22.0.6",
    "webapi_port": null,
    "webapi_url": "https://mriqc.nimh.nih.gov/api/v1"
  },
  "size_t": 439,
  "size_x": 72,
  "size_y": 72,
  "size_z": 32,
  "snr": 5.212458589882038,
  "spacing_tr": 2.0,
  "spacing_x": 3.0,
  "spacing_y": 3.0,
  "spacing_z": 4.000000953674316,
  "summary_bg_k": 15.060403847816868,
  "summary_bg_mad": 6.903052689752803,
  "summary_bg_mean": 43.229156494140625,
  "summary_bg_median": 23.02505874633789,
  "summary_bg_n": 100083.0,
  "summary_bg_p05": 17.806379318237305,
  "summary_bg_p95": 143.93576354980465,
  "summary_bg_stdv": 49.28889465332031,
  "summary_fg_k": 0.8050587499964439,
  "summary_fg_mad": 118.01039487208341,
  "summary_fg_mean": 664.1487426757812,
  "summary_fg_median": 652.7471923828125,
  "summary_fg_n": 29917.0,
  "summary_fg_p05": 482.4938659667969,
  "summary_fg_p95": 884.5899902343743,
  "summary_fg_stdv": 125.22618103027344,
  "tsnr": 57.970551155216526
}