{
  "bids_meta": {
    "AcquisitionMatrixPE": 256,
    "AcquisitionNumber": 1,
    "AcquisitionTime": "11:38:21.027500",
    "BaseResolution": 256,
    "ConversionSoftware": "dcm2niix",
    "ConversionSoftwareVersion": "v1.0.20171215 GCC4.4.7",
    "DeviceSerialNumber": "35149",
    "DwellTime": 8.2e-06,
    "EchoTime": 0.00298,
    "FlipAngle": 9,
    "ImageOrientationPatientDICOM": [
      0.00679964,
      0.968993,
      0.246995,
      0.0072597,
      0.246947,
      -0.969002
    ],
    "ImageType": [
      "ORIGINAL",
      "PRIMARY",
      "M",
      "ND"
    ],
    "InPlanePhaseEncodingDirectionDICOM": "ROW",
    "InstitutionAddress": "Street_StreetNo_Rehovot_90B50C_District_IL_ZIP",
    "InstitutionName": "Weizmann",
    "InstitutionalDepartmentName": "Department",
    "InversionTime": 0.9,
    "MRAcquisitionType": "3D",
    "MagneticFieldStrength": 3,
    "Manufacturer": "Siemens",
    "ManufacturersModelName": "TrioTim",
    "Modality": "MR",
    "PartialFourier": 0.875,
    "PatientPosition": "HFS",
    "PercentPhaseFOV": 100,
    "PhaseEncodingSteps": 224,
    "PhaseResolution": 1,
    "PixelBandwidth": 238,
    "ProcedureStepDescription": "Weizmann_Dudai",
    "ProtocolName": "t1_mprage",
    "PulseSequenceDetails": "%SiemensSeq%_tfl",
    "ReceiveCoilName": "HeadMatrix",
    "ReconMatrixPE": 256,
    "RepetitionTime": 2.3,
    "SAR": 0.118494,
    "ScanOptions": "IR_PFP",
    "ScanningSequence": "GR_IR",
    "SequenceName": "_tfl3d1_ns",
    "SequenceVariant": "SP_MP",
    "SeriesDescription": "t1_mprage",
    "SeriesNumber": 7,
    "ShimSetting": [
      2370,
      9601,
      -5445,
      840,
      127,
      -536,
      254,
      -107
    ],
    "SliceThickness": 1,
    "SoftwareVersions": "syngo_MR_B17",
    "StationName": "MRC35149",
    "TxRefAmp": 290.414,
    "dataset": "ds001840",
    "modality": "T1w",
    "subject_id": "25"
  },
  "cjv": 0.35510124929002784,
  "cnr": 3.788677227770516,
  "efc": 0.5675864989661679,
  "fber": 21068.61736938784,
  "fwhm_avg": 4.123494752255431,
  "fwhm_x": 4.126994256766293,
  "fwhm_y": 4.4562,
  "fwhm_z": 3.78729,
  "icvs_csf": 0.27655170285139535,
  "icvs_gm": 0.40515817300887513,
  "icvs_wm": 0.3182901241397295,
  "inu_med": 0.5788667798042297,
  "inu_range": 0.17757927477359775,
  "provenance": {
    "md5sum": "5e1972119e77178adbcd16b6887186db",
    "settings": {
      "testing": false
    },
    "software": "mriqc",
    "version": "22.0.6",
    "warnings": {
      "large_rot_frame": true,
      "small_air_mask": false
    },
    "webapi_port": null,
    "webapi_url": "https://mriqc.nimh.nih.gov/api/v1"
  },
  "qi_1": 0.0,
  "qi_2": 0.003660532895113537,
  "rpve_csf": 19.410008235138626,
  "rpve_gm": 12.54871351599271,
  "rpve_wm": 18.209656351600017,
  "size_x": 176,
  "size_y": 256,
  "size_z": 256,
  "snr_csf": 1.7220543995881326,
  "snr_gm": 9.497284530343144,
  "snr_total": 11.211325438810633,
  "snr_wm": 22.414637386500626,
  "snrd_csf": 18.972397065870066,
  "snrd_gm": 81.76007669317828,
  "snrd_total": 73.78042403659201,
  "snrd_wm": 120.60879835072767,
  "spacing_x": 1.0000038146972656,
  "spacing_y": 1.0,
  "spacing_z": 1.0,
  "summary_bg_k": 3.772496062171961,
  "summary_bg_mad": 5.4319122632050245,
  "summary_bg_mean": 8.61484739519563,
  "summary_bg_median": 3.6637691454961896,
  "summary_bg_n": 2179712.0,
  "summary_bg_p05": 0.0,
  "summary_bg_p95": 33.32218933850527,
  "summary_bg_stdv": 11.959845204014512,
  "summary_csf_k": 1.5031572884773654,
  "summary_csf_mad": 78.02952292923415,
  "summary_csf_mean": 177.46949861850328,
  "summary_csf_median": 157.30525167658925,
  "summary_csf_n": 105244.0,
  "summary_csf_p05": 63.16170838661492,
  "summary_csf_p95": 357.03917896701,
  "summary_csf_stdv": 91.34700063858392,
  "summary_gm_k": 0.024289942090375494,
  "summary_gm_mad": 71.0485862563699,
  "summary_gm_mean": 678.0888441558652,
  "summary_gm_median": 677.8948066849262,
  "summary_gm_n": 32353.0,
  "summary_gm_p05": 560.5984713044018,
  "summary_gm_p95": 795.592345682904,
  "summary_gm_stdv": 71.37664749340962,
  "summary_wm_k": 0.272574707036112,
  "summary_wm_mad": 43.331376152867456,
  "summary_wm_mean": 999.5061119445637,
  "summary_wm_median": 1000.000016503036,
  "summary_wm_n": 185026.0,
  "summary_wm_p05": 925.5265950132161,
  "summary_wm_p95": 1071.7430244851857,
  "summary_wm_stdv": 44.61358428125538,
  "tpm_overlap_csf": 0.15058810179294826,
  "tpm_overlap_gm": 0.4517403279654913,
  "tpm_overlap_wm": 0.49216363317676465,
  "wm2max": 0.6658648225953442
}