{
  "aor": 0.000750637813211845,
  "aqi": 0.009630933439635536,
  "bids_meta": {
    "AcquisitionMatrixPE": 72,
    "AcquisitionNumber": 1,
    "AcquisitionTime": "09:38:16.140000",
    "BandwidthPerPixelPhaseEncode": 28.935,
    "BaseResolution": 72,
    "ConversionSoftware": "dcm2niix",
    "ConversionSoftwareVersion": "v1.0.20171215 GCC4.4.7",
    "DerivedVendorReportedEchoSpacing": 0.000480003,
    "DeviceSerialNumber": "35149",
    "DwellTime": 2.9e-06,
    "EchoTime": 0.03,
    "EffectiveEchoSpacing": 0.000480003,
    "FlipAngle": 75,
    "ImageOrientationPatientDICOM": [
      0.998966,
      -0.0454289,
      0.00158975,
      0.0426567,
      0.924774,
      -0.378117
    ],
    "ImageType": "ORIGINALPRIMARYMNDMOSAIC",
    "InPlanePhaseEncodingDirectionDICOM": "COL",
    "InstitutionAddress": "Street_StreetNo_Rehovot_E1B90C_District_IL_ZIP",
    "InstitutionName": "Weizmann",
    "InstitutionalDepartmentName": "Department",
    "MRAcquisitionType": "2D",
    "MagneticFieldStrength": 3,
    "Manufacturer": "Siemens",
    "ManufacturersModelName": "TrioTim",
    "Modality": "MR",
    "PartialFourier": 1,
    "PatientPosition": "HFS",
    "PercentPhaseFOV": 100,
    "PhaseEncodingDirection": "j-",
    "PhaseEncodingSteps": 72,
    "PhaseResolution": 1,
    "PixelBandwidth": 2395,
    "ProcedureStepDescription": "Weizmann_Dudai",
    "ProtocolName": "run1_mod",
    "PulseSequenceDetails": "%SiemensSeq%_ep2d_pace",
    "ReceiveCoilName": "HeadMatrix",
    "ReconMatrixPE": 72,
    "RepetitionTime": 2,
    "SAR": 0.106885,
    "ScanOptions": "FS",
    "ScanningSequence": "EP",
    "SequenceName": "_epfid2d1_72",
    "SequenceVariant": "SK",
    "SeriesDescription": "run1_mod",
    "SeriesNumber": 3,
    "ShimSetting": [
      2343,
      9542,
      -5382,
      1200,
      -12,
      -759,
      -94,
      -157
    ],
    "SliceThickness": 4,
    "SliceTiming": [
      0.995,
      0,
      1.0575,
      0.0625,
      1.1175,
      0.125,
      1.18,
      0.1875,
      1.2425,
      0.25,
      1.305,
      0.31,
      1.3675,
      0.3725,
      1.43,
      0.435,
      1.4925,
      0.4975,
      1.5525,
      0.56,
      1.615,
      0.6225,
      1.6775,
      0.685,
      1.74,
      0.745,
      1.8025,
      0.8075,
      1.865,
      0.87,
      1.925,
      0.9325
    ],
    "SoftwareVersions": "syngo_MR_B17",
    "SpacingBetweenSlices": 4,
    "StationName": "MRC35149",
    "TaskName": "viewclips",
    "TotalReadoutTime": 0.0340802,
    "TxRefAmp": 281.926,
    "VendorReportedEchoSpacing": 0.00048,
    "dataset": "ds001840",
    "modality": "bold",
    "run_id": 1,
    "subject_id": "15",
    "task_id": "viewclips"
  },
  "dummy_trs": 1,
  "dvars_nstd": 28.934278296552513,
  "dvars_std": 1.2071902984703198,
  "dvars_vstd": 0.9807349197716888,
  "efc": 0.5009248546237814,
  "fber": 1126.675537109375,
  "fd_mean": 0.13700424729807328,
  "fd_num": 68,
  "fd_perc": 15.489749430523919,
  "fwhm_avg": 1.9310325,
  "fwhm_x": 1.9379966666666668,
  "fwhm_y": 2.1174633333333333,
  "fwhm_z": 1.7376375,
  "gcor": 0.0660921,
  "gsr_x": -0.021327849477529526,
  "gsr_y": 0.027673868462443352,
  "provenance": {
    "md5sum": "397ea9192d1220bb1874b3d74d33d841",
    "settings": {
      "fd_thres": 0.2,
      "testing": false
    },
    "software": "mriqc",
    "version": "22.0.6",
    "webapi_port": null,
    "webapi_url": "https://mriqc.nimh.nih.gov/api/v1"
  },
  "size_t": 439,
  "size_x": 72,
  "size_y": 72,
  "size_z": 32,
  "snr": 5.401144048884086,
  "spacing_tr": 2.0,
  "spacing_x": 3.0,
  "spacing_y": 3.0,
  "spacing_z": 4.0,
  "summary_bg_k": 97.14448880285515,
  "summary_bg_mad": 3.6305186760448427,
  "summary_bg_mean": 32.520015716552734,
  "summary_bg_median": 19.02733612060547,
  "summary_bg_n": 105127.0,
  "summary_bg_p05": 16.059226989746094,
  "summary_bg_p95": 92.12984619140619,
  "summary_bg_stdv": 43.489994049072266,
  "summary_fg_k": 1.7299869083977732,
  "summary_fg_mad": 105.12630650106122,
  "summary_fg_mean": 664.2701416015625,
  "summary_fg_median": 651.7562866210938,
  "summary_fg_n": 26193.0,
  "summary_fg_p05": 493.3289428710938,
  "summary_fg_p95": 877.4032348632811,
  "summary_fg_stdv": 120.66773986816406,
  "tsnr": 52.24206517986022
}