{
  "aor": 0.0011398405466970388,
  "aqi": 0.006357031298405467,
  "bids_meta": {
    "AcquisitionMatrixPE": 72,
    "AcquisitionNumber": 1,
    "AcquisitionTime": "09:51:26.475000",
    "BandwidthPerPixelPhaseEncode": 28.935,
    "BaseResolution": 72,
    "ConversionSoftware": "dcm2niix",
    "ConversionSoftwareVersion": "v1.0.20171215 GCC4.4.7",
    "DerivedVendorReportedEchoSpacing": 0.000480003,
    "DeviceSerialNumber": "35149",
    "DwellTime": 2.9e-06,
    "EchoTime": 0.03,
    "EffectiveEchoSpacing": 0.000480003,
    "FlipAngle": 75,
    "ImageOrientationPatientDICOM": [
      0.999376,
      0.00960967,
      -0.03399,
      -0.0216344,
      0.927193,
      -0.373959
    ],
    "ImageType": "ORIGINALPRIMARYMNDMOSAIC",
    "InPlanePhaseEncodingDirectionDICOM": "COL",
    "InstitutionAddress": "Street_StreetNo_Rehovot_E1B90C_District_IL_ZIP",
    "InstitutionName": "Weizmann",
    "InstitutionalDepartmentName": "Department",
    "MRAcquisitionType": "2D",
    "MagneticFieldStrength": 3,
    "Manufacturer": "Siemens",
    "ManufacturersModelName": "TrioTim",
    "Modality": "MR",
    "PartialFourier": 1,
    "PatientPosition": "HFS",
    "PercentPhaseFOV": 100,
    "PhaseEncodingDirection": "j-",
    "PhaseEncodingSteps": 72,
    "PhaseResolution": 1,
    "PixelBandwidth": 2395,
    "ProcedureStepDescription": "Weizmann_Dudai",
    "ProtocolName": "run2_mod",
    "PulseSequenceDetails": "%SiemensSeq%_ep2d_pace",
    "ReceiveCoilName": "HeadMatrix",
    "ReconMatrixPE": 72,
    "RepetitionTime": 2,
    "SAR": 0.133908,
    "ScanOptions": "FS",
    "ScanningSequence": "EP",
    "SequenceName": "_epfid2d1_72",
    "SequenceVariant": "SK",
    "SeriesDescription": "run2_mod",
    "SeriesNumber": 4,
    "ShimSetting": [
      2338,
      9655,
      -5598,
      888,
      91,
      -421,
      100,
      -89
    ],
    "SliceThickness": 4,
    "SliceTiming": [
      0.9925,
      0,
      1.055,
      0.0625,
      1.1175,
      0.125,
      1.18,
      0.185,
      1.2425,
      0.2475,
      1.305,
      0.31,
      1.365,
      0.3725,
      1.4275,
      0.435,
      1.49,
      0.4975,
      1.5525,
      0.5575,
      1.615,
      0.62,
      1.6775,
      0.6825,
      1.7375,
      0.745,
      1.8,
      0.8075,
      1.8625,
      0.87,
      1.925,
      0.9325
    ],
    "SoftwareVersions": "syngo_MR_B17",
    "SpacingBetweenSlices": 4,
    "StationName": "MRC35149",
    "TaskName": "viewclips",
    "TotalReadoutTime": 0.0340802,
    "TxRefAmp": 281.843,
    "VendorReportedEchoSpacing": 0.00048,
    "dataset": "ds001840",
    "modality": "bold",
    "run_id": 2,
    "subject_id": "21",
    "task_id": "viewclips"
  },
  "dummy_trs": 1,
  "dvars_nstd": 19.206972557625573,
  "dvars_std": 1.0592099463013696,
  "dvars_vstd": 0.9952364307534252,
  "efc": 0.5000610616706002,
  "fber": 1084.0582275390625,
  "fd_mean": 0.1261066972035656,
  "fd_num": 50,
  "fd_perc": 11.389521640091116,
  "fwhm_avg": 1.9838933333333335,
  "fwhm_x": 1.9893733333333332,
  "fwhm_y": 2.101906666666667,
  "fwhm_z": 1.8604,
  "gcor": 0.0435656,
  "gsr_x": -0.017818624153733253,
  "gsr_y": 0.01825043372809887,
  "provenance": {
    "md5sum": "49fa7291aa9e930604b0cfa63a561419",
    "settings": {
      "fd_thres": 0.2,
      "testing": false
    },
    "software": "mriqc",
    "version": "22.0.6",
    "webapi_port": null,
    "webapi_url": "https://mriqc.nimh.nih.gov/api/v1"
  },
  "size_t": 439,
  "size_x": 72,
  "size_y": 72,
  "size_z": 32,
  "snr": 5.597502928622588,
  "spacing_tr": 2.0,
  "spacing_x": 3.0,
  "spacing_y": 3.0,
  "spacing_z": 4.0,
  "summary_bg_k": 83.74868373587435,
  "summary_bg_mad": 4.910487826713022,
  "summary_bg_mean": 29.713956832885742,
  "summary_bg_median": 19.10934066772461,
  "summary_bg_n": 104584.0,
  "summary_bg_p05": 14.26196002960205,
  "summary_bg_p95": 77.11025161743156,
  "summary_bg_stdv": 33.87015151977539,
  "summary_fg_k": 1.9155351164074448,
  "summary_fg_mad": 97.91423035886228,
  "summary_fg_mean": 653.4625244140625,
  "summary_fg_median": 640.7984619140625,
  "summary_fg_n": 26648.0,
  "summary_fg_p05": 492.94727630615233,
  "summary_fg_p95": 856.4038085937498,
  "summary_fg_stdv": 114.4771957397461,
  "tsnr": 65.25514359585941
}