{
  "aor": 0.0007040000000000001,
  "aqi": 0.006952510727272727,
  "bids_meta": {
    "AcquisitionMatrixPE": 72,
    "AcquisitionNumber": 1,
    "AcquisitionTime": "12:07:29.667500",
    "BandwidthPerPixelPhaseEncode": 28.935,
    "BaseResolution": 72,
    "ConversionSoftware": "dcm2niix",
    "ConversionSoftwareVersion": "v1.0.20171215 GCC4.4.7",
    "DerivedVendorReportedEchoSpacing": 0.000480003,
    "DeviceSerialNumber": "35149",
    "DwellTime": 2.9e-06,
    "EchoTime": 0.03,
    "EffectiveEchoSpacing": 0.000480003,
    "FlipAngle": 75,
    "ImageOrientationPatientDICOM": [
      0.998332,
      -0.0577137,
      0.00168328,
      0.0485761,
      0.823796,
      -0.564801
    ],
    "ImageType": "ORIGINALPRIMARYMNDMOSAIC",
    "InPlanePhaseEncodingDirectionDICOM": "COL",
    "InstitutionAddress": "Street_StreetNo_Rehovot_E1B90C_District_IL_ZIP",
    "InstitutionName": "Weizmann",
    "InstitutionalDepartmentName": "Department",
    "MRAcquisitionType": "2D",
    "MagneticFieldStrength": 3,
    "Manufacturer": "Siemens",
    "ManufacturersModelName": "TrioTim",
    "Modality": "MR",
    "PartialFourier": 1,
    "PatientPosition": "HFS",
    "PercentPhaseFOV": 100,
    "PhaseEncodingDirection": "j-",
    "PhaseEncodingSteps": 72,
    "PhaseResolution": 1,
    "PixelBandwidth": 2395,
    "ProcedureStepDescription": "Weizmann_Dudai",
    "ProtocolName": "run4_mod",
    "PulseSequenceDetails": "%SiemensSeq%_ep2d_pace",
    "ReceiveCoilName": "HeadMatrix",
    "ReconMatrixPE": 72,
    "RepetitionTime": 2,
    "SAR": 0.168277,
    "ScanOptions": "FS",
    "ScanningSequence": "EP",
    "SequenceName": "_epfid2d1_72",
    "SequenceVariant": "SK",
    "SeriesDescription": "run4_mod",
    "SeriesNumber": 8,
    "ShimSetting": [
      2272,
      9589,
      -5334,
      1097,
      -65,
      -323,
      -18,
      -21
    ],
    "SliceThickness": 4,
    "SliceTiming": [
      0.9925,
      0,
      1.055,
      0.06,
      1.1175,
      0.1225,
      1.18,
      0.185,
      1.24,
      0.2475,
      1.3025,
      0.31,
      1.365,
      0.3725,
      1.4275,
      0.4325,
      1.49,
      0.495,
      1.5525,
      0.5575,
      1.6125,
      0.62,
      1.675,
      0.6825,
      1.7375,
      0.745,
      1.8,
      0.805,
      1.8625,
      0.8675,
      1.925,
      0.93
    ],
    "SoftwareVersions": "syngo_MR_B17",
    "SpacingBetweenSlices": 4,
    "StationName": "MRC35149",
    "TaskName": "viewclips",
    "TotalReadoutTime": 0.0340802,
    "TxRefAmp": 317.825,
    "VendorReportedEchoSpacing": 0.00048,
    "dataset": "ds001840",
    "modality": "bold",
    "run_id": 4,
    "subject_id": "08",
    "task_id": "viewclips"
  },
  "dummy_trs": 0,
  "dvars_nstd": 23.825088183712968,
  "dvars_std": 1.1673289599088836,
  "dvars_vstd": 0.9875894647380411,
  "efc": 0.531895722055976,
  "fber": 1077.8817138671875,
  "fd_mean": 0.15584583142385655,
  "fd_num": 103,
  "fd_perc": 23.40909090909091,
  "fwhm_avg": 2.089947377869458,
  "fwhm_x": 2.0150200000000003,
  "fwhm_y": 2.296326666666667,
  "fwhm_z": 1.9584954669417065,
  "gcor": 0.0742828,
  "gsr_x": -0.030309811234474182,
  "gsr_y": 0.03810767084360123,
  "provenance": {
    "md5sum": "8f34283272f672e3036993f1a50ed11f",
    "settings": {
      "fd_thres": 0.2,
      "testing": false
    },
    "software": "mriqc",
    "version": "22.0.6",
    "webapi_port": null,
    "webapi_url": "https://mriqc.nimh.nih.gov/api/v1"
  },
  "size_t": 440,
  "size_x": 72,
  "size_y": 72,
  "size_z": 32,
  "snr": 5.606112679440641,
  "spacing_tr": 2.0,
  "spacing_x": 3.0,
  "spacing_y": 3.0,
  "spacing_z": 3.9999990463256836,
  "summary_bg_k": 17.719319646975976,
  "summary_bg_mad": 5.6541063502840325,
  "summary_bg_mean": 40.99720764160156,
  "summary_bg_median": 21.281818389892578,
  "summary_bg_n": 100844.0,
  "summary_bg_p05": 17.03636360168457,
  "summary_bg_p95": 139.24090576171875,
  "summary_bg_stdv": 49.54254150390625,
  "summary_fg_k": 1.0868667520961344,
  "summary_fg_mad": 121.04781101382896,
  "summary_fg_mean": 730.5283203125,
  "summary_fg_median": 724.1340942382812,
  "summary_fg_n": 29667.0,
  "summary_fg_p05": 537.927490234375,
  "summary_fg_p95": 952.0515686035156,
  "summary_fg_stdv": 129.16648864746094,
  "tsnr": 60.99369062902406
}