{
  "aor": 0.002241047835990888,
  "aqi": 0.008304058952164009,
  "bids_meta": {
    "AcquisitionMatrixPE": 72,
    "AcquisitionNumber": 1,
    "AcquisitionTime": "11:34:2.257500",
    "BandwidthPerPixelPhaseEncode": 28.935,
    "BaseResolution": 72,
    "ConversionSoftware": "dcm2niix",
    "ConversionSoftwareVersion": "v1.0.20171215 GCC4.4.7",
    "DerivedVendorReportedEchoSpacing": 0.000480003,
    "DeviceSerialNumber": "35149",
    "DwellTime": 2.9e-06,
    "EchoTime": 0.03,
    "EffectiveEchoSpacing": 0.000480003,
    "FlipAngle": 75,
    "ImageOrientationPatientDICOM": [
      0.998332,
      -0.0577137,
      0.00168328,
      0.0485761,
      0.823796,
      -0.564801
    ],
    "ImageType": "ORIGINALPRIMARYMNDMOSAIC",
    "InPlanePhaseEncodingDirectionDICOM": "COL",
    "InstitutionAddress": "Street_StreetNo_Rehovot_E1B90C_District_IL_ZIP",
    "InstitutionName": "Weizmann",
    "InstitutionalDepartmentName": "Department",
    "MRAcquisitionType": "2D",
    "MagneticFieldStrength": 3,
    "Manufacturer": "Siemens",
    "ManufacturersModelName": "TrioTim",
    "Modality": "MR",
    "PartialFourier": 1,
    "PatientPosition": "HFS",
    "PercentPhaseFOV": 100,
    "PhaseEncodingDirection": "j-",
    "PhaseEncodingSteps": 72,
    "PhaseResolution": 1,
    "PixelBandwidth": 2395,
    "ProcedureStepDescription": "Weizmann_Dudai",
    "ProtocolName": "run2_mod",
    "PulseSequenceDetails": "%SiemensSeq%_ep2d_pace",
    "ReceiveCoilName": "HeadMatrix",
    "ReconMatrixPE": 72,
    "RepetitionTime": 2,
    "SAR": 0.168277,
    "ScanOptions": "FS",
    "ScanningSequence": "EP",
    "SequenceName": "_epfid2d1_72",
    "SequenceVariant": "SK",
    "SeriesDescription": "run2_mod",
    "SeriesNumber": 6,
    "ShimSetting": [
      2272,
      9589,
      -5334,
      1097,
      -65,
      -323,
      -18,
      -21
    ],
    "SliceThickness": 4,
    "SliceTiming": [
      0.9925,
      0,
      1.055,
      0.0625,
      1.1175,
      0.125,
      1.18,
      0.185,
      1.2425,
      0.2475,
      1.305,
      0.31,
      1.365,
      0.3725,
      1.4275,
      0.435,
      1.49,
      0.4975,
      1.5525,
      0.5575,
      1.615,
      0.62,
      1.6775,
      0.6825,
      1.7375,
      0.745,
      1.8,
      0.8075,
      1.8625,
      0.87,
      1.925,
      0.9325
    ],
    "SoftwareVersions": "syngo_MR_B17",
    "SpacingBetweenSlices": 4,
    "StationName": "MRC35149",
    "TaskName": "viewclips",
    "TotalReadoutTime": 0.0340802,
    "TxRefAmp": 317.825,
    "VendorReportedEchoSpacing": 0.00048,
    "dataset": "ds001840",
    "modality": "bold",
    "run_id": 2,
    "subject_id": "08",
    "task_id": "viewclips"
  },
  "dummy_trs": 1,
  "dvars_nstd": 21.526862924086757,
  "dvars_std": 1.1385355809589044,
  "dvars_vstd": 1.0085914002054799,
  "efc": 0.5297689560804874,
  "fber": 1104.8802490234375,
  "fd_mean": 0.11980370482916805,
  "fd_num": 45,
  "fd_perc": 10.250569476082005,
  "fwhm_avg": 2.0712757092386185,
  "fwhm_x": 2.0086633333333332,
  "fwhm_y": 2.271383333333333,
  "fwhm_z": 1.9337804610491898,
  "gcor": 0.0484393,
  "gsr_x": -0.0295436792075634,
  "gsr_y": 0.03651602566242218,
  "provenance": {
    "md5sum": "14070b12ffd2a5e455400d2e343c474f",
    "settings": {
      "fd_thres": 0.2,
      "testing": false
    },
    "software": "mriqc",
    "version": "22.0.6",
    "webapi_port": null,
    "webapi_url": "https://mriqc.nimh.nih.gov/api/v1"
  },
  "size_t": 439,
  "size_x": 72,
  "size_y": 72,
  "size_z": 32,
  "snr": 5.626507064813138,
  "spacing_tr": 2.0,
  "spacing_x": 3.0,
  "spacing_y": 3.0,
  "spacing_z": 3.9999990463256836,
  "summary_bg_k": 18.23210397274084,
  "summary_bg_mad": 5.54540420703575,
  "summary_bg_mean": 40.453636169433594,
  "summary_bg_median": 21.33257484436035,
  "summary_bg_n": 100952.0,
  "summary_bg_p05": 17.16856575012207,
  "summary_bg_p95": 134.61708908081053,
  "summary_bg_stdv": 48.25387191772461,
  "summary_fg_k": 1.0290763620160606,
  "summary_fg_mad": 121.15965771439494,
  "summary_fg_mean": 738.2511596679688,
  "summary_fg_median": 731.6298828125,
  "summary_fg_n": 29638.0,
  "summary_fg_p05": 541.7316772460938,
  "summary_fg_p95": 961.8956024169922,
  "summary_fg_stdv": 130.03050231933594,
  "tsnr": 57.06837985350285
}