{
  "aor": 0.0006091571753986333,
  "aqi": 0.005411916970387244,
  "bids_meta": {
    "AcquisitionMatrixPE": 72,
    "AcquisitionNumber": 1,
    "AcquisitionTime": "14:29:20.952500",
    "BandwidthPerPixelPhaseEncode": 28.935,
    "BaseResolution": 72,
    "ConversionSoftware": "dcm2niix",
    "ConversionSoftwareVersion": "v1.0.20171215 GCC4.4.7",
    "DerivedVendorReportedEchoSpacing": 0.000480003,
    "DeviceSerialNumber": "35149",
    "DwellTime": 2.9e-06,
    "EchoTime": 0.03,
    "EffectiveEchoSpacing": 0.000480003,
    "FlipAngle": 75,
    "ImageOrientationPatientDICOM": [
      0.996779,
      0.0799792,
      -0.00592821,
      -0.0712527,
      0.849243,
      -0.523173
    ],
    "ImageType": "ORIGINALPRIMARYMNDMOSAIC",
    "InPlanePhaseEncodingDirectionDICOM": "COL",
    "InstitutionAddress": "Street_StreetNo_Rehovot_90B50C_District_IL_ZIP",
    "InstitutionName": "Weizmann",
    "InstitutionalDepartmentName": "Department",
    "MRAcquisitionType": "2D",
    "MagneticFieldStrength": 3,
    "Manufacturer": "Siemens",
    "ManufacturersModelName": "TrioTim",
    "Modality": "MR",
    "PartialFourier": 1,
    "PatientPosition": "HFS",
    "PercentPhaseFOV": 100,
    "PhaseEncodingDirection": "j-",
    "PhaseEncodingSteps": 72,
    "PhaseResolution": 1,
    "PixelBandwidth": 2395,
    "ProcedureStepDescription": "Weizmann_Dudai",
    "ProtocolName": "run4_mod",
    "PulseSequenceDetails": "%SiemensSeq%_ep2d_pace",
    "ReceiveCoilName": "HeadMatrix",
    "ReconMatrixPE": 72,
    "RepetitionTime": 2,
    "SAR": 0.14151,
    "ScanOptions": "FS",
    "ScanningSequence": "EP",
    "SequenceName": "_epfid2d1_72",
    "SequenceVariant": "SK",
    "SeriesDescription": "run4_mod",
    "SeriesNumber": 8,
    "ShimSetting": [
      2346,
      9597,
      -5430,
      925,
      72,
      -752,
      102,
      62
    ],
    "SliceThickness": 4,
    "SliceTiming": [
      0.995,
      0,
      1.055,
      0.0625,
      1.1175,
      0.125,
      1.18,
      0.1875,
      1.2425,
      0.2475,
      1.305,
      0.31,
      1.3675,
      0.3725,
      1.4275,
      0.435,
      1.49,
      0.4975,
      1.5525,
      0.56,
      1.615,
      0.6225,
      1.6775,
      0.6825,
      1.74,
      0.745,
      1.8025,
      0.8075,
      1.8625,
      0.87,
      1.925,
      0.9325
    ],
    "SoftwareVersions": "syngo_MR_B17",
    "SpacingBetweenSlices": 4,
    "StationName": "MRC35149",
    "TaskName": "viewclips",
    "TotalReadoutTime": 0.0340802,
    "TxRefAmp": 291.727,
    "VendorReportedEchoSpacing": 0.00048,
    "dataset": "ds001840",
    "modality": "bold",
    "run_id": 4,
    "subject_id": "32",
    "task_id": "viewclips"
  },
  "dummy_trs": 1,
  "dvars_nstd": 20.270035800251144,
  "dvars_std": 1.0857148726027395,
  "dvars_vstd": 1.0030446181278536,
  "efc": 0.5637628494859548,
  "fber": 906.2426147460938,
  "fd_mean": 0.11608890897121826,
  "fd_num": 44,
  "fd_perc": 10.022779043280183,
  "fwhm_avg": 1.8092490989670236,
  "fwhm_x": 1.7703633333333333,
  "fwhm_y": 1.9536666666666667,
  "fwhm_z": 1.7037172969010714,
  "gcor": 0.0386011,
  "gsr_x": -0.015976296737790108,
  "gsr_y": 0.033692408353090286,
  "provenance": {
    "md5sum": "e1af412b7b1332f2b5f8084546bfe5ce",
    "settings": {
      "fd_thres": 0.2,
      "testing": false
    },
    "software": "mriqc",
    "version": "22.0.6",
    "webapi_port": null,
    "webapi_url": "https://mriqc.nimh.nih.gov/api/v1"
  },
  "size_t": 439,
  "size_x": 72,
  "size_y": 72,
  "size_z": 32,
  "snr": 5.993882549352999,
  "spacing_tr": 2.0,
  "spacing_x": 3.0,
  "spacing_y": 3.0,
  "spacing_z": 4.000000476837158,
  "summary_bg_k": 13.042113516722665,
  "summary_bg_mad": 8.878728282486902,
  "summary_bg_mean": 52.42131423950195,
  "summary_bg_median": 24.08428382873535,
  "summary_bg_n": 96129.0,
  "summary_bg_p05": 17.501140594482422,
  "summary_bg_p95": 203.64920959472647,
  "summary_bg_stdv": 68.35395812988281,
  "summary_fg_k": 1.3477736144281502,
  "summary_fg_mad": 108.344794849791,
  "summary_fg_mean": 758.363525390625,
  "summary_fg_median": 746.9886474609375,
  "summary_fg_n": 32983.0,
  "summary_fg_p05": 573.8797485351563,
  "summary_fg_p95": 976.0105407714843,
  "summary_fg_stdv": 124.62328338623047,
  "tsnr": 68.80604165780824
}