{
  "aor": 0.0004162414578587699,
  "aqi": 0.005299778838268793,
  "bids_meta": {
    "AcquisitionMatrixPE": 72,
    "AcquisitionNumber": 1,
    "AcquisitionTime": "13:56:21.970000",
    "BandwidthPerPixelPhaseEncode": 28.935,
    "BaseResolution": 72,
    "ConversionSoftware": "dcm2niix",
    "ConversionSoftwareVersion": "v1.0.20171215 GCC4.4.7",
    "DerivedVendorReportedEchoSpacing": 0.000480003,
    "DeviceSerialNumber": "35149",
    "DwellTime": 2.9e-06,
    "EchoTime": 0.03,
    "EffectiveEchoSpacing": 0.000480003,
    "FlipAngle": 75,
    "ImageOrientationPatientDICOM": [
      0.998014,
      0.0615375,
      -0.0134748,
      -0.0604989,
      0.876657,
      -0.477297
    ],
    "ImageType": "ORIGINALPRIMARYMNDMOSAIC",
    "InPlanePhaseEncodingDirectionDICOM": "COL",
    "InstitutionAddress": "Street_StreetNo_Rehovot_90B50C_District_IL_ZIP",
    "InstitutionName": "Weizmann",
    "InstitutionalDepartmentName": "Department",
    "MRAcquisitionType": "2D",
    "MagneticFieldStrength": 3,
    "Manufacturer": "Siemens",
    "ManufacturersModelName": "TrioTim",
    "Modality": "MR",
    "PartialFourier": 1,
    "PatientPosition": "HFS",
    "PercentPhaseFOV": 100,
    "PhaseEncodingDirection": "j-",
    "PhaseEncodingSteps": 72,
    "PhaseResolution": 1,
    "PixelBandwidth": 2395,
    "ProcedureStepDescription": "Weizmann_Dudai",
    "ProtocolName": "run2_mod",
    "PulseSequenceDetails": "%SiemensSeq%_ep2d_pace",
    "ReceiveCoilName": "HeadMatrix",
    "ReconMatrixPE": 72,
    "RepetitionTime": 2,
    "SAR": 0.14151,
    "ScanOptions": "FS",
    "ScanningSequence": "EP",
    "SequenceName": "_epfid2d1_72",
    "SequenceVariant": "SK",
    "SeriesDescription": "run2_mod",
    "SeriesNumber": 4,
    "ShimSetting": [
      2346,
      9597,
      -5430,
      923,
      66,
      -759,
      105,
      58
    ],
    "SliceThickness": 4,
    "SliceTiming": [
      0.9925,
      0,
      1.055,
      0.06,
      1.1175,
      0.1225,
      1.18,
      0.185,
      1.24,
      0.2475,
      1.3025,
      0.31,
      1.365,
      0.3725,
      1.4275,
      0.435,
      1.49,
      0.495,
      1.5525,
      0.5575,
      1.615,
      0.62,
      1.675,
      0.6825,
      1.7375,
      0.745,
      1.8,
      0.8075,
      1.8625,
      0.8675,
      1.925,
      0.93
    ],
    "SoftwareVersions": "syngo_MR_B17",
    "SpacingBetweenSlices": 4,
    "StationName": "MRC35149",
    "TaskName": "viewclips",
    "TotalReadoutTime": 0.0340802,
    "TxRefAmp": 291.727,
    "VendorReportedEchoSpacing": 0.00048,
    "dataset": "ds001840",
    "modality": "bold",
    "run_id": 2,
    "subject_id": "32",
    "task_id": "viewclips"
  },
  "dummy_trs": 1,
  "dvars_nstd": 19.561583275228312,
  "dvars_std": 1.0554635417351599,
  "dvars_vstd": 0.9884861669406387,
  "efc": 0.5624642175744139,
  "fber": 922.0413208007812,
  "fd_mean": 0.11772559657563542,
  "fd_num": 32,
  "fd_perc": 7.289293849658314,
  "fwhm_avg": 1.839575280091629,
  "fwhm_x": 1.78176,
  "fwhm_y": 2.0038966666666664,
  "fwhm_z": 1.7330691736082204,
  "gcor": 0.052933,
  "gsr_x": -0.015991399064660072,
  "gsr_y": 0.032686229795217514,
  "provenance": {
    "md5sum": "7537ffc29e9913adaaf669c2482efb0c",
    "settings": {
      "fd_thres": 0.2,
      "testing": false
    },
    "software": "mriqc",
    "version": "22.0.6",
    "webapi_port": null,
    "webapi_url": "https://mriqc.nimh.nih.gov/api/v1"
  },
  "size_t": 439,
  "size_x": 72,
  "size_y": 72,
  "size_z": 32,
  "snr": 5.977043525898828,
  "spacing_tr": 2.0,
  "spacing_x": 3.0,
  "spacing_y": 3.0,
  "spacing_z": 4.000001907348633,
  "summary_bg_k": 14.031597874140889,
  "summary_bg_mad": 8.871975402203946,
  "summary_bg_mean": 51.59816360473633,
  "summary_bg_median": 24.009113311767578,
  "summary_bg_n": 96131.0,
  "summary_bg_p05": 17.111618041992188,
  "summary_bg_p95": 200.40091705322266,
  "summary_bg_stdv": 67.60230255126953,
  "summary_fg_k": 1.2883011991376394,
  "summary_fg_mad": 109.52180944061756,
  "summary_fg_mean": 761.2963256835938,
  "summary_fg_median": 749.8826904296875,
  "summary_fg_n": 32924.0,
  "summary_fg_p05": 574.6584594726562,
  "summary_fg_p95": 981.0634948730469,
  "summary_fg_stdv": 125.45856475830078,
  "tsnr": 68.64636638457887
}