{
  "aor": 0.0007439407744874713,
  "aqi": 0.006402503052391799,
  "bids_meta": {
    "AcquisitionMatrixPE": 72,
    "AcquisitionNumber": 1,
    "AcquisitionTime": "14:12:23.980000",
    "BandwidthPerPixelPhaseEncode": 28.935,
    "BaseResolution": 72,
    "ConversionSoftware": "dcm2niix",
    "ConversionSoftwareVersion": "v1.0.20171215 GCC4.4.7",
    "DerivedVendorReportedEchoSpacing": 0.000480003,
    "DeviceSerialNumber": "35149",
    "DwellTime": 2.9e-06,
    "EchoTime": 0.03,
    "EffectiveEchoSpacing": 0.000480003,
    "FlipAngle": 75,
    "ImageOrientationPatientDICOM": [
      0.998014,
      0.0615375,
      -0.0134748,
      -0.0604989,
      0.876657,
      -0.477297
    ],
    "ImageType": "ORIGINALPRIMARYMNDMOSAIC",
    "InPlanePhaseEncodingDirectionDICOM": "COL",
    "InstitutionAddress": "Street_StreetNo_Rehovot_90B50C_District_IL_ZIP",
    "InstitutionName": "Weizmann",
    "InstitutionalDepartmentName": "Department",
    "MRAcquisitionType": "2D",
    "MagneticFieldStrength": 3,
    "Manufacturer": "Siemens",
    "ManufacturersModelName": "TrioTim",
    "Modality": "MR",
    "PartialFourier": 1,
    "PatientPosition": "HFS",
    "PercentPhaseFOV": 100,
    "PhaseEncodingDirection": "j-",
    "PhaseEncodingSteps": 72,
    "PhaseResolution": 1,
    "PixelBandwidth": 2395,
    "ProcedureStepDescription": "Weizmann_Dudai",
    "ProtocolName": "run3_mod",
    "PulseSequenceDetails": "%SiemensSeq%_ep2d_pace",
    "ReceiveCoilName": "HeadMatrix",
    "ReconMatrixPE": 72,
    "RepetitionTime": 2,
    "SAR": 0.14151,
    "ScanOptions": "FS",
    "ScanningSequence": "EP",
    "SequenceName": "_epfid2d1_72",
    "SequenceVariant": "SK",
    "SeriesDescription": "run3_mod",
    "SeriesNumber": 5,
    "ShimSetting": [
      2346,
      9597,
      -5430,
      923,
      66,
      -759,
      105,
      58
    ],
    "SliceThickness": 4,
    "SliceTiming": [
      0.9925,
      0,
      1.055,
      0.0625,
      1.1175,
      0.1225,
      1.18,
      0.185,
      1.2425,
      0.2475,
      1.3025,
      0.31,
      1.365,
      0.3725,
      1.4275,
      0.435,
      1.49,
      0.495,
      1.5525,
      0.5575,
      1.615,
      0.62,
      1.675,
      0.6825,
      1.7375,
      0.745,
      1.8,
      0.8075,
      1.8625,
      0.87,
      1.925,
      0.93
    ],
    "SoftwareVersions": "syngo_MR_B17",
    "SpacingBetweenSlices": 4,
    "StationName": "MRC35149",
    "TaskName": "viewclips",
    "TotalReadoutTime": 0.0340802,
    "TxRefAmp": 291.727,
    "VendorReportedEchoSpacing": 0.00048,
    "dataset": "ds001840",
    "modality": "bold",
    "run_id": 3,
    "subject_id": "32",
    "task_id": "viewclips"
  },
  "dummy_trs": 1,
  "dvars_nstd": 19.98531541429224,
  "dvars_std": 1.0649329934703196,
  "dvars_vstd": 0.991329083013699,
  "efc": 0.5634924403986483,
  "fber": 886.9493408203125,
  "fd_mean": 0.13340030455808924,
  "fd_num": 47,
  "fd_perc": 10.70615034168565,
  "fwhm_avg": 1.8186641715315954,
  "fwhm_x": 1.7630633333333332,
  "fwhm_y": 1.97591,
  "fwhm_z": 1.717019181261453,
  "gcor": 0.0260359,
  "gsr_x": -0.015063639730215073,
  "gsr_y": 0.032009247690439224,
  "provenance": {
    "md5sum": "bb67d43b6c8353fa863f591dc26c684b",
    "settings": {
      "fd_thres": 0.2,
      "testing": false
    },
    "software": "mriqc",
    "version": "22.0.6",
    "webapi_port": null,
    "webapi_url": "https://mriqc.nimh.nih.gov/api/v1"
  },
  "size_t": 439,
  "size_x": 72,
  "size_y": 72,
  "size_z": 32,
  "snr": 5.99321245894597,
  "spacing_tr": 2.0,
  "spacing_x": 3.0,
  "spacing_y": 3.0,
  "spacing_z": 4.000001907348633,
  "summary_bg_k": 14.12475081625356,
  "summary_bg_mad": 9.746674175438308,
  "summary_bg_mean": 52.49716567993164,
  "summary_bg_median": 24.45785903930664,
  "summary_bg_n": 96271.0,
  "summary_bg_p05": 16.31207275390625,
  "summary_bg_p95": 204.6674346923828,
  "summary_bg_stdv": 69.52655029296875,
  "summary_fg_k": 1.341996942494391,
  "summary_fg_mad": 108.78218241223892,
  "summary_fg_mean": 759.6547241210938,
  "summary_fg_median": 747.432861328125,
  "summary_fg_n": 32958.0,
  "summary_fg_p05": 575.3128936767578,
  "summary_fg_p95": 979.403677368164,
  "summary_fg_stdv": 124.71133422851562,
  "tsnr": 64.7797900128644
}