{
  "bids_meta": {
    "AcquisitionMatrixPE": 256,
    "AcquisitionNumber": 1,
    "AcquisitionTime": "15:49:37.355000",
    "BaseResolution": 256,
    "ConversionSoftware": "dcm2niix",
    "ConversionSoftwareVersion": "v1.0.20171215 GCC4.4.7",
    "DeviceSerialNumber": "35149",
    "DwellTime": 8.2e-06,
    "EchoTime": 0.00298,
    "FlipAngle": 9,
    "ImageOrientationPatientDICOM": [
      0.107622,
      0.994154,
      -0.00871674,
      0.0461036,
      -0.0137488,
      -0.998842
    ],
    "ImageType": [
      "ORIGINAL",
      "PRIMARY",
      "M",
      "ND"
    ],
    "InPlanePhaseEncodingDirectionDICOM": "ROW",
    "InstitutionAddress": "Street_StreetNo_Rehovot_E1B90C_District_IL_ZIP",
    "InstitutionName": "Weizmann",
    "InstitutionalDepartmentName": "Department",
    "InversionTime": 0.9,
    "MRAcquisitionType": "3D",
    "MagneticFieldStrength": 3,
    "Manufacturer": "Siemens",
    "ManufacturersModelName": "TrioTim",
    "Modality": "MR",
    "PartialFourier": 0.875,
    "PatientPosition": "HFS",
    "PercentPhaseFOV": 100,
    "PhaseEncodingSteps": 224,
    "PhaseResolution": 1,
    "PixelBandwidth": 238,
    "ProcedureStepDescription": "Weizmann_Dudai",
    "ProtocolName": "t1_mprage",
    "PulseSequenceDetails": "%SiemensSeq%_tfl",
    "ReceiveCoilName": "HeadMatrix",
    "ReconMatrixPE": 256,
    "RepetitionTime": 2.3,
    "SAR": 0.109399,
    "ScanOptions": "IR_PFP",
    "ScanningSequence": "GR_IR",
    "SequenceName": "_tfl3d1_ns",
    "SequenceVariant": "SP_MP",
    "SeriesDescription": "t1_mprage",
    "SeriesNumber": 7,
    "ShimSetting": [
      2364,
      9514,
      -5255,
      957,
      32,
      -735,
      143,
      -76
    ],
    "SliceThickness": 1,
    "SoftwareVersions": "syngo_MR_B17",
    "StationName": "MRC35149",
    "TxRefAmp": 294.192,
    "dataset": "ds001840",
    "modality": "T1w",
    "subject_id": "24"
  },
  "cjv": 0.3527316148334453,
  "cnr": 3.7925195200328705,
  "efc": 0.5676275205430514,
  "fber": 14379.643562901745,
  "fwhm_avg": 3.839143625789515,
  "fwhm_x": 3.766280877368545,
  "fwhm_y": 4.12281,
  "fwhm_z": 3.62834,
  "icvs_csf": 0.21967431946084992,
  "icvs_gm": 0.43062510137077964,
  "icvs_wm": 0.34970057916837044,
  "inu_med": 0.5457979440689087,
  "inu_range": 0.23639788031578057,
  "provenance": {
    "md5sum": "ecc7b563d0f82b5f39fe368efa1c26f6",
    "settings": {
      "testing": false
    },
    "software": "mriqc",
    "version": "22.0.6",
    "warnings": {
      "large_rot_frame": true,
      "small_air_mask": false
    },
    "webapi_port": null,
    "webapi_url": "https://mriqc.nimh.nih.gov/api/v1"
  },
  "qi_1": 0.0,
  "qi_2": 0.0036987683000367683,
  "rpve_csf": 23.64883594191889,
  "rpve_gm": 12.457203759368054,
  "rpve_wm": 17.506870847017492,
  "size_x": 176,
  "size_y": 256,
  "size_z": 256,
  "snr_csf": 1.991650293047803,
  "snr_gm": 9.48310649541347,
  "snr_total": 11.186219995775446,
  "snr_wm": 22.08390319886506,
  "snrd_csf": 24.73106588777236,
  "snrd_gm": 76.77264352436015,
  "snrd_total": 71.6868001762404,
  "snrd_wm": 113.55669111658867,
  "spacing_x": 0.9999944567680359,
  "spacing_y": 1.0,
  "spacing_z": 1.0,
  "summary_bg_k": 3.7688819935559312,
  "summary_bg_mad": 5.7692451087081915,
  "summary_bg_mean": 9.149037410912108,
  "summary_bg_median": 3.8912966921925545,
  "summary_bg_n": 1939611.0,
  "summary_bg_p05": 0.0,
  "summary_bg_p95": 35.559491723775864,
  "summary_bg_stdv": 12.739509467210034,
  "summary_csf_k": 1.128187310259424,
  "summary_csf_mad": 94.70004776001495,
  "summary_csf_mean": 230.15025524983483,
  "summary_csf_median": 217.7860685288906,
  "summary_csf_n": 42048.0,
  "summary_csf_p05": 72.14242611415683,
  "summary_csf_p95": 440.959842965752,
  "summary_csf_stdv": 109.34825232225998,
  "summary_gm_k": 0.08283928936071216,
  "summary_gm_mad": 70.30974323539496,
  "summary_gm_mean": 675.7325146876502,
  "summary_gm_median": 676.073254570365,
  "summary_gm_n": 41167.0,
  "summary_gm_p05": 556.971102886647,
  "summary_gm_p95": 792.369243517518,
  "summary_gm_stdv": 71.2915164980927,
  "summary_wm_k": 0.30348714784126996,
  "summary_wm_mad": 43.94945257609411,
  "summary_wm_mean": 999.9752566471238,
  "summary_wm_median": 999.9999767765403,
  "summary_wm_n": 215075.0,
  "summary_wm_p05": 925.9071568325162,
  "summary_wm_p95": 1074.4091623052955,
  "summary_wm_stdv": 45.28174403765976,
  "tpm_overlap_csf": 0.1517274766295046,
  "tpm_overlap_gm": 0.4619629210311746,
  "tpm_overlap_wm": 0.5107915986336422,
  "wm2max": 0.5981228830397184
}