{
  "aor": 0.0007368564920273348,
  "aqi": 0.005467565649202733,
  "bids_meta": {
    "AcquisitionMatrixPE": 72,
    "AcquisitionNumber": 1,
    "AcquisitionTime": "15:05:39.945000",
    "BandwidthPerPixelPhaseEncode": 28.935,
    "BaseResolution": 72,
    "ConversionSoftware": "dcm2niix",
    "ConversionSoftwareVersion": "v1.0.20171215 GCC4.4.7",
    "DerivedVendorReportedEchoSpacing": 0.000480003,
    "DeviceSerialNumber": "35149",
    "DwellTime": 2.9e-06,
    "EchoTime": 0.03,
    "EffectiveEchoSpacing": 0.000480003,
    "FlipAngle": 75,
    "ImageOrientationPatientDICOM": [
      0.997624,
      0.0445637,
      0.0525322,
      -0.0217911,
      0.927562,
      -0.373034
    ],
    "ImageType": "ORIGINALPRIMARYMNDMOSAIC",
    "InPlanePhaseEncodingDirectionDICOM": "COL",
    "InstitutionAddress": "Street_StreetNo_Rehovot_90B50C_District_IL_ZIP",
    "InstitutionName": "Weizmann",
    "InstitutionalDepartmentName": "Department",
    "MRAcquisitionType": "2D",
    "MagneticFieldStrength": 3,
    "Manufacturer": "Siemens",
    "ManufacturersModelName": "TrioTim",
    "Modality": "MR",
    "PartialFourier": 1,
    "PatientPosition": "HFS",
    "PercentPhaseFOV": 100,
    "PhaseEncodingDirection": "j-",
    "PhaseEncodingSteps": 72,
    "PhaseResolution": 1,
    "PixelBandwidth": 2395,
    "ProcedureStepDescription": "Weizmann_Dudai",
    "ProtocolName": "run4_mod",
    "PulseSequenceDetails": "%SiemensSeq%_ep2d_pace",
    "ReceiveCoilName": "HeadMatrix",
    "ReconMatrixPE": 72,
    "RepetitionTime": 2,
    "SAR": 0.129721,
    "ScanOptions": "FS",
    "ScanningSequence": "EP",
    "SequenceName": "_epfid2d1_72",
    "SequenceVariant": "SK",
    "SeriesDescription": "run4_mod",
    "SeriesNumber": 8,
    "ShimSetting": [
      2358,
      9528,
      -5610,
      789,
      -28,
      -1065,
      145,
      -28
    ],
    "SliceThickness": 4,
    "SliceTiming": [
      0.9925,
      0,
      1.055,
      0.0625,
      1.1175,
      0.1225,
      1.18,
      0.185,
      1.2425,
      0.2475,
      1.3025,
      0.31,
      1.365,
      0.3725,
      1.4275,
      0.435,
      1.49,
      0.495,
      1.5525,
      0.5575,
      1.615,
      0.62,
      1.6775,
      0.6825,
      1.7375,
      0.745,
      1.8,
      0.8075,
      1.8625,
      0.87,
      1.925,
      0.93
    ],
    "SoftwareVersions": "syngo_MR_B17",
    "SpacingBetweenSlices": 4,
    "StationName": "MRC35149",
    "TaskName": "viewclips",
    "TotalReadoutTime": 0.0340802,
    "TxRefAmp": 286.974,
    "VendorReportedEchoSpacing": 0.00048,
    "dataset": "ds001840",
    "modality": "bold",
    "run_id": 4,
    "subject_id": "31",
    "task_id": "viewclips"
  },
  "dummy_trs": 1,
  "dvars_nstd": 21.727210062146135,
  "dvars_std": 1.1583161637671227,
  "dvars_vstd": 0.9962747549086767,
  "efc": 0.5056146219651445,
  "fber": 1389.4866943359375,
  "fd_mean": 0.12040023959880292,
  "fd_num": 46,
  "fd_perc": 10.478359908883826,
  "fwhm_avg": 1.9700538754079142,
  "fwhm_x": 1.9623799999999998,
  "fwhm_y": 2.11534,
  "fwhm_z": 1.8324416262237424,
  "gcor": 0.0218114,
  "gsr_x": -0.01948419213294983,
  "gsr_y": 0.02826470322906971,
  "provenance": {
    "md5sum": "8442f1e69616ea21d9c3206b6251bd29",
    "settings": {
      "fd_thres": 0.2,
      "testing": false
    },
    "software": "mriqc",
    "version": "22.0.6",
    "webapi_port": null,
    "webapi_url": "https://mriqc.nimh.nih.gov/api/v1"
  },
  "size_t": 439,
  "size_x": 72,
  "size_y": 72,
  "size_z": 32,
  "snr": 5.204448160383188,
  "spacing_tr": 2.0,
  "spacing_x": 3.0,
  "spacing_y": 3.0,
  "spacing_z": 4.000001907348633,
  "summary_bg_k": 59.84776773664253,
  "summary_bg_mad": 4.760200892425781,
  "summary_bg_mean": 33.95286560058594,
  "summary_bg_median": 20.258543014526367,
  "summary_bg_n": 101822.0,
  "summary_bg_p05": 16.31435203552246,
  "summary_bg_p95": 96.52312850952144,
  "summary_bg_stdv": 39.7393684387207,
  "summary_fg_k": 0.9404683811593992,
  "summary_fg_mad": 136.15625516689985,
  "summary_fg_mean": 794.7700805664062,
  "summary_fg_median": 774.3826904296875,
  "summary_fg_n": 28641.0,
  "summary_fg_p05": 587.3758544921875,
  "summary_fg_p95": 1066.2119140625,
  "summary_fg_stdv": 148.7898712158203,
  "tsnr": 65.97808074904606
}