{
  "aor": 0.0007773348519362187,
  "aqi": 0.006805120820045559,
  "bids_meta": {
    "AcquisitionMatrixPE": 72,
    "AcquisitionNumber": 1,
    "AcquisitionTime": "14:17:57.780000",
    "BandwidthPerPixelPhaseEncode": 28.935,
    "BaseResolution": 72,
    "ConversionSoftware": "dcm2niix",
    "ConversionSoftwareVersion": "v1.0.20171215 GCC4.4.7",
    "DerivedVendorReportedEchoSpacing": 0.000480003,
    "DeviceSerialNumber": "35149",
    "DwellTime": 2.9e-06,
    "EchoTime": 0.03,
    "EffectiveEchoSpacing": 0.000480003,
    "FlipAngle": 75,
    "ImageOrientationPatientDICOM": [
      0.999767,
      0.021471,
      -0.00243295,
      -0.0210714,
      0.943779,
      -0.329906
    ],
    "ImageType": "ORIGINALPRIMARYMNDMOSAIC",
    "InPlanePhaseEncodingDirectionDICOM": "COL",
    "InstitutionAddress": "Street_StreetNo_Rehovot_90B50C_District_IL_ZIP",
    "InstitutionName": "Weizmann",
    "InstitutionalDepartmentName": "Department",
    "MRAcquisitionType": "2D",
    "MagneticFieldStrength": 3,
    "Manufacturer": "Siemens",
    "ManufacturersModelName": "TrioTim",
    "Modality": "MR",
    "PartialFourier": 1,
    "PatientPosition": "HFS",
    "PercentPhaseFOV": 100,
    "PhaseEncodingDirection": "j-",
    "PhaseEncodingSteps": 72,
    "PhaseResolution": 1,
    "PixelBandwidth": 2395,
    "ProcedureStepDescription": "Weizmann_Dudai",
    "ProtocolName": "run1_mod",
    "PulseSequenceDetails": "%SiemensSeq%_ep2d_pace",
    "ReceiveCoilName": "HeadMatrix",
    "ReconMatrixPE": 72,
    "RepetitionTime": 2,
    "SAR": 0.129721,
    "ScanOptions": "FS",
    "ScanningSequence": "EP",
    "SequenceName": "_epfid2d1_72",
    "SequenceVariant": "SK",
    "SeriesDescription": "run1_mod",
    "SeriesNumber": 3,
    "ShimSetting": [
      2360,
      9540,
      -5612,
      798,
      -20,
      -1020,
      139,
      -32
    ],
    "SliceThickness": 4,
    "SliceTiming": [
      0.9925,
      0,
      1.055,
      0.06,
      1.1175,
      0.1225,
      1.18,
      0.185,
      1.24,
      0.2475,
      1.3025,
      0.31,
      1.365,
      0.3725,
      1.4275,
      0.435,
      1.49,
      0.495,
      1.5525,
      0.5575,
      1.615,
      0.62,
      1.675,
      0.6825,
      1.7375,
      0.745,
      1.8,
      0.8075,
      1.8625,
      0.8675,
      1.925,
      0.93
    ],
    "SoftwareVersions": "syngo_MR_B17",
    "SpacingBetweenSlices": 4,
    "StationName": "MRC35149",
    "TaskName": "viewclips",
    "TotalReadoutTime": 0.0340802,
    "TxRefAmp": 286.974,
    "VendorReportedEchoSpacing": 0.00048,
    "dataset": "ds001840",
    "modality": "bold",
    "run_id": 1,
    "subject_id": "31",
    "task_id": "viewclips"
  },
  "dummy_trs": 1,
  "dvars_nstd": 19.899723374680377,
  "dvars_std": 1.0926442938127847,
  "dvars_vstd": 0.960272078607306,
  "efc": 0.4984752136148692,
  "fber": 1462.9375,
  "fd_mean": 0.09019298833267429,
  "fd_num": 15,
  "fd_perc": 3.416856492027335,
  "fwhm_avg": 2.031633093011762,
  "fwhm_x": 2.0295166666666664,
  "fwhm_y": 2.18015,
  "fwhm_z": 1.8852326123686203,
  "gcor": 0.0297698,
  "gsr_x": -0.01972229778766632,
  "gsr_y": 0.027438974007964134,
  "provenance": {
    "md5sum": "300da272dfd416e6eb7d8485e9ae9773",
    "settings": {
      "fd_thres": 0.2,
      "testing": false
    },
    "software": "mriqc",
    "version": "22.0.6",
    "webapi_port": null,
    "webapi_url": "https://mriqc.nimh.nih.gov/api/v1"
  },
  "size_t": 439,
  "size_x": 72,
  "size_y": 72,
  "size_z": 32,
  "snr": 5.028903702224693,
  "spacing_tr": 2.0,
  "spacing_x": 3.0,
  "spacing_y": 3.0,
  "spacing_z": 3.999999761581421,
  "summary_bg_k": 63.02509464146523,
  "summary_bg_mad": 5.157023099907613,
  "summary_bg_mean": 34.463134765625,
  "summary_bg_median": 20.717540740966797,
  "summary_bg_n": 102699.0,
  "summary_bg_p05": 16.31435203552246,
  "summary_bg_p95": 96.00934448242185,
  "summary_bg_stdv": 40.419063568115234,
  "summary_fg_k": 1.0431354804666046,
  "summary_fg_mad": 148.89515095615985,
  "summary_fg_mean": 834.3323974609375,
  "summary_fg_median": 813.9487915039062,
  "summary_fg_n": 27956.0,
  "summary_fg_p05": 609.5410308837891,
  "summary_fg_p95": 1126.7876281738281,
  "summary_fg_stdv": 161.85122680664062,
  "tsnr": 59.86891084164381
}