{
  "aor": 0.00021431506849315068,
  "aqi": 0.0029414383561643834,
  "bids_meta": {
    "AcquisitionMatrixPE": 72,
    "AcquisitionNumber": 1,
    "AcquisitionTime": "11:07:7.845000",
    "BandwidthPerPixelPhaseEncode": 28.935,
    "BaseResolution": 72,
    "ConversionSoftware": "dcm2niix",
    "ConversionSoftwareVersion": "v1.0.20171215 GCC4.4.7",
    "DerivedVendorReportedEchoSpacing": 0.000480003,
    "DeviceSerialNumber": "35149",
    "DwellTime": 2.9e-06,
    "EchoTime": 0.03,
    "EffectiveEchoSpacing": 0.000480003,
    "FlipAngle": 75,
    "ImageOrientationPatientDICOM": [
      0.999597,
      0.0177614,
      -0.0221472,
      -0.0236491,
      0.952548,
      -0.303469
    ],
    "ImageType": "ORIGINALPRIMARYMNDMOSAIC",
    "InPlanePhaseEncodingDirectionDICOM": "COL",
    "InstitutionAddress": "Street_StreetNo_Rehovot_90B50C_District_IL_ZIP",
    "InstitutionName": "Weizmann",
    "InstitutionalDepartmentName": "Department",
    "MRAcquisitionType": "2D",
    "MagneticFieldStrength": 3,
    "Manufacturer": "Siemens",
    "ManufacturersModelName": "TrioTim",
    "Modality": "MR",
    "PartialFourier": 1,
    "PatientPosition": "HFS",
    "PercentPhaseFOV": 100,
    "PhaseEncodingDirection": "j-",
    "PhaseEncodingSteps": 72,
    "PhaseResolution": 1,
    "PixelBandwidth": 2395,
    "ProcedureStepDescription": "Weizmann_Dudai",
    "ProtocolName": "run3_mod",
    "PulseSequenceDetails": "%SiemensSeq%_ep2d_pace",
    "ReceiveCoilName": "HeadMatrix",
    "ReconMatrixPE": 72,
    "RepetitionTime": 2,
    "SAR": 0.154691,
    "ScanOptions": "FS",
    "ScanningSequence": "EP",
    "SequenceName": "_epfid2d1_72",
    "SequenceVariant": "SK",
    "SeriesDescription": "run3_mod",
    "SeriesNumber": 5,
    "ShimSetting": [
      2370,
      9601,
      -5445,
      840,
      127,
      -536,
      254,
      -107
    ],
    "SliceThickness": 4,
    "SliceTiming": [
      0.995,
      0,
      1.0575,
      0.0625,
      1.1175,
      0.125,
      1.18,
      0.1875,
      1.2425,
      0.25,
      1.305,
      0.3125,
      1.3675,
      0.3725,
      1.43,
      0.435,
      1.4925,
      0.4975,
      1.5525,
      0.56,
      1.615,
      0.6225,
      1.6775,
      0.685,
      1.74,
      0.745,
      1.8025,
      0.8075,
      1.865,
      0.87,
      1.925,
      0.9325
    ],
    "SoftwareVersions": "syngo_MR_B17",
    "SpacingBetweenSlices": 4,
    "StationName": "MRC35149",
    "TaskName": "viewclips",
    "TotalReadoutTime": 0.0340802,
    "TxRefAmp": 290.414,
    "VendorReportedEchoSpacing": 0.00048,
    "dataset": "ds001840",
    "modality": "bold",
    "run_id": 3,
    "subject_id": "25",
    "task_id": "viewclips"
  },
  "dummy_trs": 2,
  "dvars_nstd": 20.235593180251705,
  "dvars_std": 1.1435578135469109,
  "dvars_vstd": 0.986331760549199,
  "efc": 0.5209720327880075,
  "fber": 1343.0137939453125,
  "fd_mean": 0.1000626018947754,
  "fd_num": 1,
  "fd_perc": 0.228310502283105,
  "fwhm_avg": 2.1086117887807925,
  "fwhm_x": 2.0989833333333334,
  "fwhm_y": 2.26815,
  "fwhm_z": 1.9587020330090443,
  "gcor": 0.0318856,
  "gsr_x": -0.019870121031999588,
  "gsr_y": 0.03483288735151291,
  "provenance": {
    "md5sum": "76c37f4ebf000b0428c69e23cfe9c75e",
    "settings": {
      "fd_thres": 0.2,
      "testing": false
    },
    "software": "mriqc",
    "version": "22.0.6",
    "webapi_port": null,
    "webapi_url": "https://mriqc.nimh.nih.gov/api/v1"
  },
  "size_t": 438,
  "size_x": 72,
  "size_y": 72,
  "size_z": 32,
  "snr": 4.3877772544994835,
  "spacing_tr": 2.0,
  "spacing_x": 3.0,
  "spacing_y": 3.0,
  "spacing_z": 4.000000953674316,
  "summary_bg_k": 28.694872462974523,
  "summary_bg_mad": 6.495691125145934,
  "summary_bg_mean": 38.52727127075195,
  "summary_bg_median": 22.442920684814453,
  "summary_bg_n": 97632.0,
  "summary_bg_p05": 17.70547866821289,
  "summary_bg_p95": 115.90033798217772,
  "summary_bg_stdv": 40.755104064941406,
  "summary_fg_k": 1.814041533181114,
  "summary_fg_mad": 159.42371704637088,
  "summary_fg_mean": 875.3446655273438,
  "summary_fg_median": 844.0090942382812,
  "summary_fg_n": 32093.0,
  "summary_fg_p05": 616.9803588867187,
  "summary_fg_p95": 1239.8811767578125,
  "summary_fg_stdv": 192.35159301757812,
  "tsnr": 81.02740052482113
}