{
  "aor": 0.00036006864988558356,
  "aqi": 0.0026091787871853544,
  "bids_meta": {
    "AcquisitionMatrixPE": 72,
    "AcquisitionNumber": 1,
    "AcquisitionTime": "10:50:41.150000",
    "BandwidthPerPixelPhaseEncode": 28.935,
    "BaseResolution": 72,
    "ConversionSoftware": "dcm2niix",
    "ConversionSoftwareVersion": "v1.0.20171215 GCC4.4.7",
    "DerivedVendorReportedEchoSpacing": 0.000480003,
    "DeviceSerialNumber": "35149",
    "DwellTime": 2.9e-06,
    "EchoTime": 0.03,
    "EffectiveEchoSpacing": 0.000480003,
    "FlipAngle": 75,
    "ImageOrientationPatientDICOM": [
      0.999597,
      0.0177614,
      -0.0221472,
      -0.0236491,
      0.952548,
      -0.303469
    ],
    "ImageType": "ORIGINALPRIMARYMNDMOSAIC",
    "InPlanePhaseEncodingDirectionDICOM": "COL",
    "InstitutionAddress": "Street_StreetNo_Rehovot_90B50C_District_IL_ZIP",
    "InstitutionName": "Weizmann",
    "InstitutionalDepartmentName": "Department",
    "MRAcquisitionType": "2D",
    "MagneticFieldStrength": 3,
    "Manufacturer": "Siemens",
    "ManufacturersModelName": "TrioTim",
    "Modality": "MR",
    "PartialFourier": 1,
    "PatientPosition": "HFS",
    "PercentPhaseFOV": 100,
    "PhaseEncodingDirection": "j-",
    "PhaseEncodingSteps": 72,
    "PhaseResolution": 1,
    "PixelBandwidth": 2395,
    "ProcedureStepDescription": "Weizmann_Dudai",
    "ProtocolName": "run2_mod",
    "PulseSequenceDetails": "%SiemensSeq%_ep2d_pace",
    "ReceiveCoilName": "HeadMatrix",
    "ReconMatrixPE": 72,
    "RepetitionTime": 2,
    "SAR": 0.154691,
    "ScanOptions": "FS",
    "ScanningSequence": "EP",
    "SequenceName": "_epfid2d1_72",
    "SequenceVariant": "SK",
    "SeriesDescription": "run2_mod",
    "SeriesNumber": 4,
    "ShimSetting": [
      2370,
      9601,
      -5445,
      840,
      127,
      -536,
      254,
      -107
    ],
    "SliceThickness": 4,
    "SliceTiming": [
      0.995,
      0,
      1.055,
      0.0625,
      1.1175,
      0.125,
      1.18,
      0.1875,
      1.2425,
      0.2475,
      1.305,
      0.31,
      1.3675,
      0.3725,
      1.43,
      0.435,
      1.49,
      0.4975,
      1.5525,
      0.56,
      1.615,
      0.6225,
      1.6775,
      0.6825,
      1.74,
      0.745,
      1.8025,
      0.8075,
      1.8625,
      0.87,
      1.925,
      0.9325
    ],
    "SoftwareVersions": "syngo_MR_B17",
    "SpacingBetweenSlices": 4,
    "StationName": "MRC35149",
    "TaskName": "viewclips",
    "TotalReadoutTime": 0.0340802,
    "TxRefAmp": 290.414,
    "VendorReportedEchoSpacing": 0.00048,
    "dataset": "ds001840",
    "modality": "bold",
    "run_id": 2,
    "subject_id": "25",
    "task_id": "viewclips"
  },
  "dummy_trs": 3,
  "dvars_nstd": 19.979578774908255,
  "dvars_std": 1.154332841811926,
  "dvars_vstd": 0.9971057480045875,
  "efc": 0.5206642691440074,
  "fber": 1352.7890625,
  "fd_mean": 0.09489100072580224,
  "fd_num": 3,
  "fd_perc": 0.6864988558352403,
  "fwhm_avg": 2.100838456495706,
  "fwhm_x": 2.0981566666666667,
  "fwhm_y": 2.2588466666666664,
  "fwhm_z": 1.9455120361537848,
  "gcor": 0.0421517,
  "gsr_x": -0.020005129277706146,
  "gsr_y": 0.035094622522592545,
  "provenance": {
    "md5sum": "c1465f23090f852a349c3b3596562183",
    "settings": {
      "fd_thres": 0.2,
      "testing": false
    },
    "software": "mriqc",
    "version": "22.0.6",
    "webapi_port": null,
    "webapi_url": "https://mriqc.nimh.nih.gov/api/v1"
  },
  "size_t": 437,
  "size_x": 72,
  "size_y": 72,
  "size_z": 32,
  "snr": 4.387400095823575,
  "spacing_tr": 2.0,
  "spacing_x": 3.0,
  "spacing_y": 3.0,
  "spacing_z": 4.000000953674316,
  "summary_bg_k": 30.13120285007875,
  "summary_bg_mad": 6.432525678378585,
  "summary_bg_mean": 38.150108337402344,
  "summary_bg_median": 22.329519271850586,
  "summary_bg_n": 97540.0,
  "summary_bg_p05": 17.629289627075195,
  "summary_bg_p95": 113.50846099853518,
  "summary_bg_stdv": 40.358070373535156,
  "summary_fg_k": 1.8742197852592355,
  "summary_fg_mad": 158.9895871548132,
  "summary_fg_mean": 873.5946655273438,
  "summary_fg_median": 842.8843994140625,
  "summary_fg_n": 32094.0,
  "summary_fg_p05": 615.7143859863281,
  "summary_fg_p95": 1240.5706787109373,
  "summary_fg_stdv": 192.11178588867188,
  "tsnr": 84.46620766725391
}