{
  "aor": 0.0002997711670480549,
  "aqi": 0.0031023719221967964,
  "bids_meta": {
    "AcquisitionMatrixPE": 72,
    "AcquisitionNumber": 1,
    "AcquisitionTime": "11:23:16.870000",
    "BandwidthPerPixelPhaseEncode": 28.935,
    "BaseResolution": 72,
    "ConversionSoftware": "dcm2niix",
    "ConversionSoftwareVersion": "v1.0.20171215 GCC4.4.7",
    "DerivedVendorReportedEchoSpacing": 0.000480003,
    "DeviceSerialNumber": "35149",
    "DwellTime": 2.9e-06,
    "EchoTime": 0.03,
    "EffectiveEchoSpacing": 0.000480003,
    "FlipAngle": 75,
    "ImageOrientationPatientDICOM": [
      0.999597,
      0.0177614,
      -0.0221472,
      -0.0236491,
      0.952548,
      -0.303469
    ],
    "ImageType": "ORIGINALPRIMARYMNDMOSAIC",
    "InPlanePhaseEncodingDirectionDICOM": "COL",
    "InstitutionAddress": "Street_StreetNo_Rehovot_90B50C_District_IL_ZIP",
    "InstitutionName": "Weizmann",
    "InstitutionalDepartmentName": "Department",
    "MRAcquisitionType": "2D",
    "MagneticFieldStrength": 3,
    "Manufacturer": "Siemens",
    "ManufacturersModelName": "TrioTim",
    "Modality": "MR",
    "PartialFourier": 1,
    "PatientPosition": "HFS",
    "PercentPhaseFOV": 100,
    "PhaseEncodingDirection": "j-",
    "PhaseEncodingSteps": 72,
    "PhaseResolution": 1,
    "PixelBandwidth": 2395,
    "ProcedureStepDescription": "Weizmann_Dudai",
    "ProtocolName": "run4_mod",
    "PulseSequenceDetails": "%SiemensSeq%_ep2d_pace",
    "ReceiveCoilName": "HeadMatrix",
    "ReconMatrixPE": 72,
    "RepetitionTime": 2,
    "SAR": 0.154691,
    "ScanOptions": "FS",
    "ScanningSequence": "EP",
    "SequenceName": "_epfid2d1_72",
    "SequenceVariant": "SK",
    "SeriesDescription": "run4_mod",
    "SeriesNumber": 6,
    "ShimSetting": [
      2370,
      9601,
      -5445,
      840,
      127,
      -536,
      254,
      -107
    ],
    "SliceThickness": 4,
    "SliceTiming": [
      0.995,
      0,
      1.0575,
      0.0625,
      1.1175,
      0.125,
      1.18,
      0.1875,
      1.2425,
      0.25,
      1.305,
      0.3125,
      1.3675,
      0.3725,
      1.43,
      0.435,
      1.4925,
      0.4975,
      1.5525,
      0.56,
      1.615,
      0.6225,
      1.6775,
      0.685,
      1.74,
      0.745,
      1.8025,
      0.8075,
      1.865,
      0.87,
      1.925,
      0.9325
    ],
    "SoftwareVersions": "syngo_MR_B17",
    "SpacingBetweenSlices": 4,
    "StationName": "MRC35149",
    "TaskName": "viewclips",
    "TotalReadoutTime": 0.0340802,
    "TxRefAmp": 290.414,
    "VendorReportedEchoSpacing": 0.00048,
    "dataset": "ds001840",
    "modality": "bold",
    "run_id": 4,
    "subject_id": "25",
    "task_id": "viewclips"
  },
  "dummy_trs": 3,
  "dvars_nstd": 20.911026889197252,
  "dvars_std": 1.1564280465596333,
  "dvars_vstd": 0.9903751646788992,
  "efc": 0.5211214510147819,
  "fber": 1346.1181640625,
  "fd_mean": 0.10958933242169551,
  "fd_num": 20,
  "fd_perc": 4.576659038901602,
  "fwhm_avg": 2.09486401113494,
  "fwhm_x": 2.0839266666666667,
  "fwhm_y": 2.2436233333333333,
  "fwhm_z": 1.957042033404819,
  "gcor": 0.0381166,
  "gsr_x": -0.01916656643152237,
  "gsr_y": 0.034603577107191086,
  "provenance": {
    "md5sum": "7551bce86a6b1cf7c211f64032a6990c",
    "settings": {
      "fd_thres": 0.2,
      "testing": false
    },
    "software": "mriqc",
    "version": "22.0.6",
    "webapi_port": null,
    "webapi_url": "https://mriqc.nimh.nih.gov/api/v1"
  },
  "size_t": 437,
  "size_x": 72,
  "size_y": 72,
  "size_z": 32,
  "snr": 4.39959014508887,
  "spacing_tr": 2.0,
  "spacing_x": 3.0,
  "spacing_y": 3.0,
  "spacing_z": 4.000000953674316,
  "summary_bg_k": 27.95220566917077,
  "summary_bg_mad": 6.471541377400348,
  "summary_bg_mean": 38.61262893676758,
  "summary_bg_median": 22.42333984375,
  "summary_bg_n": 97752.0,
  "summary_bg_p05": 17.69565200805664,
  "summary_bg_p95": 116.58237457275384,
  "summary_bg_stdv": 40.88848114013672,
  "summary_fg_k": 1.787431314778499,
  "summary_fg_mad": 158.11594316564316,
  "summary_fg_mean": 874.0424194335938,
  "summary_fg_median": 842.6109619140625,
  "summary_fg_n": 32113.0,
  "summary_fg_p05": 616.3656616210938,
  "summary_fg_p95": 1238.8150390624999,
  "summary_fg_stdv": 191.51734924316406,
  "tsnr": 78.43258441612124
}