{
  "aor": 0.0005600454545454546,
  "aqi": 0.009929256136363637,
  "bids_meta": {
    "AcquisitionMatrixPE": 72,
    "AcquisitionNumber": 1,
    "AcquisitionTime": "11:16:24.090000",
    "BandwidthPerPixelPhaseEncode": 28.935,
    "BaseResolution": 72,
    "ConversionSoftware": "dcm2niix",
    "ConversionSoftwareVersion": "v1.0.20171215 GCC4.4.7",
    "DerivedVendorReportedEchoSpacing": 0.000480003,
    "DeviceSerialNumber": "35149",
    "DwellTime": 2.9e-06,
    "EchoTime": 0.03,
    "EffectiveEchoSpacing": 0.000480003,
    "FlipAngle": 75,
    "ImageOrientationPatientDICOM": [
      0.997754,
      -0.0628181,
      0.0232597,
      0.0646127,
      0.810911,
      -0.581592
    ],
    "ImageType": "ORIGINALPRIMARYMNDMOSAIC",
    "InPlanePhaseEncodingDirectionDICOM": "COL",
    "InstitutionAddress": "Street_StreetNo_Rehovot_E1B90C_District_IL_ZIP",
    "InstitutionName": "Weizmann",
    "InstitutionalDepartmentName": "Department",
    "MRAcquisitionType": "2D",
    "MagneticFieldStrength": 3,
    "Manufacturer": "Siemens",
    "ManufacturersModelName": "TrioTim",
    "Modality": "MR",
    "PartialFourier": 1,
    "PatientPosition": "HFS",
    "PercentPhaseFOV": 100,
    "PhaseEncodingDirection": "j-",
    "PhaseEncodingSteps": 72,
    "PhaseResolution": 1,
    "PixelBandwidth": 2395,
    "ProcedureStepDescription": "Weizmann_Dudai",
    "ProtocolName": "run1_mod",
    "PulseSequenceDetails": "%SiemensSeq%_ep2d_pace",
    "ReceiveCoilName": "HeadMatrix",
    "ReconMatrixPE": 72,
    "RepetitionTime": 2,
    "SAR": 0.168277,
    "ScanOptions": "FS",
    "ScanningSequence": "EP",
    "SequenceName": "_epfid2d1_72",
    "SequenceVariant": "SK",
    "SeriesDescription": "run1_mod",
    "SeriesNumber": 3,
    "ShimSetting": [
      2271,
      9603,
      -5323,
      1118,
      -67,
      -270,
      -43,
      -20
    ],
    "SliceThickness": 4,
    "SliceTiming": [
      0.995,
      0,
      1.0575,
      0.0625,
      1.12,
      0.125,
      1.18,
      0.1875,
      1.2425,
      0.25,
      1.305,
      0.3125,
      1.3675,
      0.3725,
      1.43,
      0.435,
      1.4925,
      0.4975,
      1.555,
      0.56,
      1.615,
      0.6225,
      1.6775,
      0.685,
      1.74,
      0.7475,
      1.8025,
      0.8075,
      1.865,
      0.87,
      1.9275,
      0.9325
    ],
    "SoftwareVersions": "syngo_MR_B17",
    "SpacingBetweenSlices": 4,
    "StationName": "MRC35149",
    "TaskName": "viewclips",
    "TotalReadoutTime": 0.0340802,
    "TxRefAmp": 317.825,
    "VendorReportedEchoSpacing": 0.00048,
    "dataset": "ds001840",
    "modality": "bold",
    "run_id": 1,
    "subject_id": "08",
    "task_id": "viewclips"
  },
  "dummy_trs": 0,
  "dvars_nstd": 22.78792691494306,
  "dvars_std": 1.114557594168565,
  "dvars_vstd": 0.9444888287015937,
  "efc": 0.5285829863098954,
  "fber": 1090.197509765625,
  "fd_mean": 0.09851221022919779,
  "fd_num": 14,
  "fd_perc": 3.1818181818181817,
  "fwhm_avg": 2.1509672656862153,
  "fwhm_x": 2.07484,
  "fwhm_y": 2.3569833333333334,
  "fwhm_z": 2.021078463725311,
  "gcor": 0.0452374,
  "gsr_x": -0.029174013063311577,
  "gsr_y": 0.03809471055865288,
  "provenance": {
    "md5sum": "816251374c3ab0fb8d4621903eb06658",
    "settings": {
      "fd_thres": 0.2,
      "testing": false
    },
    "software": "mriqc",
    "version": "22.0.6",
    "webapi_port": null,
    "webapi_url": "https://mriqc.nimh.nih.gov/api/v1"
  },
  "size_t": 440,
  "size_x": 72,
  "size_y": 72,
  "size_z": 32,
  "snr": 5.446856282633467,
  "spacing_tr": 2.0,
  "spacing_x": 3.0,
  "spacing_y": 3.0,
  "spacing_z": 3.999998092651367,
  "summary_bg_k": 19.19022109626108,
  "summary_bg_mad": 5.832692886510848,
  "summary_bg_mean": 40.99987030029297,
  "summary_bg_median": 21.89090919494629,
  "summary_bg_n": 100892.0,
  "summary_bg_p05": 17.581817626953125,
  "summary_bg_p95": 134.28090515136714,
  "summary_bg_stdv": 48.516387939453125,
  "summary_fg_k": 1.1493124189253416,
  "summary_fg_mad": 126.71529869974907,
  "summary_fg_mean": 755.4407958984375,
  "summary_fg_median": 747.736328125,
  "summary_fg_n": 29674.0,
  "summary_fg_p05": 552.5188446044922,
  "summary_fg_p95": 992.8576019287109,
  "summary_fg_stdv": 137.2761993408203,
  "tsnr": 52.986984215676785
}