{
  "aor": 0.0008846013667425968,
  "aqi": 0.00773151749430524,
  "bids_meta": {
    "AcquisitionMatrixPE": 72,
    "AcquisitionNumber": 1,
    "AcquisitionTime": "11:50:53.255000",
    "BandwidthPerPixelPhaseEncode": 28.935,
    "BaseResolution": 72,
    "ConversionSoftware": "dcm2niix",
    "ConversionSoftwareVersion": "v1.0.20171215 GCC4.4.7",
    "DerivedVendorReportedEchoSpacing": 0.000480003,
    "DeviceSerialNumber": "35149",
    "DwellTime": 2.9e-06,
    "EchoTime": 0.03,
    "EffectiveEchoSpacing": 0.000480003,
    "FlipAngle": 75,
    "ImageOrientationPatientDICOM": [
      0.998332,
      -0.0577137,
      0.00168328,
      0.0485761,
      0.823796,
      -0.564801
    ],
    "ImageType": "ORIGINALPRIMARYMNDMOSAIC",
    "InPlanePhaseEncodingDirectionDICOM": "COL",
    "InstitutionAddress": "Street_StreetNo_Rehovot_E1B90C_District_IL_ZIP",
    "InstitutionName": "Weizmann",
    "InstitutionalDepartmentName": "Department",
    "MRAcquisitionType": "2D",
    "MagneticFieldStrength": 3,
    "Manufacturer": "Siemens",
    "ManufacturersModelName": "TrioTim",
    "Modality": "MR",
    "PartialFourier": 1,
    "PatientPosition": "HFS",
    "PercentPhaseFOV": 100,
    "PhaseEncodingDirection": "j-",
    "PhaseEncodingSteps": 72,
    "PhaseResolution": 1,
    "PixelBandwidth": 2395,
    "ProcedureStepDescription": "Weizmann_Dudai",
    "ProtocolName": "run3_mod",
    "PulseSequenceDetails": "%SiemensSeq%_ep2d_pace",
    "ReceiveCoilName": "HeadMatrix",
    "ReconMatrixPE": 72,
    "RepetitionTime": 2,
    "SAR": 0.168277,
    "ScanOptions": "FS",
    "ScanningSequence": "EP",
    "SequenceName": "_epfid2d1_72",
    "SequenceVariant": "SK",
    "SeriesDescription": "run3_mod",
    "SeriesNumber": 7,
    "ShimSetting": [
      2272,
      9589,
      -5334,
      1097,
      -65,
      -323,
      -18,
      -21
    ],
    "SliceThickness": 4,
    "SliceTiming": [
      0.9925,
      0,
      1.055,
      0.0625,
      1.1175,
      0.1225,
      1.18,
      0.185,
      1.2425,
      0.2475,
      1.3025,
      0.31,
      1.365,
      0.3725,
      1.4275,
      0.435,
      1.49,
      0.4975,
      1.5525,
      0.5575,
      1.615,
      0.62,
      1.6775,
      0.6825,
      1.7375,
      0.745,
      1.8,
      0.8075,
      1.8625,
      0.87,
      1.925,
      0.93
    ],
    "SoftwareVersions": "syngo_MR_B17",
    "SpacingBetweenSlices": 4,
    "StationName": "MRC35149",
    "TaskName": "viewclips",
    "TotalReadoutTime": 0.0340802,
    "TxRefAmp": 317.825,
    "VendorReportedEchoSpacing": 0.00048,
    "dataset": "ds001840",
    "modality": "bold",
    "run_id": 3,
    "subject_id": "08",
    "task_id": "viewclips"
  },
  "dummy_trs": 1,
  "dvars_nstd": 23.31880562013698,
  "dvars_std": 1.1483943945433794,
  "dvars_vstd": 0.9923163365068489,
  "efc": 0.5309405126776687,
  "fber": 1092.3167724609375,
  "fd_mean": 0.16188666973748742,
  "fd_num": 96,
  "fd_perc": 21.867881548974943,
  "fwhm_avg": 2.090424876844456,
  "fwhm_x": 2.0174133333333333,
  "fwhm_y": 2.308263333333333,
  "fwhm_z": 1.945597963866702,
  "gcor": 0.0644576,
  "gsr_x": -0.029973512515425682,
  "gsr_y": 0.03793095797300339,
  "provenance": {
    "md5sum": "da17d5eed86c38d784d326b08bc0722c",
    "settings": {
      "fd_thres": 0.2,
      "testing": false
    },
    "software": "mriqc",
    "version": "22.0.6",
    "webapi_port": null,
    "webapi_url": "https://mriqc.nimh.nih.gov/api/v1"
  },
  "size_t": 439,
  "size_x": 72,
  "size_y": 72,
  "size_z": 32,
  "snr": 5.577622253162809,
  "spacing_tr": 2.0,
  "spacing_x": 3.0,
  "spacing_y": 3.0,
  "spacing_z": 3.9999990463256836,
  "summary_bg_k": 17.775608403161836,
  "summary_bg_mad": 5.751415128934309,
  "summary_bg_mean": 40.76190185546875,
  "summary_bg_median": 21.257404327392578,
  "summary_bg_n": 100854.0,
  "summary_bg_p05": 16.844305229187015,
  "summary_bg_p95": 138.1383888244628,
  "summary_bg_stdv": 49.06071472167969,
  "summary_fg_k": 1.0890888704645043,
  "summary_fg_mad": 122.01239831535241,
  "summary_fg_mean": 732.3843383789062,
  "summary_fg_median": 726.05810546875,
  "summary_fg_n": 29712.0,
  "summary_fg_p05": 537.9829376220704,
  "summary_fg_p95": 955.60608215332,
  "summary_fg_stdv": 130.1712188720703,
  "tsnr": 57.431928142905235
}