{
  "aor": 0.002663530751708428,
  "aqi": 0.009726063485193623,
  "bids_meta": {
    "AcquisitionMatrixPE": 72,
    "AcquisitionNumber": 1,
    "AcquisitionTime": "11:11:33.290000",
    "BandwidthPerPixelPhaseEncode": 28.935,
    "BaseResolution": 72,
    "ConversionSoftware": "dcm2niix",
    "ConversionSoftwareVersion": "v1.0.20171215 GCC4.4.7",
    "DerivedVendorReportedEchoSpacing": 0.000480003,
    "DeviceSerialNumber": "35149",
    "DwellTime": 2.9e-06,
    "EchoTime": 0.03,
    "EffectiveEchoSpacing": 0.000480003,
    "FlipAngle": 75,
    "ImageOrientationPatientDICOM": [
      0.997601,
      0.0667959,
      -0.0181892,
      -0.0685694,
      0.917233,
      -0.392406
    ],
    "ImageType": "ORIGINALPRIMARYMNDMOSAIC",
    "InPlanePhaseEncodingDirectionDICOM": "COL",
    "InstitutionAddress": "Street_StreetNo_Rehovot_E1B90C_District_IL_ZIP",
    "InstitutionName": "Weizmann",
    "InstitutionalDepartmentName": "Department",
    "MRAcquisitionType": "2D",
    "MagneticFieldStrength": 3,
    "Manufacturer": "Siemens",
    "ManufacturersModelName": "TrioTim",
    "Modality": "MR",
    "PartialFourier": 1,
    "PatientPosition": "HFS",
    "PercentPhaseFOV": 100,
    "PhaseEncodingDirection": "j-",
    "PhaseEncodingSteps": 72,
    "PhaseResolution": 1,
    "PixelBandwidth": 2395,
    "ProcedureStepDescription": "Weizmann_Dudai",
    "ProtocolName": "run2_mod",
    "PulseSequenceDetails": "%SiemensSeq%_ep2d_pace",
    "ReceiveCoilName": "HeadMatrix",
    "ReconMatrixPE": 72,
    "RepetitionTime": 2,
    "SAR": 0.149886,
    "ScanOptions": "FS",
    "ScanningSequence": "EP",
    "SequenceName": "_epfid2d1_72",
    "SequenceVariant": "SK",
    "SeriesDescription": "run2_mod",
    "SeriesNumber": 4,
    "ShimSetting": [
      2322,
      9428,
      -5440,
      553,
      57,
      -868,
      441,
      -75
    ],
    "SliceThickness": 4,
    "SliceTiming": [
      0.995,
      0,
      1.0575,
      0.0625,
      1.1175,
      0.125,
      1.18,
      0.1875,
      1.2425,
      0.25,
      1.305,
      0.31,
      1.3675,
      0.3725,
      1.43,
      0.435,
      1.49,
      0.4975,
      1.5525,
      0.56,
      1.615,
      0.6225,
      1.6775,
      0.685,
      1.74,
      0.745,
      1.8025,
      0.8075,
      1.865,
      0.87,
      1.925,
      0.9325
    ],
    "SoftwareVersions": "syngo_MR_B17",
    "SpacingBetweenSlices": 4,
    "StationName": "MRC35149",
    "TaskName": "viewclips",
    "TotalReadoutTime": 0.0340802,
    "TxRefAmp": 311.845,
    "VendorReportedEchoSpacing": 0.00048,
    "dataset": "ds001840",
    "modality": "bold",
    "run_id": 2,
    "subject_id": "12",
    "task_id": "viewclips"
  },
  "dummy_trs": 1,
  "dvars_nstd": 21.536481713835627,
  "dvars_std": 1.0693198086073055,
  "dvars_vstd": 1.0181051149999996,
  "efc": 0.5308413161312555,
  "fber": 946.8599853515625,
  "fd_mean": 0.18706275805167003,
  "fd_num": 121,
  "fd_perc": 27.5626423690205,
  "fwhm_avg": 1.969720036230288,
  "fwhm_x": 1.9533966666666667,
  "fwhm_y": 2.132233333333333,
  "fwhm_z": 1.8235301086908644,
  "gcor": 0.0628162,
  "gsr_x": -0.02242346853017807,
  "gsr_y": 0.024867767468094826,
  "provenance": {
    "md5sum": "29ce7c689fbd30fb99e418d7d7c8877f",
    "settings": {
      "fd_thres": 0.2,
      "testing": false
    },
    "software": "mriqc",
    "version": "22.0.6",
    "webapi_port": null,
    "webapi_url": "https://mriqc.nimh.nih.gov/api/v1"
  },
  "size_t": 439,
  "size_x": 72,
  "size_y": 72,
  "size_z": 32,
  "snr": 6.213647911825446,
  "spacing_tr": 2.0,
  "spacing_x": 3.0,
  "spacing_y": 3.0,
  "spacing_z": 3.999999761581421,
  "summary_bg_k": 24.89593784572734,
  "summary_bg_mad": 5.146893779483177,
  "summary_bg_mean": 37.11433410644531,
  "summary_bg_median": 21.6446475982666,
  "summary_bg_n": 100877.0,
  "summary_bg_p05": 17.656036376953125,
  "summary_bg_p95": 108.3075180053711,
  "summary_bg_stdv": 42.81232452392578,
  "summary_fg_k": 1.5476298649326994,
  "summary_fg_mad": 96.71364289951029,
  "summary_fg_mean": 691.3052978515625,
  "summary_fg_median": 684.0592651367188,
  "summary_fg_n": 29757.0,
  "summary_fg_p05": 527.2241821289062,
  "summary_fg_p95": 882.1590332031249,
  "summary_fg_stdv": 110.08795166015625,
  "tsnr": 54.65402691584313
}