{
  "aor": 0.002424214123006834,
  "aqi": 0.010577293052391799,
  "bids_meta": {
    "AcquisitionMatrixPE": 72,
    "AcquisitionNumber": 1,
    "AcquisitionTime": "10:55:40.392500",
    "BandwidthPerPixelPhaseEncode": 28.935,
    "BaseResolution": 72,
    "ConversionSoftware": "dcm2niix",
    "ConversionSoftwareVersion": "v1.0.20171215 GCC4.4.7",
    "DerivedVendorReportedEchoSpacing": 0.000480003,
    "DeviceSerialNumber": "35149",
    "DwellTime": 2.9e-06,
    "EchoTime": 0.03,
    "EffectiveEchoSpacing": 0.000480003,
    "FlipAngle": 75,
    "ImageOrientationPatientDICOM": [
      0.997601,
      0.0667959,
      -0.0181892,
      -0.0685694,
      0.917233,
      -0.392406
    ],
    "ImageType": "ORIGINALPRIMARYMNDMOSAIC",
    "InPlanePhaseEncodingDirectionDICOM": "COL",
    "InstitutionAddress": "Street_StreetNo_Rehovot_E1B90C_District_IL_ZIP",
    "InstitutionName": "Weizmann",
    "InstitutionalDepartmentName": "Department",
    "MRAcquisitionType": "2D",
    "MagneticFieldStrength": 3,
    "Manufacturer": "Siemens",
    "ManufacturersModelName": "TrioTim",
    "Modality": "MR",
    "PartialFourier": 1,
    "PatientPosition": "HFS",
    "PercentPhaseFOV": 100,
    "PhaseEncodingDirection": "j-",
    "PhaseEncodingSteps": 72,
    "PhaseResolution": 1,
    "PixelBandwidth": 2395,
    "ProcedureStepDescription": "Weizmann_Dudai",
    "ProtocolName": "run1_mod",
    "PulseSequenceDetails": "%SiemensSeq%_ep2d_pace",
    "ReceiveCoilName": "HeadMatrix",
    "ReconMatrixPE": 72,
    "RepetitionTime": 2,
    "SAR": 0.149886,
    "ScanOptions": "FS",
    "ScanningSequence": "EP",
    "SequenceName": "_epfid2d1_72",
    "SequenceVariant": "SK",
    "SeriesDescription": "run1_mod",
    "SeriesNumber": 3,
    "ShimSetting": [
      2322,
      9428,
      -5440,
      553,
      57,
      -868,
      441,
      -75
    ],
    "SliceThickness": 4,
    "SliceTiming": [
      0.995,
      0,
      1.0575,
      0.0625,
      1.12,
      0.125,
      1.18,
      0.1875,
      1.2425,
      0.25,
      1.305,
      0.3125,
      1.3675,
      0.375,
      1.43,
      0.435,
      1.4925,
      0.4975,
      1.555,
      0.56,
      1.615,
      0.6225,
      1.6775,
      0.685,
      1.74,
      0.7475,
      1.8025,
      0.8075,
      1.865,
      0.87,
      1.9275,
      0.9325
    ],
    "SoftwareVersions": "syngo_MR_B17",
    "SpacingBetweenSlices": 4,
    "StationName": "MRC35149",
    "TaskName": "viewclips",
    "TotalReadoutTime": 0.0340802,
    "TxRefAmp": 311.845,
    "VendorReportedEchoSpacing": 0.00048,
    "dataset": "ds001840",
    "modality": "bold",
    "run_id": 1,
    "subject_id": "12",
    "task_id": "viewclips"
  },
  "dummy_trs": 1,
  "dvars_nstd": 23.421884641301354,
  "dvars_std": 1.0762907197031963,
  "dvars_vstd": 1.0096468634703195,
  "efc": 0.5304878193384063,
  "fber": 932.3871459960938,
  "fd_mean": 0.2300123573154115,
  "fd_num": 141,
  "fd_perc": 32.11845102505695,
  "fwhm_avg": 1.9780555921635383,
  "fwhm_x": 1.9673033333333334,
  "fwhm_y": 2.1243233333333333,
  "fwhm_z": 1.842540109823949,
  "gcor": 0.0731302,
  "gsr_x": -0.022629674524068832,
  "gsr_y": 0.025941886007785797,
  "provenance": {
    "md5sum": "b138d43746a4f209c6777882c018980f",
    "settings": {
      "fd_thres": 0.2,
      "testing": false
    },
    "software": "mriqc",
    "version": "22.0.6",
    "webapi_port": null,
    "webapi_url": "https://mriqc.nimh.nih.gov/api/v1"
  },
  "size_t": 439,
  "size_x": 72,
  "size_y": 72,
  "size_z": 32,
  "snr": 6.2488537019002175,
  "spacing_tr": 2.0,
  "spacing_x": 3.0,
  "spacing_y": 3.0,
  "spacing_z": 3.999999761581421,
  "summary_bg_k": 24.69582697487637,
  "summary_bg_mad": 5.3461489932594635,
  "summary_bg_mean": 36.78147888183594,
  "summary_bg_median": 21.60364532470703,
  "summary_bg_n": 100942.0,
  "summary_bg_p05": 17.330297470092773,
  "summary_bg_p95": 106.23223915100097,
  "summary_bg_stdv": 42.14712905883789,
  "summary_fg_k": 1.449685457004712,
  "summary_fg_mad": 95.15168019848336,
  "summary_fg_mean": 685.3845825195312,
  "summary_fg_median": 678.227783203125,
  "summary_fg_n": 29676.0,
  "summary_fg_p05": 522.7244110107422,
  "summary_fg_p95": 875.5735015869141,
  "summary_fg_stdv": 108.5345230102539,
  "tsnr": 51.55532576900441
}