{
  "aor": 0.004024054669703873,
  "aqi": 0.012541130797266516,
  "bids_meta": {
    "AcquisitionMatrixPE": 72,
    "AcquisitionNumber": 1,
    "AcquisitionTime": "11:44:56.917500",
    "BandwidthPerPixelPhaseEncode": 28.935,
    "BaseResolution": 72,
    "ConversionSoftware": "dcm2niix",
    "ConversionSoftwareVersion": "v1.0.20171215 GCC4.4.7",
    "DerivedVendorReportedEchoSpacing": 0.000480003,
    "DeviceSerialNumber": "35149",
    "DwellTime": 2.9e-06,
    "EchoTime": 0.03,
    "EffectiveEchoSpacing": 0.000480003,
    "FlipAngle": 75,
    "ImageOrientationPatientDICOM": [
      0.997601,
      0.0667959,
      -0.0181892,
      -0.0685694,
      0.917233,
      -0.392406
    ],
    "ImageType": "ORIGINALPRIMARYMNDMOSAIC",
    "InPlanePhaseEncodingDirectionDICOM": "COL",
    "InstitutionAddress": "Street_StreetNo_Rehovot_E1B90C_District_IL_ZIP",
    "InstitutionName": "Weizmann",
    "InstitutionalDepartmentName": "Department",
    "MRAcquisitionType": "2D",
    "MagneticFieldStrength": 3,
    "Manufacturer": "Siemens",
    "ManufacturersModelName": "TrioTim",
    "Modality": "MR",
    "PartialFourier": 1,
    "PatientPosition": "HFS",
    "PercentPhaseFOV": 100,
    "PhaseEncodingDirection": "j-",
    "PhaseEncodingSteps": 72,
    "PhaseResolution": 1,
    "PixelBandwidth": 2395,
    "ProcedureStepDescription": "Weizmann_Dudai",
    "ProtocolName": "run4_mod",
    "PulseSequenceDetails": "%SiemensSeq%_ep2d_pace",
    "ReceiveCoilName": "HeadMatrix",
    "ReconMatrixPE": 72,
    "RepetitionTime": 2,
    "SAR": 0.149886,
    "ScanOptions": "FS",
    "ScanningSequence": "EP",
    "SequenceName": "_epfid2d1_72",
    "SequenceVariant": "SK",
    "SeriesDescription": "run4_mod",
    "SeriesNumber": 6,
    "ShimSetting": [
      2322,
      9428,
      -5440,
      553,
      57,
      -868,
      441,
      -75
    ],
    "SliceThickness": 4,
    "SliceTiming": [
      0.995,
      0,
      1.0575,
      0.0625,
      1.1175,
      0.125,
      1.18,
      0.1875,
      1.2425,
      0.25,
      1.305,
      0.31,
      1.3675,
      0.3725,
      1.43,
      0.435,
      1.49,
      0.4975,
      1.5525,
      0.56,
      1.615,
      0.6225,
      1.6775,
      0.6825,
      1.74,
      0.745,
      1.8025,
      0.8075,
      1.865,
      0.87,
      1.925,
      0.9325
    ],
    "SoftwareVersions": "syngo_MR_B17",
    "SpacingBetweenSlices": 4,
    "StationName": "MRC35149",
    "TaskName": "viewclips",
    "TotalReadoutTime": 0.0340802,
    "TxRefAmp": 311.845,
    "VendorReportedEchoSpacing": 0.00048,
    "dataset": "ds001840",
    "modality": "bold",
    "run_id": 4,
    "subject_id": "12",
    "task_id": "viewclips"
  },
  "dummy_trs": 1,
  "dvars_nstd": 28.34225814417808,
  "dvars_std": 1.1231915100456626,
  "dvars_vstd": 1.027169514634704,
  "efc": 0.5319534744947627,
  "fber": 924.2255249023438,
  "fd_mean": 0.38945504225575417,
  "fd_num": 255,
  "fd_perc": 58.086560364464695,
  "fwhm_avg": 1.9570355919235307,
  "fwhm_x": 1.9387400000000001,
  "fwhm_y": 2.101906666666667,
  "fwhm_z": 1.8304601091039245,
  "gcor": 0.0412726,
  "gsr_x": -0.022659150883555412,
  "gsr_y": 0.025283800438046455,
  "provenance": {
    "md5sum": "840749240d9568fd48449b4a776eddc7",
    "settings": {
      "fd_thres": 0.2,
      "testing": false
    },
    "software": "mriqc",
    "version": "22.0.6",
    "webapi_port": null,
    "webapi_url": "https://mriqc.nimh.nih.gov/api/v1"
  },
  "size_t": 439,
  "size_x": 72,
  "size_y": 72,
  "size_z": 32,
  "snr": 6.384016893026652,
  "spacing_tr": 2.0,
  "spacing_x": 3.0,
  "spacing_y": 3.0,
  "spacing_z": 3.999999761581421,
  "summary_bg_k": 23.520760498132272,
  "summary_bg_mad": 5.281982491374793,
  "summary_bg_mean": 37.8776969909668,
  "summary_bg_median": 21.93849754333496,
  "summary_bg_n": 101147.0,
  "summary_bg_p05": 18.036447525024414,
  "summary_bg_p95": 112.84556350708004,
  "summary_bg_stdv": 43.688232421875,
  "summary_fg_k": 1.2969046255253884,
  "summary_fg_mad": 94.4576153171395,
  "summary_fg_mean": 691.70703125,
  "summary_fg_median": 685.190185546875,
  "summary_fg_n": 29750.0,
  "summary_fg_p05": 529.7340789794922,
  "summary_fg_p95": 878.5357971191406,
  "summary_fg_stdv": 107.32720184326172,
  "tsnr": 48.901515863486566
}