{
  "aor": 0.0026316894977168946,
  "aqi": 0.008910049885844748,
  "bids_meta": {
    "AcquisitionMatrixPE": 72,
    "AcquisitionNumber": 1,
    "AcquisitionTime": "15:55:55.040000",
    "BandwidthPerPixelPhaseEncode": 28.935,
    "BaseResolution": 72,
    "ConversionSoftware": "dcm2niix",
    "ConversionSoftwareVersion": "v1.0.20171215 GCC4.4.7",
    "DerivedVendorReportedEchoSpacing": 0.000480003,
    "DeviceSerialNumber": "35149",
    "DwellTime": 2.9e-06,
    "EchoTime": 0.03,
    "EffectiveEchoSpacing": 0.000480003,
    "FlipAngle": 75,
    "ImageOrientationPatientDICOM": [
      0.999772,
      -0.0187255,
      0.0103043,
      0.0205057,
      0.976328,
      -0.215321
    ],
    "ImageType": "ORIGINALPRIMARYMNDMOSAIC",
    "InPlanePhaseEncodingDirectionDICOM": "COL",
    "InstitutionAddress": "Street_StreetNo_Rehovot_90B50C_District_IL_ZIP",
    "InstitutionName": "Weizmann",
    "InstitutionalDepartmentName": "Department",
    "MRAcquisitionType": "2D",
    "MagneticFieldStrength": 3,
    "Manufacturer": "Siemens",
    "ManufacturersModelName": "TrioTim",
    "Modality": "MR",
    "PartialFourier": 1,
    "PatientPosition": "HFS",
    "PercentPhaseFOV": 100,
    "PhaseEncodingDirection": "j-",
    "PhaseEncodingSteps": 72,
    "PhaseResolution": 1,
    "PixelBandwidth": 2395,
    "ProcedureStepDescription": "Weizmann_Dudai",
    "ProtocolName": "run4_mod",
    "PulseSequenceDetails": "%SiemensSeq%_ep2d_pace",
    "ReceiveCoilName": "HeadMatrix",
    "ReconMatrixPE": 72,
    "RepetitionTime": 2,
    "SAR": 0.115086,
    "ScanOptions": "FS",
    "ScanningSequence": "EP",
    "SequenceName": "_epfid2d1_72",
    "SequenceVariant": "SK",
    "SeriesDescription": "run4_mod",
    "SeriesNumber": 6,
    "ShimSetting": [
      2363,
      9561,
      -5300,
      1172,
      12,
      -1024,
      313,
      -81
    ],
    "SliceThickness": 4,
    "SliceTiming": [
      0.995,
      0,
      1.055,
      0.0625,
      1.1175,
      0.125,
      1.18,
      0.1875,
      1.2425,
      0.2475,
      1.305,
      0.31,
      1.3675,
      0.3725,
      1.4275,
      0.435,
      1.49,
      0.4975,
      1.5525,
      0.56,
      1.615,
      0.6225,
      1.6775,
      0.6825,
      1.74,
      0.745,
      1.8025,
      0.8075,
      1.8625,
      0.87,
      1.925,
      0.9325
    ],
    "SoftwareVersions": "syngo_MR_B17",
    "SpacingBetweenSlices": 4,
    "StationName": "MRC35149",
    "TaskName": "viewclips",
    "TotalReadoutTime": 0.0340802,
    "TxRefAmp": 276.602,
    "VendorReportedEchoSpacing": 0.00048,
    "dataset": "ds001840",
    "modality": "bold",
    "run_id": 4,
    "subject_id": "33",
    "task_id": "viewclips"
  },
  "dummy_trs": 2,
  "dvars_nstd": 21.337216187322657,
  "dvars_std": 1.1653615640045765,
  "dvars_vstd": 1.0009677357208233,
  "efc": 0.468166304835537,
  "fber": 1721.246337890625,
  "fd_mean": 0.15479494871039173,
  "fd_num": 88,
  "fd_perc": 20.091324200913242,
  "fwhm_avg": 1.9292494444444446,
  "fwhm_x": 1.8794966666666666,
  "fwhm_y": 2.126186666666667,
  "fwhm_z": 1.782065,
  "gcor": 0.0326486,
  "gsr_x": -0.023052819073200226,
  "gsr_y": 0.01696077734231949,
  "provenance": {
    "md5sum": "c3b87eed9b9dc958f880e31b4c70c0c5",
    "settings": {
      "fd_thres": 0.2,
      "testing": false
    },
    "software": "mriqc",
    "version": "22.0.6",
    "webapi_port": null,
    "webapi_url": "https://mriqc.nimh.nih.gov/api/v1"
  },
  "size_t": 438,
  "size_x": 72,
  "size_y": 72,
  "size_z": 32,
  "snr": 6.207894641942668,
  "spacing_tr": 2.0,
  "spacing_x": 3.0,
  "spacing_y": 3.0,
  "spacing_z": 4.0,
  "summary_bg_k": 37.322974186341085,
  "summary_bg_mad": 4.776147078320085,
  "summary_bg_mean": 37.588226318359375,
  "summary_bg_median": 20.07990837097168,
  "summary_bg_n": 111251.0,
  "summary_bg_p05": 16.321916580200195,
  "summary_bg_p95": 116.50227737426758,
  "summary_bg_stdv": 52.78711700439453,
  "summary_fg_k": 0.9020730670945887,
  "summary_fg_mad": 127.4598122344631,
  "summary_fg_mean": 861.0347900390625,
  "summary_fg_median": 852.890380859375,
  "summary_fg_n": 22007.0,
  "summary_fg_p05": 649.0572631835937,
  "summary_fg_p95": 1095.7763916015624,
  "summary_fg_stdv": 137.38490295410156,
  "tsnr": 60.252759472467005
}