{
  "aor": 0.0025560364464692485,
  "aqi": 0.008546181958997721,
  "bids_meta": {
    "AcquisitionMatrixPE": 72,
    "AcquisitionNumber": 1,
    "AcquisitionTime": "15:39:23.750000",
    "BandwidthPerPixelPhaseEncode": 28.935,
    "BaseResolution": 72,
    "ConversionSoftware": "dcm2niix",
    "ConversionSoftwareVersion": "v1.0.20171215 GCC4.4.7",
    "DerivedVendorReportedEchoSpacing": 0.000480003,
    "DeviceSerialNumber": "35149",
    "DwellTime": 2.9e-06,
    "EchoTime": 0.03,
    "EffectiveEchoSpacing": 0.000480003,
    "FlipAngle": 75,
    "ImageOrientationPatientDICOM": [
      0.999772,
      -0.0187255,
      0.0103043,
      0.0205057,
      0.976328,
      -0.215321
    ],
    "ImageType": "ORIGINALPRIMARYMNDMOSAIC",
    "InPlanePhaseEncodingDirectionDICOM": "COL",
    "InstitutionAddress": "Street_StreetNo_Rehovot_90B50C_District_IL_ZIP",
    "InstitutionName": "Weizmann",
    "InstitutionalDepartmentName": "Department",
    "MRAcquisitionType": "2D",
    "MagneticFieldStrength": 3,
    "Manufacturer": "Siemens",
    "ManufacturersModelName": "TrioTim",
    "Modality": "MR",
    "PartialFourier": 1,
    "PatientPosition": "HFS",
    "PercentPhaseFOV": 100,
    "PhaseEncodingDirection": "j-",
    "PhaseEncodingSteps": 72,
    "PhaseResolution": 1,
    "PixelBandwidth": 2395,
    "ProcedureStepDescription": "Weizmann_Dudai",
    "ProtocolName": "run3_mod",
    "PulseSequenceDetails": "%SiemensSeq%_ep2d_pace",
    "ReceiveCoilName": "HeadMatrix",
    "ReconMatrixPE": 72,
    "RepetitionTime": 2,
    "SAR": 0.115086,
    "ScanOptions": "FS",
    "ScanningSequence": "EP",
    "SequenceName": "_epfid2d1_72",
    "SequenceVariant": "SK",
    "SeriesDescription": "run3_mod",
    "SeriesNumber": 5,
    "ShimSetting": [
      2363,
      9561,
      -5300,
      1172,
      12,
      -1024,
      313,
      -81
    ],
    "SliceThickness": 4,
    "SliceTiming": [
      0.995,
      0,
      1.0575,
      0.0625,
      1.1175,
      0.125,
      1.18,
      0.1875,
      1.2425,
      0.25,
      1.305,
      0.31,
      1.3675,
      0.3725,
      1.43,
      0.435,
      1.4925,
      0.4975,
      1.5525,
      0.56,
      1.615,
      0.6225,
      1.6775,
      0.685,
      1.74,
      0.745,
      1.8025,
      0.8075,
      1.865,
      0.87,
      1.925,
      0.9325
    ],
    "SoftwareVersions": "syngo_MR_B17",
    "SpacingBetweenSlices": 4,
    "StationName": "MRC35149",
    "TaskName": "viewclips",
    "TotalReadoutTime": 0.0340802,
    "TxRefAmp": 276.602,
    "VendorReportedEchoSpacing": 0.00048,
    "dataset": "ds001840",
    "modality": "bold",
    "run_id": 3,
    "subject_id": "33",
    "task_id": "viewclips"
  },
  "dummy_trs": 1,
  "dvars_nstd": 22.802561080662084,
  "dvars_std": 1.1617970697488587,
  "dvars_vstd": 1.0101834818721458,
  "efc": 0.46664479239814344,
  "fber": 1722.1402587890625,
  "fd_mean": 0.2057335481218841,
  "fd_num": 152,
  "fd_perc": 34.62414578587699,
  "fwhm_avg": 1.951378888888889,
  "fwhm_x": 1.90147,
  "fwhm_y": 2.1640366666666666,
  "fwhm_z": 1.78863,
  "gcor": 0.0369302,
  "gsr_x": -0.021640049293637276,
  "gsr_y": 0.016727732494473457,
  "provenance": {
    "md5sum": "72bed2486b799583fb4c16f867a58488",
    "settings": {
      "fd_thres": 0.2,
      "testing": false
    },
    "software": "mriqc",
    "version": "22.0.6",
    "webapi_port": null,
    "webapi_url": "https://mriqc.nimh.nih.gov/api/v1"
  },
  "size_t": 439,
  "size_x": 72,
  "size_y": 72,
  "size_z": 32,
  "snr": 6.193244554915459,
  "spacing_tr": 2.0,
  "spacing_x": 3.0,
  "spacing_y": 3.0,
  "spacing_z": 4.0,
  "summary_bg_k": 37.25202998047276,
  "summary_bg_mad": 4.3903930339150925,
  "summary_bg_mean": 36.017051696777344,
  "summary_bg_median": 19.73348617553711,
  "summary_bg_n": 111171.0,
  "summary_bg_p05": 16.29384994506836,
  "summary_bg_p95": 110.30068588256836,
  "summary_bg_stdv": 49.086727142333984,
  "summary_fg_k": 0.9422022026176959,
  "summary_fg_mad": 125.10931219627444,
  "summary_fg_mean": 843.8377685546875,
  "summary_fg_median": 835.5330810546875,
  "summary_fg_n": 22019.0,
  "summary_fg_p05": 633.0471496582031,
  "summary_fg_p95": 1071.60302734375,
  "summary_fg_stdv": 134.90733337402344,
  "tsnr": 58.70815319009125
}