{
  "aor": 0.0005003863636363637,
  "aqi": 0.008066527931818182,
  "bids_meta": {
    "AcquisitionMatrixPE": 72,
    "AcquisitionNumber": 1,
    "AcquisitionTime": "15:22:14.222500",
    "BandwidthPerPixelPhaseEncode": 28.935,
    "BaseResolution": 72,
    "ConversionSoftware": "dcm2niix",
    "ConversionSoftwareVersion": "v1.0.20171215 GCC4.4.7",
    "DerivedVendorReportedEchoSpacing": 0.000480003,
    "DeviceSerialNumber": "35149",
    "DwellTime": 2.9e-06,
    "EchoTime": 0.03,
    "EffectiveEchoSpacing": 0.000480003,
    "FlipAngle": 75,
    "ImageOrientationPatientDICOM": [
      0.999772,
      -0.0187255,
      0.0103043,
      0.0205057,
      0.976328,
      -0.215321
    ],
    "ImageType": "ORIGINALPRIMARYMNDMOSAIC",
    "InPlanePhaseEncodingDirectionDICOM": "COL",
    "InstitutionAddress": "Street_StreetNo_Rehovot_90B50C_District_IL_ZIP",
    "InstitutionName": "Weizmann",
    "InstitutionalDepartmentName": "Department",
    "MRAcquisitionType": "2D",
    "MagneticFieldStrength": 3,
    "Manufacturer": "Siemens",
    "ManufacturersModelName": "TrioTim",
    "Modality": "MR",
    "PartialFourier": 1,
    "PatientPosition": "HFS",
    "PercentPhaseFOV": 100,
    "PhaseEncodingDirection": "j-",
    "PhaseEncodingSteps": 72,
    "PhaseResolution": 1,
    "PixelBandwidth": 2395,
    "ProcedureStepDescription": "Weizmann_Dudai",
    "ProtocolName": "run2_mod",
    "PulseSequenceDetails": "%SiemensSeq%_ep2d_pace",
    "ReceiveCoilName": "HeadMatrix",
    "ReconMatrixPE": 72,
    "RepetitionTime": 2,
    "SAR": 0.115086,
    "ScanOptions": "FS",
    "ScanningSequence": "EP",
    "SequenceName": "_epfid2d1_72",
    "SequenceVariant": "SK",
    "SeriesDescription": "run2_mod",
    "SeriesNumber": 4,
    "ShimSetting": [
      2363,
      9561,
      -5300,
      1172,
      12,
      -1024,
      313,
      -81
    ],
    "SliceThickness": 4,
    "SliceTiming": [
      0.9925,
      0,
      1.055,
      0.0625,
      1.1175,
      0.1225,
      1.18,
      0.185,
      1.2425,
      0.2475,
      1.3025,
      0.31,
      1.365,
      0.3725,
      1.4275,
      0.435,
      1.49,
      0.495,
      1.5525,
      0.5575,
      1.615,
      0.62,
      1.675,
      0.6825,
      1.7375,
      0.745,
      1.8,
      0.8075,
      1.8625,
      0.8675,
      1.925,
      0.93
    ],
    "SoftwareVersions": "syngo_MR_B17",
    "SpacingBetweenSlices": 4,
    "StationName": "MRC35149",
    "TaskName": "viewclips",
    "TotalReadoutTime": 0.0340802,
    "TxRefAmp": 276.602,
    "VendorReportedEchoSpacing": 0.00048,
    "dataset": "ds001840",
    "modality": "bold",
    "run_id": 2,
    "subject_id": "33",
    "task_id": "viewclips"
  },
  "dummy_trs": 0,
  "dvars_nstd": 21.77086493430527,
  "dvars_std": 1.1014925425512527,
  "dvars_vstd": 0.9615682859908883,
  "efc": 0.4665280905788337,
  "fber": 1689.505859375,
  "fd_mean": 0.18252907075791702,
  "fd_num": 145,
  "fd_perc": 32.95454545454545,
  "fwhm_avg": 1.9716658333333335,
  "fwhm_x": 1.9143100000000002,
  "fwhm_y": 2.19098,
  "fwhm_z": 1.8097075,
  "gcor": 0.0657755,
  "gsr_x": -0.021383006125688553,
  "gsr_y": 0.01684691198170185,
  "provenance": {
    "md5sum": "5c0e503d2bee45cf01418d3d6343ec6a",
    "settings": {
      "fd_thres": 0.2,
      "testing": false
    },
    "software": "mriqc",
    "version": "22.0.6",
    "webapi_port": null,
    "webapi_url": "https://mriqc.nimh.nih.gov/api/v1"
  },
  "size_t": 440,
  "size_x": 72,
  "size_y": 72,
  "size_z": 32,
  "snr": 6.155254036332973,
  "spacing_tr": 2.0,
  "spacing_x": 3.0,
  "spacing_y": 3.0,
  "spacing_z": 4.0,
  "summary_bg_k": 38.35561603552838,
  "summary_bg_mad": 4.781392720248429,
  "summary_bg_mean": 35.58003234863281,
  "summary_bg_median": 19.836362838745117,
  "summary_bg_n": 111005.0,
  "summary_bg_p05": 15.731817245483398,
  "summary_bg_p95": 107.76363372802722,
  "summary_bg_stdv": 48.47971725463867,
  "summary_fg_k": 0.8467606446013676,
  "summary_fg_mad": 124.74752974573823,
  "summary_fg_mean": 839.8876953125,
  "summary_fg_median": 831.9227294921875,
  "summary_fg_n": 22051.0,
  "summary_fg_p05": 628.5010986328125,
  "summary_fg_p95": 1069.9885864257812,
  "summary_fg_stdv": 135.15345764160156,
  "tsnr": 59.406063348054886
}