{
  "aor": 0.00022239726027397259,
  "aqi": 0.00368735703196347,
  "bids_meta": {
    "AcquisitionMatrixPE": 72,
    "AcquisitionNumber": 1,
    "AcquisitionTime": "10:34:51.120000",
    "BandwidthPerPixelPhaseEncode": 28.935,
    "BaseResolution": 72,
    "ConversionSoftware": "dcm2niix",
    "ConversionSoftwareVersion": "v1.0.20171215 GCC4.4.7",
    "DerivedVendorReportedEchoSpacing": 0.000480003,
    "DeviceSerialNumber": "35149",
    "DwellTime": 2.9e-06,
    "EchoTime": 0.03,
    "EffectiveEchoSpacing": 0.000480003,
    "FlipAngle": 75,
    "ImageOrientationPatientDICOM": [
      0.999597,
      0.0177614,
      -0.0221472,
      -0.0236491,
      0.952548,
      -0.303469
    ],
    "ImageType": "ORIGINALPRIMARYMNDMOSAIC",
    "InPlanePhaseEncodingDirectionDICOM": "COL",
    "InstitutionAddress": "Street_StreetNo_Rehovot_90B50C_District_IL_ZIP",
    "InstitutionName": "Weizmann",
    "InstitutionalDepartmentName": "Department",
    "MRAcquisitionType": "2D",
    "MagneticFieldStrength": 3,
    "Manufacturer": "Siemens",
    "ManufacturersModelName": "TrioTim",
    "Modality": "MR",
    "PartialFourier": 1,
    "PatientPosition": "HFS",
    "PercentPhaseFOV": 100,
    "PhaseEncodingDirection": "j-",
    "PhaseEncodingSteps": 72,
    "PhaseResolution": 1,
    "PixelBandwidth": 2395,
    "ProcedureStepDescription": "Weizmann_Dudai",
    "ProtocolName": "run1_mod",
    "PulseSequenceDetails": "%SiemensSeq%_ep2d_pace",
    "ReceiveCoilName": "HeadMatrix",
    "ReconMatrixPE": 72,
    "RepetitionTime": 2,
    "SAR": 0.154691,
    "ScanOptions": "FS",
    "ScanningSequence": "EP",
    "SequenceName": "_epfid2d1_72",
    "SequenceVariant": "SK",
    "SeriesDescription": "run1_mod",
    "SeriesNumber": 3,
    "ShimSetting": [
      2370,
      9601,
      -5445,
      840,
      127,
      -536,
      254,
      -107
    ],
    "SliceThickness": 4,
    "SliceTiming": [
      0.9925,
      0,
      1.055,
      0.06,
      1.1175,
      0.1225,
      1.18,
      0.185,
      1.24,
      0.2475,
      1.3025,
      0.31,
      1.365,
      0.3725,
      1.4275,
      0.4325,
      1.49,
      0.495,
      1.5525,
      0.5575,
      1.6125,
      0.62,
      1.675,
      0.6825,
      1.7375,
      0.745,
      1.8,
      0.8075,
      1.8625,
      0.8675,
      1.925,
      0.93
    ],
    "SoftwareVersions": "syngo_MR_B17",
    "SpacingBetweenSlices": 4,
    "StationName": "MRC35149",
    "TaskName": "viewclips",
    "TotalReadoutTime": 0.0340802,
    "TxRefAmp": 290.414,
    "VendorReportedEchoSpacing": 0.00048,
    "dataset": "ds001840",
    "modality": "bold",
    "run_id": 1,
    "subject_id": "25",
    "task_id": "viewclips"
  },
  "dummy_trs": 2,
  "dvars_nstd": 20.043610020594965,
  "dvars_std": 1.1079999854691074,
  "dvars_vstd": 0.97203528423341,
  "efc": 0.5202753628247864,
  "fber": 1348.9876708984375,
  "fd_mean": 0.10679869734034489,
  "fd_num": 1,
  "fd_perc": 0.228310502283105,
  "fwhm_avg": 2.10447484483206,
  "fwhm_x": 2.091206666666667,
  "fwhm_y": 2.2697533333333335,
  "fwhm_z": 1.9524645344961797,
  "gcor": 0.0185132,
  "gsr_x": -0.020377840846776962,
  "gsr_y": 0.034649357199668884,
  "provenance": {
    "md5sum": "7616a68c33791986f1f41ebb8c8ab5ac",
    "settings": {
      "fd_thres": 0.2,
      "testing": false
    },
    "software": "mriqc",
    "version": "22.0.6",
    "webapi_port": null,
    "webapi_url": "https://mriqc.nimh.nih.gov/api/v1"
  },
  "size_t": 438,
  "size_x": 72,
  "size_y": 72,
  "size_z": 32,
  "snr": 4.379518486735041,
  "spacing_tr": 2.0,
  "spacing_x": 3.0,
  "spacing_y": 3.0,
  "spacing_z": 4.000000953674316,
  "summary_bg_k": 30.24183167008706,
  "summary_bg_mad": 6.411070861499691,
  "summary_bg_mean": 37.72029495239258,
  "summary_bg_median": 22.223743438720703,
  "summary_bg_n": 97499.0,
  "summary_bg_p05": 17.422372817993164,
  "summary_bg_p95": 111.76552352905267,
  "summary_bg_stdv": 39.728965759277344,
  "summary_fg_k": 1.821758537066236,
  "summary_fg_mad": 158.42515042764472,
  "summary_fg_mean": 868.6487426757812,
  "summary_fg_median": 838.2979125976562,
  "summary_fg_n": 32094.0,
  "summary_fg_p05": 611.212646484375,
  "summary_fg_p95": 1232.5350646972656,
  "summary_fg_stdv": 191.4102783203125,
  "tsnr": 77.2821093313396
}