{
  "bids_meta": {
    "AcquisitionMatrixPE": 256,
    "AcquisitionNumber": 1,
    "AcquisitionTime": "10:31:8.687500",
    "BaseResolution": 256,
    "ConversionSoftware": "dcm2niix",
    "ConversionSoftwareVersion": "v1.0.20171215 GCC4.4.7",
    "DeviceSerialNumber": "35149",
    "DwellTime": 8.2e-06,
    "EchoTime": 0.00298,
    "FlipAngle": 9,
    "ImageOrientationPatientDICOM": [
      0.0299655,
      0.998314,
      -0.0497102,
      0.0670554,
      -0.0516282,
      -0.996413
    ],
    "ImageType": [
      "ORIGINAL",
      "PRIMARY",
      "M",
      "ND"
    ],
    "InPlanePhaseEncodingDirectionDICOM": "ROW",
    "InstitutionAddress": "Street_StreetNo_Rehovot_E1B90C_District_IL_ZIP",
    "InstitutionName": "Weizmann",
    "InstitutionalDepartmentName": "Department",
    "InversionTime": 0.9,
    "MRAcquisitionType": "3D",
    "MagneticFieldStrength": 3,
    "Manufacturer": "Siemens",
    "ManufacturersModelName": "TrioTim",
    "Modality": "MR",
    "PartialFourier": 0.875,
    "PatientPosition": "HFS",
    "PercentPhaseFOV": 100,
    "PhaseEncodingSteps": 224,
    "PhaseResolution": 1,
    "PixelBandwidth": 238,
    "ProcedureStepDescription": "Weizmann_Dudai",
    "ProtocolName": "t1_mprage",
    "PulseSequenceDetails": "%SiemensSeq%_tfl",
    "ReceiveCoilName": "HeadMatrix",
    "ReconMatrixPE": 256,
    "RepetitionTime": 2.3,
    "SAR": 0.116892,
    "ScanOptions": "IR_PFP",
    "ScanningSequence": "GR_IR",
    "SequenceName": "_tfl3d1_ns",
    "SequenceVariant": "SP_MP",
    "SeriesDescription": "t1_mprage",
    "SeriesNumber": 7,
    "ShimSetting": [
      2371,
      9439,
      -5416,
      526,
      17,
      -570,
      221,
      -30
    ],
    "SliceThickness": 1,
    "SoftwareVersions": "syngo_MR_B17",
    "StationName": "MRC35149",
    "TxRefAmp": 391.878,
    "dataset": "ds001840",
    "modality": "T1w",
    "subject_id": "11"
  },
  "cjv": 0.39755226935811433,
  "cnr": 3.3327946648576137,
  "efc": 0.5908133561076505,
  "fber": 11896.03923900119,
  "fwhm_avg": 3.497606387000945,
  "fwhm_x": 3.519009161002836,
  "fwhm_y": 3.70546,
  "fwhm_z": 3.26835,
  "icvs_csf": 0.2528441618932271,
  "icvs_gm": 0.4168768386028009,
  "icvs_wm": 0.330278999503972,
  "inu_med": 0.6777198314666748,
  "inu_range": 0.2001575231552124,
  "provenance": {
    "md5sum": "3bff272f28e7369ff24c2cc8710ccd13",
    "settings": {
      "testing": false
    },
    "software": "mriqc",
    "version": "22.0.6",
    "warnings": {
      "large_rot_frame": true,
      "small_air_mask": false
    },
    "webapi_port": null,
    "webapi_url": "https://mriqc.nimh.nih.gov/api/v1"
  },
  "qi_1": 0.0,
  "qi_2": 0.0029991543673708277,
  "rpve_csf": 22.589977503898865,
  "rpve_gm": 13.352518955942461,
  "rpve_wm": 19.164225208425666,
  "size_x": 176,
  "size_y": 256,
  "size_z": 256,
  "snr_csf": 1.997117946247424,
  "snr_gm": 9.684666885193929,
  "snr_total": 9.60063778788897,
  "snr_wm": 17.120128532225557,
  "snrd_csf": 6.82108603599991,
  "snrd_gm": 22.433872087176923,
  "snrd_total": 20.642298451713575,
  "snrd_wm": 32.67193723196389,
  "spacing_x": 1.000000238418579,
  "spacing_y": 1.0,
  "spacing_z": 1.0,
  "summary_bg_k": 3.4590676438070656,
  "summary_bg_mad": 0.0,
  "summary_bg_mean": 13.790396676677709,
  "summary_bg_median": 0.0,
  "summary_bg_n": 2270264.0,
  "summary_bg_p05": 0.0,
  "summary_bg_p95": 55.696838442236185,
  "summary_bg_stdv": 20.052679295985364,
  "summary_csf_k": 1.7690622919497256,
  "summary_csf_mad": 93.40941139743211,
  "summary_csf_mean": 220.6486093717636,
  "summary_csf_median": 208.7825538776815,
  "summary_csf_n": 39574.0,
  "summary_csf_p05": 68.87782657518983,
  "summary_csf_p95": 415.7634672578423,
  "summary_csf_stdv": 104.54060381261823,
  "summary_gm_k": 0.40327391312271654,
  "summary_gm_mad": 67.70721974515403,
  "summary_gm_mean": 684.0236670125411,
  "summary_gm_median": 686.6650095023215,
  "summary_gm_n": 15997.0,
  "summary_gm_p05": 563.0359371118248,
  "summary_gm_p95": 796.5973159633577,
  "summary_gm_stdv": 70.90006863436075,
  "summary_wm_k": 0.27000349502811494,
  "summary_wm_mad": 56.87406458592938,
  "summary_wm_mean": 1000.7587778005229,
  "summary_wm_median": 1000.0358387827873,
  "summary_wm_n": 162806.0,
  "summary_wm_p05": 906.6227489709854,
  "summary_wm_p95": 1097.4963515810668,
  "summary_wm_stdv": 58.4126903980738,
  "tpm_overlap_csf": 0.15347328436398858,
  "tpm_overlap_gm": 0.4404422118979915,
  "tpm_overlap_wm": 0.47631739412494994,
  "wm2max": 0.473734220171033
}