{
  "aor": 0.0015339635535307516,
  "aqi": 0.009621657107061504,
  "bids_meta": {
    "AcquisitionMatrixPE": 72,
    "AcquisitionNumber": 1,
    "AcquisitionTime": "13:24:3.145000",
    "BandwidthPerPixelPhaseEncode": 28.935,
    "BaseResolution": 72,
    "ConversionSoftware": "dcm2niix",
    "ConversionSoftwareVersion": "v1.0.20171215 GCC4.4.7",
    "DerivedVendorReportedEchoSpacing": 0.000480003,
    "DeviceSerialNumber": "35149",
    "DwellTime": 2.9e-06,
    "EchoTime": 0.03,
    "EffectiveEchoSpacing": 0.000480003,
    "FlipAngle": 75,
    "ImageOrientationPatientDICOM": [
      0.997475,
      0.0556569,
      0.0441043,
      -0.0331697,
      0.914318,
      -0.403637
    ],
    "ImageType": "ORIGINALPRIMARYMNDMOSAIC",
    "InPlanePhaseEncodingDirectionDICOM": "COL",
    "InstitutionAddress": "Street_StreetNo_Rehovot_E1B90C_District_IL_ZIP",
    "InstitutionName": "Weizmann",
    "InstitutionalDepartmentName": "Department",
    "MRAcquisitionType": "2D",
    "MagneticFieldStrength": 3,
    "Manufacturer": "Siemens",
    "ManufacturersModelName": "TrioTim",
    "Modality": "MR",
    "PartialFourier": 1,
    "PatientPosition": "HFS",
    "PercentPhaseFOV": 100,
    "PhaseEncodingDirection": "j-",
    "PhaseEncodingSteps": 72,
    "PhaseResolution": 1,
    "PixelBandwidth": 2395,
    "ProcedureStepDescription": "Weizmann_Dudai",
    "ProtocolName": "run3_mod",
    "PulseSequenceDetails": "%SiemensSeq%_ep2d_pace",
    "ReceiveCoilName": "HeadMatrix",
    "ReconMatrixPE": 72,
    "RepetitionTime": 2,
    "SAR": 0.147614,
    "ScanOptions": "FS",
    "ScanningSequence": "EP",
    "SequenceName": "_epfid2d1_72",
    "SequenceVariant": "SK",
    "SeriesDescription": "run3_mod",
    "SeriesNumber": 5,
    "ShimSetting": [
      2355,
      9597,
      -5408,
      1009,
      -15,
      -805,
      46,
      -39
    ],
    "SliceThickness": 4,
    "SliceTiming": [
      0.995,
      0,
      1.0575,
      0.0625,
      1.1175,
      0.125,
      1.18,
      0.1875,
      1.2425,
      0.25,
      1.305,
      0.31,
      1.3675,
      0.3725,
      1.43,
      0.435,
      1.49,
      0.4975,
      1.5525,
      0.56,
      1.615,
      0.6225,
      1.6775,
      0.6825,
      1.74,
      0.745,
      1.8025,
      0.8075,
      1.865,
      0.87,
      1.925,
      0.9325
    ],
    "SoftwareVersions": "syngo_MR_B17",
    "SpacingBetweenSlices": 4,
    "StationName": "MRC35149",
    "TaskName": "viewclips",
    "TotalReadoutTime": 0.0340802,
    "TxRefAmp": 312.755,
    "VendorReportedEchoSpacing": 0.00048,
    "dataset": "ds001840",
    "modality": "bold",
    "run_id": 3,
    "subject_id": "23",
    "task_id": "viewclips"
  },
  "dummy_trs": 1,
  "dvars_nstd": 23.846305934132424,
  "dvars_std": 1.1117605384246576,
  "dvars_vstd": 0.9942707827397259,
  "efc": 0.5508109424454702,
  "fber": 795.2265014648438,
  "fd_mean": 0.17004062498937567,
  "fd_num": 104,
  "fd_perc": 23.690205011389523,
  "fwhm_avg": 1.8597108333333334,
  "fwhm_x": 1.8237133333333333,
  "fwhm_y": 2.094106666666667,
  "fwhm_z": 1.6613125,
  "gcor": 0.0591997,
  "gsr_x": -0.01845059171319008,
  "gsr_y": 0.036238547414541245,
  "provenance": {
    "md5sum": "08b2762f8fc27a41934c6bbcddc3efba",
    "settings": {
      "fd_thres": 0.2,
      "testing": false
    },
    "software": "mriqc",
    "version": "22.0.6",
    "webapi_port": null,
    "webapi_url": "https://mriqc.nimh.nih.gov/api/v1"
  },
  "size_t": 439,
  "size_x": 72,
  "size_y": 72,
  "size_z": 32,
  "snr": 6.074625912995042,
  "spacing_tr": 2.0,
  "spacing_x": 3.0,
  "spacing_y": 3.0,
  "spacing_z": 4.0,
  "summary_bg_k": 15.623409581261544,
  "summary_bg_mad": 7.987141652866517,
  "summary_bg_mean": 47.27138900756836,
  "summary_bg_median": 22.90205192565918,
  "summary_bg_n": 99915.0,
  "summary_bg_p05": 16.908884048461914,
  "summary_bg_p95": 172.85262451171846,
  "summary_bg_stdv": 59.442108154296875,
  "summary_fg_k": 1.7653491827273724,
  "summary_fg_mad": 96.40461661922485,
  "summary_fg_mean": 664.5779418945312,
  "summary_fg_median": 662.3587646484375,
  "summary_fg_n": 29664.0,
  "summary_fg_p05": 497.88395538330076,
  "summary_fg_p95": 844.3480926513672,
  "summary_fg_stdv": 109.03512573242188,
  "tsnr": 52.287644681870006
}