{
  "aor": 0.003015785876993167,
  "aqi": 0.010378074305239179,
  "bids_meta": {
    "AcquisitionMatrixPE": 72,
    "AcquisitionNumber": 1,
    "AcquisitionTime": "13:06:39.645000",
    "BandwidthPerPixelPhaseEncode": 28.935,
    "BaseResolution": 72,
    "ConversionSoftware": "dcm2niix",
    "ConversionSoftwareVersion": "v1.0.20171215 GCC4.4.7",
    "DerivedVendorReportedEchoSpacing": 0.000480003,
    "DeviceSerialNumber": "35149",
    "DwellTime": 2.9e-06,
    "EchoTime": 0.03,
    "EffectiveEchoSpacing": 0.000480003,
    "FlipAngle": 75,
    "ImageOrientationPatientDICOM": [
      0.997475,
      0.0556569,
      0.0441043,
      -0.0331697,
      0.914318,
      -0.403637
    ],
    "ImageType": "ORIGINALPRIMARYMNDMOSAIC",
    "InPlanePhaseEncodingDirectionDICOM": "COL",
    "InstitutionAddress": "Street_StreetNo_Rehovot_E1B90C_District_IL_ZIP",
    "InstitutionName": "Weizmann",
    "InstitutionalDepartmentName": "Department",
    "MRAcquisitionType": "2D",
    "MagneticFieldStrength": 3,
    "Manufacturer": "Siemens",
    "ManufacturersModelName": "TrioTim",
    "Modality": "MR",
    "PartialFourier": 1,
    "PatientPosition": "HFS",
    "PercentPhaseFOV": 100,
    "PhaseEncodingDirection": "j-",
    "PhaseEncodingSteps": 72,
    "PhaseResolution": 1,
    "PixelBandwidth": 2395,
    "ProcedureStepDescription": "Weizmann_Dudai",
    "ProtocolName": "run2_mod",
    "PulseSequenceDetails": "%SiemensSeq%_ep2d_pace",
    "ReceiveCoilName": "HeadMatrix",
    "ReconMatrixPE": 72,
    "RepetitionTime": 2,
    "SAR": 0.147614,
    "ScanOptions": "FS",
    "ScanningSequence": "EP",
    "SequenceName": "_epfid2d1_72",
    "SequenceVariant": "SK",
    "SeriesDescription": "run2_mod",
    "SeriesNumber": 4,
    "ShimSetting": [
      2355,
      9597,
      -5408,
      1009,
      -15,
      -805,
      46,
      -39
    ],
    "SliceThickness": 4,
    "SliceTiming": [
      0.9925,
      0,
      1.055,
      0.0625,
      1.1175,
      0.1225,
      1.18,
      0.185,
      1.2425,
      0.2475,
      1.3025,
      0.31,
      1.365,
      0.3725,
      1.4275,
      0.435,
      1.49,
      0.495,
      1.5525,
      0.5575,
      1.615,
      0.62,
      1.675,
      0.6825,
      1.7375,
      0.745,
      1.8,
      0.8075,
      1.8625,
      0.8675,
      1.925,
      0.93
    ],
    "SoftwareVersions": "syngo_MR_B17",
    "SpacingBetweenSlices": 4,
    "StationName": "MRC35149",
    "TaskName": "viewclips",
    "TotalReadoutTime": 0.0340802,
    "TxRefAmp": 312.755,
    "VendorReportedEchoSpacing": 0.00048,
    "dataset": "ds001840",
    "modality": "bold",
    "run_id": 2,
    "subject_id": "23",
    "task_id": "viewclips"
  },
  "dummy_trs": 1,
  "dvars_nstd": 25.087834941621022,
  "dvars_std": 1.1557613581506851,
  "dvars_vstd": 1.0212459545205474,
  "efc": 0.5508301932583991,
  "fber": 791.5381469726562,
  "fd_mean": 0.1938264668122391,
  "fd_num": 121,
  "fd_perc": 27.5626423690205,
  "fwhm_avg": 1.8853969444444445,
  "fwhm_x": 1.8472266666666668,
  "fwhm_y": 2.101926666666667,
  "fwhm_z": 1.7070375,
  "gcor": 0.0669495,
  "gsr_x": -0.01800156570971012,
  "gsr_y": 0.03590920940041542,
  "provenance": {
    "md5sum": "64ed4fddea46f93579425fb394645f46",
    "settings": {
      "fd_thres": 0.2,
      "testing": false
    },
    "software": "mriqc",
    "version": "22.0.6",
    "webapi_port": null,
    "webapi_url": "https://mriqc.nimh.nih.gov/api/v1"
  },
  "size_t": 439,
  "size_x": 72,
  "size_y": 72,
  "size_z": 32,
  "snr": 6.040749904060277,
  "spacing_tr": 2.0,
  "spacing_x": 3.0,
  "spacing_y": 3.0,
  "spacing_z": 4.0,
  "summary_bg_k": 13.698062535971882,
  "summary_bg_mad": 7.848673672994108,
  "summary_bg_mean": 46.714698791503906,
  "summary_bg_median": 22.799545288085938,
  "summary_bg_n": 99852.0,
  "summary_bg_p05": 16.738040924072266,
  "summary_bg_p95": 171.02256088256834,
  "summary_bg_stdv": 58.31913375854492,
  "summary_fg_k": 1.8339780930668184,
  "summary_fg_mad": 96.02803891339532,
  "summary_fg_mean": 663.2023315429688,
  "summary_fg_median": 660.9852294921875,
  "summary_fg_n": 29686.0,
  "summary_fg_p05": 496.68396759033203,
  "summary_fg_p95": 842.7899169921875,
  "summary_fg_stdv": 109.4192123413086,
  "tsnr": 50.62139468046371
}