{
  "aor": 0.0018981363636363638,
  "aqi": 0.014063052886363636,
  "bids_meta": {
    "AcquisitionMatrixPE": 72,
    "AcquisitionNumber": 1,
    "AcquisitionTime": "13:49:32.990000",
    "BandwidthPerPixelPhaseEncode": 28.935,
    "BaseResolution": 72,
    "ConversionSoftware": "dcm2niix",
    "ConversionSoftwareVersion": "v1.0.20171215 GCC4.4.7",
    "DerivedVendorReportedEchoSpacing": 0.000480003,
    "DeviceSerialNumber": "35149",
    "DwellTime": 2.9e-06,
    "EchoTime": 0.03,
    "EffectiveEchoSpacing": 0.000480003,
    "FlipAngle": 75,
    "ImageOrientationPatientDICOM": [
      0.998788,
      0.0447604,
      0.0204663,
      -0.0357549,
      0.945639,
      -0.323247
    ],
    "ImageType": "ORIGINALPRIMARYMNDMOSAIC",
    "InPlanePhaseEncodingDirectionDICOM": "COL",
    "InstitutionAddress": "Street_StreetNo_Rehovot_E1B90C_District_IL_ZIP",
    "InstitutionName": "Weizmann",
    "InstitutionalDepartmentName": "Department",
    "MRAcquisitionType": "2D",
    "MagneticFieldStrength": 3,
    "Manufacturer": "Siemens",
    "ManufacturersModelName": "TrioTim",
    "Modality": "MR",
    "PartialFourier": 1,
    "PatientPosition": "HFS",
    "PercentPhaseFOV": 100,
    "PhaseEncodingDirection": "j-",
    "PhaseEncodingSteps": 72,
    "PhaseResolution": 1,
    "PixelBandwidth": 2395,
    "ProcedureStepDescription": "Weizmann_Dudai",
    "ProtocolName": "run4_mod",
    "PulseSequenceDetails": "%SiemensSeq%_ep2d_pace",
    "ReceiveCoilName": "HeadMatrix",
    "ReconMatrixPE": 72,
    "RepetitionTime": 2,
    "SAR": 0.161487,
    "ScanOptions": "FS",
    "ScanningSequence": "EP",
    "SequenceName": "_epfid2d1_72",
    "SequenceVariant": "SK",
    "SeriesDescription": "run4_mod",
    "SeriesNumber": 8,
    "ShimSetting": [
      2324,
      9583,
      -5451,
      908,
      -43,
      -925,
      173,
      36
    ],
    "SliceThickness": 4,
    "SliceTiming": [
      0.9925,
      0,
      1.055,
      0.0625,
      1.1175,
      0.125,
      1.18,
      0.1875,
      1.2425,
      0.2475,
      1.305,
      0.31,
      1.3675,
      0.3725,
      1.4275,
      0.435,
      1.49,
      0.4975,
      1.5525,
      0.56,
      1.615,
      0.62,
      1.6775,
      0.6825,
      1.74,
      0.745,
      1.8,
      0.8075,
      1.8625,
      0.87,
      1.925,
      0.9325
    ],
    "SoftwareVersions": "syngo_MR_B17",
    "SpacingBetweenSlices": 4,
    "StationName": "MRC35149",
    "TaskName": "viewclips",
    "TotalReadoutTime": 0.0340802,
    "TxRefAmp": 325.612,
    "VendorReportedEchoSpacing": 0.00048,
    "dataset": "ds001840",
    "modality": "bold",
    "run_id": 4,
    "subject_id": "23",
    "task_id": "viewclips"
  },
  "dummy_trs": 0,
  "dvars_nstd": 25.613759347334856,
  "dvars_std": 1.0251958912300683,
  "dvars_vstd": 0.9494624282915718,
  "efc": 0.5495006403519983,
  "fber": 796.3386840820312,
  "fd_mean": 0.21814038907899988,
  "fd_num": 103,
  "fd_perc": 23.40909090909091,
  "fwhm_avg": 1.934101919733128,
  "fwhm_x": 1.8951301506114127,
  "fwhm_y": 2.1792166666666666,
  "fwhm_z": 1.7279589419213048,
  "gcor": 0.043992,
  "gsr_x": -0.019012801349163055,
  "gsr_y": 0.03770200163125992,
  "provenance": {
    "md5sum": "1a4a0018f514356ce4c8943c133c2be2",
    "settings": {
      "fd_thres": 0.2,
      "testing": false
    },
    "software": "mriqc",
    "version": "22.0.6",
    "webapi_port": null,
    "webapi_url": "https://mriqc.nimh.nih.gov/api/v1"
  },
  "size_t": 440,
  "size_x": 72,
  "size_y": 72,
  "size_z": 32,
  "snr": 5.975222909079573,
  "spacing_tr": 2.0,
  "spacing_x": 2.999999761581421,
  "spacing_y": 3.0,
  "spacing_z": 3.9999966621398926,
  "summary_bg_k": 12.657477525712231,
  "summary_bg_mad": 8.523277364175787,
  "summary_bg_mean": 49.28038024902344,
  "summary_bg_median": 24.04886245727539,
  "summary_bg_n": 99964.0,
  "summary_bg_p05": 17.52306709289551,
  "summary_bg_p95": 182.04521560668917,
  "summary_bg_stdv": 61.436397552490234,
  "summary_fg_k": 1.629489740243856,
  "summary_fg_mad": 103.18233664272097,
  "summary_fg_mean": 700.6900634765625,
  "summary_fg_median": 697.423828125,
  "summary_fg_n": 29542.0,
  "summary_fg_p05": 522.5272827148438,
  "summary_fg_p95": 895.0168792724609,
  "summary_fg_stdv": 116.71732330322266,
  "tsnr": 44.97668501036242
}