{
  "aor": 0.0012450681818181818,
  "aqi": 0.010596116090909088,
  "bids_meta": {
    "AcquisitionMatrixPE": 72,
    "AcquisitionNumber": 1,
    "AcquisitionTime": "12:49:21.915000",
    "BandwidthPerPixelPhaseEncode": 28.935,
    "BaseResolution": 72,
    "ConversionSoftware": "dcm2niix",
    "ConversionSoftwareVersion": "v1.0.20171215 GCC4.4.7",
    "DerivedVendorReportedEchoSpacing": 0.000480003,
    "DeviceSerialNumber": "35149",
    "DwellTime": 2.9e-06,
    "EchoTime": 0.03,
    "EffectiveEchoSpacing": 0.000480003,
    "FlipAngle": 75,
    "ImageOrientationPatientDICOM": [
      0.997475,
      0.0556569,
      0.0441043,
      -0.0331697,
      0.914318,
      -0.403637
    ],
    "ImageType": "ORIGINALPRIMARYMNDMOSAIC",
    "InPlanePhaseEncodingDirectionDICOM": "COL",
    "InstitutionAddress": "Street_StreetNo_Rehovot_E1B90C_District_IL_ZIP",
    "InstitutionName": "Weizmann",
    "InstitutionalDepartmentName": "Department",
    "MRAcquisitionType": "2D",
    "MagneticFieldStrength": 3,
    "Manufacturer": "Siemens",
    "ManufacturersModelName": "TrioTim",
    "Modality": "MR",
    "PartialFourier": 1,
    "PatientPosition": "HFS",
    "PercentPhaseFOV": 100,
    "PhaseEncodingDirection": "j-",
    "PhaseEncodingSteps": 72,
    "PhaseResolution": 1,
    "PixelBandwidth": 2395,
    "ProcedureStepDescription": "Weizmann_Dudai",
    "ProtocolName": "run1_mod",
    "PulseSequenceDetails": "%SiemensSeq%_ep2d_pace",
    "ReceiveCoilName": "HeadMatrix",
    "ReconMatrixPE": 72,
    "RepetitionTime": 2,
    "SAR": 0.147614,
    "ScanOptions": "FS",
    "ScanningSequence": "EP",
    "SequenceName": "_epfid2d1_72",
    "SequenceVariant": "SK",
    "SeriesDescription": "run1_mod",
    "SeriesNumber": 3,
    "ShimSetting": [
      2355,
      9597,
      -5408,
      1009,
      -15,
      -805,
      46,
      -39
    ],
    "SliceThickness": 4,
    "SliceTiming": [
      0.995,
      0,
      1.0575,
      0.0625,
      1.1175,
      0.125,
      1.18,
      0.1875,
      1.2425,
      0.25,
      1.305,
      0.31,
      1.3675,
      0.3725,
      1.43,
      0.435,
      1.49,
      0.4975,
      1.5525,
      0.56,
      1.615,
      0.6225,
      1.6775,
      0.6825,
      1.74,
      0.745,
      1.8025,
      0.8075,
      1.8625,
      0.87,
      1.925,
      0.9325
    ],
    "SoftwareVersions": "syngo_MR_B17",
    "SpacingBetweenSlices": 4,
    "StationName": "MRC35149",
    "TaskName": "viewclips",
    "TotalReadoutTime": 0.0340802,
    "TxRefAmp": 312.755,
    "VendorReportedEchoSpacing": 0.00048,
    "dataset": "ds001840",
    "modality": "bold",
    "run_id": 1,
    "subject_id": "23",
    "task_id": "viewclips"
  },
  "dummy_trs": 0,
  "dvars_nstd": 27.22660146815489,
  "dvars_std": 1.1672367380182225,
  "dvars_vstd": 0.9896255112300674,
  "efc": 0.5501404555827353,
  "fber": 794.832275390625,
  "fd_mean": 0.2123923590861227,
  "fd_num": 136,
  "fd_perc": 30.90909090909091,
  "fwhm_avg": 1.8953936111111112,
  "fwhm_x": 1.8585399999999999,
  "fwhm_y": 2.121523333333333,
  "fwhm_z": 1.7061175,
  "gcor": 0.0555139,
  "gsr_x": -0.016831781715154648,
  "gsr_y": 0.03647682070732117,
  "provenance": {
    "md5sum": "155fd11532e9d3b8cf04f5e78a93947c",
    "settings": {
      "fd_thres": 0.2,
      "testing": false
    },
    "software": "mriqc",
    "version": "22.0.6",
    "webapi_port": null,
    "webapi_url": "https://mriqc.nimh.nih.gov/api/v1"
  },
  "size_t": 440,
  "size_x": 72,
  "size_y": 72,
  "size_z": 32,
  "snr": 6.037128330807155,
  "spacing_tr": 2.0,
  "spacing_x": 3.0,
  "spacing_y": 3.0,
  "spacing_z": 4.0,
  "summary_bg_k": 13.89439342912096,
  "summary_bg_mad": 7.9336064128846004,
  "summary_bg_mean": 45.6569938659668,
  "summary_bg_median": 22.60909080505371,
  "summary_bg_n": 99516.0,
  "summary_bg_p05": 16.115907669067383,
  "summary_bg_p95": 164.82386016845703,
  "summary_bg_stdv": 56.95214080810547,
  "summary_fg_k": 1.972456174665191,
  "summary_fg_mad": 95.5975286561602,
  "summary_fg_mean": 657.6522216796875,
  "summary_fg_median": 655.4158935546875,
  "summary_fg_n": 29851.0,
  "summary_fg_p05": 491.91249084472656,
  "summary_fg_p95": 834.3852233886719,
  "summary_fg_stdv": 108.56236267089844,
  "tsnr": 50.65494851907715
}