{
  "aor": 0.0018797031963470325,
  "aqi": 0.010223649817351597,
  "bids_meta": {
    "AcquisitionMatrixPE": 72,
    "AcquisitionNumber": 1,
    "AcquisitionTime": "14:44:26.657500",
    "BandwidthPerPixelPhaseEncode": 28.935,
    "BaseResolution": 72,
    "ConversionSoftware": "dcm2niix",
    "ConversionSoftwareVersion": "v1.0.20171215 GCC4.4.7",
    "DerivedVendorReportedEchoSpacing": 0.000480003,
    "DeviceSerialNumber": "35149",
    "DwellTime": 2.9e-06,
    "EchoTime": 0.03,
    "EffectiveEchoSpacing": 0.000480003,
    "FlipAngle": 75,
    "ImageOrientationPatientDICOM": [
      0.999762,
      -0.00614131,
      0.0209328,
      0.0151387,
      0.886212,
      -0.463032
    ],
    "ImageType": "ORIGINALPRIMARYMNDMOSAIC",
    "InPlanePhaseEncodingDirectionDICOM": "COL",
    "InstitutionAddress": "Street_StreetNo_Rehovot_E1B90C_District_IL_ZIP",
    "InstitutionName": "Weizmann",
    "InstitutionalDepartmentName": "Department",
    "MRAcquisitionType": "2D",
    "MagneticFieldStrength": 3,
    "Manufacturer": "Siemens",
    "ManufacturersModelName": "TrioTim",
    "Modality": "MR",
    "PartialFourier": 1,
    "PatientPosition": "HFS",
    "PercentPhaseFOV": 100,
    "PhaseEncodingDirection": "j-",
    "PhaseEncodingSteps": 72,
    "PhaseResolution": 1,
    "PixelBandwidth": 2395,
    "ProcedureStepDescription": "Weizmann_Dudai",
    "ProtocolName": "run2_mod",
    "PulseSequenceDetails": "%SiemensSeq%_ep2d_pace",
    "ReceiveCoilName": "HeadMatrix",
    "ReconMatrixPE": 72,
    "RepetitionTime": 2,
    "SAR": 0.176433,
    "ScanOptions": "FS",
    "ScanningSequence": "EP",
    "SequenceName": "_epfid2d1_72",
    "SequenceVariant": "SK",
    "SeriesDescription": "run2_mod",
    "SeriesNumber": 6,
    "ShimSetting": [
      2332,
      9433,
      -5301,
      933,
      100,
      -770,
      -35,
      22
    ],
    "SliceThickness": 4,
    "SliceTiming": [
      0.9925,
      0,
      1.055,
      0.0625,
      1.1175,
      0.1225,
      1.18,
      0.185,
      1.2425,
      0.2475,
      1.3025,
      0.31,
      1.365,
      0.3725,
      1.4275,
      0.435,
      1.49,
      0.4975,
      1.5525,
      0.5575,
      1.615,
      0.62,
      1.6775,
      0.6825,
      1.7375,
      0.745,
      1.8,
      0.8075,
      1.8625,
      0.87,
      1.925,
      0.93
    ],
    "SoftwareVersions": "syngo_MR_B17",
    "SpacingBetweenSlices": 4,
    "StationName": "MRC35149",
    "TaskName": "viewclips",
    "TotalReadoutTime": 0.0340802,
    "TxRefAmp": 317.491,
    "VendorReportedEchoSpacing": 0.00048,
    "dataset": "ds001840",
    "modality": "bold",
    "run_id": 2,
    "subject_id": "10",
    "task_id": "viewclips"
  },
  "dummy_trs": 2,
  "dvars_nstd": 23.251920202448513,
  "dvars_std": 1.1580242196567514,
  "dvars_vstd": 0.999543371647597,
  "efc": 0.48008190969506576,
  "fber": 1306.004638671875,
  "fd_mean": 0.1340279302340081,
  "fd_num": 57,
  "fd_perc": 13.013698630136986,
  "fwhm_avg": 2.1234011111111113,
  "fwhm_x": 2.0714466666666667,
  "fwhm_y": 2.3735166666666667,
  "fwhm_z": 1.92524,
  "gcor": 0.025227,
  "gsr_x": -0.016811540350317955,
  "gsr_y": 0.019916066899895668,
  "provenance": {
    "md5sum": "7c4bcf80b3e9cd6b0e5f21cee84da47e",
    "settings": {
      "fd_thres": 0.2,
      "testing": false
    },
    "software": "mriqc",
    "version": "22.0.6",
    "webapi_port": null,
    "webapi_url": "https://mriqc.nimh.nih.gov/api/v1"
  },
  "size_t": 438,
  "size_x": 72,
  "size_y": 72,
  "size_z": 32,
  "snr": 5.961701986855413,
  "spacing_tr": 2.0,
  "spacing_x": 3.0,
  "spacing_y": 3.0,
  "spacing_z": 4.0,
  "summary_bg_k": 64.58070390498072,
  "summary_bg_mad": 4.302254938161647,
  "summary_bg_mean": 30.11880111694336,
  "summary_bg_median": 19.46575355529785,
  "summary_bg_n": 107431.0,
  "summary_bg_p05": 15.381278038024902,
  "summary_bg_p95": 76.04793930053711,
  "summary_bg_stdv": 33.74734115600586,
  "summary_fg_k": 1.1468985647156549,
  "summary_fg_mad": 109.72948595987233,
  "summary_fg_mean": 721.2517700195312,
  "summary_fg_median": 717.1575317382812,
  "summary_fg_n": 24159.0,
  "summary_fg_p05": 531.7789916992188,
  "summary_fg_p95": 921.7337585449219,
  "summary_fg_stdv": 120.2916030883789,
  "tsnr": 51.45978225732688
}