{
  "aor": 0.0004064692482915717,
  "aqi": 0.013187568815489749,
  "bids_meta": {
    "AcquisitionMatrixPE": 72,
    "AcquisitionNumber": 1,
    "AcquisitionTime": "15:02:30.592500",
    "BandwidthPerPixelPhaseEncode": 28.935,
    "BaseResolution": 72,
    "ConversionSoftware": "dcm2niix",
    "ConversionSoftwareVersion": "v1.0.20171215 GCC4.4.7",
    "DerivedVendorReportedEchoSpacing": 0.000480003,
    "DeviceSerialNumber": "35149",
    "DwellTime": 2.9e-06,
    "EchoTime": 0.03,
    "EffectiveEchoSpacing": 0.000480003,
    "FlipAngle": 75,
    "ImageOrientationPatientDICOM": [
      0.999379,
      0.0185243,
      0.0299685,
      -0.00344138,
      0.897874,
      -0.440238
    ],
    "ImageType": "ORIGINALPRIMARYMNDMOSAIC",
    "InPlanePhaseEncodingDirectionDICOM": "COL",
    "InstitutionAddress": "Street_StreetNo_Rehovot_E1B90C_District_IL_ZIP",
    "InstitutionName": "Weizmann",
    "InstitutionalDepartmentName": "Department",
    "MRAcquisitionType": "2D",
    "MagneticFieldStrength": 3,
    "Manufacturer": "Siemens",
    "ManufacturersModelName": "TrioTim",
    "Modality": "MR",
    "PartialFourier": 1,
    "PatientPosition": "HFS",
    "PercentPhaseFOV": 100,
    "PhaseEncodingDirection": "j-",
    "PhaseEncodingSteps": 72,
    "PhaseResolution": 1,
    "PixelBandwidth": 2395,
    "ProcedureStepDescription": "Weizmann_Dudai",
    "ProtocolName": "run3_mod",
    "PulseSequenceDetails": "%SiemensSeq%_ep2d_pace",
    "ReceiveCoilName": "HeadMatrix",
    "ReconMatrixPE": 72,
    "RepetitionTime": 2,
    "SAR": 0.176433,
    "ScanOptions": "FS",
    "ScanningSequence": "EP",
    "SequenceName": "_epfid2d1_72",
    "SequenceVariant": "SK",
    "SeriesDescription": "run3_mod",
    "SeriesNumber": 9,
    "ShimSetting": [
      2333,
      9429,
      -5300,
      935,
      105,
      -781,
      -32,
      27
    ],
    "SliceThickness": 4,
    "SliceTiming": [
      0.995,
      0,
      1.0575,
      0.0625,
      1.1175,
      0.125,
      1.18,
      0.1875,
      1.2425,
      0.25,
      1.305,
      0.31,
      1.3675,
      0.3725,
      1.43,
      0.435,
      1.49,
      0.4975,
      1.5525,
      0.56,
      1.615,
      0.6225,
      1.6775,
      0.6825,
      1.74,
      0.745,
      1.8025,
      0.8075,
      1.8625,
      0.87,
      1.925,
      0.9325
    ],
    "SoftwareVersions": "syngo_MR_B17",
    "SpacingBetweenSlices": 4,
    "StationName": "MRC35149",
    "TaskName": "viewclips",
    "TotalReadoutTime": 0.0340802,
    "TxRefAmp": 317.491,
    "VendorReportedEchoSpacing": 0.00048,
    "dataset": "ds001840",
    "modality": "bold",
    "run_id": 3,
    "subject_id": "10",
    "task_id": "viewclips"
  },
  "dummy_trs": 1,
  "dvars_nstd": 22.909884622557072,
  "dvars_std": 1.0587114300913234,
  "dvars_vstd": 0.9335048553881282,
  "efc": 0.4807038705448997,
  "fber": 1294.9788818359375,
  "fd_mean": 0.1434382974303543,
  "fd_num": 73,
  "fd_perc": 16.62870159453303,
  "fwhm_avg": 2.1165854032863876,
  "fwhm_x": 2.0512,
  "fwhm_y": 2.382566666666667,
  "fwhm_z": 1.9159895431924956,
  "gcor": 0.018983,
  "gsr_x": -0.017310231924057007,
  "gsr_y": 0.02004087157547474,
  "provenance": {
    "md5sum": "b8749706c2ffe82559dc7c92ba08b290",
    "settings": {
      "fd_thres": 0.2,
      "testing": false
    },
    "software": "mriqc",
    "version": "22.0.6",
    "webapi_port": null,
    "webapi_url": "https://mriqc.nimh.nih.gov/api/v1"
  },
  "size_t": 439,
  "size_x": 72,
  "size_y": 72,
  "size_z": 32,
  "snr": 6.030903037394557,
  "spacing_tr": 2.0,
  "spacing_x": 3.0,
  "spacing_y": 3.0,
  "spacing_z": 4.000000953674316,
  "summary_bg_k": 85.66548477786351,
  "summary_bg_mad": 3.8770581909984063,
  "summary_bg_mean": 30.173078536987305,
  "summary_bg_median": 19.29612922668457,
  "summary_bg_n": 107458.0,
  "summary_bg_p05": 15.961276054382324,
  "summary_bg_p95": 76.62676887512205,
  "summary_bg_stdv": 34.35795974731445,
  "summary_fg_k": 0.9726504596115348,
  "summary_fg_mad": 106.55484043187413,
  "summary_fg_mean": 710.6414794921875,
  "summary_fg_median": 706.6002197265625,
  "summary_fg_n": 24228.0,
  "summary_fg_p05": 526.0115478515625,
  "summary_fg_p95": 905.5663360595703,
  "summary_fg_stdv": 117.16083526611328,
  "tsnr": 44.76236397807952
}