{
  "aor": 0.0005523690205011389,
  "aqi": 0.015334943735763096,
  "bids_meta": {
    "AcquisitionMatrixPE": 72,
    "AcquisitionNumber": 1,
    "AcquisitionTime": "15:20:34.962500",
    "BandwidthPerPixelPhaseEncode": 28.935,
    "BaseResolution": 72,
    "ConversionSoftware": "dcm2niix",
    "ConversionSoftwareVersion": "v1.0.20171215 GCC4.4.7",
    "DerivedVendorReportedEchoSpacing": 0.000480003,
    "DeviceSerialNumber": "35149",
    "DwellTime": 2.9e-06,
    "EchoTime": 0.03,
    "EffectiveEchoSpacing": 0.000480003,
    "FlipAngle": 75,
    "ImageOrientationPatientDICOM": [
      0.999379,
      0.0185243,
      0.0299685,
      -0.00344138,
      0.897874,
      -0.440238
    ],
    "ImageType": "ORIGINALPRIMARYMNDMOSAIC",
    "InPlanePhaseEncodingDirectionDICOM": "COL",
    "InstitutionAddress": "Street_StreetNo_Rehovot_E1B90C_District_IL_ZIP",
    "InstitutionName": "Weizmann",
    "InstitutionalDepartmentName": "Department",
    "MRAcquisitionType": "2D",
    "MagneticFieldStrength": 3,
    "Manufacturer": "Siemens",
    "ManufacturersModelName": "TrioTim",
    "Modality": "MR",
    "PartialFourier": 1,
    "PatientPosition": "HFS",
    "PercentPhaseFOV": 100,
    "PhaseEncodingDirection": "j-",
    "PhaseEncodingSteps": 72,
    "PhaseResolution": 1,
    "PixelBandwidth": 2395,
    "ProcedureStepDescription": "Weizmann_Dudai",
    "ProtocolName": "run4_mod",
    "PulseSequenceDetails": "%SiemensSeq%_ep2d_pace",
    "ReceiveCoilName": "HeadMatrix",
    "ReconMatrixPE": 72,
    "RepetitionTime": 2,
    "SAR": 0.176433,
    "ScanOptions": "FS",
    "ScanningSequence": "EP",
    "SequenceName": "_epfid2d1_72",
    "SequenceVariant": "SK",
    "SeriesDescription": "run4_mod",
    "SeriesNumber": 10,
    "ShimSetting": [
      2333,
      9429,
      -5300,
      935,
      105,
      -781,
      -32,
      27
    ],
    "SliceThickness": 4,
    "SliceTiming": [
      0.995,
      0,
      1.0575,
      0.0625,
      1.1175,
      0.125,
      1.18,
      0.1875,
      1.2425,
      0.25,
      1.305,
      0.31,
      1.3675,
      0.3725,
      1.43,
      0.435,
      1.49,
      0.4975,
      1.5525,
      0.56,
      1.615,
      0.6225,
      1.6775,
      0.6825,
      1.74,
      0.745,
      1.8025,
      0.8075,
      1.8625,
      0.87,
      1.925,
      0.9325
    ],
    "SoftwareVersions": "syngo_MR_B17",
    "SpacingBetweenSlices": 4,
    "StationName": "MRC35149",
    "TaskName": "viewclips",
    "TotalReadoutTime": 0.0340802,
    "TxRefAmp": 317.491,
    "VendorReportedEchoSpacing": 0.00048,
    "dataset": "ds001840",
    "modality": "bold",
    "run_id": 4,
    "subject_id": "10",
    "task_id": "viewclips"
  },
  "dummy_trs": 1,
  "dvars_nstd": 24.91507900801369,
  "dvars_std": 1.0739356707534249,
  "dvars_vstd": 0.9277379954337895,
  "efc": 0.479733549777169,
  "fber": 1279.3082275390625,
  "fd_mean": 0.19231291499551265,
  "fd_num": 112,
  "fd_perc": 25.5125284738041,
  "fwhm_avg": 2.1247292926564842,
  "fwhm_x": 2.0625933333333335,
  "fwhm_y": 2.40166,
  "fwhm_z": 1.9099345446361196,
  "gcor": 0.0198216,
  "gsr_x": -0.01605440489947796,
  "gsr_y": 0.020524125546216965,
  "provenance": {
    "md5sum": "ee6c7c8b1ec3cfda7e3dcd57306f7841",
    "settings": {
      "fd_thres": 0.2,
      "testing": false
    },
    "software": "mriqc",
    "version": "22.0.6",
    "webapi_port": null,
    "webapi_url": "https://mriqc.nimh.nih.gov/api/v1"
  },
  "size_t": 439,
  "size_x": 72,
  "size_y": 72,
  "size_z": 32,
  "snr": 6.0006599086313965,
  "spacing_tr": 2.0,
  "spacing_x": 3.0,
  "spacing_y": 3.0,
  "spacing_z": 4.000000953674316,
  "summary_bg_k": 63.8076240187269,
  "summary_bg_mad": 4.336358680294172,
  "summary_bg_mean": 29.695493698120117,
  "summary_bg_median": 19.382688522338867,
  "summary_bg_n": 107383.0,
  "summary_bg_p05": 14.986332893371582,
  "summary_bg_p95": 74.1175430297851,
  "summary_bg_stdv": 32.71086502075195,
  "summary_fg_k": 1.0265093106060421,
  "summary_fg_mad": 107.36536704754519,
  "summary_fg_mean": 709.01416015625,
  "summary_fg_median": 704.5637817382812,
  "summary_fg_n": 24272.0,
  "summary_fg_p05": 524.1863616943359,
  "summary_fg_p95": 906.3416107177735,
  "summary_fg_stdv": 117.4119644165039,
  "tsnr": 42.02094995917287
}