{
  "aor": 0.0040608200455580865,
  "aqi": 0.013322859567198178,
  "bids_meta": {
    "AcquisitionMatrixPE": 72,
    "AcquisitionNumber": 1,
    "AcquisitionTime": "14:27:42.820000",
    "BandwidthPerPixelPhaseEncode": 28.935,
    "BaseResolution": 72,
    "ConversionSoftware": "dcm2niix",
    "ConversionSoftwareVersion": "v1.0.20171215 GCC4.4.7",
    "DerivedVendorReportedEchoSpacing": 0.000480003,
    "DeviceSerialNumber": "35149",
    "DwellTime": 2.9e-06,
    "EchoTime": 0.03,
    "EffectiveEchoSpacing": 0.000480003,
    "FlipAngle": 75,
    "ImageOrientationPatientDICOM": [
      0.999762,
      -0.00614131,
      0.0209328,
      0.0151387,
      0.886212,
      -0.463032
    ],
    "ImageType": "ORIGINALPRIMARYMNDMOSAIC",
    "InPlanePhaseEncodingDirectionDICOM": "COL",
    "InstitutionAddress": "Street_StreetNo_Rehovot_E1B90C_District_IL_ZIP",
    "InstitutionName": "Weizmann",
    "InstitutionalDepartmentName": "Department",
    "MRAcquisitionType": "2D",
    "MagneticFieldStrength": 3,
    "Manufacturer": "Siemens",
    "ManufacturersModelName": "TrioTim",
    "Modality": "MR",
    "PartialFourier": 1,
    "PatientPosition": "HFS",
    "PercentPhaseFOV": 100,
    "PhaseEncodingDirection": "j-",
    "PhaseEncodingSteps": 72,
    "PhaseResolution": 1,
    "PixelBandwidth": 2395,
    "ProcedureStepDescription": "Weizmann_Dudai",
    "ProtocolName": "run1_mod",
    "PulseSequenceDetails": "%SiemensSeq%_ep2d_pace",
    "ReceiveCoilName": "HeadMatrix",
    "ReconMatrixPE": 72,
    "RepetitionTime": 2,
    "SAR": 0.176433,
    "ScanOptions": "FS",
    "ScanningSequence": "EP",
    "SequenceName": "_epfid2d1_72",
    "SequenceVariant": "SK",
    "SeriesDescription": "run1_mod",
    "SeriesNumber": 5,
    "ShimSetting": [
      2332,
      9433,
      -5301,
      933,
      100,
      -770,
      -35,
      22
    ],
    "SliceThickness": 4,
    "SliceTiming": [
      0.9925,
      0,
      1.055,
      0.0625,
      1.1175,
      0.1225,
      1.18,
      0.185,
      1.2425,
      0.2475,
      1.3025,
      0.31,
      1.365,
      0.3725,
      1.4275,
      0.435,
      1.49,
      0.495,
      1.5525,
      0.5575,
      1.615,
      0.62,
      1.6775,
      0.6825,
      1.7375,
      0.745,
      1.8,
      0.8075,
      1.8625,
      0.87,
      1.925,
      0.93
    ],
    "SoftwareVersions": "syngo_MR_B17",
    "SpacingBetweenSlices": 4,
    "StationName": "MRC35149",
    "TaskName": "viewclips",
    "TotalReadoutTime": 0.0340802,
    "TxRefAmp": 317.491,
    "VendorReportedEchoSpacing": 0.00048,
    "dataset": "ds001840",
    "modality": "bold",
    "run_id": 1,
    "subject_id": "10",
    "task_id": "viewclips"
  },
  "dummy_trs": 1,
  "dvars_nstd": 23.215027408470334,
  "dvars_std": 1.14532463328767,
  "dvars_vstd": 0.9865155755479447,
  "efc": 0.479105255110646,
  "fber": 1309.0205078125,
  "fd_mean": 0.11250300807169761,
  "fd_num": 32,
  "fd_perc": 7.289293849658314,
  "fwhm_avg": 2.1535966666666666,
  "fwhm_x": 2.1242666666666667,
  "fwhm_y": 2.394083333333333,
  "fwhm_z": 1.94244,
  "gcor": 0.0201803,
  "gsr_x": -0.016064263880252838,
  "gsr_y": 0.020871378481388092,
  "provenance": {
    "md5sum": "751b9e17f539bba8dfffc3ca54c2eb79",
    "settings": {
      "fd_thres": 0.2,
      "testing": false
    },
    "software": "mriqc",
    "version": "22.0.6",
    "webapi_port": null,
    "webapi_url": "https://mriqc.nimh.nih.gov/api/v1"
  },
  "size_t": 439,
  "size_x": 72,
  "size_y": 72,
  "size_z": 32,
  "snr": 5.871669886105042,
  "spacing_tr": 2.0,
  "spacing_x": 3.0,
  "spacing_y": 3.0,
  "spacing_z": 4.0,
  "summary_bg_k": 76.74495602862305,
  "summary_bg_mad": 4.599783223794445,
  "summary_bg_mean": 29.840930938720703,
  "summary_bg_median": 19.389522552490234,
  "summary_bg_n": 107252.0,
  "summary_bg_p05": 14.708428382873535,
  "summary_bg_p95": 75.14465103149408,
  "summary_bg_stdv": 33.77159118652344,
  "summary_fg_k": 0.9494740878781904,
  "summary_fg_mad": 111.3910338501977,
  "summary_fg_mean": 714.3985595703125,
  "summary_fg_median": 710.6241455078125,
  "summary_fg_n": 24326.0,
  "summary_fg_p05": 523.7591247558594,
  "summary_fg_p95": 918.2466125488281,
  "summary_fg_stdv": 121.0234146118164,
  "tsnr": 44.110433222027496
}