{
  "aor": 0.00380498861047836,
  "aqi": 0.007048496719817769,
  "bids_meta": {
    "AcquisitionMatrixPE": 72,
    "AcquisitionNumber": 1,
    "AcquisitionTime": "12:38:29.165000",
    "BandwidthPerPixelPhaseEncode": 28.935,
    "BaseResolution": 72,
    "ConversionSoftware": "dcm2niix",
    "ConversionSoftwareVersion": "v1.0.20171215 GCC4.4.7",
    "DerivedVendorReportedEchoSpacing": 0.000480003,
    "DeviceSerialNumber": "35149",
    "DwellTime": 2.9e-06,
    "EchoTime": 0.03,
    "EffectiveEchoSpacing": 0.000480003,
    "FlipAngle": 75,
    "ImageOrientationPatientDICOM": [
      0.997854,
      0.0593141,
      0.0277234,
      -0.050949,
      0.969389,
      -0.240185
    ],
    "ImageType": "ORIGINALPRIMARYMNDMOSAIC",
    "InPlanePhaseEncodingDirectionDICOM": "COL",
    "InstitutionAddress": "Street_StreetNo_Rehovot_90B50C_District_IL_ZIP",
    "InstitutionName": "Weizmann",
    "InstitutionalDepartmentName": "Department",
    "MRAcquisitionType": "2D",
    "MagneticFieldStrength": 3,
    "Manufacturer": "Siemens",
    "ManufacturersModelName": "TrioTim",
    "Modality": "MR",
    "PartialFourier": 1,
    "PatientPosition": "HFS",
    "PercentPhaseFOV": 100,
    "PhaseEncodingDirection": "j-",
    "PhaseEncodingSteps": 72,
    "PhaseResolution": 1,
    "PixelBandwidth": 2395,
    "ProcedureStepDescription": "Weizmann_Dudai",
    "ProtocolName": "run3_mod",
    "PulseSequenceDetails": "%SiemensSeq%_ep2d_pace",
    "ReceiveCoilName": "HeadMatrix",
    "ReconMatrixPE": 72,
    "RepetitionTime": 2,
    "SAR": 0.149923,
    "ScanOptions": "FS",
    "ScanningSequence": "EP",
    "SequenceName": "_epfid2d1_72",
    "SequenceVariant": "SK",
    "SeriesDescription": "run3_mod",
    "SeriesNumber": 5,
    "ShimSetting": [
      2333,
      9414,
      -5296,
      971,
      2,
      -983,
      -145,
      -58
    ],
    "SliceThickness": 4,
    "SliceTiming": [
      0.995,
      0,
      1.0575,
      0.0625,
      1.12,
      0.125,
      1.18,
      0.1875,
      1.2425,
      0.25,
      1.305,
      0.3125,
      1.3675,
      0.3725,
      1.43,
      0.435,
      1.4925,
      0.4975,
      1.555,
      0.56,
      1.615,
      0.6225,
      1.6775,
      0.685,
      1.74,
      0.7475,
      1.8025,
      0.8075,
      1.865,
      0.87,
      1.9275,
      0.9325
    ],
    "SoftwareVersions": "syngo_MR_B17",
    "SpacingBetweenSlices": 4,
    "StationName": "MRC35149",
    "TaskName": "viewclips",
    "TotalReadoutTime": 0.0340802,
    "TxRefAmp": 298.777,
    "VendorReportedEchoSpacing": 0.00048,
    "dataset": "ds001840",
    "modality": "bold",
    "run_id": 3,
    "subject_id": "26",
    "task_id": "viewclips"
  },
  "dummy_trs": 1,
  "dvars_nstd": 20.153786497968035,
  "dvars_std": 1.1188667414611881,
  "dvars_vstd": 1.0160659301826485,
  "efc": 0.4726122451706584,
  "fber": 1607.266845703125,
  "fd_mean": 0.16063086307540408,
  "fd_num": 66,
  "fd_perc": 15.034168564920273,
  "fwhm_avg": 1.8982343819777545,
  "fwhm_x": 1.8823033333333334,
  "fwhm_y": 2.0998933333333336,
  "fwhm_z": 1.7125064792665963,
  "gcor": 0.0661777,
  "gsr_x": -0.02023814432322979,
  "gsr_y": 0.02077799290418625,
  "provenance": {
    "md5sum": "c6c8d23a9fc540a34eb1e091ef84dfca",
    "settings": {
      "fd_thres": 0.2,
      "testing": false
    },
    "software": "mriqc",
    "version": "22.0.6",
    "webapi_port": null,
    "webapi_url": "https://mriqc.nimh.nih.gov/api/v1"
  },
  "size_t": 439,
  "size_x": 72,
  "size_y": 72,
  "size_z": 32,
  "snr": 6.590499309935495,
  "spacing_tr": 2.0,
  "spacing_x": 3.0,
  "spacing_y": 3.0,
  "spacing_z": 4.000002384185791,
  "summary_bg_k": 48.29786507877984,
  "summary_bg_mad": 4.856452059172445,
  "summary_bg_mean": 36.08358383178711,
  "summary_bg_median": 19.77448844909668,
  "summary_bg_n": 110480.0,
  "summary_bg_p05": 15.927107810974121,
  "summary_bg_p95": 105.09374084472648,
  "summary_bg_stdv": 49.91813278198242,
  "summary_fg_k": 1.2024767702191772,
  "summary_fg_mad": 112.55786821949216,
  "summary_fg_mean": 818.9616088867188,
  "summary_fg_median": 811.3109741210938,
  "summary_fg_n": 22038.0,
  "summary_fg_p05": 636.6110870361329,
  "summary_fg_p95": 1031.0993713378903,
  "summary_fg_stdv": 123.1003189086914,
  "tsnr": 63.399105495074764
}