{
  "aor": 0.001955444191343964,
  "aqi": 0.009458044738041004,
  "bids_meta": {
    "AcquisitionMatrixPE": 72,
    "AcquisitionNumber": 1,
    "AcquisitionTime": "12:22:58.852500",
    "BandwidthPerPixelPhaseEncode": 28.935,
    "BaseResolution": 72,
    "ConversionSoftware": "dcm2niix",
    "ConversionSoftwareVersion": "v1.0.20171215 GCC4.4.7",
    "DerivedVendorReportedEchoSpacing": 0.000480003,
    "DeviceSerialNumber": "35149",
    "DwellTime": 2.9e-06,
    "EchoTime": 0.03,
    "EffectiveEchoSpacing": 0.000480003,
    "FlipAngle": 75,
    "ImageOrientationPatientDICOM": [
      0.997854,
      0.0593141,
      0.0277234,
      -0.050949,
      0.969389,
      -0.240185
    ],
    "ImageType": "ORIGINALPRIMARYMNDMOSAIC",
    "InPlanePhaseEncodingDirectionDICOM": "COL",
    "InstitutionAddress": "Street_StreetNo_Rehovot_90B50C_District_IL_ZIP",
    "InstitutionName": "Weizmann",
    "InstitutionalDepartmentName": "Department",
    "MRAcquisitionType": "2D",
    "MagneticFieldStrength": 3,
    "Manufacturer": "Siemens",
    "ManufacturersModelName": "TrioTim",
    "Modality": "MR",
    "PartialFourier": 1,
    "PatientPosition": "HFS",
    "PercentPhaseFOV": 100,
    "PhaseEncodingDirection": "j-",
    "PhaseEncodingSteps": 72,
    "PhaseResolution": 1,
    "PixelBandwidth": 2395,
    "ProcedureStepDescription": "Weizmann_Dudai",
    "ProtocolName": "run2_mod",
    "PulseSequenceDetails": "%SiemensSeq%_ep2d_pace",
    "ReceiveCoilName": "HeadMatrix",
    "ReconMatrixPE": 72,
    "RepetitionTime": 2,
    "SAR": 0.149923,
    "ScanOptions": "FS",
    "ScanningSequence": "EP",
    "SequenceName": "_epfid2d1_72",
    "SequenceVariant": "SK",
    "SeriesDescription": "run2_mod",
    "SeriesNumber": 4,
    "ShimSetting": [
      2333,
      9414,
      -5296,
      971,
      2,
      -983,
      -145,
      -58
    ],
    "SliceThickness": 4,
    "SliceTiming": [
      0.995,
      0,
      1.0575,
      0.0625,
      1.12,
      0.125,
      1.18,
      0.1875,
      1.2425,
      0.25,
      1.305,
      0.3125,
      1.3675,
      0.3725,
      1.43,
      0.435,
      1.4925,
      0.4975,
      1.555,
      0.56,
      1.615,
      0.6225,
      1.6775,
      0.685,
      1.74,
      0.7475,
      1.8025,
      0.8075,
      1.865,
      0.87,
      1.9275,
      0.9325
    ],
    "SoftwareVersions": "syngo_MR_B17",
    "SpacingBetweenSlices": 4,
    "StationName": "MRC35149",
    "TaskName": "viewclips",
    "TotalReadoutTime": 0.0340802,
    "TxRefAmp": 298.777,
    "VendorReportedEchoSpacing": 0.00048,
    "dataset": "ds001840",
    "modality": "bold",
    "run_id": 2,
    "subject_id": "26",
    "task_id": "viewclips"
  },
  "dummy_trs": 1,
  "dvars_nstd": 20.304862680182648,
  "dvars_std": 1.101042630799087,
  "dvars_vstd": 0.9887877914383566,
  "efc": 0.4723151542571422,
  "fber": 1585.659423828125,
  "fd_mean": 0.1633344949946591,
  "fd_num": 79,
  "fd_perc": 17.995444191343964,
  "fwhm_avg": 1.9105002081649918,
  "fwhm_x": 1.8740466666666666,
  "fwhm_y": 2.10898,
  "fwhm_z": 1.7484739578283084,
  "gcor": 0.0521019,
  "gsr_x": -0.0199692714959383,
  "gsr_y": 0.02174457162618637,
  "provenance": {
    "md5sum": "d2c61aef27543d587ef185eb5edb0378",
    "settings": {
      "fd_thres": 0.2,
      "testing": false
    },
    "software": "mriqc",
    "version": "22.0.6",
    "webapi_port": null,
    "webapi_url": "https://mriqc.nimh.nih.gov/api/v1"
  },
  "size_t": 439,
  "size_x": 72,
  "size_y": 72,
  "size_z": 32,
  "snr": 6.622635348693897,
  "spacing_tr": 2.0,
  "spacing_x": 3.0,
  "spacing_y": 3.0,
  "spacing_z": 4.000002384185791,
  "summary_bg_k": 49.32495006225418,
  "summary_bg_mad": 5.157023099907613,
  "summary_bg_mean": 35.87670135498047,
  "summary_bg_median": 19.943052291870117,
  "summary_bg_n": 110385.0,
  "summary_bg_p05": 15.701595306396484,
  "summary_bg_p95": 103.82460327148424,
  "summary_bg_stdv": 49.683868408203125,
  "summary_fg_k": 1.1876390394638756,
  "summary_fg_mad": 111.92972592824725,
  "summary_fg_mean": 818.9684448242188,
  "summary_fg_median": 811.463623046875,
  "summary_fg_n": 22056.0,
  "summary_fg_p05": 636.6634826660156,
  "summary_fg_p95": 1032.291015625,
  "summary_fg_stdv": 122.52603149414062,
  "tsnr": 57.334437440149486
}