{
  "bids_meta": {
    "AcquisitionMatrixPE": 256,
    "AcquisitionNumber": 1,
    "AcquisitionTime": "10:40:47.030000",
    "BaseResolution": 256,
    "ConversionSoftware": "dcm2niix",
    "ConversionSoftwareVersion": "v1.0.20171215 GCC4.4.7",
    "DeviceSerialNumber": "35149",
    "DwellTime": 8.2e-06,
    "EchoTime": 0.00298,
    "FlipAngle": 9,
    "ImageOrientationPatientDICOM": [
      0.078059,
      0.996947,
      0.00174425,
      0.0350735,
      -0.000997671,
      -0.999384
    ],
    "ImageType": [
      "ORIGINAL",
      "PRIMARY",
      "M",
      "ND"
    ],
    "InPlanePhaseEncodingDirectionDICOM": "ROW",
    "InstitutionAddress": "Street_StreetNo_Rehovot_E1B90C_District_IL_ZIP",
    "InstitutionName": "Weizmann",
    "InstitutionalDepartmentName": "Department",
    "InversionTime": 0.9,
    "MRAcquisitionType": "3D",
    "MagneticFieldStrength": 3,
    "Manufacturer": "Siemens",
    "ManufacturersModelName": "TrioTim",
    "Modality": "MR",
    "PartialFourier": 0.875,
    "PatientPosition": "HFS",
    "PercentPhaseFOV": 100,
    "PhaseEncodingSteps": 224,
    "PhaseResolution": 1,
    "PixelBandwidth": 238,
    "ProcedureStepDescription": "Weizmann_Dudai",
    "ProtocolName": "t1_mprage",
    "PulseSequenceDetails": "%SiemensSeq%_tfl",
    "ReceiveCoilName": "HeadMatrix",
    "ReconMatrixPE": 256,
    "RepetitionTime": 2.3,
    "SAR": 0.0818747,
    "ScanOptions": "IR_PFP",
    "ScanningSequence": "GR_IR",
    "SequenceName": "_tfl3d1_ns",
    "SequenceVariant": "SP_MP",
    "SeriesDescription": "t1_mprage",
    "SeriesNumber": 7,
    "ShimSetting": [
      2343,
      9542,
      -5382,
      1200,
      -12,
      -759,
      -94,
      -157
    ],
    "SliceThickness": 1,
    "SoftwareVersions": "syngo_MR_B17",
    "StationName": "MRC35149",
    "TxRefAmp": 281.926,
    "dataset": "ds001840",
    "modality": "T1w",
    "subject_id": "15"
  },
  "cjv": 0.3488083492030723,
  "cnr": 3.8453767111328476,
  "efc": 0.5452422342386485,
  "fber": 10880.5761,
  "fwhm_avg": 3.679822565095213,
  "fwhm_x": 3.6887276952856385,
  "fwhm_y": 3.97641,
  "fwhm_z": 3.37433,
  "icvs_csf": 0.21468072128720525,
  "icvs_gm": 0.45341945419690394,
  "icvs_wm": 0.33189982451589084,
  "inu_med": 0.6327019035816193,
  "inu_range": 0.23699046671390533,
  "provenance": {
    "md5sum": "07f168b6798d2ebc1825e17083091db4",
    "settings": {
      "testing": false
    },
    "software": "mriqc",
    "version": "22.0.6",
    "warnings": {
      "large_rot_frame": true,
      "small_air_mask": false
    },
    "webapi_port": null,
    "webapi_url": "https://mriqc.nimh.nih.gov/api/v1"
  },
  "qi_1": 0.0,
  "qi_2": 0.0035249793117826077,
  "rpve_csf": 27.11528062618421,
  "rpve_gm": 13.50043778220365,
  "rpve_wm": 20.521178567976545,
  "size_x": 176,
  "size_y": 256,
  "size_z": 256,
  "snr_csf": 1.8608536167364098,
  "snr_gm": 9.117444357713865,
  "snr_total": 10.398028464662556,
  "snr_wm": 20.215787419537392,
  "snrd_csf": 18.508863091731907,
  "snrd_gm": 61.32414882512895,
  "snrd_total": 57.68339811543319,
  "snrd_wm": 93.21718242943871,
  "spacing_x": 0.9999979138374329,
  "spacing_y": 1.0,
  "spacing_z": 1.0,
  "summary_bg_k": 3.4193264016482736,
  "summary_bg_mad": 7.0280647000191,
  "summary_bg_mean": 11.784725630339953,
  "summary_bg_median": 4.740357603877783,
  "summary_bg_n": 2409336.0,
  "summary_bg_p05": 0.0,
  "summary_bg_p95": 45.310431122779846,
  "summary_bg_stdv": 16.226803309756797,
  "summary_csf_k": 1.3333974804773412,
  "summary_csf_mad": 95.79160912558501,
  "summary_csf_mean": 212.4058532037774,
  "summary_csf_median": 198.55634236242622,
  "summary_csf_n": 31480.0,
  "summary_csf_p05": 66.48813262581825,
  "summary_csf_p95": 417.7978815417737,
  "summary_csf_stdv": 106.70005789885228,
  "summary_gm_k": -0.00874932082081381,
  "summary_gm_mad": 71.64975051318173,
  "summary_gm_mean": 657.5824230313773,
  "summary_gm_median": 657.8631344810128,
  "summary_gm_n": 32183.0,
  "summary_gm_p05": 537.270283930935,
  "summary_gm_p95": 776.1412130063396,
  "summary_gm_stdv": 72.15321398511979,
  "summary_wm_k": 0.3755829027780466,
  "summary_wm_mad": 47.690439035843895,
  "summary_wm_mean": 999.4327691070566,
  "summary_wm_median": 999.9999836180359,
  "summary_wm_n": 162026.0,
  "summary_wm_p05": 917.5977933220565,
  "summary_wm_p95": 1079.2008934542537,
  "summary_wm_stdv": 49.46613638815791,
  "tpm_overlap_csf": 0.1559789353396709,
  "tpm_overlap_gm": 0.4797516795465377,
  "tpm_overlap_wm": 0.5197607850701214,
  "wm2max": 0.5667194042913011
}