{
  "bids_meta": {
    "AcquisitionMatrixPE": 256,
    "AcquisitionNumber": 1,
    "AcquisitionTime": "15:35:23.950000",
    "BaseResolution": 256,
    "ConversionSoftware": "dcm2niix",
    "ConversionSoftwareVersion": "v1.0.20171215 GCC4.4.7",
    "DeviceSerialNumber": "35149",
    "DwellTime": 8.2e-06,
    "EchoTime": 0.00298,
    "FlipAngle": 9,
    "ImageOrientationPatientDICOM": [
      0.00747158,
      0.999643,
      0.0256621,
      0.0582939,
      0.0251838,
      -0.997982
    ],
    "ImageType": [
      "ORIGINAL",
      "PRIMARY",
      "M",
      "ND"
    ],
    "InPlanePhaseEncodingDirectionDICOM": "ROW",
    "InstitutionAddress": "Street_StreetNo_Rehovot_E1B90C_District_IL_ZIP",
    "InstitutionName": "Weizmann",
    "InstitutionalDepartmentName": "Department",
    "InversionTime": 0.9,
    "MRAcquisitionType": "3D",
    "MagneticFieldStrength": 3,
    "Manufacturer": "Siemens",
    "ManufacturersModelName": "TrioTim",
    "Modality": "MR",
    "PartialFourier": 0.875,
    "PatientPosition": "HFS",
    "PercentPhaseFOV": 100,
    "PhaseEncodingSteps": 224,
    "PhaseResolution": 1,
    "PixelBandwidth": 238,
    "ProcedureStepDescription": "Weizmann_Dudai",
    "ProtocolName": "t1_mprage",
    "PulseSequenceDetails": "%SiemensSeq%_tfl",
    "ReceiveCoilName": "HeadMatrix",
    "ReconMatrixPE": 256,
    "RepetitionTime": 2.3,
    "SAR": 0.135149,
    "ScanOptions": "IR_PFP",
    "ScanningSequence": "GR_IR",
    "SequenceName": "_tfl3d1_ns",
    "SequenceVariant": "SP_MP",
    "SeriesDescription": "t1_mprage",
    "SeriesNumber": 11,
    "ShimSetting": [
      2333,
      9429,
      -5300,
      935,
      105,
      -781,
      -32,
      27
    ],
    "SliceThickness": 1,
    "SoftwareVersions": "syngo_MR_B17",
    "StationName": "MRC35149",
    "TxRefAmp": 317.491,
    "dataset": "ds001840",
    "modality": "T1w",
    "subject_id": "10"
  },
  "cjv": 0.44109940757121185,
  "cnr": 2.9860316837047733,
  "efc": 0.5611855857816439,
  "fber": 9214.126924449733,
  "fwhm_avg": 3.7544089062976216,
  "fwhm_x": 3.7136667188928643,
  "fwhm_y": 4.01843,
  "fwhm_z": 3.53113,
  "icvs_csf": 0.1971355060452721,
  "icvs_gm": 0.4053447099111202,
  "icvs_wm": 0.3975197840436077,
  "inu_med": 0.8299409747123718,
  "inu_range": 0.35300441086292267,
  "provenance": {
    "md5sum": "874a515b899f721cecf815fba8f0a3f6",
    "settings": {
      "testing": false
    },
    "software": "mriqc",
    "version": "22.0.6",
    "warnings": {
      "large_rot_frame": true,
      "small_air_mask": false
    },
    "webapi_port": null,
    "webapi_url": "https://mriqc.nimh.nih.gov/api/v1"
  },
  "qi_1": 0.0,
  "qi_2": 0.0021229021510173014,
  "rpve_csf": 30.11428023748316,
  "rpve_gm": 14.25409535030929,
  "rpve_wm": 16.73508005396436,
  "size_x": 176,
  "size_y": 256,
  "size_z": 256,
  "snr_csf": 2.032995981193228,
  "snr_gm": 9.791696848673,
  "snr_total": 8.025356299092525,
  "snr_wm": 12.251376067411348,
  "snrd_csf": 19.65704799363487,
  "snrd_gm": 50.358471249542276,
  "snrd_total": 48.2994950530098,
  "snrd_wm": 74.88296591585227,
  "spacing_x": 1.0000035762786865,
  "spacing_y": 1.0,
  "spacing_z": 1.0,
  "summary_bg_k": 8.761825691980722,
  "summary_bg_mad": 8.749748719769299,
  "summary_bg_mean": 17.01929204353696,
  "summary_bg_median": 5.9016158282756805,
  "summary_bg_n": 2338158.0,
  "summary_bg_p05": 0.0,
  "summary_bg_p95": 67.43675647675991,
  "summary_bg_stdv": 25.505496907074487,
  "summary_csf_k": 0.20911269174390013,
  "summary_csf_mad": 129.67234306950783,
  "summary_csf_mean": 272.4744819636521,
  "summary_csf_median": 262.53194070234895,
  "summary_csf_n": 25280.0,
  "summary_csf_p05": 74.9919043008238,
  "summary_csf_p95": 497.2111335322261,
  "summary_csf_stdv": 129.13294005328467,
  "summary_gm_k": 0.061656900031400674,
  "summary_gm_mad": 67.43708769383167,
  "summary_gm_mean": 672.8111476983072,
  "summary_gm_median": 672.5682916492224,
  "summary_gm_n": 17081.0,
  "summary_gm_p05": 559.0701433420181,
  "summary_gm_p95": 785.3107452467084,
  "summary_gm_stdv": 68.68560313298094,
  "summary_wm_k": 0.7010675764740202,
  "summary_wm_mad": 77.04047043504188,
  "summary_wm_mean": 1009.7692645988903,
  "summary_wm_median": 1000.1079701185226,
  "summary_wm_n": 161004.0,
  "summary_wm_p05": 893.5550160482526,
  "summary_wm_p95": 1158.6599173098803,
  "summary_wm_stdv": 81.63204351597444,
  "tpm_overlap_csf": 0.15138334313427865,
  "tpm_overlap_gm": 0.4346402420550932,
  "tpm_overlap_wm": 0.47562327357607204,
  "wm2max": 0.47460637316848253
}