{
  "aor": 0.0011793166287015944,
  "aqi": 0.007481423302961276,
  "bids_meta": {
    "AcquisitionMatrixPE": 72,
    "AcquisitionNumber": 1,
    "AcquisitionTime": "10:07:2.532500",
    "BandwidthPerPixelPhaseEncode": 28.935,
    "BaseResolution": 72,
    "ConversionSoftware": "dcm2niix",
    "ConversionSoftwareVersion": "v1.0.20171215 GCC4.4.7",
    "DerivedVendorReportedEchoSpacing": 0.000480003,
    "DeviceSerialNumber": "35149",
    "DwellTime": 2.9e-06,
    "EchoTime": 0.03,
    "EffectiveEchoSpacing": 0.000480003,
    "FlipAngle": 75,
    "ImageOrientationPatientDICOM": [
      0.999376,
      0.00960967,
      -0.03399,
      -0.0216344,
      0.927193,
      -0.373959
    ],
    "ImageType": "ORIGINALPRIMARYMNDMOSAIC",
    "InPlanePhaseEncodingDirectionDICOM": "COL",
    "InstitutionAddress": "Street_StreetNo_Rehovot_E1B90C_District_IL_ZIP",
    "InstitutionName": "Weizmann",
    "InstitutionalDepartmentName": "Department",
    "MRAcquisitionType": "2D",
    "MagneticFieldStrength": 3,
    "Manufacturer": "Siemens",
    "ManufacturersModelName": "TrioTim",
    "Modality": "MR",
    "PartialFourier": 1,
    "PatientPosition": "HFS",
    "PercentPhaseFOV": 100,
    "PhaseEncodingDirection": "j-",
    "PhaseEncodingSteps": 72,
    "PhaseResolution": 1,
    "PixelBandwidth": 2395,
    "ProcedureStepDescription": "Weizmann_Dudai",
    "ProtocolName": "run3_mod",
    "PulseSequenceDetails": "%SiemensSeq%_ep2d_pace",
    "ReceiveCoilName": "HeadMatrix",
    "ReconMatrixPE": 72,
    "RepetitionTime": 2,
    "SAR": 0.133908,
    "ScanOptions": "FS",
    "ScanningSequence": "EP",
    "SequenceName": "_epfid2d1_72",
    "SequenceVariant": "SK",
    "SeriesDescription": "run3_mod",
    "SeriesNumber": 5,
    "ShimSetting": [
      2338,
      9655,
      -5598,
      888,
      91,
      -421,
      100,
      -89
    ],
    "SliceThickness": 4,
    "SliceTiming": [
      0.995,
      0,
      1.0575,
      0.0625,
      1.12,
      0.125,
      1.18,
      0.1875,
      1.2425,
      0.25,
      1.305,
      0.3125,
      1.3675,
      0.3725,
      1.43,
      0.435,
      1.4925,
      0.4975,
      1.5525,
      0.56,
      1.615,
      0.6225,
      1.6775,
      0.685,
      1.74,
      0.745,
      1.8025,
      0.8075,
      1.865,
      0.87,
      1.925,
      0.9325
    ],
    "SoftwareVersions": "syngo_MR_B17",
    "SpacingBetweenSlices": 4,
    "StationName": "MRC35149",
    "TaskName": "viewclips",
    "TotalReadoutTime": 0.0340802,
    "TxRefAmp": 281.843,
    "VendorReportedEchoSpacing": 0.00048,
    "dataset": "ds001840",
    "modality": "bold",
    "run_id": 3,
    "subject_id": "21",
    "task_id": "viewclips"
  },
  "dummy_trs": 1,
  "dvars_nstd": 19.653270904246558,
  "dvars_std": 1.0519887421461187,
  "dvars_vstd": 0.9823073649086757,
  "efc": 0.5003069833248805,
  "fber": 1080.7596435546875,
  "fd_mean": 0.1359914521544942,
  "fd_num": 56,
  "fd_perc": 12.75626423690205,
  "fwhm_avg": 1.9690891666666666,
  "fwhm_x": 1.9763766666666667,
  "fwhm_y": 2.098543333333333,
  "fwhm_z": 1.8323475,
  "gcor": 0.0213272,
  "gsr_x": -0.017240215092897415,
  "gsr_y": 0.01795760542154312,
  "provenance": {
    "md5sum": "8d0d42c9f2f5071a334ea6b11b56130a",
    "settings": {
      "fd_thres": 0.2,
      "testing": false
    },
    "software": "mriqc",
    "version": "22.0.6",
    "webapi_port": null,
    "webapi_url": "https://mriqc.nimh.nih.gov/api/v1"
  },
  "size_t": 439,
  "size_x": 72,
  "size_y": 72,
  "size_z": 32,
  "snr": 5.6448287959223515,
  "spacing_tr": 2.0,
  "spacing_x": 3.0,
  "spacing_y": 3.0,
  "spacing_z": 4.0,
  "summary_bg_k": 81.1482012286477,
  "summary_bg_mad": 4.7517583781524255,
  "summary_bg_mean": 29.575265884399414,
  "summary_bg_median": 19.059226989746094,
  "summary_bg_n": 104527.0,
  "summary_bg_p05": 14.33485221862793,
  "summary_bg_p95": 76.34123077392576,
  "summary_bg_stdv": 33.502498626708984,
  "summary_fg_k": 1.8808398826074306,
  "summary_fg_mad": 97.74370033684241,
  "summary_fg_mean": 650.06103515625,
  "summary_fg_median": 637.7904663085938,
  "summary_fg_n": 26717.0,
  "summary_fg_p05": 490.6715454101562,
  "summary_fg_p95": 849.2387573242187,
  "summary_fg_stdv": 112.98456573486328,
  "tsnr": 61.047019036486745
}