{
  "aor": 0.0014565148063781324,
  "aqi": 0.005145843758542141,
  "bids_meta": {
    "AcquisitionMatrixPE": 72,
    "AcquisitionNumber": 1,
    "AcquisitionTime": "10:22:44.257500",
    "BandwidthPerPixelPhaseEncode": 28.935,
    "BaseResolution": 72,
    "ConversionSoftware": "dcm2niix",
    "ConversionSoftwareVersion": "v1.0.20171215 GCC4.4.7",
    "DerivedVendorReportedEchoSpacing": 0.000480003,
    "DeviceSerialNumber": "35149",
    "DwellTime": 2.9e-06,
    "EchoTime": 0.03,
    "EffectiveEchoSpacing": 0.000480003,
    "FlipAngle": 75,
    "ImageOrientationPatientDICOM": [
      0.999376,
      0.00960967,
      -0.03399,
      -0.0216344,
      0.927193,
      -0.373959
    ],
    "ImageType": "ORIGINALPRIMARYMNDMOSAIC",
    "InPlanePhaseEncodingDirectionDICOM": "COL",
    "InstitutionAddress": "Street_StreetNo_Rehovot_E1B90C_District_IL_ZIP",
    "InstitutionName": "Weizmann",
    "InstitutionalDepartmentName": "Department",
    "MRAcquisitionType": "2D",
    "MagneticFieldStrength": 3,
    "Manufacturer": "Siemens",
    "ManufacturersModelName": "TrioTim",
    "Modality": "MR",
    "PartialFourier": 1,
    "PatientPosition": "HFS",
    "PercentPhaseFOV": 100,
    "PhaseEncodingDirection": "j-",
    "PhaseEncodingSteps": 72,
    "PhaseResolution": 1,
    "PixelBandwidth": 2395,
    "ProcedureStepDescription": "Weizmann_Dudai",
    "ProtocolName": "run4_mod",
    "PulseSequenceDetails": "%SiemensSeq%_ep2d_pace",
    "ReceiveCoilName": "HeadMatrix",
    "ReconMatrixPE": 72,
    "RepetitionTime": 2,
    "SAR": 0.133908,
    "ScanOptions": "FS",
    "ScanningSequence": "EP",
    "SequenceName": "_epfid2d1_72",
    "SequenceVariant": "SK",
    "SeriesDescription": "run4_mod",
    "SeriesNumber": 6,
    "ShimSetting": [
      2338,
      9655,
      -5598,
      888,
      91,
      -421,
      100,
      -89
    ],
    "SliceThickness": 4,
    "SliceTiming": [
      0.9925,
      0,
      1.055,
      0.0625,
      1.1175,
      0.1225,
      1.18,
      0.185,
      1.2425,
      0.2475,
      1.3025,
      0.31,
      1.365,
      0.3725,
      1.4275,
      0.435,
      1.49,
      0.4975,
      1.5525,
      0.5575,
      1.615,
      0.62,
      1.6775,
      0.6825,
      1.7375,
      0.745,
      1.8,
      0.8075,
      1.8625,
      0.87,
      1.925,
      0.93
    ],
    "SoftwareVersions": "syngo_MR_B17",
    "SpacingBetweenSlices": 4,
    "StationName": "MRC35149",
    "TaskName": "viewclips",
    "TotalReadoutTime": 0.0340802,
    "TxRefAmp": 281.843,
    "VendorReportedEchoSpacing": 0.00048,
    "dataset": "ds001840",
    "modality": "bold",
    "run_id": 4,
    "subject_id": "21",
    "task_id": "viewclips"
  },
  "dummy_trs": 1,
  "dvars_nstd": 20.564948064703184,
  "dvars_std": 1.1294020754109593,
  "dvars_vstd": 1.0147194158675794,
  "efc": 0.5021534654437366,
  "fber": 1096.129638671875,
  "fd_mean": 0.13987490941699296,
  "fd_num": 75,
  "fd_perc": 17.084282460136674,
  "fwhm_avg": 1.943883888888889,
  "fwhm_x": 1.9519966666666668,
  "fwhm_y": 2.07992,
  "fwhm_z": 1.799735,
  "gcor": 0.0189336,
  "gsr_x": -0.01911362260580063,
  "gsr_y": 0.02059253118932247,
  "provenance": {
    "md5sum": "991543df0aefb9897784b195a62da3a9",
    "settings": {
      "fd_thres": 0.2,
      "testing": false
    },
    "software": "mriqc",
    "version": "22.0.6",
    "webapi_port": null,
    "webapi_url": "https://mriqc.nimh.nih.gov/api/v1"
  },
  "size_t": 439,
  "size_x": 72,
  "size_y": 72,
  "size_z": 32,
  "snr": 5.664156953076401,
  "spacing_tr": 2.0,
  "spacing_x": 3.0,
  "spacing_y": 3.0,
  "spacing_z": 4.0,
  "summary_bg_k": 90.08817724948432,
  "summary_bg_mad": 5.1739095423739805,
  "summary_bg_mean": 30.955533981323242,
  "summary_bg_median": 19.287015914916992,
  "summary_bg_n": 104500.0,
  "summary_bg_p05": 14.39863395690918,
  "summary_bg_p95": 82.30558586120597,
  "summary_bg_stdv": 37.01804733276367,
  "summary_fg_k": 1.7950803553413124,
  "summary_fg_mad": 101.12425781236317,
  "summary_fg_mean": 664.9600830078125,
  "summary_fg_median": 652.5626831054688,
  "summary_fg_n": 26762.0,
  "summary_fg_p05": 500.6087844848633,
  "summary_fg_p95": 865.9724700927733,
  "summary_fg_stdv": 115.20699310302734,
  "tsnr": 72.4086953883525
}