{
  "aor": 0.0002810478359908884,
  "aqi": 0.006465280296127562,
  "bids_meta": {
    "AcquisitionMatrixPE": 72,
    "AcquisitionNumber": 1,
    "AcquisitionTime": "09:35:48.715000",
    "BandwidthPerPixelPhaseEncode": 28.935,
    "BaseResolution": 72,
    "ConversionSoftware": "dcm2niix",
    "ConversionSoftwareVersion": "v1.0.20171215 GCC4.4.7",
    "DerivedVendorReportedEchoSpacing": 0.000480003,
    "DeviceSerialNumber": "35149",
    "DwellTime": 2.9e-06,
    "EchoTime": 0.03,
    "EffectiveEchoSpacing": 0.000480003,
    "FlipAngle": 75,
    "ImageOrientationPatientDICOM": [
      0.999376,
      0.00960967,
      -0.03399,
      -0.0216344,
      0.927193,
      -0.373959
    ],
    "ImageType": "ORIGINALPRIMARYMNDMOSAIC",
    "InPlanePhaseEncodingDirectionDICOM": "COL",
    "InstitutionAddress": "Street_StreetNo_Rehovot_E1B90C_District_IL_ZIP",
    "InstitutionName": "Weizmann",
    "InstitutionalDepartmentName": "Department",
    "MRAcquisitionType": "2D",
    "MagneticFieldStrength": 3,
    "Manufacturer": "Siemens",
    "ManufacturersModelName": "TrioTim",
    "Modality": "MR",
    "PartialFourier": 1,
    "PatientPosition": "HFS",
    "PercentPhaseFOV": 100,
    "PhaseEncodingDirection": "j-",
    "PhaseEncodingSteps": 72,
    "PhaseResolution": 1,
    "PixelBandwidth": 2395,
    "ProcedureStepDescription": "Weizmann_Dudai",
    "ProtocolName": "run1_mod",
    "PulseSequenceDetails": "%SiemensSeq%_ep2d_pace",
    "ReceiveCoilName": "HeadMatrix",
    "ReconMatrixPE": 72,
    "RepetitionTime": 2,
    "SAR": 0.133908,
    "ScanOptions": "FS",
    "ScanningSequence": "EP",
    "SequenceName": "_epfid2d1_72",
    "SequenceVariant": "SK",
    "SeriesDescription": "run1_mod",
    "SeriesNumber": 3,
    "ShimSetting": [
      2338,
      9655,
      -5598,
      888,
      91,
      -421,
      100,
      -89
    ],
    "SliceThickness": 4,
    "SliceTiming": [
      0.995,
      0,
      1.0575,
      0.0625,
      1.1175,
      0.125,
      1.18,
      0.1875,
      1.2425,
      0.25,
      1.305,
      0.31,
      1.3675,
      0.3725,
      1.43,
      0.435,
      1.49,
      0.4975,
      1.5525,
      0.56,
      1.615,
      0.6225,
      1.6775,
      0.6825,
      1.74,
      0.745,
      1.8025,
      0.8075,
      1.865,
      0.87,
      1.925,
      0.9325
    ],
    "SoftwareVersions": "syngo_MR_B17",
    "SpacingBetweenSlices": 4,
    "StationName": "MRC35149",
    "TaskName": "viewclips",
    "TotalReadoutTime": 0.0340802,
    "TxRefAmp": 281.843,
    "VendorReportedEchoSpacing": 0.00048,
    "dataset": "ds001840",
    "modality": "bold",
    "run_id": 1,
    "subject_id": "21",
    "task_id": "viewclips"
  },
  "dummy_trs": 1,
  "dvars_nstd": 20.08129206536533,
  "dvars_std": 1.0544492426484016,
  "dvars_vstd": 0.9694785038812788,
  "efc": 0.4997886078078271,
  "fber": 1104.06005859375,
  "fd_mean": 0.11189005935739041,
  "fd_num": 29,
  "fd_perc": 6.605922551252847,
  "fwhm_avg": 1.9947658333333331,
  "fwhm_x": 2.00621,
  "fwhm_y": 2.1105199999999997,
  "fwhm_z": 1.8675675,
  "gcor": 0.0462516,
  "gsr_x": -0.017979126423597336,
  "gsr_y": 0.01827949844300747,
  "provenance": {
    "md5sum": "4248aefbc27b450278fb2fb8db7b89c1",
    "settings": {
      "fd_thres": 0.2,
      "testing": false
    },
    "software": "mriqc",
    "version": "22.0.6",
    "webapi_port": null,
    "webapi_url": "https://mriqc.nimh.nih.gov/api/v1"
  },
  "size_t": 439,
  "size_x": 72,
  "size_y": 72,
  "size_z": 32,
  "snr": 5.4836193651447,
  "spacing_tr": 2.0,
  "spacing_x": 3.0,
  "spacing_y": 3.0,
  "spacing_z": 4.0,
  "summary_bg_k": 83.30055207174773,
  "summary_bg_mad": 4.363377271024289,
  "summary_bg_mean": 29.69965934753418,
  "summary_bg_median": 18.854215621948242,
  "summary_bg_n": 104745.0,
  "summary_bg_p05": 15.018223762512207,
  "summary_bg_p95": 76.66742706298828,
  "summary_bg_stdv": 33.795753479003906,
  "summary_fg_k": 2.222714787459587,
  "summary_fg_mad": 97.60352999770268,
  "summary_fg_mean": 652.5867309570312,
  "summary_fg_median": 639.272216796875,
  "summary_fg_n": 26578.0,
  "summary_fg_p05": 489.22029571533204,
  "summary_fg_p95": 859.9831756591797,
  "summary_fg_stdv": 116.57632446289062,
  "tsnr": 64.97914891503751
}