{
  "aor": 0.0004108447488584475,
  "aqi": 0.006587198287671233,
  "bids_meta": {
    "AcquisitionMatrixPE": 72,
    "AcquisitionNumber": 1,
    "AcquisitionTime": "15:03:50.617500",
    "BandwidthPerPixelPhaseEncode": 28.935,
    "BaseResolution": 72,
    "ConversionSoftware": "dcm2niix",
    "ConversionSoftwareVersion": "v1.0.20171215 GCC4.4.7",
    "DerivedVendorReportedEchoSpacing": 0.000480003,
    "DeviceSerialNumber": "35149",
    "DwellTime": 2.9e-06,
    "EchoTime": 0.03,
    "EffectiveEchoSpacing": 0.000480003,
    "FlipAngle": 75,
    "ImageOrientationPatientDICOM": [
      0.998271,
      0.0330149,
      -0.048626,
      -0.0531688,
      0.859887,
      -0.507708
    ],
    "ImageType": "ORIGINALPRIMARYMNDMOSAIC",
    "InPlanePhaseEncodingDirectionDICOM": "COL",
    "InstitutionAddress": "Street_StreetNo_Rehovot_90B50C_District_IL_ZIP",
    "InstitutionName": "Weizmann",
    "InstitutionalDepartmentName": "Department",
    "MRAcquisitionType": "2D",
    "MagneticFieldStrength": 3,
    "Manufacturer": "Siemens",
    "ManufacturersModelName": "TrioTim",
    "Modality": "MR",
    "PartialFourier": 1,
    "PatientPosition": "HFS",
    "PercentPhaseFOV": 100,
    "PhaseEncodingDirection": "j-",
    "PhaseEncodingSteps": 72,
    "PhaseResolution": 1,
    "PixelBandwidth": 2395,
    "ProcedureStepDescription": "Weizmann_Dudai",
    "ProtocolName": "run2_mod",
    "PulseSequenceDetails": "%SiemensSeq%_ep2d_pace",
    "ReceiveCoilName": "HeadMatrix",
    "ReconMatrixPE": 72,
    "RepetitionTime": 2,
    "SAR": 0.10208,
    "ScanOptions": "FS",
    "ScanningSequence": "EP",
    "SequenceName": "_epfid2d1_72",
    "SequenceVariant": "SK",
    "SeriesDescription": "run2_mod",
    "SeriesNumber": 4,
    "ShimSetting": [
      2331,
      9560,
      -5360,
      802,
      13,
      -758,
      -108,
      -64
    ],
    "SliceThickness": 4,
    "SliceTiming": [
      0.995,
      0,
      1.0575,
      0.0625,
      1.1175,
      0.125,
      1.18,
      0.1875,
      1.2425,
      0.25,
      1.305,
      0.31,
      1.3675,
      0.3725,
      1.43,
      0.435,
      1.4925,
      0.4975,
      1.5525,
      0.56,
      1.615,
      0.6225,
      1.6775,
      0.685,
      1.74,
      0.745,
      1.8025,
      0.8075,
      1.865,
      0.87,
      1.925,
      0.9325
    ],
    "SoftwareVersions": "syngo_MR_B17",
    "SpacingBetweenSlices": 4,
    "StationName": "MRC35149",
    "TaskName": "viewclips",
    "TotalReadoutTime": 0.0340802,
    "TxRefAmp": 286.476,
    "VendorReportedEchoSpacing": 0.00048,
    "dataset": "ds001840",
    "modality": "bold",
    "run_id": 2,
    "subject_id": "27",
    "task_id": "viewclips"
  },
  "dummy_trs": 2,
  "dvars_nstd": 24.35941042336386,
  "dvars_std": 1.2378877966361568,
  "dvars_vstd": 0.9843874067505723,
  "efc": 0.49243399930784176,
  "fber": 1449.4813232421875,
  "fd_mean": 0.10230128977043752,
  "fd_num": 2,
  "fd_perc": 0.45662100456621,
  "fwhm_avg": 1.9069668636081107,
  "fwhm_x": 1.8788166666666666,
  "fwhm_y": 2.0371200000000003,
  "fwhm_z": 1.8049639241576647,
  "gcor": 0.0623495,
  "gsr_x": -0.012441777624189854,
  "gsr_y": 0.021828502416610718,
  "provenance": {
    "md5sum": "287221a0ff28af0fd9b29907a90f6689",
    "settings": {
      "fd_thres": 0.2,
      "testing": false
    },
    "software": "mriqc",
    "version": "22.0.6",
    "webapi_port": null,
    "webapi_url": "https://mriqc.nimh.nih.gov/api/v1"
  },
  "size_t": 438,
  "size_x": 72,
  "size_y": 72,
  "size_z": 32,
  "snr": 6.011823990705454,
  "spacing_tr": 2.0,
  "spacing_x": 3.0,
  "spacing_y": 3.0,
  "spacing_z": 4.000002384185791,
  "summary_bg_k": 45.65839170871172,
  "summary_bg_mad": 5.55298988599682,
  "summary_bg_mean": 37.46675109863281,
  "summary_bg_median": 20.026256561279297,
  "summary_bg_n": 106324.0,
  "summary_bg_p05": 15.710044860839844,
  "summary_bg_p95": 111.11346549987789,
  "summary_bg_stdv": 52.54678726196289,
  "summary_fg_k": 1.9342803653999576,
  "summary_fg_mad": 109.51963766002405,
  "summary_fg_mean": 788.73046875,
  "summary_fg_median": 776.3595581054688,
  "summary_fg_n": 25120.0,
  "summary_fg_p05": 606.990283203125,
  "summary_fg_p95": 1020.5530242919922,
  "summary_fg_stdv": 129.13619995117188,
  "tsnr": 71.02003693580627
}