{
  "aor": 0.0004505239179954443,
  "aqi": 0.00784464200455581,
  "bids_meta": {
    "AcquisitionMatrixPE": 72,
    "AcquisitionNumber": 1,
    "AcquisitionTime": "15:36:16.757500",
    "BandwidthPerPixelPhaseEncode": 28.935,
    "BaseResolution": 72,
    "ConversionSoftware": "dcm2niix",
    "ConversionSoftwareVersion": "v1.0.20171215 GCC4.4.7",
    "DerivedVendorReportedEchoSpacing": 0.000480003,
    "DeviceSerialNumber": "35149",
    "DwellTime": 2.9e-06,
    "EchoTime": 0.03,
    "EffectiveEchoSpacing": 0.000480003,
    "FlipAngle": 75,
    "ImageOrientationPatientDICOM": [
      0.998271,
      0.0330149,
      -0.048626,
      -0.0531688,
      0.859887,
      -0.507708
    ],
    "ImageType": "ORIGINALPRIMARYMNDMOSAIC",
    "InPlanePhaseEncodingDirectionDICOM": "COL",
    "InstitutionAddress": "Street_StreetNo_Rehovot_90B50C_District_IL_ZIP",
    "InstitutionName": "Weizmann",
    "InstitutionalDepartmentName": "Department",
    "MRAcquisitionType": "2D",
    "MagneticFieldStrength": 3,
    "Manufacturer": "Siemens",
    "ManufacturersModelName": "TrioTim",
    "Modality": "MR",
    "PartialFourier": 1,
    "PatientPosition": "HFS",
    "PercentPhaseFOV": 100,
    "PhaseEncodingDirection": "j-",
    "PhaseEncodingSteps": 72,
    "PhaseResolution": 1,
    "PixelBandwidth": 2395,
    "ProcedureStepDescription": "Weizmann_Dudai",
    "ProtocolName": "run4_mod",
    "PulseSequenceDetails": "%SiemensSeq%_ep2d_pace",
    "ReceiveCoilName": "HeadMatrix",
    "ReconMatrixPE": 72,
    "RepetitionTime": 2,
    "SAR": 0.10208,
    "ScanOptions": "FS",
    "ScanningSequence": "EP",
    "SequenceName": "_epfid2d1_72",
    "SequenceVariant": "SK",
    "SeriesDescription": "run4_mod",
    "SeriesNumber": 6,
    "ShimSetting": [
      2331,
      9560,
      -5360,
      802,
      13,
      -758,
      -108,
      -64
    ],
    "SliceThickness": 4,
    "SliceTiming": [
      0.9925,
      0,
      1.055,
      0.06,
      1.1175,
      0.1225,
      1.18,
      0.185,
      1.24,
      0.2475,
      1.3025,
      0.31,
      1.365,
      0.3725,
      1.4275,
      0.4325,
      1.49,
      0.495,
      1.5525,
      0.5575,
      1.6125,
      0.62,
      1.675,
      0.6825,
      1.7375,
      0.745,
      1.8,
      0.805,
      1.8625,
      0.8675,
      1.925,
      0.93
    ],
    "SoftwareVersions": "syngo_MR_B17",
    "SpacingBetweenSlices": 4,
    "StationName": "MRC35149",
    "TaskName": "viewclips",
    "TotalReadoutTime": 0.0340802,
    "TxRefAmp": 286.476,
    "VendorReportedEchoSpacing": 0.00048,
    "dataset": "ds001840",
    "modality": "bold",
    "run_id": 4,
    "subject_id": "27",
    "task_id": "viewclips"
  },
  "dummy_trs": 1,
  "dvars_nstd": 24.293872776575334,
  "dvars_std": 1.2071291649771678,
  "dvars_vstd": 0.9752631714611866,
  "efc": 0.4916510996670196,
  "fber": 1423.7110595703125,
  "fd_mean": 0.11259083057351342,
  "fd_num": 14,
  "fd_perc": 3.1890660592255125,
  "fwhm_avg": 1.9003390910377886,
  "fwhm_x": 1.8743133333333333,
  "fwhm_y": 2.0479499999999997,
  "fwhm_z": 1.778753939780033,
  "gcor": 0.0412851,
  "gsr_x": -0.012378440238535404,
  "gsr_y": 0.023061007261276245,
  "provenance": {
    "md5sum": "d35941732e56da9dc6f2e3036dada154",
    "settings": {
      "fd_thres": 0.2,
      "testing": false
    },
    "software": "mriqc",
    "version": "22.0.6",
    "webapi_port": null,
    "webapi_url": "https://mriqc.nimh.nih.gov/api/v1"
  },
  "size_t": 439,
  "size_x": 72,
  "size_y": 72,
  "size_z": 32,
  "snr": 5.981096788836664,
  "spacing_tr": 2.0,
  "spacing_x": 3.0,
  "spacing_y": 3.0,
  "spacing_z": 4.000002384185791,
  "summary_bg_k": 47.375627336905296,
  "summary_bg_mad": 6.197209857664159,
  "summary_bg_mean": 37.91770935058594,
  "summary_bg_median": 20.533029556274414,
  "summary_bg_n": 106453.0,
  "summary_bg_p05": 15.289294242858887,
  "summary_bg_p95": 112.64328460693358,
  "summary_bg_stdv": 52.80842590332031,
  "summary_fg_k": 1.984454432185907,
  "summary_fg_mad": 111.30665112505386,
  "summary_fg_mean": 805.6265258789062,
  "summary_fg_median": 791.8087158203125,
  "summary_fg_n": 25119.0,
  "summary_fg_p05": 619.8692749023438,
  "summary_fg_p95": 1043.6296508789062,
  "summary_fg_stdv": 132.382568359375,
  "tsnr": 66.1776828286238
}