{
  "aor": 0.0003489521640091116,
  "aqi": 0.007477058223234625,
  "bids_meta": {
    "AcquisitionMatrixPE": 72,
    "AcquisitionNumber": 1,
    "AcquisitionTime": "15:20:3.280000",
    "BandwidthPerPixelPhaseEncode": 28.935,
    "BaseResolution": 72,
    "ConversionSoftware": "dcm2niix",
    "ConversionSoftwareVersion": "v1.0.20171215 GCC4.4.7",
    "DerivedVendorReportedEchoSpacing": 0.000480003,
    "DeviceSerialNumber": "35149",
    "DwellTime": 2.9e-06,
    "EchoTime": 0.03,
    "EffectiveEchoSpacing": 0.000480003,
    "FlipAngle": 75,
    "ImageOrientationPatientDICOM": [
      0.998271,
      0.0330149,
      -0.048626,
      -0.0531688,
      0.859887,
      -0.507708
    ],
    "ImageType": "ORIGINALPRIMARYMNDMOSAIC",
    "InPlanePhaseEncodingDirectionDICOM": "COL",
    "InstitutionAddress": "Street_StreetNo_Rehovot_90B50C_District_IL_ZIP",
    "InstitutionName": "Weizmann",
    "InstitutionalDepartmentName": "Department",
    "MRAcquisitionType": "2D",
    "MagneticFieldStrength": 3,
    "Manufacturer": "Siemens",
    "ManufacturersModelName": "TrioTim",
    "Modality": "MR",
    "PartialFourier": 1,
    "PatientPosition": "HFS",
    "PercentPhaseFOV": 100,
    "PhaseEncodingDirection": "j-",
    "PhaseEncodingSteps": 72,
    "PhaseResolution": 1,
    "PixelBandwidth": 2395,
    "ProcedureStepDescription": "Weizmann_Dudai",
    "ProtocolName": "run3_mod",
    "PulseSequenceDetails": "%SiemensSeq%_ep2d_pace",
    "ReceiveCoilName": "HeadMatrix",
    "ReconMatrixPE": 72,
    "RepetitionTime": 2,
    "SAR": 0.10208,
    "ScanOptions": "FS",
    "ScanningSequence": "EP",
    "SequenceName": "_epfid2d1_72",
    "SequenceVariant": "SK",
    "SeriesDescription": "run3_mod",
    "SeriesNumber": 5,
    "ShimSetting": [
      2331,
      9560,
      -5360,
      802,
      13,
      -758,
      -108,
      -64
    ],
    "SliceThickness": 4,
    "SliceTiming": [
      0.9925,
      0,
      1.055,
      0.0625,
      1.1175,
      0.125,
      1.18,
      0.185,
      1.2425,
      0.2475,
      1.305,
      0.31,
      1.365,
      0.3725,
      1.4275,
      0.435,
      1.49,
      0.4975,
      1.5525,
      0.5575,
      1.615,
      0.62,
      1.6775,
      0.6825,
      1.74,
      0.745,
      1.8,
      0.8075,
      1.8625,
      0.87,
      1.925,
      0.9325
    ],
    "SoftwareVersions": "syngo_MR_B17",
    "SpacingBetweenSlices": 4,
    "StationName": "MRC35149",
    "TaskName": "viewclips",
    "TotalReadoutTime": 0.0340802,
    "TxRefAmp": 286.476,
    "VendorReportedEchoSpacing": 0.00048,
    "dataset": "ds001840",
    "modality": "bold",
    "run_id": 3,
    "subject_id": "27",
    "task_id": "viewclips"
  },
  "dummy_trs": 1,
  "dvars_nstd": 24.223154899543385,
  "dvars_std": 1.2113190077853884,
  "dvars_vstd": 0.9773941769178079,
  "efc": 0.49101507475178163,
  "fber": 1433.50830078125,
  "fd_mean": 0.11577193370615672,
  "fd_num": 23,
  "fd_perc": 5.239179954441913,
  "fwhm_avg": 1.9127868631133922,
  "fwhm_x": 1.86536,
  "fwhm_y": 2.0655466666666666,
  "fwhm_z": 1.80745392267351,
  "gcor": 0.0454484,
  "gsr_x": -0.010858750902116299,
  "gsr_y": 0.022949891164898872,
  "provenance": {
    "md5sum": "68b6408029c97c95d0eb441aafdda0f0",
    "settings": {
      "fd_thres": 0.2,
      "testing": false
    },
    "software": "mriqc",
    "version": "22.0.6",
    "webapi_port": null,
    "webapi_url": "https://mriqc.nimh.nih.gov/api/v1"
  },
  "size_t": 439,
  "size_x": 72,
  "size_y": 72,
  "size_z": 32,
  "snr": 6.011015503610855,
  "spacing_tr": 2.0,
  "spacing_x": 3.0,
  "spacing_y": 3.0,
  "spacing_z": 4.000002384185791,
  "summary_bg_k": 49.15318130538392,
  "summary_bg_mad": 5.548783475016544,
  "summary_bg_mean": 36.722740173339844,
  "summary_bg_median": 20.04328155517578,
  "summary_bg_n": 106555.0,
  "summary_bg_p05": 15.615035057067871,
  "summary_bg_p95": 108.41002655029297,
  "summary_bg_stdv": 50.67847442626953,
  "summary_fg_k": 1.9601092032153993,
  "summary_fg_mad": 108.67581040858576,
  "summary_fg_mean": 788.4570922851562,
  "summary_fg_median": 776.1640625,
  "summary_fg_n": 25133.0,
  "summary_fg_p05": 606.9294311523438,
  "summary_fg_p95": 1018.2943725585936,
  "summary_fg_stdv": 129.1210479736328,
  "tsnr": 66.925382014364
}