{
  "aor": 0.0020070159453302963,
  "aqi": 0.009874305535307517,
  "bids_meta": {
    "AcquisitionMatrixPE": 72,
    "AcquisitionNumber": 1,
    "AcquisitionTime": "09:59:22.655000",
    "BandwidthPerPixelPhaseEncode": 28.935,
    "BaseResolution": 72,
    "ConversionSoftware": "dcm2niix",
    "ConversionSoftwareVersion": "v1.0.20171215 GCC4.4.7",
    "DerivedVendorReportedEchoSpacing": 0.000480003,
    "DeviceSerialNumber": "35149",
    "DwellTime": 2.9e-06,
    "EchoTime": 0.03,
    "EffectiveEchoSpacing": 0.000480003,
    "FlipAngle": 75,
    "ImageOrientationPatientDICOM": [
      0.999092,
      7.85825e-07,
      0.0425937,
      0.0183741,
      0.902162,
      -0.431006
    ],
    "ImageType": "ORIGINALPRIMARYMNDMOSAIC",
    "InPlanePhaseEncodingDirectionDICOM": "COL",
    "InstitutionAddress": "Street_StreetNo_Rehovot_E1B90C_District_IL_ZIP",
    "InstitutionName": "Weizmann",
    "InstitutionalDepartmentName": "Department",
    "MRAcquisitionType": "2D",
    "MagneticFieldStrength": 3,
    "Manufacturer": "Siemens",
    "ManufacturersModelName": "TrioTim",
    "Modality": "MR",
    "PartialFourier": 1,
    "PatientPosition": "HFS",
    "PercentPhaseFOV": 100,
    "PhaseEncodingDirection": "j-",
    "PhaseEncodingSteps": 72,
    "PhaseResolution": 1,
    "PixelBandwidth": 2395,
    "ProcedureStepDescription": "Weizmann_Dudai",
    "ProtocolName": "run3_mod",
    "PulseSequenceDetails": "%SiemensSeq%_ep2d_pace",
    "ReceiveCoilName": "HeadMatrix",
    "ReconMatrixPE": 72,
    "RepetitionTime": 2,
    "SAR": 0.152599,
    "ScanOptions": "FS",
    "ScanningSequence": "EP",
    "SequenceName": "_epfid2d1_72",
    "SequenceVariant": "SK",
    "SeriesDescription": "run3_mod",
    "SeriesNumber": 5,
    "ShimSetting": [
      2371,
      9439,
      -5416,
      526,
      17,
      -570,
      221,
      -30
    ],
    "SliceThickness": 4,
    "SliceTiming": [
      0.995,
      0,
      1.0575,
      0.0625,
      1.12,
      0.125,
      1.18,
      0.1875,
      1.2425,
      0.25,
      1.305,
      0.3125,
      1.3675,
      0.3725,
      1.43,
      0.435,
      1.4925,
      0.4975,
      1.555,
      0.56,
      1.615,
      0.6225,
      1.6775,
      0.685,
      1.74,
      0.7475,
      1.8025,
      0.8075,
      1.865,
      0.87,
      1.9275,
      0.9325
    ],
    "SoftwareVersions": "syngo_MR_B17",
    "SpacingBetweenSlices": 4,
    "StationName": "MRC35149",
    "TaskName": "viewclips",
    "TotalReadoutTime": 0.0340802,
    "TxRefAmp": 391.878,
    "VendorReportedEchoSpacing": 0.00048,
    "dataset": "ds001840",
    "modality": "bold",
    "run_id": 3,
    "subject_id": "11",
    "task_id": "viewclips"
  },
  "dummy_trs": 1,
  "dvars_nstd": 31.902773896255713,
  "dvars_std": 1.2266276223744297,
  "dvars_vstd": 1.0035856747488592,
  "efc": 0.5295909608697539,
  "fber": 833.6812133789062,
  "fd_mean": 0.2214329457719415,
  "fd_num": 182,
  "fd_perc": 41.45785876993166,
  "fwhm_avg": 1.8479049927682312,
  "fwhm_x": 1.8266166666666666,
  "fwhm_y": 2.01497,
  "fwhm_z": 1.702128311638027,
  "gcor": 0.0518244,
  "gsr_x": -0.024231217801570892,
  "gsr_y": 0.02731253206729889,
  "provenance": {
    "md5sum": "b2f7b199f2dc05642e6b8213d85d23f6",
    "settings": {
      "fd_thres": 0.2,
      "testing": false
    },
    "software": "mriqc",
    "version": "22.0.6",
    "webapi_port": null,
    "webapi_url": "https://mriqc.nimh.nih.gov/api/v1"
  },
  "size_t": 439,
  "size_x": 72,
  "size_y": 72,
  "size_z": 32,
  "snr": 5.631388523134438,
  "spacing_tr": 2.0,
  "spacing_x": 3.0,
  "spacing_y": 3.0,
  "spacing_z": 3.999998092651367,
  "summary_bg_k": 17.67908507142286,
  "summary_bg_mad": 7.220508759034681,
  "summary_bg_mean": 43.42228698730469,
  "summary_bg_median": 23.259681701660156,
  "summary_bg_n": 103025.0,
  "summary_bg_p05": 17.535308837890625,
  "summary_bg_p95": 143.21138916015596,
  "summary_bg_stdv": 54.5333366394043,
  "summary_fg_k": 1.563834326189344,
  "summary_fg_mad": 106.40295152661524,
  "summary_fg_mean": 695.00537109375,
  "summary_fg_median": 687.2642822265625,
  "summary_fg_n": 28069.0,
  "summary_fg_p05": 521.5202880859375,
  "summary_fg_p95": 910.4191650390622,
  "summary_fg_stdv": 122.03953552246094,
  "tsnr": 52.25065466738306
}