{
  "aor": 0.0023842237442922376,
  "aqi": 0.010050420456621006,
  "bids_meta": {
    "AcquisitionMatrixPE": 72,
    "AcquisitionNumber": 1,
    "AcquisitionTime": "09:42:45.450000",
    "BandwidthPerPixelPhaseEncode": 28.935,
    "BaseResolution": 72,
    "ConversionSoftware": "dcm2niix",
    "ConversionSoftwareVersion": "v1.0.20171215 GCC4.4.7",
    "DerivedVendorReportedEchoSpacing": 0.000480003,
    "DeviceSerialNumber": "35149",
    "DwellTime": 2.9e-06,
    "EchoTime": 0.03,
    "EffectiveEchoSpacing": 0.000480003,
    "FlipAngle": 75,
    "ImageOrientationPatientDICOM": [
      0.999092,
      7.85825e-07,
      0.0425937,
      0.0183741,
      0.902162,
      -0.431006
    ],
    "ImageType": "ORIGINALPRIMARYMNDMOSAIC",
    "InPlanePhaseEncodingDirectionDICOM": "COL",
    "InstitutionAddress": "Street_StreetNo_Rehovot_E1B90C_District_IL_ZIP",
    "InstitutionName": "Weizmann",
    "InstitutionalDepartmentName": "Department",
    "MRAcquisitionType": "2D",
    "MagneticFieldStrength": 3,
    "Manufacturer": "Siemens",
    "ManufacturersModelName": "TrioTim",
    "Modality": "MR",
    "PartialFourier": 1,
    "PatientPosition": "HFS",
    "PercentPhaseFOV": 100,
    "PhaseEncodingDirection": "j-",
    "PhaseEncodingSteps": 72,
    "PhaseResolution": 1,
    "PixelBandwidth": 2395,
    "ProcedureStepDescription": "Weizmann_Dudai",
    "ProtocolName": "run2_mod",
    "PulseSequenceDetails": "%SiemensSeq%_ep2d_pace",
    "ReceiveCoilName": "HeadMatrix",
    "ReconMatrixPE": 72,
    "RepetitionTime": 2,
    "SAR": 0.152599,
    "ScanOptions": "FS",
    "ScanningSequence": "EP",
    "SequenceName": "_epfid2d1_72",
    "SequenceVariant": "SK",
    "SeriesDescription": "run2_mod",
    "SeriesNumber": 4,
    "ShimSetting": [
      2371,
      9439,
      -5416,
      526,
      17,
      -570,
      221,
      -30
    ],
    "SliceThickness": 4,
    "SliceTiming": [
      0.995,
      0,
      1.0575,
      0.0625,
      1.12,
      0.125,
      1.18,
      0.1875,
      1.2425,
      0.25,
      1.305,
      0.3125,
      1.3675,
      0.375,
      1.43,
      0.435,
      1.4925,
      0.4975,
      1.555,
      0.56,
      1.615,
      0.6225,
      1.6775,
      0.685,
      1.74,
      0.7475,
      1.8025,
      0.8075,
      1.865,
      0.87,
      1.9275,
      0.9325
    ],
    "SoftwareVersions": "syngo_MR_B17",
    "SpacingBetweenSlices": 4,
    "StationName": "MRC35149",
    "TaskName": "viewclips",
    "TotalReadoutTime": 0.0340802,
    "TxRefAmp": 391.878,
    "VendorReportedEchoSpacing": 0.00048,
    "dataset": "ds001840",
    "modality": "bold",
    "run_id": 2,
    "subject_id": "11",
    "task_id": "viewclips"
  },
  "dummy_trs": 2,
  "dvars_nstd": 28.892765459816946,
  "dvars_std": 1.2034336979862696,
  "dvars_vstd": 1.0176724423340955,
  "efc": 0.5288313018476488,
  "fber": 853.789306640625,
  "fd_mean": 0.1774075661040031,
  "fd_num": 133,
  "fd_perc": 30.365296803652967,
  "fwhm_avg": 1.8608097084971202,
  "fwhm_x": 1.8726099999999999,
  "fwhm_y": 2.0485433333333334,
  "fwhm_z": 1.6612757921580277,
  "gcor": 0.0533255,
  "gsr_x": -0.024299969896674156,
  "gsr_y": 0.027027951553463936,
  "provenance": {
    "md5sum": "30aa9506680d57ad28aced068a53afee",
    "settings": {
      "fd_thres": 0.2,
      "testing": false
    },
    "software": "mriqc",
    "version": "22.0.6",
    "webapi_port": null,
    "webapi_url": "https://mriqc.nimh.nih.gov/api/v1"
  },
  "size_t": 438,
  "size_x": 72,
  "size_y": 72,
  "size_z": 32,
  "snr": 5.533566487793503,
  "spacing_tr": 2.0,
  "spacing_x": 3.0,
  "spacing_y": 3.0,
  "spacing_z": 3.999998092651367,
  "summary_bg_k": 18.000507752539846,
  "summary_bg_mad": 6.891732848976973,
  "summary_bg_mean": 43.1151123046875,
  "summary_bg_median": 23.041095733642578,
  "summary_bg_n": 103022.0,
  "summary_bg_p05": 17.67351531982422,
  "summary_bg_p95": 141.71643218994137,
  "summary_bg_stdv": 53.83720779418945,
  "summary_fg_k": 1.5508584146649094,
  "summary_fg_mad": 108.15716205559718,
  "summary_fg_mean": 695.4697875976562,
  "summary_fg_median": 685.816162109375,
  "summary_fg_n": 28062.0,
  "summary_fg_p05": 517.9017852783203,
  "summary_fg_p95": 912.8368621826171,
  "summary_fg_stdv": 123.93524932861328,
  "tsnr": 51.79556040361058
}