{
  "bids_meta": {
    "AcquisitionMatrixPE": 256,
    "AcquisitionNumber": 1,
    "AcquisitionTime": "12:17:39.825000",
    "BaseResolution": 256,
    "ConversionSoftware": "dcm2niix",
    "ConversionSoftwareVersion": "v1.0.20171215 GCC4.4.7",
    "DeviceSerialNumber": "35149",
    "DwellTime": 8.2e-06,
    "EchoTime": 0.00298,
    "FlipAngle": 9,
    "ImageOrientationPatientDICOM": [
      0.0327219,
      0.999217,
      0.0222198,
      0.00762925,
      0.0219813,
      -0.999729
    ],
    "ImageType": [
      "ORIGINAL",
      "PRIMARY",
      "M",
      "ND"
    ],
    "InPlanePhaseEncodingDirectionDICOM": "ROW",
    "InstitutionAddress": "Street_StreetNo_Rehovot_E1B90C_District_IL_ZIP",
    "InstitutionName": "Weizmann",
    "InstitutionalDepartmentName": "Department",
    "InversionTime": 0.9,
    "MRAcquisitionType": "3D",
    "MagneticFieldStrength": 3,
    "Manufacturer": "Siemens",
    "ManufacturersModelName": "TrioTim",
    "Modality": "MR",
    "PartialFourier": 0.875,
    "PatientPosition": "HFS",
    "PercentPhaseFOV": 100,
    "PhaseEncodingSteps": 224,
    "PhaseResolution": 1,
    "PixelBandwidth": 238,
    "ProcedureStepDescription": "Weizmann_Dudai",
    "ProtocolName": "t1_mprage",
    "PulseSequenceDetails": "%SiemensSeq%_tfl",
    "ReceiveCoilName": "HeadMatrix",
    "ReconMatrixPE": 256,
    "RepetitionTime": 2.3,
    "SAR": 0.0883714,
    "ScanOptions": "IR_PFP",
    "ScanningSequence": "GR_IR",
    "SequenceName": "_tfl3d1_ns",
    "SequenceVariant": "SP_MP",
    "SeriesDescription": "t1_mprage",
    "SeriesNumber": 9,
    "ShimSetting": [
      2353,
      9441,
      -5317,
      1022,
      100,
      -1341,
      188,
      -22
    ],
    "SliceThickness": 1,
    "SoftwareVersions": "syngo_MR_B17",
    "StationName": "MRC35149",
    "TxRefAmp": 283.059,
    "dataset": "ds001840",
    "modality": "T1w",
    "subject_id": "22"
  },
  "cjv": 0.33890958555851414,
  "cnr": 3.940258622297926,
  "efc": 0.540831323794685,
  "fber": 17326.707624716553,
  "fwhm_avg": 3.8011733333333333,
  "fwhm_x": 3.77387,
  "fwhm_y": 4.11038,
  "fwhm_z": 3.51927,
  "icvs_csf": 0.1977240369699797,
  "icvs_gm": 0.4515997219765658,
  "icvs_wm": 0.3506762410534545,
  "inu_med": 0.5544458031654358,
  "inu_range": 0.17078393101692202,
  "provenance": {
    "md5sum": "5a206faf90698e21e7e35155ca306e71",
    "settings": {
      "testing": false
    },
    "software": "mriqc",
    "version": "22.0.6",
    "warnings": {
      "large_rot_frame": true,
      "small_air_mask": false
    },
    "webapi_port": null,
    "webapi_url": "https://mriqc.nimh.nih.gov/api/v1"
  },
  "qi_1": 0.0,
  "qi_2": 0.004207943841386871,
  "rpve_csf": 30.188989478062403,
  "rpve_gm": 14.174995835208525,
  "rpve_wm": 20.51047397603291,
  "size_x": 176,
  "size_y": 256,
  "size_z": 256,
  "snr_csf": 2.064075088765396,
  "snr_gm": 9.809788753699834,
  "snr_total": 11.324054968503965,
  "snr_wm": 22.098301063046666,
  "snrd_csf": 25.882547764348296,
  "snrd_gm": 70.13269003253357,
  "snrd_total": 66.82642482566808,
  "snrd_wm": 104.46403668012236,
  "spacing_x": 1.0,
  "spacing_y": 1.0,
  "spacing_z": 1.0,
  "summary_bg_k": 3.686545342426304,
  "summary_bg_mad": 6.2714062582242445,
  "summary_bg_mean": 10.653831376639568,
  "summary_bg_median": 4.229999240487814,
  "summary_bg_n": 2286794.0,
  "summary_bg_p05": 0.0,
  "summary_bg_p95": 41.90519247576594,
  "summary_bg_stdv": 15.010109030475935,
  "summary_csf_k": 0.14442352023872873,
  "summary_csf_mad": 116.23006265242266,
  "summary_csf_mean": 258.0749846023434,
  "summary_csf_median": 247.76515551283956,
  "summary_csf_n": 22165.0,
  "summary_csf_p05": 70.20106739513577,
  "summary_csf_p95": 470.5225555159151,
  "summary_csf_stdv": 120.03418271475823,
  "summary_gm_k": 0.12238218324965588,
  "summary_gm_mad": 67.56395008860252,
  "summary_gm_mean": 671.1417738121659,
  "summary_gm_median": 671.3572794552892,
  "summary_gm_n": 35904.0,
  "summary_gm_p05": 557.743729855027,
  "summary_gm_p95": 781.9294596016407,
  "summary_gm_stdv": 68.43653282531261,
  "summary_wm_k": 0.40056381450264844,
  "summary_wm_mad": 43.81622505746005,
  "summary_wm_mean": 1000.4869948216967,
  "summary_wm_median": 1000.0000204462558,
  "summary_wm_n": 173285.0,
  "summary_wm_p05": 927.6388334389776,
  "summary_wm_p95": 1075.294006926939,
  "summary_wm_stdv": 45.252217904401775,
  "tpm_overlap_csf": 0.12696702010830668,
  "tpm_overlap_gm": 0.4809003350245278,
  "tpm_overlap_wm": 0.5252294007181649,
  "wm2max": 0.6180692217135595
}