{
  "bids_meta": {
    "AcquisitionMatrixPE": 256,
    "AcquisitionNumber": 1,
    "AcquisitionTime": "14:44:23.510000",
    "BaseResolution": 256,
    "ConversionSoftware": "dcm2niix",
    "ConversionSoftwareVersion": "v1.0.20171215 GCC4.4.7",
    "DeviceSerialNumber": "35149",
    "DwellTime": 8.2e-06,
    "EchoTime": 0.00298,
    "FlipAngle": 9,
    "ImageOrientationPatientDICOM": [
      -0.0599297,
      0.997152,
      -0.045793,
      0.0297629,
      -0.04407,
      -0.998585
    ],
    "ImageType": [
      "ORIGINAL",
      "PRIMARY",
      "M",
      "ND"
    ],
    "InPlanePhaseEncodingDirectionDICOM": "ROW",
    "InstitutionAddress": "Street_StreetNo_Rehovot_90B50C_District_IL_ZIP",
    "InstitutionName": "Weizmann",
    "InstitutionalDepartmentName": "Department",
    "InversionTime": 0.9,
    "MRAcquisitionType": "3D",
    "MagneticFieldStrength": 3,
    "Manufacturer": "Siemens",
    "ManufacturersModelName": "TrioTim",
    "Modality": "MR",
    "PartialFourier": 0.875,
    "PatientPosition": "HFS",
    "PercentPhaseFOV": 100,
    "PhaseEncodingSteps": 224,
    "PhaseResolution": 1,
    "PixelBandwidth": 238,
    "ProcedureStepDescription": "Weizmann_Dudai",
    "ProtocolName": "t1_mprage",
    "PulseSequenceDetails": "%SiemensSeq%_tfl",
    "ReceiveCoilName": "HeadMatrix",
    "ReconMatrixPE": 256,
    "RepetitionTime": 2.3,
    "SAR": 0.108397,
    "ScanOptions": "IR_PFP",
    "ScanningSequence": "GR_IR",
    "SequenceName": "_tfl3d1_ns",
    "SequenceVariant": "SP_MP",
    "SeriesDescription": "t1_mprage",
    "SeriesNumber": 9,
    "ShimSetting": [
      2346,
      9601,
      -5427,
      940,
      84,
      -741,
      109,
      68
    ],
    "SliceThickness": 1,
    "SoftwareVersions": "syngo_MR_B17",
    "StationName": "MRC35149",
    "TxRefAmp": 291.727,
    "dataset": "ds001840",
    "modality": "T1w",
    "subject_id": "32"
  },
  "cjv": 0.36824915666684915,
  "cnr": 3.6659704997329152,
  "efc": 0.5833445827393844,
  "fber": 6369.248385395416,
  "fwhm_avg": 3.673142025564983,
  "fwhm_x": 3.7163560766949484,
  "fwhm_y": 3.90601,
  "fwhm_z": 3.39706,
  "icvs_csf": 0.2199825355262005,
  "icvs_gm": 0.42469081284273513,
  "icvs_wm": 0.35532665163106436,
  "inu_med": 0.5387248992919922,
  "inu_range": 0.1508000105619431,
  "provenance": {
    "md5sum": "6f4a175e0a466be6c44edb24847b4c56",
    "settings": {
      "testing": false
    },
    "software": "mriqc",
    "version": "22.0.6",
    "warnings": {
      "large_rot_frame": true,
      "small_air_mask": false
    },
    "webapi_port": null,
    "webapi_url": "https://mriqc.nimh.nih.gov/api/v1"
  },
  "qi_1": 0.0,
  "qi_2": 0.003670140038272719,
  "rpve_csf": 20.99106846227407,
  "rpve_gm": 11.317371480497638,
  "rpve_wm": 16.053504164751516,
  "size_x": 176,
  "size_y": 256,
  "size_z": 256,
  "snr_csf": 1.9946574324331154,
  "snr_gm": 8.226458972530542,
  "snr_total": 10.225416310070985,
  "snr_wm": 20.455132525249297,
  "snrd_csf": 23.354323582799037,
  "snrd_gm": 73.3607256201098,
  "snrd_total": 69.60290348479451,
  "snrd_wm": 112.09366125147471,
  "spacing_x": 1.0000064373016357,
  "spacing_y": 1.0,
  "spacing_z": 1.0,
  "summary_bg_k": 3.2496997871066338,
  "summary_bg_mad": 5.844686879760747,
  "summary_bg_mean": 9.606755556712788,
  "summary_bg_median": 3.9421813935041428,
  "summary_bg_n": 2480153.0,
  "summary_bg_p05": 0.0,
  "summary_bg_p95": 36.03932496160269,
  "summary_bg_stdv": 12.86115485664876,
  "summary_csf_k": 1.1506356276057614,
  "summary_csf_mad": 92.50479728213924,
  "summary_csf_mean": 219.71165498728774,
  "summary_csf_median": 208.35158698260784,
  "summary_csf_n": 31546.0,
  "summary_csf_p05": 67.67411392182112,
  "summary_csf_p95": 417.05602353438735,
  "summary_csf_stdv": 104.45316635484394,
  "summary_gm_k": -0.020394884366922383,
  "summary_gm_mad": 79.73307410043982,
  "summary_gm_mean": 652.3555726264269,
  "summary_gm_median": 654.4751146808267,
  "summary_gm_n": 33695.0,
  "summary_gm_p05": 517.6424852013588,
  "summary_gm_p95": 779.4325310736895,
  "summary_gm_stdv": 79.55614986228537,
  "summary_wm_k": 0.2863663956966014,
  "summary_wm_mad": 47.515139633610524,
  "summary_wm_mean": 999.7337825696167,
  "summary_wm_median": 1000.0243479385972,
  "summary_wm_n": 239905.0,
  "summary_wm_p05": 919.2874996215105,
  "summary_wm_p95": 1079.159989245236,
  "summary_wm_stdv": 48.88857417535503,
  "tpm_overlap_csf": 0.16372814092936686,
  "tpm_overlap_gm": 0.47433674653436647,
  "tpm_overlap_wm": 0.5222555100984375,
  "wm2max": 0.7093049346704179
}