{
  "aor": 0.003179248291571754,
  "aqi": 0.00918985423690205,
  "bids_meta": {
    "AcquisitionMatrixPE": 72,
    "AcquisitionNumber": 1,
    "AcquisitionTime": "10:16:9.132500",
    "BandwidthPerPixelPhaseEncode": 28.935,
    "BaseResolution": 72,
    "ConversionSoftware": "dcm2niix",
    "ConversionSoftwareVersion": "v1.0.20171215 GCC4.4.7",
    "DerivedVendorReportedEchoSpacing": 0.000480003,
    "DeviceSerialNumber": "35149",
    "DwellTime": 2.9e-06,
    "EchoTime": 0.03,
    "EffectiveEchoSpacing": 0.000480003,
    "FlipAngle": 75,
    "ImageOrientationPatientDICOM": [
      0.999092,
      7.85825e-07,
      0.0425937,
      0.0183741,
      0.902162,
      -0.431006
    ],
    "ImageType": "ORIGINALPRIMARYMNDMOSAIC",
    "InPlanePhaseEncodingDirectionDICOM": "COL",
    "InstitutionAddress": "Street_StreetNo_Rehovot_E1B90C_District_IL_ZIP",
    "InstitutionName": "Weizmann",
    "InstitutionalDepartmentName": "Department",
    "MRAcquisitionType": "2D",
    "MagneticFieldStrength": 3,
    "Manufacturer": "Siemens",
    "ManufacturersModelName": "TrioTim",
    "Modality": "MR",
    "PartialFourier": 1,
    "PatientPosition": "HFS",
    "PercentPhaseFOV": 100,
    "PhaseEncodingDirection": "j-",
    "PhaseEncodingSteps": 72,
    "PhaseResolution": 1,
    "PixelBandwidth": 2395,
    "ProcedureStepDescription": "Weizmann_Dudai",
    "ProtocolName": "run4_mod",
    "PulseSequenceDetails": "%SiemensSeq%_ep2d_pace",
    "ReceiveCoilName": "HeadMatrix",
    "ReconMatrixPE": 72,
    "RepetitionTime": 2,
    "SAR": 0.152599,
    "ScanOptions": "FS",
    "ScanningSequence": "EP",
    "SequenceName": "_epfid2d1_72",
    "SequenceVariant": "SK",
    "SeriesDescription": "run4_mod",
    "SeriesNumber": 6,
    "ShimSetting": [
      2371,
      9439,
      -5416,
      526,
      17,
      -570,
      221,
      -30
    ],
    "SliceThickness": 4,
    "SliceTiming": [
      0.995,
      0,
      1.055,
      0.0625,
      1.1175,
      0.125,
      1.18,
      0.1875,
      1.2425,
      0.2475,
      1.305,
      0.31,
      1.3675,
      0.3725,
      1.4275,
      0.435,
      1.49,
      0.4975,
      1.5525,
      0.56,
      1.615,
      0.6225,
      1.6775,
      0.6825,
      1.74,
      0.745,
      1.8025,
      0.8075,
      1.8625,
      0.87,
      1.925,
      0.9325
    ],
    "SoftwareVersions": "syngo_MR_B17",
    "SpacingBetweenSlices": 4,
    "StationName": "MRC35149",
    "TaskName": "viewclips",
    "TotalReadoutTime": 0.0340802,
    "TxRefAmp": 391.878,
    "VendorReportedEchoSpacing": 0.00048,
    "dataset": "ds001840",
    "modality": "bold",
    "run_id": 4,
    "subject_id": "11",
    "task_id": "viewclips"
  },
  "dummy_trs": 1,
  "dvars_nstd": 33.02430339280823,
  "dvars_std": 1.2214624381963468,
  "dvars_vstd": 1.017939960593607,
  "efc": 0.5308117416958492,
  "fber": 809.8614501953125,
  "fd_mean": 0.2893491177778382,
  "fd_num": 274,
  "fd_perc": 62.41457858769932,
  "fwhm_avg": 1.8559502704494493,
  "fwhm_x": 1.8357533333333331,
  "fwhm_y": 2.0305766666666667,
  "fwhm_z": 1.7015208113483482,
  "gcor": 0.0614124,
  "gsr_x": -0.024057695642113686,
  "gsr_y": 0.02617429755628109,
  "provenance": {
    "md5sum": "bb99988820cd6d1ef1d04f126e4ffc02",
    "settings": {
      "fd_thres": 0.2,
      "testing": false
    },
    "software": "mriqc",
    "version": "22.0.6",
    "webapi_port": null,
    "webapi_url": "https://mriqc.nimh.nih.gov/api/v1"
  },
  "size_t": 439,
  "size_x": 72,
  "size_y": 72,
  "size_z": 32,
  "snr": 5.631295069975276,
  "spacing_tr": 2.0,
  "spacing_x": 3.0,
  "spacing_y": 3.0,
  "spacing_z": 3.999998092651367,
  "summary_bg_k": 18.01651583647955,
  "summary_bg_mad": 6.788225446549376,
  "summary_bg_mean": 43.61140823364258,
  "summary_bg_median": 23.369022369384766,
  "summary_bg_n": 103045.0,
  "summary_bg_p05": 18.41685676574707,
  "summary_bg_p95": 144.95170898437496,
  "summary_bg_stdv": 54.364749908447266,
  "summary_fg_k": 1.5808590273502077,
  "summary_fg_mad": 106.02632857535667,
  "summary_fg_mean": 690.4878540039062,
  "summary_fg_median": 681.4077758789062,
  "summary_fg_n": 28074.0,
  "summary_fg_p05": 517.3977294921875,
  "summary_fg_p95": 905.0962585449217,
  "summary_fg_stdv": 121.0015869140625,
  "tsnr": 52.9211558123352
}