{
  "aor": 0.0007022602739726028,
  "aqi": 0.014278873630136989,
  "bids_meta": {
    "AcquisitionMatrixPE": 72,
    "AcquisitionNumber": 1,
    "AcquisitionTime": "09:26:55.972500",
    "BandwidthPerPixelPhaseEncode": 28.935,
    "BaseResolution": 72,
    "ConversionSoftware": "dcm2niix",
    "ConversionSoftwareVersion": "v1.0.20171215 GCC4.4.7",
    "DerivedVendorReportedEchoSpacing": 0.000480003,
    "DeviceSerialNumber": "35149",
    "DwellTime": 2.9e-06,
    "EchoTime": 0.03,
    "EffectiveEchoSpacing": 0.000480003,
    "FlipAngle": 75,
    "ImageOrientationPatientDICOM": [
      0.999092,
      7.85825e-07,
      0.0425937,
      0.0183741,
      0.902162,
      -0.431006
    ],
    "ImageType": "ORIGINALPRIMARYMNDMOSAIC",
    "InPlanePhaseEncodingDirectionDICOM": "COL",
    "InstitutionAddress": "Street_StreetNo_Rehovot_E1B90C_District_IL_ZIP",
    "InstitutionName": "Weizmann",
    "InstitutionalDepartmentName": "Department",
    "MRAcquisitionType": "2D",
    "MagneticFieldStrength": 3,
    "Manufacturer": "Siemens",
    "ManufacturersModelName": "TrioTim",
    "Modality": "MR",
    "PartialFourier": 1,
    "PatientPosition": "HFS",
    "PercentPhaseFOV": 100,
    "PhaseEncodingDirection": "j-",
    "PhaseEncodingSteps": 72,
    "PhaseResolution": 1,
    "PixelBandwidth": 2395,
    "ProcedureStepDescription": "Weizmann_Dudai",
    "ProtocolName": "run1_mod",
    "PulseSequenceDetails": "%SiemensSeq%_ep2d_pace",
    "ReceiveCoilName": "HeadMatrix",
    "ReconMatrixPE": 72,
    "RepetitionTime": 2,
    "SAR": 0.152599,
    "ScanOptions": "FS",
    "ScanningSequence": "EP",
    "SequenceName": "_epfid2d1_72",
    "SequenceVariant": "SK",
    "SeriesDescription": "run1_mod",
    "SeriesNumber": 3,
    "ShimSetting": [
      2371,
      9439,
      -5416,
      526,
      17,
      -570,
      221,
      -30
    ],
    "SliceThickness": 4,
    "SliceTiming": [
      0.9925,
      0,
      1.055,
      0.0625,
      1.1175,
      0.1225,
      1.18,
      0.185,
      1.2425,
      0.2475,
      1.3025,
      0.31,
      1.365,
      0.3725,
      1.4275,
      0.435,
      1.49,
      0.495,
      1.5525,
      0.5575,
      1.615,
      0.62,
      1.675,
      0.6825,
      1.7375,
      0.745,
      1.8,
      0.8075,
      1.8625,
      0.8675,
      1.925,
      0.93
    ],
    "SoftwareVersions": "syngo_MR_B17",
    "SpacingBetweenSlices": 4,
    "StationName": "MRC35149",
    "TaskName": "viewclips",
    "TotalReadoutTime": 0.0340802,
    "TxRefAmp": 391.878,
    "VendorReportedEchoSpacing": 0.00048,
    "dataset": "ds001840",
    "modality": "bold",
    "run_id": 1,
    "subject_id": "11",
    "task_id": "viewclips"
  },
  "dummy_trs": 2,
  "dvars_nstd": 27.598533429725396,
  "dvars_std": 1.1225657755606409,
  "dvars_vstd": 0.9439404997025165,
  "efc": 0.529095177627977,
  "fber": 823.0342407226562,
  "fd_mean": 0.13782312602651584,
  "fd_num": 69,
  "fd_perc": 15.753424657534246,
  "fwhm_avg": 1.875750827687446,
  "fwhm_x": 1.8670499999999999,
  "fwhm_y": 2.0480966666666665,
  "fwhm_z": 1.712105816395672,
  "gcor": 0.026688,
  "gsr_x": -0.024630557745695114,
  "gsr_y": 0.02851461060345173,
  "provenance": {
    "md5sum": "3d430ce3e5491eb6cfb2519d009e8e54",
    "settings": {
      "fd_thres": 0.2,
      "testing": false
    },
    "software": "mriqc",
    "version": "22.0.6",
    "webapi_port": null,
    "webapi_url": "https://mriqc.nimh.nih.gov/api/v1"
  },
  "size_t": 438,
  "size_x": 72,
  "size_y": 72,
  "size_z": 32,
  "snr": 5.571236678079098,
  "spacing_tr": 2.0,
  "spacing_x": 3.0,
  "spacing_y": 3.0,
  "spacing_z": 3.999998092651367,
  "summary_bg_k": 18.51302386005083,
  "summary_bg_mad": 7.027126967514552,
  "summary_bg_mean": 43.68991470336914,
  "summary_bg_median": 23.51369857788086,
  "summary_bg_n": 103273.0,
  "summary_bg_p05": 18.162099838256836,
  "summary_bg_p95": 142.86757507324205,
  "summary_bg_stdv": 55.07012939453125,
  "summary_fg_k": 1.6232080727638731,
  "summary_fg_mad": 107.94220102226832,
  "summary_fg_mean": 696.0328979492188,
  "summary_fg_median": 686.8150634765625,
  "summary_fg_n": 27897.0,
  "summary_fg_p05": 520.181689453125,
  "summary_fg_p95": 911.908642578125,
  "summary_fg_stdv": 123.27653503417969,
  "tsnr": 46.922432895284146
}