{
  "aor": 0.0031705909090909094,
  "aqi": 0.00850163556818182,
  "bids_meta": {
    "AcquisitionMatrixPE": 72,
    "AcquisitionNumber": 1,
    "AcquisitionTime": "14:00:44.125000",
    "BandwidthPerPixelPhaseEncode": 28.935,
    "BaseResolution": 72,
    "ConversionSoftware": "dcm2niix",
    "ConversionSoftwareVersion": "v1.0.20171215 GCC4.4.7",
    "DerivedVendorReportedEchoSpacing": 0.000480003,
    "DeviceSerialNumber": "35149",
    "DwellTime": 2.9e-06,
    "EchoTime": 0.03,
    "EffectiveEchoSpacing": 0.000480003,
    "FlipAngle": 75,
    "ImageOrientationPatientDICOM": [
      0.996115,
      0.08306,
      -0.0292579,
      -0.0875579,
      0.898637,
      -0.429865
    ],
    "ImageType": "ORIGINALPRIMARYMNDMOSAIC",
    "InPlanePhaseEncodingDirectionDICOM": "COL",
    "InstitutionAddress": "Street_StreetNo_Rehovot_E1B90C_District_IL_ZIP",
    "InstitutionName": "Weizmann",
    "InstitutionalDepartmentName": "Department",
    "MRAcquisitionType": "2D",
    "MagneticFieldStrength": 3,
    "Manufacturer": "Siemens",
    "ManufacturersModelName": "TrioTim",
    "Modality": "MR",
    "PartialFourier": 1,
    "PatientPosition": "HFS",
    "PercentPhaseFOV": 100,
    "PhaseEncodingDirection": "j-",
    "PhaseEncodingSteps": 72,
    "PhaseResolution": 1,
    "PixelBandwidth": 2395,
    "ProcedureStepDescription": "Weizmann_Dudai",
    "ProtocolName": "run2_mod",
    "PulseSequenceDetails": "%SiemensSeq%_ep2d_pace",
    "ReceiveCoilName": "HeadMatrix",
    "ReconMatrixPE": 72,
    "RepetitionTime": 2,
    "SAR": 0.133741,
    "ScanOptions": "FS",
    "ScanningSequence": "EP",
    "SequenceName": "_epfid2d1_72",
    "SequenceVariant": "SK",
    "SeriesDescription": "run2_mod",
    "SeriesNumber": 6,
    "ShimSetting": [
      2316,
      9437,
      -5427,
      1046,
      -39,
      -857,
      -70,
      -181
    ],
    "SliceThickness": 4,
    "SliceTiming": [
      0.9925,
      0,
      1.055,
      0.0625,
      1.1175,
      0.125,
      1.18,
      0.185,
      1.2425,
      0.2475,
      1.305,
      0.31,
      1.365,
      0.3725,
      1.4275,
      0.435,
      1.49,
      0.4975,
      1.5525,
      0.5575,
      1.615,
      0.62,
      1.6775,
      0.6825,
      1.7375,
      0.745,
      1.8,
      0.8075,
      1.8625,
      0.87,
      1.925,
      0.9325
    ],
    "SoftwareVersions": "syngo_MR_B17",
    "SpacingBetweenSlices": 4,
    "StationName": "MRC35149",
    "TaskName": "viewclips",
    "TotalReadoutTime": 0.0340802,
    "TxRefAmp": 300.869,
    "VendorReportedEchoSpacing": 0.00048,
    "dataset": "ds001840",
    "modality": "bold",
    "run_id": 2,
    "subject_id": "07",
    "task_id": "viewclips"
  },
  "dummy_trs": 0,
  "dvars_nstd": 24.23157773214123,
  "dvars_std": 1.2118104838724375,
  "dvars_vstd": 1.019721074965831,
  "efc": 0.5170970336612013,
  "fber": 1092.5938720703125,
  "fd_mean": 0.15909795869211593,
  "fd_num": 101,
  "fd_perc": 22.954545454545453,
  "fwhm_avg": 2.0484464994664022,
  "fwhm_x": 2.0613,
  "fwhm_y": 2.2288566666666667,
  "fwhm_z": 1.855182831732541,
  "gcor": 0.0449468,
  "gsr_x": -0.01764429733157158,
  "gsr_y": 0.03039187379181385,
  "provenance": {
    "md5sum": "1a0069f0164bfbb2e31117b83744f041",
    "settings": {
      "fd_thres": 0.2,
      "testing": false
    },
    "software": "mriqc",
    "version": "22.0.6",
    "webapi_port": null,
    "webapi_url": "https://mriqc.nimh.nih.gov/api/v1"
  },
  "size_t": 440,
  "size_x": 72,
  "size_y": 72,
  "size_z": 32,
  "snr": 6.083416145782582,
  "spacing_tr": 2.0,
  "spacing_x": 3.0,
  "spacing_y": 3.0,
  "spacing_z": 3.9999992847442627,
  "summary_bg_k": 33.7292330987146,
  "summary_bg_mad": 5.829322102047997,
  "summary_bg_mean": 34.503944396972656,
  "summary_bg_median": 20.68181800842285,
  "summary_bg_n": 102344.0,
  "summary_bg_p05": 15.32272720336914,
  "summary_bg_p95": 96.29090881347656,
  "summary_bg_stdv": 39.56884765625,
  "summary_fg_k": 0.4600583905866267,
  "summary_fg_mad": 110.06131593638968,
  "summary_fg_mean": 705.216064453125,
  "summary_fg_median": 703.1272583007812,
  "summary_fg_n": 28110.0,
  "summary_fg_p05": 521.4733703613281,
  "summary_fg_p95": 899.1595428466796,
  "summary_fg_stdv": 115.57893371582031,
  "tsnr": 55.42541780276224
}