{
  "aor": 0.0027932499999999997,
  "aqi": 0.012940287704545457,
  "bids_meta": {
    "AcquisitionMatrixPE": 72,
    "AcquisitionNumber": 1,
    "AcquisitionTime": "13:43:10.950000",
    "BandwidthPerPixelPhaseEncode": 28.935,
    "BaseResolution": 72,
    "ConversionSoftware": "dcm2niix",
    "ConversionSoftwareVersion": "v1.0.20171215 GCC4.4.7",
    "DerivedVendorReportedEchoSpacing": 0.000480003,
    "DeviceSerialNumber": "35149",
    "DwellTime": 2.9e-06,
    "EchoTime": 0.03,
    "EffectiveEchoSpacing": 0.000480003,
    "FlipAngle": 75,
    "ImageOrientationPatientDICOM": [
      0.997745,
      0.0614671,
      -0.0269502,
      -0.0670192,
      0.933984,
      -0.350974
    ],
    "ImageType": "ORIGINALPRIMARYMNDMOSAIC",
    "InPlanePhaseEncodingDirectionDICOM": "COL",
    "InstitutionAddress": "Street_StreetNo_Rehovot_E1B90C_District_IL_ZIP",
    "InstitutionName": "Weizmann",
    "InstitutionalDepartmentName": "Department",
    "MRAcquisitionType": "2D",
    "MagneticFieldStrength": 3,
    "Manufacturer": "Siemens",
    "ManufacturersModelName": "TrioTim",
    "Modality": "MR",
    "PartialFourier": 1,
    "PatientPosition": "HFS",
    "PercentPhaseFOV": 100,
    "PhaseEncodingDirection": "j-",
    "PhaseEncodingSteps": 72,
    "PhaseResolution": 1,
    "PixelBandwidth": 2395,
    "ProcedureStepDescription": "Weizmann_Dudai",
    "ProtocolName": "run1_mod",
    "PulseSequenceDetails": "%SiemensSeq%_ep2d_pace",
    "ReceiveCoilName": "HeadMatrix",
    "ReconMatrixPE": 72,
    "RepetitionTime": 2,
    "SAR": 0.133741,
    "ScanOptions": "FS",
    "ScanningSequence": "EP",
    "SequenceName": "_epfid2d1_72",
    "SequenceVariant": "SK",
    "SeriesDescription": "run1_mod",
    "SeriesNumber": 3,
    "ShimSetting": [
      2320,
      9441,
      -5430,
      1048,
      -30,
      -849,
      -68,
      -183
    ],
    "SliceThickness": 4,
    "SliceTiming": [
      0.995,
      0,
      1.055,
      0.0625,
      1.1175,
      0.125,
      1.18,
      0.1875,
      1.2425,
      0.2475,
      1.305,
      0.31,
      1.3675,
      0.3725,
      1.4275,
      0.435,
      1.49,
      0.4975,
      1.5525,
      0.56,
      1.615,
      0.62,
      1.6775,
      0.6825,
      1.74,
      0.745,
      1.8,
      0.8075,
      1.8625,
      0.87,
      1.925,
      0.9325
    ],
    "SoftwareVersions": "syngo_MR_B17",
    "SpacingBetweenSlices": 4,
    "StationName": "MRC35149",
    "TaskName": "viewclips",
    "TotalReadoutTime": 0.0340802,
    "TxRefAmp": 300.869,
    "VendorReportedEchoSpacing": 0.00048,
    "dataset": "ds001840",
    "modality": "bold",
    "run_id": 1,
    "subject_id": "07",
    "task_id": "viewclips"
  },
  "dummy_trs": 0,
  "dvars_nstd": 24.792108305444177,
  "dvars_std": 1.2109706064236898,
  "dvars_vstd": 0.9888556982004558,
  "efc": 0.5162770786991197,
  "fber": 1070.13232421875,
  "fd_mean": 0.12926731291610463,
  "fd_num": 67,
  "fd_perc": 15.227272727272727,
  "fwhm_avg": 2.0258164764589925,
  "fwhm_x": 2.0277133333333333,
  "fwhm_y": 2.21088,
  "fwhm_z": 1.838856096043644,
  "gcor": 0.0248234,
  "gsr_x": -0.016542207449674606,
  "gsr_y": 0.025243205949664116,
  "provenance": {
    "md5sum": "4993be0350b7fa7aa38344df7882698e",
    "settings": {
      "fd_thres": 0.2,
      "testing": false
    },
    "software": "mriqc",
    "version": "22.0.6",
    "webapi_port": null,
    "webapi_url": "https://mriqc.nimh.nih.gov/api/v1"
  },
  "size_t": 440,
  "size_x": 72,
  "size_y": 72,
  "size_z": 32,
  "snr": 6.2137382283162745,
  "spacing_tr": 2.0,
  "spacing_x": 3.0,
  "spacing_y": 3.0,
  "spacing_z": 3.999997615814209,
  "summary_bg_k": 34.89418973786985,
  "summary_bg_mad": 6.230298405482789,
  "summary_bg_mean": 34.132362365722656,
  "summary_bg_median": 20.831817626953125,
  "summary_bg_n": 102470.0,
  "summary_bg_p05": 14.784090042114258,
  "summary_bg_p95": 93.46510848999016,
  "summary_bg_stdv": 39.77219772338867,
  "summary_fg_k": 0.5153076222136432,
  "summary_fg_mad": 106.76084287025473,
  "summary_fg_mean": 699.6527099609375,
  "summary_fg_median": 698.0249633789062,
  "summary_fg_n": 28011.0,
  "summary_fg_p05": 522.1749877929688,
  "summary_fg_p95": 889.3488464355469,
  "summary_fg_stdv": 112.33374786376953,
  "tsnr": 48.5100716893794
}