{
  "aor": 0.0056469476082004555,
  "aqi": 0.015391638724373578,
  "bids_meta": {
    "AcquisitionMatrixPE": 72,
    "AcquisitionNumber": 1,
    "AcquisitionTime": "14:35:7.260000",
    "BandwidthPerPixelPhaseEncode": 28.935,
    "BaseResolution": 72,
    "ConversionSoftware": "dcm2niix",
    "ConversionSoftwareVersion": "v1.0.20171215 GCC4.4.7",
    "DerivedVendorReportedEchoSpacing": 0.000480003,
    "DeviceSerialNumber": "35149",
    "DwellTime": 2.9e-06,
    "EchoTime": 0.03,
    "EffectiveEchoSpacing": 0.000480003,
    "FlipAngle": 75,
    "ImageOrientationPatientDICOM": [
      0.995725,
      0.0922341,
      -0.00500193,
      -0.0863736,
      0.91053,
      -0.40432
    ],
    "ImageType": "ORIGINALPRIMARYMNDMOSAIC",
    "InPlanePhaseEncodingDirectionDICOM": "COL",
    "InstitutionAddress": "Street_StreetNo_Rehovot_E1B90C_District_IL_ZIP",
    "InstitutionName": "Weizmann",
    "InstitutionalDepartmentName": "Department",
    "MRAcquisitionType": "2D",
    "MagneticFieldStrength": 3,
    "Manufacturer": "Siemens",
    "ManufacturersModelName": "TrioTim",
    "Modality": "MR",
    "PartialFourier": 1,
    "PatientPosition": "HFS",
    "PercentPhaseFOV": 100,
    "PhaseEncodingDirection": "j-",
    "PhaseEncodingSteps": 72,
    "PhaseResolution": 1,
    "PixelBandwidth": 2395,
    "ProcedureStepDescription": "Weizmann_Dudai",
    "ProtocolName": "run4_mod",
    "PulseSequenceDetails": "%SiemensSeq%_ep2d_pace",
    "ReceiveCoilName": "HeadMatrix",
    "ReconMatrixPE": 72,
    "RepetitionTime": 2,
    "SAR": 0.133741,
    "ScanOptions": "FS",
    "ScanningSequence": "EP",
    "SequenceName": "_epfid2d1_72",
    "SequenceVariant": "SK",
    "SeriesDescription": "run4_mod",
    "SeriesNumber": 10,
    "ShimSetting": [
      2321,
      9411,
      -5437,
      1005,
      -5,
      -949,
      -39,
      -166
    ],
    "SliceThickness": 4,
    "SliceTiming": [
      0.995,
      0,
      1.0575,
      0.0625,
      1.12,
      0.125,
      1.18,
      0.1875,
      1.2425,
      0.25,
      1.305,
      0.3125,
      1.3675,
      0.3725,
      1.43,
      0.435,
      1.4925,
      0.4975,
      1.5525,
      0.56,
      1.615,
      0.6225,
      1.6775,
      0.685,
      1.74,
      0.745,
      1.8025,
      0.8075,
      1.865,
      0.87,
      1.925,
      0.9325
    ],
    "SoftwareVersions": "syngo_MR_B17",
    "SpacingBetweenSlices": 4,
    "StationName": "MRC35149",
    "TaskName": "viewclips",
    "TotalReadoutTime": 0.0340802,
    "TxRefAmp": 300.869,
    "VendorReportedEchoSpacing": 0.00048,
    "dataset": "ds001840",
    "modality": "bold",
    "run_id": 4,
    "subject_id": "07",
    "task_id": "viewclips"
  },
  "dummy_trs": 1,
  "dvars_nstd": 23.519470630707747,
  "dvars_std": 1.1652164231963462,
  "dvars_vstd": 1.020070783858448,
  "efc": 0.5218117372887416,
  "fber": 1030.4378662109375,
  "fd_mean": 0.1790795867844426,
  "fd_num": 138,
  "fd_perc": 31.43507972665148,
  "fwhm_avg": 2.015295945823382,
  "fwhm_x": 2.0195266666666667,
  "fwhm_y": 2.24065,
  "fwhm_z": 1.78571117080348,
  "gcor": 0.0167001,
  "gsr_x": -0.015984170138835907,
  "gsr_y": 0.02421487681567669,
  "provenance": {
    "md5sum": "a380ca35206248ab3c467a8d19027646",
    "settings": {
      "fd_thres": 0.2,
      "testing": false
    },
    "software": "mriqc",
    "version": "22.0.6",
    "webapi_port": null,
    "webapi_url": "https://mriqc.nimh.nih.gov/api/v1"
  },
  "size_t": 439,
  "size_x": 72,
  "size_y": 72,
  "size_z": 32,
  "snr": 6.363772031311318,
  "spacing_tr": 2.0,
  "spacing_x": 3.0,
  "spacing_y": 3.0,
  "spacing_z": 3.99999737739563,
  "summary_bg_k": 32.92715424357291,
  "summary_bg_mad": 5.808828750536023,
  "summary_bg_mean": 33.66962432861328,
  "summary_bg_median": 20.451025009155273,
  "summary_bg_n": 101730.0,
  "summary_bg_p05": 14.695786523818972,
  "summary_bg_p95": 94.37939033508299,
  "summary_bg_stdv": 39.164649963378906,
  "summary_fg_k": 0.5165419018466064,
  "summary_fg_mad": 100.22600030979996,
  "summary_fg_mean": 672.8186645507812,
  "summary_fg_median": 671.4066162109375,
  "summary_fg_n": 28520.0,
  "summary_fg_p05": 505.54363708496095,
  "summary_fg_p95": 849.5156280517577,
  "summary_fg_stdv": 105.50265502929688,
  "tsnr": 45.09710921102669
}