{
  "bids_meta": {
    "AcquisitionMatrixPE": 256,
    "AcquisitionNumber": 1,
    "AcquisitionTime": "15:51:23.942500",
    "BaseResolution": 256,
    "ConversionSoftware": "dcm2niix",
    "ConversionSoftwareVersion": "v1.0.20171215 GCC4.4.7",
    "DeviceSerialNumber": "35149",
    "DwellTime": 8.2e-06,
    "EchoTime": 0.00298,
    "FlipAngle": 9,
    "ImageOrientationPatientDICOM": [
      -0.0137807,
      0.999891,
      -0.00523528,
      -0.0159257,
      -0.0054546,
      -0.999858
    ],
    "ImageType": [
      "ORIGINAL",
      "PRIMARY",
      "M",
      "ND"
    ],
    "InPlanePhaseEncodingDirectionDICOM": "ROW",
    "InstitutionAddress": "Street_StreetNo_Rehovot_90B50C_District_IL_ZIP",
    "InstitutionName": "Weizmann",
    "InstitutionalDepartmentName": "Department",
    "InversionTime": 0.9,
    "MRAcquisitionType": "3D",
    "MagneticFieldStrength": 3,
    "Manufacturer": "Siemens",
    "ManufacturersModelName": "TrioTim",
    "Modality": "MR",
    "PartialFourier": 0.875,
    "PatientPosition": "HFS",
    "PercentPhaseFOV": 100,
    "PhaseEncodingSteps": 224,
    "PhaseResolution": 1,
    "PixelBandwidth": 238,
    "ProcedureStepDescription": "Weizmann_Dudai",
    "ProtocolName": "t1_mprage",
    "PulseSequenceDetails": "%SiemensSeq%_tfl",
    "ReceiveCoilName": "HeadMatrix",
    "ReconMatrixPE": 256,
    "RepetitionTime": 2.3,
    "SAR": 0.0781936,
    "ScanOptions": "IR_PFP",
    "ScanningSequence": "GR_IR",
    "SequenceName": "_tfl3d1_ns",
    "SequenceVariant": "SP_MP",
    "SeriesDescription": "t1_mprage",
    "SeriesNumber": 7,
    "ShimSetting": [
      2331,
      9560,
      -5360,
      802,
      13,
      -758,
      -108,
      -64
    ],
    "SliceThickness": 1,
    "SoftwareVersions": "syngo_MR_B17",
    "StationName": "MRC35149",
    "TxRefAmp": 286.476,
    "dataset": "ds001840",
    "modality": "T1w",
    "subject_id": "27"
  },
  "cjv": 0.33908305881556305,
  "cnr": 3.9587278886455457,
  "efc": 0.5222090957424311,
  "fber": 13575.16265625,
  "fwhm_avg": 3.855875907057579,
  "fwhm_x": 3.8232377211727377,
  "fwhm_y": 4.15416,
  "fwhm_z": 3.59023,
  "icvs_csf": 0.2272743918997305,
  "icvs_gm": 0.4336773648592837,
  "icvs_wm": 0.3390482432409858,
  "inu_med": 0.5778452754020691,
  "inu_range": 0.1919671207666397,
  "provenance": {
    "md5sum": "5b284882653cc391b5eec2491c4fe4a4",
    "settings": {
      "testing": false
    },
    "software": "mriqc",
    "version": "22.0.6",
    "warnings": {
      "large_rot_frame": true,
      "small_air_mask": false
    },
    "webapi_port": null,
    "webapi_url": "https://mriqc.nimh.nih.gov/api/v1"
  },
  "qi_1": 0.0,
  "qi_2": 0.004102855651177375,
  "rpve_csf": 26.54919866598731,
  "rpve_gm": 14.173556987385881,
  "rpve_wm": 20.73446797585103,
  "size_x": 176,
  "size_y": 256,
  "size_z": 256,
  "snr_csf": 1.6734491097055662,
  "snr_gm": 9.141531135922804,
  "snr_total": 10.677169444808444,
  "snr_wm": 21.216528088796963,
  "snrd_csf": 9.872841398339618,
  "snrd_gm": 33.55212295995873,
  "snrd_total": 31.516883292649386,
  "snrd_wm": 51.12568551964981,
  "spacing_x": 1.0000005960464478,
  "spacing_y": 1.0,
  "spacing_z": 1.0,
  "summary_bg_k": 3.928021383043121,
  "summary_bg_mad": 0.0,
  "summary_bg_mean": 9.04564237402643,
  "summary_bg_median": 0.0,
  "summary_bg_n": 2938387.0,
  "summary_bg_p05": 0.0,
  "summary_bg_p95": 35.508279921486974,
  "summary_bg_stdv": 12.814232026569956,
  "summary_csf_k": 0.4733292357214691,
  "summary_csf_mad": 112.73772318525273,
  "summary_csf_mean": 208.13024541720944,
  "summary_csf_median": 193.10922189615667,
  "summary_csf_n": 28435.0,
  "summary_csf_p05": 48.37809316813946,
  "summary_csf_p95": 428.52756719570607,
  "summary_csf_stdv": 115.39390419514032,
  "summary_gm_k": 0.12822261106611466,
  "summary_gm_mad": 70.34613233011284,
  "summary_gm_mean": 655.8072700118806,
  "summary_gm_median": 656.2674407847226,
  "summary_gm_n": 27093.0,
  "summary_gm_p05": 537.5426382943988,
  "summary_gm_p95": 772.4989107809961,
  "summary_gm_stdv": 71.78833824788474,
  "summary_wm_k": 0.23906000248243586,
  "summary_wm_mad": 46.20775358938784,
  "summary_wm_mean": 999.5422111546454,
  "summary_wm_median": 999.9999950639904,
  "summary_wm_n": 169081.0,
  "summary_wm_p05": 921.571663254872,
  "summary_wm_p95": 1075.8543642237782,
  "summary_wm_stdv": 47.1329255056166,
  "tpm_overlap_csf": 0.14361710409672723,
  "tpm_overlap_gm": 0.47449199642223233,
  "tpm_overlap_wm": 0.5214168769964421,
  "wm2max": 0.5929099400581032
}