{
  "bids_meta": {
    "AcquisitionMatrixPE": 256,
    "AcquisitionNumber": 1,
    "AcquisitionTime": "14:50:13.670000",
    "BaseResolution": 256,
    "ConversionSoftware": "dcm2niix",
    "ConversionSoftwareVersion": "v1.0.20171215 GCC4.4.7",
    "DeviceSerialNumber": "35149",
    "DwellTime": 8.2e-06,
    "EchoTime": 0.00298,
    "FlipAngle": 9,
    "ImageOrientationPatientDICOM": [
      -0.0645817,
      0.997685,
      -0.0213115,
      0.0214866,
      -0.0199609,
      -0.99957
    ],
    "ImageType": [
      "ORIGINAL",
      "PRIMARY",
      "M",
      "ND"
    ],
    "InPlanePhaseEncodingDirectionDICOM": "ROW",
    "InstitutionAddress": "Street_StreetNo_Rehovot_E1B90C_District_IL_ZIP",
    "InstitutionName": "Weizmann",
    "InstitutionalDepartmentName": "Department",
    "InversionTime": 0.9,
    "MRAcquisitionType": "3D",
    "MagneticFieldStrength": 3,
    "Manufacturer": "Siemens",
    "ManufacturersModelName": "TrioTim",
    "Modality": "MR",
    "PartialFourier": 0.875,
    "PatientPosition": "HFS",
    "PercentPhaseFOV": 100,
    "PhaseEncodingSteps": 224,
    "PhaseResolution": 1,
    "PixelBandwidth": 238,
    "ProcedureStepDescription": "Weizmann_Dudai",
    "ProtocolName": "t1_mprage",
    "PulseSequenceDetails": "%SiemensSeq%_tfl",
    "ReceiveCoilName": "HeadMatrix",
    "ReconMatrixPE": 256,
    "RepetitionTime": 2.3,
    "SAR": 0.102446,
    "ScanOptions": "IR_PFP",
    "ScanningSequence": "GR_IR",
    "SequenceName": "_tfl3d1_ns",
    "SequenceVariant": "SP_MP",
    "SeriesDescription": "t1_mprage",
    "SeriesNumber": 11,
    "ShimSetting": [
      2321,
      9411,
      -5437,
      1005,
      -5,
      -949,
      -39,
      -166
    ],
    "SliceThickness": 1,
    "SoftwareVersions": "syngo_MR_B17",
    "StationName": "MRC35149",
    "TxRefAmp": 300.869,
    "dataset": "ds001840",
    "modality": "T1w",
    "subject_id": "07"
  },
  "cjv": 0.3640931311662873,
  "cnr": 3.700697299656657,
  "efc": 0.5626617852369288,
  "fber": 16800.147928994083,
  "fwhm_avg": 3.8312637358524455,
  "fwhm_x": 3.895621207557336,
  "fwhm_y": 4.06214,
  "fwhm_z": 3.53603,
  "icvs_csf": 0.17560407990823285,
  "icvs_gm": 0.45065219364114084,
  "icvs_wm": 0.3737437264506263,
  "inu_med": 0.4896511137485504,
  "inu_range": 0.19783051013946512,
  "provenance": {
    "md5sum": "053d3af5f843173fe5a60273a98f7d8f",
    "settings": {
      "testing": false
    },
    "software": "mriqc",
    "version": "22.0.6",
    "warnings": {
      "large_rot_frame": true,
      "small_air_mask": false
    },
    "webapi_port": null,
    "webapi_url": "https://mriqc.nimh.nih.gov/api/v1"
  },
  "qi_1": 0.0,
  "qi_2": 0.003858124145121171,
  "rpve_csf": 28.510103510295057,
  "rpve_gm": 12.322313781223176,
  "rpve_wm": 16.816904571441153,
  "size_x": 176,
  "size_y": 256,
  "size_z": 256,
  "snr_csf": 1.9643397838716838,
  "snr_gm": 9.671377828237903,
  "snr_total": 11.385981919866454,
  "snr_wm": 22.522228147489777,
  "snrd_csf": 29.930715486875023,
  "snrd_gm": 81.38855257751892,
  "snrd_total": 76.61387220000724,
  "snrd_wm": 118.52234853562777,
  "spacing_x": 1.0000073909759521,
  "spacing_y": 1.0,
  "spacing_z": 1.0,
  "summary_bg_k": 3.6874033860316313,
  "summary_bg_mad": 5.527534565710857,
  "summary_bg_mean": 8.981013507893085,
  "summary_bg_median": 3.728265408426523,
  "summary_bg_n": 1958896.0,
  "summary_bg_p05": 0.0,
  "summary_bg_p95": 34.346232656389475,
  "summary_bg_stdv": 12.444953829289913,
  "summary_csf_k": 0.08663091126244638,
  "summary_csf_mad": 125.32339431284262,
  "summary_csf_mean": 264.8726452490713,
  "summary_csf_median": 252.53224279731512,
  "summary_csf_n": 22477.0,
  "summary_csf_p05": 66.25094637274742,
  "summary_csf_p95": 495.0938501395286,
  "summary_csf_stdv": 128.55547051390653,
  "summary_gm_k": 0.01425099535955221,
  "summary_gm_mad": 70.58612724177671,
  "summary_gm_mean": 685.8033492202906,
  "summary_gm_median": 686.6936986334622,
  "summary_gm_n": 48407.0,
  "summary_gm_p05": 567.6201600581408,
  "summary_gm_p95": 802.6988417841494,
  "summary_gm_stdv": 71.00194179929065,
  "summary_wm_k": 0.21613385043381284,
  "summary_wm_mad": 43.486532999265066,
  "summary_wm_mean": 999.942967604611,
  "summary_wm_median": 999.9999669380486,
  "summary_wm_n": 221503.0,
  "summary_wm_p05": 926.8533792346716,
  "summary_wm_p95": 1072.3217171616852,
  "summary_wm_stdv": 44.40047863298376,
  "tpm_overlap_csf": 0.15113365953353053,
  "tpm_overlap_gm": 0.47659382357171864,
  "tpm_overlap_wm": 0.511824640227912,
  "wm2max": 0.567499251048532
}