{
  "bids_meta": {
    "AcquisitionMatrixPE": 256,
    "AcquisitionNumber": 1,
    "AcquisitionTime": "13:54:41.962500",
    "BaseResolution": 256,
    "ConversionSoftware": "dcm2niix",
    "ConversionSoftwareVersion": "v1.0.20171215 GCC4.4.7",
    "DeviceSerialNumber": "35149",
    "DwellTime": 8.2e-06,
    "EchoTime": 0.00298,
    "FlipAngle": 9,
    "ImageOrientationPatientDICOM": [
      -0.0138984,
      0.999468,
      0.0295187,
      0.0122309,
      0.0296893,
      -0.999484
    ],
    "ImageType": [
      "ORIGINAL",
      "PRIMARY",
      "M",
      "ND"
    ],
    "InPlanePhaseEncodingDirectionDICOM": "ROW",
    "InstitutionAddress": "Street_StreetNo_Rehovot_E1B90C_District_IL_ZIP",
    "InstitutionName": "Weizmann",
    "InstitutionalDepartmentName": "Department",
    "InversionTime": 0.9,
    "MRAcquisitionType": "3D",
    "MagneticFieldStrength": 3,
    "Manufacturer": "Siemens",
    "ManufacturersModelName": "TrioTim",
    "Modality": "MR",
    "PartialFourier": 0.875,
    "PatientPosition": "HFS",
    "PercentPhaseFOV": 100,
    "PhaseEncodingSteps": 224,
    "PhaseResolution": 1,
    "PixelBandwidth": 238,
    "ProcedureStepDescription": "Weizmann_Dudai",
    "ProtocolName": "t1_mprage",
    "PulseSequenceDetails": "%SiemensSeq%_tfl",
    "ReceiveCoilName": "HeadMatrix",
    "ReconMatrixPE": 256,
    "RepetitionTime": 2.3,
    "SAR": 0.0929629,
    "ScanOptions": "IR_PFP",
    "ScanningSequence": "GR_IR",
    "SequenceName": "_tfl3d1_ns",
    "SequenceVariant": "SP_MP",
    "SeriesDescription": "t1_mprage",
    "SeriesNumber": 13,
    "ShimSetting": [
      2336,
      9580,
      -5441,
      965,
      20,
      -261,
      -186,
      48
    ],
    "SliceThickness": 1,
    "SoftwareVersions": "syngo_MR_B17",
    "StationName": "MRC35149",
    "TxRefAmp": 290.543,
    "dataset": "ds001840",
    "modality": "T1w",
    "subject_id": "20"
  },
  "cjv": 0.36598397890087087,
  "cnr": 3.653511279077136,
  "efc": 0.579340323394402,
  "fber": 14314.880259189584,
  "fwhm_avg": 3.714204971518004,
  "fwhm_x": 3.6797749145540113,
  "fwhm_y": 3.98347,
  "fwhm_z": 3.47937,
  "icvs_csf": 0.22110215396628566,
  "icvs_gm": 0.43944847085078736,
  "icvs_wm": 0.33944937518292695,
  "inu_med": 0.6370182931423187,
  "inu_range": 0.2495678961277007,
  "provenance": {
    "md5sum": "d357fdc0a25cac1b4f4a6a8a3b9a8447",
    "settings": {
      "testing": false
    },
    "software": "mriqc",
    "version": "22.0.6",
    "warnings": {
      "large_rot_frame": true,
      "small_air_mask": false
    },
    "webapi_port": null,
    "webapi_url": "https://mriqc.nimh.nih.gov/api/v1"
  },
  "qi_1": 0.0,
  "qi_2": 0.0034971854976194264,
  "rpve_csf": 21.224543972158788,
  "rpve_gm": 11.051806103080741,
  "rpve_wm": 16.246307649287363,
  "size_x": 176,
  "size_y": 256,
  "size_z": 256,
  "snr_csf": 1.8038222630671437,
  "snr_gm": 9.329877767007652,
  "snr_total": 9.853370577591463,
  "snr_wm": 18.426411702699593,
  "snrd_csf": 18.655081340712528,
  "snrd_gm": 62.421204142092314,
  "snrd_total": 58.278114640245896,
  "snrd_wm": 93.75805843793286,
  "spacing_x": 0.9999959468841553,
  "spacing_y": 1.0,
  "spacing_z": 1.0,
  "summary_bg_k": 3.7034419119947843,
  "summary_bg_mad": 6.987716983740873,
  "summary_bg_mean": 13.167254753208423,
  "summary_bg_median": 4.713143482804298,
  "summary_bg_n": 2788024.0,
  "summary_bg_p05": 0.0,
  "summary_bg_p95": 50.946836695075035,
  "summary_bg_stdv": 18.217623834601312,
  "summary_csf_k": 1.1776270707573575,
  "summary_csf_mad": 99.51257668809545,
  "summary_csf_mean": 212.55841783468247,
  "summary_csf_median": 198.97601280827075,
  "summary_csf_n": 29200.0,
  "summary_csf_p05": 55.26581549970433,
  "summary_csf_p95": 420.06031562620774,
  "summary_csf_stdv": 110.30610372735283,
  "summary_gm_k": 0.11601141211940735,
  "summary_gm_mad": 69.91876339088337,
  "summary_gm_mean": 663.9232938968809,
  "summary_gm_median": 665.7876257970929,
  "summary_gm_n": 29909.0,
  "summary_gm_p05": 542.6567523088306,
  "summary_gm_p95": 778.0614366196096,
  "summary_gm_stdv": 71.35961607517248,
  "summary_wm_k": 0.2947949038193731,
  "summary_wm_mad": 52.40787737805654,
  "summary_wm_mean": 1000.0370275225572,
  "summary_wm_median": 1000.0280511192977,
  "summary_wm_n": 206067.0,
  "summary_wm_p05": 911.0113590303808,
  "summary_wm_p95": 1088.7922533787787,
  "summary_wm_stdv": 54.27131667238726,
  "tpm_overlap_csf": 0.1511449728118391,
  "tpm_overlap_gm": 0.4613855418749727,
  "tpm_overlap_wm": 0.49598193262011525,
  "wm2max": 0.6205257888078813
}