{
  "aor": 0.001111731207289294,
  "aqi": 0.006327662095671982,
  "bids_meta": {
    "AcquisitionMatrixPE": 72,
    "AcquisitionNumber": 1,
    "AcquisitionTime": "12:02:32.052500",
    "BandwidthPerPixelPhaseEncode": 28.935,
    "BaseResolution": 72,
    "ConversionSoftware": "dcm2niix",
    "ConversionSoftwareVersion": "v1.0.20171215 GCC4.4.7",
    "DerivedVendorReportedEchoSpacing": 0.000480003,
    "DeviceSerialNumber": "35149",
    "DwellTime": 2.9e-06,
    "EchoTime": 0.03,
    "EffectiveEchoSpacing": 0.000480003,
    "FlipAngle": 75,
    "ImageOrientationPatientDICOM": [
      0.999699,
      -0.00556643,
      -0.0239132,
      -0.00175314,
      0.955292,
      -0.29566
    ],
    "ImageType": "ORIGINALPRIMARYMNDMOSAIC",
    "InPlanePhaseEncodingDirectionDICOM": "COL",
    "InstitutionAddress": "Street_StreetNo_Rehovot_E1B90C_District_IL_ZIP",
    "InstitutionName": "Weizmann",
    "InstitutionalDepartmentName": "Department",
    "MRAcquisitionType": "2D",
    "MagneticFieldStrength": 3,
    "Manufacturer": "Siemens",
    "ManufacturersModelName": "TrioTim",
    "Modality": "MR",
    "PartialFourier": 1,
    "PatientPosition": "HFS",
    "PercentPhaseFOV": 100,
    "PhaseEncodingDirection": "j-",
    "PhaseEncodingSteps": 72,
    "PhaseResolution": 1,
    "PixelBandwidth": 2395,
    "ProcedureStepDescription": "Weizmann_Dudai",
    "ProtocolName": "run4_mod",
    "PulseSequenceDetails": "%SiemensSeq%_ep2d_pace",
    "ReceiveCoilName": "HeadMatrix",
    "ReconMatrixPE": 72,
    "RepetitionTime": 2,
    "SAR": 0.115367,
    "ScanOptions": "FS",
    "ScanningSequence": "EP",
    "SequenceName": "_epfid2d1_72",
    "SequenceVariant": "SK",
    "SeriesDescription": "run4_mod",
    "SeriesNumber": 8,
    "ShimSetting": [
      2353,
      9441,
      -5317,
      1022,
      100,
      -1341,
      188,
      -22
    ],
    "SliceThickness": 4,
    "SliceTiming": [
      0.9925,
      0,
      1.055,
      0.0625,
      1.1175,
      0.125,
      1.18,
      0.185,
      1.2425,
      0.2475,
      1.305,
      0.31,
      1.3675,
      0.3725,
      1.4275,
      0.435,
      1.49,
      0.4975,
      1.5525,
      0.56,
      1.615,
      0.62,
      1.6775,
      0.6825,
      1.74,
      0.745,
      1.8,
      0.8075,
      1.8625,
      0.87,
      1.925,
      0.9325
    ],
    "SoftwareVersions": "syngo_MR_B17",
    "SpacingBetweenSlices": 4,
    "StationName": "MRC35149",
    "TaskName": "viewclips",
    "TotalReadoutTime": 0.0340802,
    "TxRefAmp": 283.059,
    "VendorReportedEchoSpacing": 0.00048,
    "dataset": "ds001840",
    "modality": "bold",
    "run_id": 4,
    "subject_id": "22",
    "task_id": "viewclips"
  },
  "dummy_trs": 1,
  "dvars_nstd": 20.231896657397257,
  "dvars_std": 1.1114562587442913,
  "dvars_vstd": 0.9944540042694059,
  "efc": 0.4830803983627402,
  "fber": 1259.1361083984375,
  "fd_mean": 0.12567363911566698,
  "fd_num": 43,
  "fd_perc": 9.79498861047836,
  "fwhm_avg": 1.9071435416654496,
  "fwhm_x": 1.88444,
  "fwhm_y": 2.0893333333333333,
  "fwhm_z": 1.747657291663016,
  "gcor": 0.0479756,
  "gsr_x": -0.01775008998811245,
  "gsr_y": 0.013340450823307037,
  "provenance": {
    "md5sum": "dedda43b9bb512adf2dc9cd5bced60a2",
    "settings": {
      "fd_thres": 0.2,
      "testing": false
    },
    "software": "mriqc",
    "version": "22.0.6",
    "webapi_port": null,
    "webapi_url": "https://mriqc.nimh.nih.gov/api/v1"
  },
  "size_t": 439,
  "size_x": 72,
  "size_y": 72,
  "size_z": 32,
  "snr": 6.4949549018640145,
  "spacing_tr": 2.0,
  "spacing_x": 3.0,
  "spacing_y": 3.0,
  "spacing_z": 4.000000476837158,
  "summary_bg_k": 87.21558280004763,
  "summary_bg_mad": 3.6237643818422276,
  "summary_bg_mean": 33.01284408569336,
  "summary_bg_median": 18.207290649414062,
  "summary_bg_n": 110019.0,
  "summary_bg_p05": 15.34624195098877,
  "summary_bg_p95": 97.03759155273427,
  "summary_bg_stdv": 48.06106948852539,
  "summary_fg_k": 1.2113824444773638,
  "summary_fg_mad": 94.0928466682872,
  "summary_fg_mean": 664.3369750976562,
  "summary_fg_median": 661.7973022460938,
  "summary_fg_n": 22425.0,
  "summary_fg_p05": 504.22051391601565,
  "summary_fg_p95": 831.0027954101562,
  "summary_fg_stdv": 101.89178466796875,
  "tsnr": 69.35280114784837
}