{
  "aor": 0.0014254897494305238,
  "aqi": 0.006043199886104783,
  "bids_meta": {
    "AcquisitionMatrixPE": 72,
    "AcquisitionNumber": 1,
    "AcquisitionTime": "11:28:52.382500",
    "BandwidthPerPixelPhaseEncode": 28.935,
    "BaseResolution": 72,
    "ConversionSoftware": "dcm2niix",
    "ConversionSoftwareVersion": "v1.0.20171215 GCC4.4.7",
    "DerivedVendorReportedEchoSpacing": 0.000480003,
    "DeviceSerialNumber": "35149",
    "DwellTime": 2.9e-06,
    "EchoTime": 0.03,
    "EffectiveEchoSpacing": 0.000480003,
    "FlipAngle": 75,
    "ImageOrientationPatientDICOM": [
      0.997364,
      -0.0524444,
      -0.0501549,
      0.033189,
      0.944297,
      -0.327417
    ],
    "ImageType": "ORIGINALPRIMARYMNDMOSAIC",
    "InPlanePhaseEncodingDirectionDICOM": "COL",
    "InstitutionAddress": "Street_StreetNo_Rehovot_E1B90C_District_IL_ZIP",
    "InstitutionName": "Weizmann",
    "InstitutionalDepartmentName": "Department",
    "MRAcquisitionType": "2D",
    "MagneticFieldStrength": 3,
    "Manufacturer": "Siemens",
    "ManufacturersModelName": "TrioTim",
    "Modality": "MR",
    "PartialFourier": 1,
    "PatientPosition": "HFS",
    "PercentPhaseFOV": 100,
    "PhaseEncodingDirection": "j-",
    "PhaseEncodingSteps": 72,
    "PhaseResolution": 1,
    "PixelBandwidth": 2395,
    "ProcedureStepDescription": "Weizmann_Dudai",
    "ProtocolName": "run2_mod",
    "PulseSequenceDetails": "%SiemensSeq%_ep2d_pace",
    "ReceiveCoilName": "HeadMatrix",
    "ReconMatrixPE": 72,
    "RepetitionTime": 2,
    "SAR": 0.115367,
    "ScanOptions": "FS",
    "ScanningSequence": "EP",
    "SequenceName": "_epfid2d1_72",
    "SequenceVariant": "SK",
    "SeriesDescription": "run2_mod",
    "SeriesNumber": 4,
    "ShimSetting": [
      2352,
      9445,
      -5317,
      1029,
      96,
      -1324,
      172,
      -19
    ],
    "SliceThickness": 4,
    "SliceTiming": [
      0.9925,
      0,
      1.055,
      0.06,
      1.1175,
      0.1225,
      1.18,
      0.185,
      1.24,
      0.2475,
      1.3025,
      0.31,
      1.365,
      0.3725,
      1.4275,
      0.4325,
      1.49,
      0.495,
      1.5525,
      0.5575,
      1.6125,
      0.62,
      1.675,
      0.6825,
      1.7375,
      0.745,
      1.8,
      0.805,
      1.8625,
      0.8675,
      1.925,
      0.93
    ],
    "SoftwareVersions": "syngo_MR_B17",
    "SpacingBetweenSlices": 4,
    "StationName": "MRC35149",
    "TaskName": "viewclips",
    "TotalReadoutTime": 0.0340802,
    "TxRefAmp": 283.059,
    "VendorReportedEchoSpacing": 0.00048,
    "dataset": "ds001840",
    "modality": "bold",
    "run_id": 2,
    "subject_id": "22",
    "task_id": "viewclips"
  },
  "dummy_trs": 1,
  "dvars_nstd": 19.06043413650685,
  "dvars_std": 1.103932382031964,
  "dvars_vstd": 1.0034139774657536,
  "efc": 0.4844051136296226,
  "fber": 1229.8408203125,
  "fd_mean": 0.09961842043843809,
  "fd_num": 21,
  "fd_perc": 4.783599088838269,
  "fwhm_avg": 1.8874636111111112,
  "fwhm_x": 1.87166,
  "fwhm_y": 2.059903333333333,
  "fwhm_z": 1.7308275,
  "gcor": 0.0732189,
  "gsr_x": -0.018376005813479424,
  "gsr_y": 0.014705182053148746,
  "provenance": {
    "md5sum": "b1db84577df1dfbb9cb3f1ad60cc0fc7",
    "settings": {
      "fd_thres": 0.2,
      "testing": false
    },
    "software": "mriqc",
    "version": "22.0.6",
    "webapi_port": null,
    "webapi_url": "https://mriqc.nimh.nih.gov/api/v1"
  },
  "size_t": 439,
  "size_x": 72,
  "size_y": 72,
  "size_z": 32,
  "snr": 6.500569579649705,
  "spacing_tr": 2.0,
  "spacing_x": 3.0,
  "spacing_y": 3.0,
  "spacing_z": 4.0,
  "summary_bg_k": 102.4425318997278,
  "summary_bg_mad": 3.532579289227439,
  "summary_bg_mean": 32.38538360595703,
  "summary_bg_median": 18.04555892944336,
  "summary_bg_n": 109686.0,
  "summary_bg_p05": 15.164010047912598,
  "summary_bg_p95": 95.00854682922363,
  "summary_bg_stdv": 47.56204605102539,
  "summary_fg_k": 1.1683753733471818,
  "summary_fg_mad": 91.44517465221936,
  "summary_fg_mean": 651.6852416992188,
  "summary_fg_median": 648.6947631835938,
  "summary_fg_n": 22641.0,
  "summary_fg_p05": 495.4920349121094,
  "summary_fg_p95": 816.2870483398438,
  "summary_fg_stdv": 99.78824615478516,
  "tsnr": 69.77880241465755
}