{
  "bids_meta": {
    "AcquisitionMatrixPE": 256,
    "AcquisitionNumber": 1,
    "AcquisitionTime": "13:14:34.822500",
    "BaseResolution": 256,
    "ConversionSoftware": "dcm2niix",
    "ConversionSoftwareVersion": "v1.0.20171215 GCC4.4.7",
    "DeviceSerialNumber": "35149",
    "DwellTime": 8.2e-06,
    "EchoTime": 0.00298,
    "FlipAngle": 9,
    "ImageOrientationPatientDICOM": [
      -0.00736242,
      0.99995,
      0.00672599,
      0.0375261,
      0.00699772,
      -0.999271
    ],
    "ImageType": [
      "ORIGINAL",
      "PRIMARY",
      "M",
      "ND"
    ],
    "InPlanePhaseEncodingDirectionDICOM": "ROW",
    "InstitutionAddress": "Street_StreetNo_Rehovot_E1B90C_District_IL_ZIP",
    "InstitutionName": "Weizmann",
    "InstitutionalDepartmentName": "Department",
    "InversionTime": 0.9,
    "MRAcquisitionType": "3D",
    "MagneticFieldStrength": 3,
    "Manufacturer": "Siemens",
    "ManufacturersModelName": "TrioTim",
    "Modality": "MR",
    "PartialFourier": 0.875,
    "PatientPosition": "HFS",
    "PercentPhaseFOV": 100,
    "PhaseEncodingSteps": 224,
    "PhaseResolution": 1,
    "PixelBandwidth": 238,
    "ProcedureStepDescription": "Weizmann_Dudai",
    "ProtocolName": "t1_mprage",
    "PulseSequenceDetails": "%SiemensSeq%_tfl",
    "ReceiveCoilName": "HeadMatrix",
    "ReconMatrixPE": 256,
    "RepetitionTime": 2.3,
    "SAR": 0.0988604,
    "ScanOptions": "IR_PFP",
    "ScanningSequence": "GR_IR",
    "SequenceName": "_tfl3d1_ns",
    "SequenceVariant": "SP_MP",
    "SeriesDescription": "t1_mprage",
    "SeriesNumber": 7,
    "ShimSetting": [
      2324,
      9593,
      -5492,
      684,
      -7,
      -194,
      -87,
      -78
    ],
    "SliceThickness": 1,
    "SoftwareVersions": "syngo_MR_B17",
    "StationName": "MRC35149",
    "TxRefAmp": 327.491,
    "dataset": "ds001840",
    "modality": "T1w",
    "subject_id": "04"
  },
  "cjv": 0.3760589481655767,
  "cnr": 3.5574631883962757,
  "efc": 0.5820458044422101,
  "fber": 12750.717531491196,
  "fwhm_avg": 3.6654446476815337,
  "fwhm_x": 3.6751839430446016,
  "fwhm_y": 3.90997,
  "fwhm_z": 3.41118,
  "icvs_csf": 0.21395716049987681,
  "icvs_gm": 0.4376942675323444,
  "icvs_wm": 0.34834857196777874,
  "inu_med": 0.598442554473877,
  "inu_range": 0.22225497961044305,
  "provenance": {
    "md5sum": "41c43e15451bc95bd19e424790bd336f",
    "settings": {
      "testing": false
    },
    "software": "mriqc",
    "version": "22.0.6",
    "warnings": {
      "large_rot_frame": true,
      "small_air_mask": false
    },
    "webapi_port": null,
    "webapi_url": "https://mriqc.nimh.nih.gov/api/v1"
  },
  "qi_1": 0.0,
  "qi_2": 0.003345128409111757,
  "rpve_csf": 22.120217554751086,
  "rpve_gm": 11.329408093663423,
  "rpve_wm": 16.342577252652383,
  "size_x": 176,
  "size_y": 256,
  "size_z": 256,
  "snr_csf": 1.7932678796764252,
  "snr_gm": 8.439406086461645,
  "snr_total": 9.798413366476874,
  "snr_wm": 19.162566133292554,
  "snrd_csf": 7.613891369453705,
  "snrd_gm": 25.433412699364958,
  "snrd_total": 23.859258807725798,
  "snrd_wm": 38.53047235435874,
  "spacing_x": 0.999998927116394,
  "spacing_y": 1.0,
  "spacing_z": 1.0,
  "summary_bg_k": 3.8666726382018055,
  "summary_bg_mad": 0.0,
  "summary_bg_mean": 11.813677022938775,
  "summary_bg_median": 0.0,
  "summary_bg_n": 2416164.0,
  "summary_bg_p05": 0.0,
  "summary_bg_p95": 47.2816274613142,
  "summary_bg_stdv": 17.003619397307325,
  "summary_csf_k": 1.1324539019915054,
  "summary_csf_mad": 99.34790812110353,
  "summary_csf_mean": 214.43512423590576,
  "summary_csf_median": 197.61336872540414,
  "summary_csf_n": 27058.0,
  "summary_csf_p05": 62.805976532399654,
  "summary_csf_p95": 422.6085328092798,
  "summary_csf_stdv": 110.19531396770714,
  "summary_gm_k": 0.022862721902000338,
  "summary_gm_mad": 77.16713267181126,
  "summary_gm_mean": 658.9842813085136,
  "summary_gm_median": 660.1069174520671,
  "summary_gm_n": 33873.0,
  "summary_gm_p05": 527.7183605603874,
  "summary_gm_p95": 787.4387880280614,
  "summary_gm_stdv": 78.21606956302901,
  "summary_wm_k": 0.2595889678129244,
  "summary_wm_mad": 50.664806785143405,
  "summary_wm_mean": 1000.3148383263187,
  "summary_wm_median": 1000.0321873612702,
  "summary_wm_n": 214459.0,
  "summary_wm_p05": 915.292431332171,
  "summary_wm_p95": 1086.4467694312334,
  "summary_wm_stdv": 52.18663559355517,
  "tpm_overlap_csf": 0.15881518157718724,
  "tpm_overlap_gm": 0.46711484145944315,
  "tpm_overlap_wm": 0.5177716150268996,
  "wm2max": 0.5560450581135049
}