{
  "aor": 0.0029768863636363643,
  "aqi": 0.007425219977272727,
  "bids_meta": {
    "AcquisitionMatrixPE": 72,
    "AcquisitionNumber": 1,
    "AcquisitionTime": "14:16:28.852500",
    "BandwidthPerPixelPhaseEncode": 28.935,
    "BaseResolution": 72,
    "ConversionSoftware": "dcm2niix",
    "ConversionSoftwareVersion": "v1.0.20171215 GCC4.4.7",
    "DerivedVendorReportedEchoSpacing": 0.000480003,
    "DeviceSerialNumber": "35149",
    "DwellTime": 2.9e-06,
    "EchoTime": 0.03,
    "EffectiveEchoSpacing": 0.000480003,
    "FlipAngle": 75,
    "ImageOrientationPatientDICOM": [
      0.996115,
      0.08306,
      -0.0292579,
      -0.0875579,
      0.898637,
      -0.429865
    ],
    "ImageType": "ORIGINALPRIMARYMNDMOSAIC",
    "InPlanePhaseEncodingDirectionDICOM": "COL",
    "InstitutionAddress": "Street_StreetNo_Rehovot_E1B90C_District_IL_ZIP",
    "InstitutionName": "Weizmann",
    "InstitutionalDepartmentName": "Department",
    "MRAcquisitionType": "2D",
    "MagneticFieldStrength": 3,
    "Manufacturer": "Siemens",
    "ManufacturersModelName": "TrioTim",
    "Modality": "MR",
    "PartialFourier": 1,
    "PatientPosition": "HFS",
    "PercentPhaseFOV": 100,
    "PhaseEncodingDirection": "j-",
    "PhaseEncodingSteps": 72,
    "PhaseResolution": 1,
    "PixelBandwidth": 2395,
    "ProcedureStepDescription": "Weizmann_Dudai",
    "ProtocolName": "run3_mod",
    "PulseSequenceDetails": "%SiemensSeq%_ep2d_pace",
    "ReceiveCoilName": "HeadMatrix",
    "ReconMatrixPE": 72,
    "RepetitionTime": 2,
    "SAR": 0.133741,
    "ScanOptions": "FS",
    "ScanningSequence": "EP",
    "SequenceName": "_epfid2d1_72",
    "SequenceVariant": "SK",
    "SeriesDescription": "run3_mod",
    "SeriesNumber": 7,
    "ShimSetting": [
      2316,
      9437,
      -5427,
      1046,
      -39,
      -857,
      -70,
      -181
    ],
    "SliceThickness": 4,
    "SliceTiming": [
      0.995,
      0,
      1.0575,
      0.0625,
      1.1175,
      0.125,
      1.18,
      0.1875,
      1.2425,
      0.25,
      1.305,
      0.31,
      1.3675,
      0.3725,
      1.43,
      0.435,
      1.49,
      0.4975,
      1.5525,
      0.56,
      1.615,
      0.6225,
      1.6775,
      0.6825,
      1.74,
      0.745,
      1.8025,
      0.8075,
      1.865,
      0.87,
      1.925,
      0.9325
    ],
    "SoftwareVersions": "syngo_MR_B17",
    "SpacingBetweenSlices": 4,
    "StationName": "MRC35149",
    "TaskName": "viewclips",
    "TotalReadoutTime": 0.0340802,
    "TxRefAmp": 300.869,
    "VendorReportedEchoSpacing": 0.00048,
    "dataset": "ds001840",
    "modality": "bold",
    "run_id": 3,
    "subject_id": "07",
    "task_id": "viewclips"
  },
  "dummy_trs": 0,
  "dvars_nstd": 24.086787025899774,
  "dvars_std": 1.1795360193621864,
  "dvars_vstd": 1.0151596686560371,
  "efc": 0.5190595193833542,
  "fber": 1049.117919921875,
  "fd_mean": 0.19677195832140892,
  "fd_num": 151,
  "fd_perc": 34.31818181818182,
  "fwhm_avg": 2.0448464998246263,
  "fwhm_x": 2.045533333333333,
  "fwhm_y": 2.227813333333333,
  "fwhm_z": 1.861192832807213,
  "gcor": 0.0451688,
  "gsr_x": -0.018916118890047073,
  "gsr_y": 0.028139222413301468,
  "provenance": {
    "md5sum": "bcc90bce2a8467161a295793730e1a78",
    "settings": {
      "fd_thres": 0.2,
      "testing": false
    },
    "software": "mriqc",
    "version": "22.0.6",
    "webapi_port": null,
    "webapi_url": "https://mriqc.nimh.nih.gov/api/v1"
  },
  "size_t": 440,
  "size_x": 72,
  "size_y": 72,
  "size_z": 32,
  "snr": 6.049477430567539,
  "spacing_tr": 2.0,
  "spacing_x": 3.0,
  "spacing_y": 3.0,
  "spacing_z": 3.9999992847442627,
  "summary_bg_k": 34.9135033050562,
  "summary_bg_mad": 6.223559664396404,
  "summary_bg_mean": 35.75362014770508,
  "summary_bg_median": 21.099998474121094,
  "summary_bg_n": 102539.0,
  "summary_bg_p05": 15.420454025268555,
  "summary_bg_p95": 102.64886322021455,
  "summary_bg_stdv": 41.885772705078125,
  "summary_fg_k": 0.40627302102358076,
  "summary_fg_mad": 111.2962446763766,
  "summary_fg_mean": 705.4400634765625,
  "summary_fg_median": 704.085205078125,
  "summary_fg_n": 28026.0,
  "summary_fg_p05": 519.8681640625,
  "summary_fg_p95": 899.7567901611328,
  "summary_fg_stdv": 116.38569641113281,
  "tsnr": 57.86868905078154
}