{
  "bids_meta": {
    "AcquisitionMatrixPE": 256,
    "AcquisitionNumber": 1,
    "AcquisitionTime": "15:20:39.005000",
    "BaseResolution": 256,
    "ConversionSoftware": "dcm2niix",
    "ConversionSoftwareVersion": "v1.0.20171215 GCC4.4.7",
    "DeviceSerialNumber": "35149",
    "DwellTime": 8.2e-06,
    "EchoTime": 0.00298,
    "FlipAngle": 9,
    "ImageOrientationPatientDICOM": [
      -0.0133518,
      0.996164,
      -0.0864768,
      0.0832712,
      -0.0850763,
      -0.992889
    ],
    "ImageType": [
      "ORIGINAL",
      "PRIMARY",
      "M",
      "ND"
    ],
    "InPlanePhaseEncodingDirectionDICOM": "ROW",
    "InstitutionAddress": "Street_StreetNo_Rehovot_90B50C_District_IL_ZIP",
    "InstitutionName": "Weizmann",
    "InstitutionalDepartmentName": "Department",
    "InversionTime": 0.9,
    "MRAcquisitionType": "3D",
    "MagneticFieldStrength": 3,
    "Manufacturer": "Siemens",
    "ManufacturersModelName": "TrioTim",
    "Modality": "MR",
    "PartialFourier": 0.875,
    "PatientPosition": "HFS",
    "PercentPhaseFOV": 100,
    "PhaseEncodingSteps": 224,
    "PhaseResolution": 1,
    "PixelBandwidth": 238,
    "ProcedureStepDescription": "Weizmann_Dudai",
    "ProtocolName": "t1_mprage",
    "PulseSequenceDetails": "%SiemensSeq%_tfl",
    "ReceiveCoilName": "HeadMatrix",
    "ReconMatrixPE": 256,
    "RepetitionTime": 2.3,
    "SAR": 0.0993665,
    "ScanOptions": "IR_PFP",
    "ScanningSequence": "GR_IR",
    "SequenceName": "_tfl3d1_ns",
    "SequenceVariant": "SP_MP",
    "SeriesDescription": "t1_mprage",
    "SeriesNumber": 9,
    "ShimSetting": [
      2358,
      9528,
      -5610,
      789,
      -28,
      -1065,
      145,
      -28
    ],
    "SliceThickness": 1,
    "SoftwareVersions": "syngo_MR_B17",
    "StationName": "MRC35149",
    "TxRefAmp": 286.974,
    "dataset": "ds001840",
    "modality": "T1w",
    "subject_id": "31"
  },
  "cjv": 0.3584246914117877,
  "cnr": 3.684187714446105,
  "efc": 0.5515485407452385,
  "fber": 16855.508772752863,
  "fwhm_avg": 4.037166903384171,
  "fwhm_x": 3.9714607101525146,
  "fwhm_y": 4.32621,
  "fwhm_z": 3.81383,
  "icvs_csf": 0.2515414757825189,
  "icvs_gm": 0.41342539393878835,
  "icvs_wm": 0.33503313027869275,
  "inu_med": 0.5921892523765564,
  "inu_range": 0.23836215734481814,
  "provenance": {
    "md5sum": "6e0cbeb36c04161b3b9f91e001cb9223",
    "settings": {
      "testing": false
    },
    "software": "mriqc",
    "version": "22.0.6",
    "warnings": {
      "large_rot_frame": true,
      "small_air_mask": false
    },
    "webapi_port": null,
    "webapi_url": "https://mriqc.nimh.nih.gov/api/v1"
  },
  "qi_1": 0.0,
  "qi_2": 0.004232884524939126,
  "rpve_csf": 22.91137724071863,
  "rpve_gm": 13.737334155342921,
  "rpve_wm": 19.546964359400203,
  "size_x": 176,
  "size_y": 256,
  "size_z": 256,
  "snr_csf": 1.6993666122007476,
  "snr_gm": 9.306942282248055,
  "snr_total": 10.776339535371841,
  "snr_wm": 21.32270971166672,
  "snrd_csf": 9.828877987137437,
  "snrd_gm": 36.813002175532645,
  "snrd_total": 33.65156328556072,
  "snrd_wm": 54.312809694012074,
  "spacing_x": 0.9999998211860657,
  "spacing_y": 1.0,
  "spacing_z": 1.0,
  "summary_bg_k": 3.935379150958874,
  "summary_bg_mad": 0.0,
  "summary_bg_mean": 8.202799482779772,
  "summary_bg_median": 0.0,
  "summary_bg_n": 2129936.0,
  "summary_bg_p05": 0.0,
  "summary_bg_p95": 33.12730984762311,
  "summary_bg_stdv": 12.062676063799223,
  "summary_csf_k": 0.6711331111819052,
  "summary_csf_mad": 98.52015210736394,
  "summary_csf_mean": 198.44406687768657,
  "summary_csf_median": 180.97387235611677,
  "summary_csf_n": 61649.0,
  "summary_csf_p05": 56.73828488215804,
  "summary_csf_p95": 408.04473973810667,
  "summary_csf_stdv": 106.49403329136744,
  "summary_gm_k": 0.23637010444125517,
  "summary_gm_mad": 70.35075822233517,
  "summary_gm_mean": 675.8997683369616,
  "summary_gm_median": 677.8181157074869,
  "summary_gm_n": 32471.0,
  "summary_gm_p05": 554.040358774364,
  "summary_gm_p95": 793.5674870852381,
  "summary_gm_stdv": 72.82818113481684,
  "summary_wm_k": 0.35526944323836496,
  "summary_wm_mad": 45.13890827360031,
  "summary_wm_mean": 1000.0928600521075,
  "summary_wm_median": 1000.0327099114656,
  "summary_wm_n": 183595.0,
  "summary_wm_p05": 923.2479877769947,
  "summary_wm_p95": 1076.9482407718897,
  "summary_wm_stdv": 46.89976086321692,
  "tpm_overlap_csf": 0.1475653468763192,
  "tpm_overlap_gm": 0.4495895457577405,
  "tpm_overlap_wm": 0.49223875510535875,
  "wm2max": 0.5647189265280307
}