{
  "aor": 0.002115363636363636,
  "aqi": 0.008732154227272727,
  "bids_meta": {
    "AcquisitionMatrixPE": 72,
    "AcquisitionNumber": 1,
    "AcquisitionTime": "11:28:53.110000",
    "BandwidthPerPixelPhaseEncode": 28.935,
    "BaseResolution": 72,
    "ConversionSoftware": "dcm2niix",
    "ConversionSoftwareVersion": "v1.0.20171215 GCC4.4.7",
    "DerivedVendorReportedEchoSpacing": 0.000480003,
    "DeviceSerialNumber": "35149",
    "DwellTime": 2.9e-06,
    "EchoTime": 0.03,
    "EffectiveEchoSpacing": 0.000480003,
    "FlipAngle": 75,
    "ImageOrientationPatientDICOM": [
      0.997601,
      0.0667959,
      -0.0181892,
      -0.0685694,
      0.917233,
      -0.392406
    ],
    "ImageType": "ORIGINALPRIMARYMNDMOSAIC",
    "InPlanePhaseEncodingDirectionDICOM": "COL",
    "InstitutionAddress": "Street_StreetNo_Rehovot_E1B90C_District_IL_ZIP",
    "InstitutionName": "Weizmann",
    "InstitutionalDepartmentName": "Department",
    "MRAcquisitionType": "2D",
    "MagneticFieldStrength": 3,
    "Manufacturer": "Siemens",
    "ManufacturersModelName": "TrioTim",
    "Modality": "MR",
    "PartialFourier": 1,
    "PatientPosition": "HFS",
    "PercentPhaseFOV": 100,
    "PhaseEncodingDirection": "j-",
    "PhaseEncodingSteps": 72,
    "PhaseResolution": 1,
    "PixelBandwidth": 2395,
    "ProcedureStepDescription": "Weizmann_Dudai",
    "ProtocolName": "run3_mod",
    "PulseSequenceDetails": "%SiemensSeq%_ep2d_pace",
    "ReceiveCoilName": "HeadMatrix",
    "ReconMatrixPE": 72,
    "RepetitionTime": 2,
    "SAR": 0.149886,
    "ScanOptions": "FS",
    "ScanningSequence": "EP",
    "SequenceName": "_epfid2d1_72",
    "SequenceVariant": "SK",
    "SeriesDescription": "run3_mod",
    "SeriesNumber": 5,
    "ShimSetting": [
      2322,
      9428,
      -5440,
      553,
      57,
      -868,
      441,
      -75
    ],
    "SliceThickness": 4,
    "SliceTiming": [
      0.995,
      0,
      1.0575,
      0.0625,
      1.12,
      0.125,
      1.18,
      0.1875,
      1.2425,
      0.25,
      1.305,
      0.3125,
      1.3675,
      0.3725,
      1.43,
      0.435,
      1.4925,
      0.4975,
      1.5525,
      0.56,
      1.615,
      0.6225,
      1.6775,
      0.685,
      1.74,
      0.7475,
      1.8025,
      0.8075,
      1.865,
      0.87,
      1.9275,
      0.9325
    ],
    "SoftwareVersions": "syngo_MR_B17",
    "SpacingBetweenSlices": 4,
    "StationName": "MRC35149",
    "TaskName": "viewclips",
    "TotalReadoutTime": 0.0340802,
    "TxRefAmp": 311.845,
    "VendorReportedEchoSpacing": 0.00048,
    "dataset": "ds001840",
    "modality": "bold",
    "run_id": 3,
    "subject_id": "12",
    "task_id": "viewclips"
  },
  "dummy_trs": 0,
  "dvars_nstd": 23.9776669327335,
  "dvars_std": 1.109044362277903,
  "dvars_vstd": 1.0198909027790433,
  "efc": 0.5312633877110924,
  "fber": 941.36279296875,
  "fd_mean": 0.22299420109641296,
  "fd_num": 154,
  "fd_perc": 35.0,
  "fwhm_avg": 1.945869758094733,
  "fwhm_x": 1.9394866666666666,
  "fwhm_y": 2.0926,
  "fwhm_z": 1.8055226076175335,
  "gcor": 0.0421942,
  "gsr_x": -0.022836336866021156,
  "gsr_y": 0.02489619329571724,
  "provenance": {
    "md5sum": "61fea8a6420f552026b64ce8a913b21e",
    "settings": {
      "fd_thres": 0.2,
      "testing": false
    },
    "software": "mriqc",
    "version": "22.0.6",
    "webapi_port": null,
    "webapi_url": "https://mriqc.nimh.nih.gov/api/v1"
  },
  "size_t": 440,
  "size_x": 72,
  "size_y": 72,
  "size_z": 32,
  "snr": 6.305803298556826,
  "spacing_tr": 2.0,
  "spacing_x": 3.0,
  "spacing_y": 3.0,
  "spacing_z": 3.999999761581421,
  "summary_bg_k": 23.884992521749542,
  "summary_bg_mad": 5.266607529022011,
  "summary_bg_mean": 37.4622917175293,
  "summary_bg_median": 21.754545211791992,
  "summary_bg_n": 100983.0,
  "summary_bg_p05": 17.649999618530273,
  "summary_bg_p95": 110.96772460937471,
  "summary_bg_stdv": 43.26055908203125,
  "summary_fg_k": 1.462891718713517,
  "summary_fg_mad": 95.22683285610476,
  "summary_fg_mean": 691.8069458007812,
  "summary_fg_median": 684.8829345703125,
  "summary_fg_n": 29750.0,
  "summary_fg_p05": 528.4977111816406,
  "summary_fg_p95": 880.8664611816405,
  "summary_fg_stdv": 108.60970306396484,
  "tsnr": 57.234314642846584
}