{
  "bids_meta": {
    "AcquisitionMatrixPE": 256,
    "AcquisitionNumber": 1,
    "AcquisitionTime": "11:02:26.372500",
    "BaseResolution": 256,
    "ConversionSoftware": "dcm2niix",
    "ConversionSoftwareVersion": "v1.0.20171215 GCC4.4.7",
    "DeviceSerialNumber": "35149",
    "DwellTime": 8.2e-06,
    "EchoTime": 0.00298,
    "FlipAngle": 9,
    "ImageOrientationPatientDICOM": [
      0.064081,
      0.98154,
      -0.180205,
      0.0169418,
      -0.18162,
      -0.983223
    ],
    "ImageType": [
      "ORIGINAL",
      "PRIMARY",
      "M",
      "ND"
    ],
    "InPlanePhaseEncodingDirectionDICOM": "ROW",
    "InstitutionAddress": "Street_StreetNo_Rehovot_E1B90C_District_IL_ZIP",
    "InstitutionName": "Weizmann",
    "InstitutionalDepartmentName": "Department",
    "InversionTime": 0.9,
    "MRAcquisitionType": "3D",
    "MagneticFieldStrength": 3,
    "Manufacturer": "Siemens",
    "ManufacturersModelName": "TrioTim",
    "Modality": "MR",
    "PartialFourier": 0.875,
    "PatientPosition": "HFS",
    "PercentPhaseFOV": 100,
    "PhaseEncodingSteps": 224,
    "PhaseResolution": 1,
    "PixelBandwidth": 238,
    "ProcedureStepDescription": "Weizmann_Dudai",
    "ProtocolName": "t1_mprage",
    "PulseSequenceDetails": "%SiemensSeq%_tfl",
    "ReceiveCoilName": "HeadMatrix",
    "ReconMatrixPE": 256,
    "RepetitionTime": 2.3,
    "SAR": 0.126342,
    "ScanOptions": "IR_PFP",
    "ScanningSequence": "GR_IR",
    "SequenceName": "_tfl3d1_ns",
    "SequenceVariant": "SP_MP",
    "SeriesDescription": "t1_mprage",
    "SeriesNumber": 9,
    "ShimSetting": [
      2289,
      9327,
      -5406,
      664,
      342,
      -879,
      324,
      453
    ],
    "SliceThickness": 1,
    "SoftwareVersions": "syngo_MR_B17",
    "StationName": "MRC35149",
    "TxRefAmp": 350.835,
    "dataset": "ds001840",
    "modality": "T1w",
    "subject_id": "18"
  },
  "cjv": 0.37065055462640045,
  "cnr": 3.5604154454280783,
  "efc": 0.5881042989249199,
  "fber": 14364.201381153933,
  "fwhm_avg": 3.6078877098508646,
  "fwhm_x": 3.602093129552594,
  "fwhm_y": 3.79242,
  "fwhm_z": 3.42915,
  "icvs_csf": 0.23769808799277153,
  "icvs_gm": 0.4272827113728414,
  "icvs_wm": 0.33501920063438706,
  "inu_med": 0.6341581642627716,
  "inu_range": 0.18647240698337553,
  "provenance": {
    "md5sum": "215ab9714819bb289dd3720304e52cf0",
    "settings": {
      "testing": false
    },
    "software": "mriqc",
    "version": "22.0.6",
    "warnings": {
      "large_rot_frame": true,
      "small_air_mask": false
    },
    "webapi_port": null,
    "webapi_url": "https://mriqc.nimh.nih.gov/api/v1"
  },
  "qi_1": 0.004659620368131334,
  "qi_2": 0.0009983382166126318,
  "rpve_csf": 21.77505524725285,
  "rpve_gm": 12.322149773628231,
  "rpve_wm": 17.89972210115893,
  "size_x": 176,
  "size_y": 256,
  "size_z": 256,
  "snr_csf": 1.8841713393983102,
  "snr_gm": 8.488572112680822,
  "snr_total": 9.454166128954961,
  "snr_wm": 17.989754934785754,
  "snrd_csf": 18.885686061091047,
  "snrd_gm": 61.20076596907989,
  "snrd_total": 57.9955147403325,
  "snrd_wm": 93.90009219082656,
  "spacing_x": 1.0000019073486328,
  "spacing_y": 1.0,
  "spacing_z": 1.0,
  "summary_bg_k": 45.783930009789934,
  "summary_bg_mad": 6.97695168667311,
  "summary_bg_mean": 14.855956282559452,
  "summary_bg_median": 4.705882400274277,
  "summary_bg_n": 2388726.0,
  "summary_bg_p05": 0.0,
  "summary_bg_p95": 56.2659852206707,
  "summary_bg_stdv": 24.107579866879874,
  "summary_csf_k": 0.7428394525025941,
  "summary_csf_mad": 98.13234220168482,
  "summary_csf_mean": 215.94316029114816,
  "summary_csf_median": 201.12532171607018,
  "summary_csf_n": 47030.0,
  "summary_csf_p05": 64.53836382050068,
  "summary_csf_p95": 417.468034889549,
  "summary_csf_stdv": 106.74357434112059,
  "summary_gm_k": 0.061692318742061936,
  "summary_gm_mad": 75.19182171017813,
  "summary_gm_mean": 651.2338538247918,
  "summary_gm_median": 651.7647124379873,
  "summary_gm_n": 32983.0,
  "summary_gm_p05": 523.4296727839858,
  "summary_gm_p95": 777.9539720192552,
  "summary_gm_stdv": 76.7802668574478,
  "summary_wm_k": 0.32314321741972174,
  "summary_wm_mad": 53.881784493274395,
  "summary_wm_mean": 1000.197914775823,
  "summary_wm_median": 1000.0000100582838,
  "summary_wm_n": 194036.0,
  "summary_wm_p05": 909.4885001964867,
  "summary_wm_p95": 1091.3299342505634,
  "summary_wm_stdv": 55.587051454485874,
  "tpm_overlap_csf": 0.1534953287117633,
  "tpm_overlap_gm": 0.4521332224825634,
  "tpm_overlap_wm": 0.49043074660801084,
  "wm2max": 0.6509614584200449
}