{
  "aor": 0.002152984054669704,
  "aqi": 0.009710831685649202,
  "bids_meta": {
    "AcquisitionMatrixPE": 72,
    "AcquisitionNumber": 1,
    "AcquisitionTime": "14:48:10.617500",
    "BandwidthPerPixelPhaseEncode": 28.935,
    "BaseResolution": 72,
    "ConversionSoftware": "dcm2niix",
    "ConversionSoftwareVersion": "v1.0.20171215 GCC4.4.7",
    "DerivedVendorReportedEchoSpacing": 0.000480003,
    "DeviceSerialNumber": "35149",
    "DwellTime": 2.9e-06,
    "EchoTime": 0.03,
    "EffectiveEchoSpacing": 0.000480003,
    "FlipAngle": 75,
    "ImageOrientationPatientDICOM": [
      0.998271,
      0.0330149,
      -0.048626,
      -0.0531688,
      0.859887,
      -0.507708
    ],
    "ImageType": "ORIGINALPRIMARYMNDMOSAIC",
    "InPlanePhaseEncodingDirectionDICOM": "COL",
    "InstitutionAddress": "Street_StreetNo_Rehovot_90B50C_District_IL_ZIP",
    "InstitutionName": "Weizmann",
    "InstitutionalDepartmentName": "Department",
    "MRAcquisitionType": "2D",
    "MagneticFieldStrength": 3,
    "Manufacturer": "Siemens",
    "ManufacturersModelName": "TrioTim",
    "Modality": "MR",
    "PartialFourier": 1,
    "PatientPosition": "HFS",
    "PercentPhaseFOV": 100,
    "PhaseEncodingDirection": "j-",
    "PhaseEncodingSteps": 72,
    "PhaseResolution": 1,
    "PixelBandwidth": 2395,
    "ProcedureStepDescription": "Weizmann_Dudai",
    "ProtocolName": "run1_mod",
    "PulseSequenceDetails": "%SiemensSeq%_ep2d_pace",
    "ReceiveCoilName": "HeadMatrix",
    "ReconMatrixPE": 72,
    "RepetitionTime": 2,
    "SAR": 0.10208,
    "ScanOptions": "FS",
    "ScanningSequence": "EP",
    "SequenceName": "_epfid2d1_72",
    "SequenceVariant": "SK",
    "SeriesDescription": "run1_mod",
    "SeriesNumber": 3,
    "ShimSetting": [
      2331,
      9560,
      -5360,
      802,
      13,
      -758,
      -108,
      -64
    ],
    "SliceThickness": 4,
    "SliceTiming": [
      0.9925,
      0,
      1.055,
      0.0625,
      1.1175,
      0.125,
      1.18,
      0.1875,
      1.2425,
      0.2475,
      1.305,
      0.31,
      1.3675,
      0.3725,
      1.4275,
      0.435,
      1.49,
      0.4975,
      1.5525,
      0.56,
      1.615,
      0.62,
      1.6775,
      0.6825,
      1.74,
      0.745,
      1.8,
      0.8075,
      1.8625,
      0.87,
      1.925,
      0.9325
    ],
    "SoftwareVersions": "syngo_MR_B17",
    "SpacingBetweenSlices": 4,
    "StationName": "MRC35149",
    "TaskName": "viewclips",
    "TotalReadoutTime": 0.0340802,
    "TxRefAmp": 286.476,
    "VendorReportedEchoSpacing": 0.00048,
    "dataset": "ds001840",
    "modality": "bold",
    "run_id": 1,
    "subject_id": "27",
    "task_id": "viewclips"
  },
  "dummy_trs": 1,
  "dvars_nstd": 21.572370134931507,
  "dvars_std": 1.1205198114155248,
  "dvars_vstd": 0.9544432481735167,
  "efc": 0.4929539208746383,
  "fber": 1381.3831787109375,
  "fd_mean": 0.10074771158042194,
  "fd_num": 8,
  "fd_perc": 1.8223234624145785,
  "fwhm_avg": 1.929673526231598,
  "fwhm_x": 1.8988266666666667,
  "fwhm_y": 2.06488,
  "fwhm_z": 1.8253139120281268,
  "gcor": 0.0282893,
  "gsr_x": -0.013197650201618671,
  "gsr_y": 0.020787836983799934,
  "provenance": {
    "md5sum": "d64010b2ac92635f6ce41ede5dc4901a",
    "settings": {
      "fd_thres": 0.2,
      "testing": false
    },
    "software": "mriqc",
    "version": "22.0.6",
    "webapi_port": null,
    "webapi_url": "https://mriqc.nimh.nih.gov/api/v1"
  },
  "size_t": 439,
  "size_x": 72,
  "size_y": 72,
  "size_z": 32,
  "snr": 5.939764449079444,
  "spacing_tr": 2.0,
  "spacing_x": 3.0,
  "spacing_y": 3.0,
  "spacing_z": 4.000002384185791,
  "summary_bg_k": 47.987521874670065,
  "summary_bg_mad": 6.555197347840356,
  "summary_bg_mean": 37.35454177856445,
  "summary_bg_median": 20.346242904663086,
  "summary_bg_n": 106267.0,
  "summary_bg_p05": 14.390205764770508,
  "summary_bg_p95": 109.63668136596677,
  "summary_bg_stdv": 52.681060791015625,
  "summary_fg_k": 1.9764093274469356,
  "summary_fg_mad": 109.4964720003599,
  "summary_fg_mean": 784.20361328125,
  "summary_fg_median": 770.8997802734375,
  "summary_fg_n": 25169.0,
  "summary_fg_p05": 599.8729125976563,
  "summary_fg_p95": 1015.7608642578125,
  "summary_fg_stdv": 129.78367614746094,
  "tsnr": 60.540173487737775
}