{
  "bids_meta": {
    "AcquisitionMatrixPE": 256,
    "AcquisitionNumber": 1,
    "AcquisitionTime": "13:09:12.480000",
    "BaseResolution": 256,
    "ConversionSoftware": "dcm2niix",
    "ConversionSoftwareVersion": "v1.0.20171215 GCC4.4.7",
    "DeviceSerialNumber": "35149",
    "DwellTime": 8.2e-06,
    "EchoTime": 0.00298,
    "FlipAngle": 9,
    "ImageOrientationPatientDICOM": [
      -0.0342017,
      0.998024,
      0.0527186,
      0.0516502,
      0.0544441,
      -0.99718
    ],
    "ImageType": [
      "ORIGINAL",
      "PRIMARY",
      "M",
      "ND"
    ],
    "InPlanePhaseEncodingDirectionDICOM": "ROW",
    "InstitutionAddress": "Street_StreetNo_Rehovot_90B50C_District_IL_ZIP",
    "InstitutionName": "Weizmann",
    "InstitutionalDepartmentName": "Department",
    "InversionTime": 0.9,
    "MRAcquisitionType": "3D",
    "MagneticFieldStrength": 3,
    "Manufacturer": "Siemens",
    "ManufacturersModelName": "TrioTim",
    "Modality": "MR",
    "PartialFourier": 0.875,
    "PatientPosition": "HFS",
    "PercentPhaseFOV": 100,
    "PhaseEncodingSteps": 224,
    "PhaseResolution": 1,
    "PixelBandwidth": 238,
    "ProcedureStepDescription": "Weizmann_Dudai",
    "ProtocolName": "t1_mprage",
    "PulseSequenceDetails": "%SiemensSeq%_tfl",
    "ReceiveCoilName": "HeadMatrix",
    "ReconMatrixPE": 256,
    "RepetitionTime": 2.3,
    "SAR": 0.114841,
    "ScanOptions": "IR_PFP",
    "ScanningSequence": "GR_IR",
    "SequenceName": "_tfl3d1_ns",
    "SequenceVariant": "SP_MP",
    "SeriesDescription": "t1_mprage",
    "SeriesNumber": 7,
    "ShimSetting": [
      2333,
      9414,
      -5296,
      971,
      2,
      -983,
      -145,
      -58
    ],
    "SliceThickness": 1,
    "SoftwareVersions": "syngo_MR_B17",
    "StationName": "MRC35149",
    "TxRefAmp": 298.777,
    "dataset": "ds001840",
    "modality": "T1w",
    "subject_id": "26"
  },
  "cjv": 0.3474892683169161,
  "cnr": 3.8765671582651553,
  "efc": 0.5421162360611843,
  "fber": 15205.021185794849,
  "fwhm_avg": 3.8976188970885848,
  "fwhm_x": 3.910556691265754,
  "fwhm_y": 4.18753,
  "fwhm_z": 3.59477,
  "icvs_csf": 0.21044157576519051,
  "icvs_gm": 0.4617420375480466,
  "icvs_wm": 0.3278163866867629,
  "inu_med": 0.5291168093681335,
  "inu_range": 0.17049528956413262,
  "provenance": {
    "md5sum": "71116d5e4d059b4309b4f9a98f42d88c",
    "settings": {
      "testing": false
    },
    "software": "mriqc",
    "version": "22.0.6",
    "warnings": {
      "large_rot_frame": true,
      "small_air_mask": false
    },
    "webapi_port": null,
    "webapi_url": "https://mriqc.nimh.nih.gov/api/v1"
  },
  "qi_1": 0.0,
  "qi_2": 0.0038841418020559705,
  "rpve_csf": 29.347396249206643,
  "rpve_gm": 14.244570457895131,
  "rpve_wm": 22.292320757430304,
  "size_x": 176,
  "size_y": 256,
  "size_z": 256,
  "snr_csf": 1.6166754917394168,
  "snr_gm": 9.65100569233418,
  "snr_total": 11.391982486113506,
  "snr_wm": 22.908266274266914,
  "snrd_csf": 25.53729001361058,
  "snrd_gm": 78.37940118795318,
  "snrd_total": 73.24884744490868,
  "snrd_wm": 115.82985113316226,
  "spacing_x": 1.0000059604644775,
  "spacing_y": 1.0,
  "spacing_z": 1.0,
  "summary_bg_k": 3.5474737494036646,
  "summary_bg_mad": 5.656023824171696,
  "summary_bg_mean": 8.461171696483795,
  "summary_bg_median": 3.814930096268654,
  "summary_bg_n": 2098752.0,
  "summary_bg_p05": 0.0,
  "summary_bg_p95": 32.16749057173729,
  "summary_bg_stdv": 11.611179520195337,
  "summary_csf_k": -0.40360089365732543,
  "summary_csf_mad": 150.15612048411018,
  "summary_csf_mean": 232.1779305237254,
  "summary_csf_median": 220.47244012355804,
  "summary_csf_n": 23468.0,
  "summary_csf_p05": 36.59280948340893,
  "summary_csf_p95": 480.7925880886614,
  "summary_csf_stdv": 136.37105523076102,
  "summary_gm_k": 0.0422320582752187,
  "summary_gm_mad": 69.86320627616878,
  "summary_gm_mean": 675.3320934836893,
  "summary_gm_median": 676.6770407557487,
  "summary_gm_n": 49152.0,
  "summary_gm_p05": 557.9426824115217,
  "summary_gm_p95": 787.4763444997369,
  "summary_gm_stdv": 70.11395276073654,
  "summary_wm_k": 0.270863770564433,
  "summary_wm_mad": 42.48805096717778,
  "summary_wm_mean": 999.0655248951684,
  "summary_wm_median": 999.9999962747097,
  "summary_wm_n": 154034.0,
  "summary_wm_p05": 926.020871847868,
  "summary_wm_p95": 1069.004451856017,
  "summary_wm_stdv": 43.652223099753755,
  "tpm_overlap_csf": 0.1334764217852476,
  "tpm_overlap_gm": 0.48129117546516265,
  "tpm_overlap_wm": 0.5019713030665056,
  "wm2max": 0.5969302797511616
}