{
  "aor": 0.0005329384965831435,
  "aqi": 0.007511087312072892,
  "bids_meta": {
    "AcquisitionMatrixPE": 72,
    "AcquisitionNumber": 1,
    "AcquisitionTime": "13:40:43.460000",
    "BandwidthPerPixelPhaseEncode": 28.935,
    "BaseResolution": 72,
    "ConversionSoftware": "dcm2niix",
    "ConversionSoftwareVersion": "v1.0.20171215 GCC4.4.7",
    "DerivedVendorReportedEchoSpacing": 0.000480003,
    "DeviceSerialNumber": "35149",
    "DwellTime": 2.9e-06,
    "EchoTime": 0.03,
    "EffectiveEchoSpacing": 0.000480003,
    "FlipAngle": 75,
    "ImageOrientationPatientDICOM": [
      0.998014,
      0.0615375,
      -0.0134748,
      -0.0604989,
      0.876657,
      -0.477297
    ],
    "ImageType": "ORIGINALPRIMARYMNDMOSAIC",
    "InPlanePhaseEncodingDirectionDICOM": "COL",
    "InstitutionAddress": "Street_StreetNo_Rehovot_90B50C_District_IL_ZIP",
    "InstitutionName": "Weizmann",
    "InstitutionalDepartmentName": "Department",
    "MRAcquisitionType": "2D",
    "MagneticFieldStrength": 3,
    "Manufacturer": "Siemens",
    "ManufacturersModelName": "TrioTim",
    "Modality": "MR",
    "PartialFourier": 1,
    "PatientPosition": "HFS",
    "PercentPhaseFOV": 100,
    "PhaseEncodingDirection": "j-",
    "PhaseEncodingSteps": 72,
    "PhaseResolution": 1,
    "PixelBandwidth": 2395,
    "ProcedureStepDescription": "Weizmann_Dudai",
    "ProtocolName": "run1_mod",
    "PulseSequenceDetails": "%SiemensSeq%_ep2d_pace",
    "ReceiveCoilName": "HeadMatrix",
    "ReconMatrixPE": 72,
    "RepetitionTime": 2,
    "SAR": 0.14151,
    "ScanOptions": "FS",
    "ScanningSequence": "EP",
    "SequenceName": "_epfid2d1_72",
    "SequenceVariant": "SK",
    "SeriesDescription": "run1_mod",
    "SeriesNumber": 3,
    "ShimSetting": [
      2346,
      9597,
      -5430,
      923,
      66,
      -759,
      105,
      58
    ],
    "SliceThickness": 4,
    "SliceTiming": [
      0.9925,
      0,
      1.055,
      0.06,
      1.1175,
      0.1225,
      1.18,
      0.185,
      1.2425,
      0.2475,
      1.3025,
      0.31,
      1.365,
      0.3725,
      1.4275,
      0.435,
      1.49,
      0.495,
      1.5525,
      0.5575,
      1.615,
      0.62,
      1.675,
      0.6825,
      1.7375,
      0.745,
      1.8,
      0.8075,
      1.8625,
      0.8675,
      1.925,
      0.93
    ],
    "SoftwareVersions": "syngo_MR_B17",
    "SpacingBetweenSlices": 4,
    "StationName": "MRC35149",
    "TaskName": "viewclips",
    "TotalReadoutTime": 0.0340802,
    "TxRefAmp": 291.727,
    "VendorReportedEchoSpacing": 0.00048,
    "dataset": "ds001840",
    "modality": "bold",
    "run_id": 1,
    "subject_id": "32",
    "task_id": "viewclips"
  },
  "dummy_trs": 1,
  "dvars_nstd": 19.777301339908675,
  "dvars_std": 1.0509907030365302,
  "dvars_vstd": 0.9804468092009127,
  "efc": 0.5602856339962488,
  "fber": 956.4113159179688,
  "fd_mean": 0.11628683360967527,
  "fd_num": 46,
  "fd_perc": 10.478359908883826,
  "fwhm_avg": 1.8675852765868777,
  "fwhm_x": 1.80964,
  "fwhm_y": 2.037996666666667,
  "fwhm_z": 1.755119163093966,
  "gcor": 0.0262381,
  "gsr_x": -0.014974539168179035,
  "gsr_y": 0.03328933194279671,
  "provenance": {
    "md5sum": "7e00e78689a06e0ca437c888395345ae",
    "settings": {
      "fd_thres": 0.2,
      "testing": false
    },
    "software": "mriqc",
    "version": "22.0.6",
    "webapi_port": null,
    "webapi_url": "https://mriqc.nimh.nih.gov/api/v1"
  },
  "size_t": 439,
  "size_x": 72,
  "size_y": 72,
  "size_z": 32,
  "snr": 5.936133266036935,
  "spacing_tr": 2.0,
  "spacing_x": 3.0,
  "spacing_y": 3.0,
  "spacing_z": 4.000001907348633,
  "summary_bg_k": 14.911811079428976,
  "summary_bg_mad": 8.443065702020803,
  "summary_bg_mean": 49.94739532470703,
  "summary_bg_median": 23.576311111450195,
  "summary_bg_n": 96091.0,
  "summary_bg_p05": 17.088838577270508,
  "summary_bg_p95": 190.55126190185547,
  "summary_bg_stdv": 64.70150756835938,
  "summary_fg_k": 1.2898909759186923,
  "summary_fg_mad": 109.91517320061779,
  "summary_fg_mean": 760.6774291992188,
  "summary_fg_median": 749.61279296875,
  "summary_fg_n": 32914.0,
  "summary_fg_p05": 572.8427337646484,
  "summary_fg_p95": 981.9372772216797,
  "summary_fg_stdv": 126.27772521972656,
  "tsnr": 61.72202407172881
}