{
  "bids_meta": {
    "AcquisitionMatrixPE": 256,
    "AcquisitionNumber": 1,
    "AcquisitionTime": "14:05:52.877500",
    "BaseResolution": 256,
    "ConversionSoftware": "dcm2niix",
    "ConversionSoftwareVersion": "v1.0.20171215 GCC4.4.7",
    "DeviceSerialNumber": "35149",
    "DwellTime": 8.2e-06,
    "EchoTime": 0.00298,
    "FlipAngle": 9,
    "ImageOrientationPatientDICOM": [
      0.0275076,
      0.987993,
      -0.152032,
      0.117008,
      -0.154227,
      -0.981083
    ],
    "ImageType": [
      "ORIGINAL",
      "PRIMARY",
      "M",
      "ND"
    ],
    "InPlanePhaseEncodingDirectionDICOM": "ROW",
    "InstitutionAddress": "Street_StreetNo_Rehovot_E1B90C_District_IL_ZIP",
    "InstitutionName": "Weizmann",
    "InstitutionalDepartmentName": "Department",
    "InversionTime": 0.9,
    "MRAcquisitionType": "3D",
    "MagneticFieldStrength": 3,
    "Manufacturer": "Siemens",
    "ManufacturersModelName": "TrioTim",
    "Modality": "MR",
    "PartialFourier": 0.875,
    "PatientPosition": "HFS",
    "PercentPhaseFOV": 100,
    "PhaseEncodingSteps": 224,
    "PhaseResolution": 1,
    "PixelBandwidth": 238,
    "ProcedureStepDescription": "Weizmann_Dudai",
    "ProtocolName": "t1_mprage",
    "PulseSequenceDetails": "%SiemensSeq%_tfl",
    "ReceiveCoilName": "HeadMatrix",
    "ReconMatrixPE": 256,
    "RepetitionTime": 2.3,
    "SAR": 0.123377,
    "ScanOptions": "IR_PFP",
    "ScanningSequence": "GR_IR",
    "SequenceName": "_tfl3d1_ns",
    "SequenceVariant": "SP_MP",
    "SeriesDescription": "t1_mprage",
    "SeriesNumber": 7,
    "ShimSetting": [
      2352,
      9518,
      -5402,
      1051,
      10,
      -517,
      201,
      -87
    ],
    "SliceThickness": 1,
    "SoftwareVersions": "syngo_MR_B17",
    "StationName": "MRC35149",
    "TxRefAmp": 416.077,
    "dataset": "ds001840",
    "modality": "T1w",
    "subject_id": "09"
  },
  "cjv": 0.3766554896124662,
  "cnr": 3.5908921063087997,
  "efc": 0.6068444070544393,
  "fber": 15663.034814130842,
  "fwhm_avg": 3.57840120098694,
  "fwhm_x": 3.57748360296082,
  "fwhm_y": 3.8543,
  "fwhm_z": 3.30342,
  "icvs_csf": 0.2236537744096148,
  "icvs_gm": 0.44028551108502084,
  "icvs_wm": 0.33606071450536434,
  "inu_med": 0.6643896102905273,
  "inu_range": 0.2661433935165405,
  "provenance": {
    "md5sum": "fe08dd1bf09862b85deae748704b8b6a",
    "settings": {
      "testing": false
    },
    "software": "mriqc",
    "version": "22.0.6",
    "warnings": {
      "large_rot_frame": true,
      "small_air_mask": false
    },
    "webapi_port": null,
    "webapi_url": "https://mriqc.nimh.nih.gov/api/v1"
  },
  "qi_1": 0.0,
  "qi_2": 0.0029799194678079097,
  "rpve_csf": 22.53399843305236,
  "rpve_gm": 11.801886733670221,
  "rpve_wm": 17.50391594215749,
  "size_x": 176,
  "size_y": 256,
  "size_z": 256,
  "snr_csf": 1.9605762483737428,
  "snr_gm": 9.420740802957091,
  "snr_total": 9.793499705474515,
  "snr_wm": 17.999182065092707,
  "snrd_csf": 21.678420664612805,
  "snrd_gm": 67.16909071421199,
  "snrd_total": 63.071015483303775,
  "snrd_wm": 100.36553507108654,
  "spacing_x": 1.0000017881393433,
  "spacing_y": 1.0,
  "spacing_z": 1.0,
  "summary_bg_k": 4.006196150072386,
  "summary_bg_mad": 6.527692633858086,
  "summary_bg_mean": 13.068766530353672,
  "summary_bg_median": 4.402861773967743,
  "summary_bg_n": 2316105.0,
  "summary_bg_p05": 0.0,
  "summary_bg_p95": 52.37088215351105,
  "summary_bg_stdv": 18.737754385982008,
  "summary_csf_k": 1.2643935382746774,
  "summary_csf_mad": 96.15463031058061,
  "summary_csf_mean": 230.2379051710284,
  "summary_csf_median": 216.0009226873517,
  "summary_csf_n": 32480.0,
  "summary_csf_p05": 72.90646672360599,
  "summary_csf_p95": 439.6214032012969,
  "summary_csf_stdv": 110.17046529231725,
  "summary_gm_k": 0.03245317160258754,
  "summary_gm_mad": 70.90276670065592,
  "summary_gm_mean": 667.7100776526648,
  "summary_gm_median": 669.2639558389783,
  "summary_gm_n": 24312.0,
  "summary_gm_p05": 548.4908504214138,
  "summary_gm_p95": 783.0431732609868,
  "summary_gm_stdv": 71.04008120265325,
  "summary_wm_k": 0.3202976110120779,
  "summary_wm_mad": 53.68168284422768,
  "summary_wm_mean": 1000.6962584855489,
  "summary_wm_median": 1000.028946608305,
  "summary_wm_n": 179561.0,
  "summary_wm_p05": 910.4944351390004,
  "summary_wm_p95": 1092.4021452739835,
  "summary_wm_stdv": 55.55953366871181,
  "tpm_overlap_csf": 0.15626333004085485,
  "tpm_overlap_gm": 0.45921971897281216,
  "tpm_overlap_wm": 0.4945129825555119,
  "wm2max": 0.6063117964208566
}