{
  "aor": 0.0010877676537585422,
  "aqi": 0.0064269249202733485,
  "bids_meta": {
    "AcquisitionMatrixPE": 72,
    "AcquisitionNumber": 1,
    "AcquisitionTime": "14:33:22.570000",
    "BandwidthPerPixelPhaseEncode": 28.935,
    "BaseResolution": 72,
    "ConversionSoftware": "dcm2niix",
    "ConversionSoftwareVersion": "v1.0.20171215 GCC4.4.7",
    "DerivedVendorReportedEchoSpacing": 0.000480003,
    "DeviceSerialNumber": "35149",
    "DwellTime": 2.9e-06,
    "EchoTime": 0.03,
    "EffectiveEchoSpacing": 0.000480003,
    "FlipAngle": 75,
    "ImageOrientationPatientDICOM": [
      0.999767,
      0.021471,
      -0.00243295,
      -0.0210714,
      0.943779,
      -0.329906
    ],
    "ImageType": "ORIGINALPRIMARYMNDMOSAIC",
    "InPlanePhaseEncodingDirectionDICOM": "COL",
    "InstitutionAddress": "Street_StreetNo_Rehovot_90B50C_District_IL_ZIP",
    "InstitutionName": "Weizmann",
    "InstitutionalDepartmentName": "Department",
    "MRAcquisitionType": "2D",
    "MagneticFieldStrength": 3,
    "Manufacturer": "Siemens",
    "ManufacturersModelName": "TrioTim",
    "Modality": "MR",
    "PartialFourier": 1,
    "PatientPosition": "HFS",
    "PercentPhaseFOV": 100,
    "PhaseEncodingDirection": "j-",
    "PhaseEncodingSteps": 72,
    "PhaseResolution": 1,
    "PixelBandwidth": 2395,
    "ProcedureStepDescription": "Weizmann_Dudai",
    "ProtocolName": "run2_mod",
    "PulseSequenceDetails": "%SiemensSeq%_ep2d_pace",
    "ReceiveCoilName": "HeadMatrix",
    "ReconMatrixPE": 72,
    "RepetitionTime": 2,
    "SAR": 0.129721,
    "ScanOptions": "FS",
    "ScanningSequence": "EP",
    "SequenceName": "_epfid2d1_72",
    "SequenceVariant": "SK",
    "SeriesDescription": "run2_mod",
    "SeriesNumber": 4,
    "ShimSetting": [
      2360,
      9540,
      -5612,
      798,
      -20,
      -1020,
      139,
      -32
    ],
    "SliceThickness": 4,
    "SliceTiming": [
      0.995,
      0,
      1.0575,
      0.0625,
      1.12,
      0.125,
      1.18,
      0.1875,
      1.2425,
      0.25,
      1.305,
      0.3125,
      1.3675,
      0.3725,
      1.43,
      0.435,
      1.4925,
      0.4975,
      1.5525,
      0.56,
      1.615,
      0.6225,
      1.6775,
      0.685,
      1.74,
      0.745,
      1.8025,
      0.8075,
      1.865,
      0.87,
      1.9275,
      0.9325
    ],
    "SoftwareVersions": "syngo_MR_B17",
    "SpacingBetweenSlices": 4,
    "StationName": "MRC35149",
    "TaskName": "viewclips",
    "TotalReadoutTime": 0.0340802,
    "TxRefAmp": 286.974,
    "VendorReportedEchoSpacing": 0.00048,
    "dataset": "ds001840",
    "modality": "bold",
    "run_id": 2,
    "subject_id": "31",
    "task_id": "viewclips"
  },
  "dummy_trs": 1,
  "dvars_nstd": 20.609359686803653,
  "dvars_std": 1.156478497283105,
  "dvars_vstd": 1.0007133034474893,
  "efc": 0.49946074551716807,
  "fber": 1486.7899169921875,
  "fd_mean": 0.10300765368934485,
  "fd_num": 35,
  "fd_perc": 7.972665148063781,
  "fwhm_avg": 2.024644481665163,
  "fwhm_x": 2.0241333333333333,
  "fwhm_y": 2.17642,
  "fwhm_z": 1.8733801116621562,
  "gcor": 0.0240292,
  "gsr_x": -0.01995282992720604,
  "gsr_y": 0.026765450835227966,
  "provenance": {
    "md5sum": "f94b29eb664e9e1cb1182fd4876a3e68",
    "settings": {
      "fd_thres": 0.2,
      "testing": false
    },
    "software": "mriqc",
    "version": "22.0.6",
    "webapi_port": null,
    "webapi_url": "https://mriqc.nimh.nih.gov/api/v1"
  },
  "size_t": 439,
  "size_x": 72,
  "size_y": 72,
  "size_z": 32,
  "snr": 5.056543597569301,
  "spacing_tr": 2.0,
  "spacing_x": 3.0,
  "spacing_y": 3.0,
  "spacing_z": 3.999999761581421,
  "summary_bg_k": 70.54935551576905,
  "summary_bg_mad": 4.795661997429252,
  "summary_bg_mean": 34.83840560913086,
  "summary_bg_median": 20.60364532470703,
  "summary_bg_n": 102647.0,
  "summary_bg_p05": 16.735763549804688,
  "summary_bg_p95": 98.17471771240234,
  "summary_bg_stdv": 42.1390495300293,
  "summary_fg_k": 1.08596501888439,
  "summary_fg_mad": 147.55774131941646,
  "summary_fg_mean": 834.4869995117188,
  "summary_fg_median": 813.7015991210938,
  "summary_fg_n": 28069.0,
  "summary_fg_p05": 611.641943359375,
  "summary_fg_p95": 1125.273828125,
  "summary_fg_stdv": 160.9176483154297,
  "tsnr": 61.69443100690842
}