{
  "aor": 0.00027,
  "aqi": 0.00630199291571754,
  "bids_meta": {
    "AcquisitionMatrixPE": 72,
    "AcquisitionNumber": 1,
    "AcquisitionTime": "14:48:47.832500",
    "BandwidthPerPixelPhaseEncode": 28.935,
    "BaseResolution": 72,
    "ConversionSoftware": "dcm2niix",
    "ConversionSoftwareVersion": "v1.0.20171215 GCC4.4.7",
    "DerivedVendorReportedEchoSpacing": 0.000480003,
    "DeviceSerialNumber": "35149",
    "DwellTime": 2.9e-06,
    "EchoTime": 0.03,
    "EffectiveEchoSpacing": 0.000480003,
    "FlipAngle": 75,
    "ImageOrientationPatientDICOM": [
      0.999767,
      0.021471,
      -0.00243295,
      -0.0210714,
      0.943779,
      -0.329906
    ],
    "ImageType": "ORIGINALPRIMARYMNDMOSAIC",
    "InPlanePhaseEncodingDirectionDICOM": "COL",
    "InstitutionAddress": "Street_StreetNo_Rehovot_90B50C_District_IL_ZIP",
    "InstitutionName": "Weizmann",
    "InstitutionalDepartmentName": "Department",
    "MRAcquisitionType": "2D",
    "MagneticFieldStrength": 3,
    "Manufacturer": "Siemens",
    "ManufacturersModelName": "TrioTim",
    "Modality": "MR",
    "PartialFourier": 1,
    "PatientPosition": "HFS",
    "PercentPhaseFOV": 100,
    "PhaseEncodingDirection": "j-",
    "PhaseEncodingSteps": 72,
    "PhaseResolution": 1,
    "PixelBandwidth": 2395,
    "ProcedureStepDescription": "Weizmann_Dudai",
    "ProtocolName": "run3_mod",
    "PulseSequenceDetails": "%SiemensSeq%_ep2d_pace",
    "ReceiveCoilName": "HeadMatrix",
    "ReconMatrixPE": 72,
    "RepetitionTime": 2,
    "SAR": 0.129721,
    "ScanOptions": "FS",
    "ScanningSequence": "EP",
    "SequenceName": "_epfid2d1_72",
    "SequenceVariant": "SK",
    "SeriesDescription": "run3_mod",
    "SeriesNumber": 5,
    "ShimSetting": [
      2360,
      9540,
      -5612,
      798,
      -20,
      -1020,
      139,
      -32
    ],
    "SliceThickness": 4,
    "SliceTiming": [
      0.995,
      0,
      1.055,
      0.0625,
      1.1175,
      0.125,
      1.18,
      0.1875,
      1.2425,
      0.2475,
      1.305,
      0.31,
      1.3675,
      0.3725,
      1.43,
      0.435,
      1.49,
      0.4975,
      1.5525,
      0.56,
      1.615,
      0.6225,
      1.6775,
      0.6825,
      1.74,
      0.745,
      1.8025,
      0.8075,
      1.8625,
      0.87,
      1.925,
      0.9325
    ],
    "SoftwareVersions": "syngo_MR_B17",
    "SpacingBetweenSlices": 4,
    "StationName": "MRC35149",
    "TaskName": "viewclips",
    "TotalReadoutTime": 0.0340802,
    "TxRefAmp": 286.974,
    "VendorReportedEchoSpacing": 0.00048,
    "dataset": "ds001840",
    "modality": "bold",
    "run_id": 3,
    "subject_id": "31",
    "task_id": "viewclips"
  },
  "dummy_trs": 1,
  "dvars_nstd": 21.719766871598182,
  "dvars_std": 1.132245393949771,
  "dvars_vstd": 0.9574550375114157,
  "efc": 0.498615555033475,
  "fber": 1481.382080078125,
  "fd_mean": 0.10269862319926633,
  "fd_num": 22,
  "fd_perc": 5.011389521640091,
  "fwhm_avg": 2.0047011481796395,
  "fwhm_x": 2.0066166666666665,
  "fwhm_y": 2.141766666666667,
  "fwhm_z": 1.8657201112055846,
  "gcor": 0.033318,
  "gsr_x": -0.01872660592198372,
  "gsr_y": 0.027574865147471428,
  "provenance": {
    "md5sum": "5cb248a8242fd6be7af3e68813cb7a14",
    "settings": {
      "fd_thres": 0.2,
      "testing": false
    },
    "software": "mriqc",
    "version": "22.0.6",
    "webapi_port": null,
    "webapi_url": "https://mriqc.nimh.nih.gov/api/v1"
  },
  "size_t": 439,
  "size_x": 72,
  "size_y": 72,
  "size_z": 32,
  "snr": 5.063566800437781,
  "spacing_tr": 2.0,
  "spacing_x": 3.0,
  "spacing_y": 3.0,
  "spacing_z": 3.999999761581421,
  "summary_bg_k": 62.51042873283063,
  "summary_bg_mad": 4.7551362322135615,
  "summary_bg_mean": 34.32324981689453,
  "summary_bg_median": 20.592256546020508,
  "summary_bg_n": 102682.0,
  "summary_bg_p05": 16.822324752807617,
  "summary_bg_p95": 96.54100570678705,
  "summary_bg_stdv": 40.02046203613281,
  "summary_fg_k": 1.1027411531395241,
  "summary_fg_mad": 146.61722458613775,
  "summary_fg_mean": 833.792236328125,
  "summary_fg_median": 812.8963623046875,
  "summary_fg_n": 28062.0,
  "summary_fg_p05": 612.3144836425781,
  "summary_fg_p95": 1126.1935302734373,
  "summary_fg_stdv": 160.53543090820312,
  "tsnr": 62.961654861457646
}