{
  "aor": 0.0006644292237442923,
  "aqi": 0.005916263584474886,
  "bids_meta": {
    "AcquisitionMatrixPE": 72,
    "AcquisitionNumber": 1,
    "AcquisitionTime": "14:42:57.652500",
    "BandwidthPerPixelPhaseEncode": 28.935,
    "BaseResolution": 72,
    "ConversionSoftware": "dcm2niix",
    "ConversionSoftwareVersion": "v1.0.20171215 GCC4.4.7",
    "DerivedVendorReportedEchoSpacing": 0.000480003,
    "DeviceSerialNumber": "35149",
    "DwellTime": 2.9e-06,
    "EchoTime": 0.03,
    "EffectiveEchoSpacing": 0.000480003,
    "FlipAngle": 75,
    "ImageOrientationPatientDICOM": [
      0.996597,
      -0.0783901,
      0.0254705,
      0.0824242,
      0.94782,
      -0.307966
    ],
    "ImageType": "ORIGINALPRIMARYMNDMOSAIC",
    "InPlanePhaseEncodingDirectionDICOM": "COL",
    "InstitutionAddress": "Street_StreetNo_Rehovot_E1B90C_District_IL_ZIP",
    "InstitutionName": "Weizmann",
    "InstitutionalDepartmentName": "Department",
    "MRAcquisitionType": "2D",
    "MagneticFieldStrength": 3,
    "Manufacturer": "Siemens",
    "ManufacturersModelName": "TrioTim",
    "Modality": "MR",
    "PartialFourier": 1,
    "PatientPosition": "HFS",
    "PercentPhaseFOV": 100,
    "PhaseEncodingDirection": "j-",
    "PhaseEncodingSteps": 72,
    "PhaseResolution": 1,
    "PixelBandwidth": 2395,
    "ProcedureStepDescription": "Weizmann_Dudai",
    "ProtocolName": "run1_mod",
    "PulseSequenceDetails": "%SiemensSeq%_ep2d_pace",
    "ReceiveCoilName": "HeadMatrix",
    "ReconMatrixPE": 72,
    "RepetitionTime": 2,
    "SAR": 0.142818,
    "ScanOptions": "FS",
    "ScanningSequence": "EP",
    "SequenceName": "_epfid2d1_72",
    "SequenceVariant": "SK",
    "SeriesDescription": "run1_mod",
    "SeriesNumber": 3,
    "ShimSetting": [
      2364,
      9514,
      -5255,
      957,
      32,
      -735,
      143,
      -76
    ],
    "SliceThickness": 4,
    "SliceTiming": [
      0.9925,
      0,
      1.055,
      0.0625,
      1.1175,
      0.125,
      1.18,
      0.185,
      1.2425,
      0.2475,
      1.305,
      0.31,
      1.3675,
      0.3725,
      1.4275,
      0.435,
      1.49,
      0.4975,
      1.5525,
      0.56,
      1.615,
      0.62,
      1.6775,
      0.6825,
      1.74,
      0.745,
      1.8,
      0.8075,
      1.8625,
      0.87,
      1.925,
      0.9325
    ],
    "SoftwareVersions": "syngo_MR_B17",
    "SpacingBetweenSlices": 4,
    "StationName": "MRC35149",
    "TaskName": "viewclips",
    "TotalReadoutTime": 0.0340802,
    "TxRefAmp": 294.192,
    "VendorReportedEchoSpacing": 0.00048,
    "dataset": "ds001840",
    "modality": "bold",
    "run_id": 1,
    "subject_id": "24",
    "task_id": "viewclips"
  },
  "dummy_trs": 2,
  "dvars_nstd": 19.6004848394508,
  "dvars_std": 1.0909123001372998,
  "dvars_vstd": 0.9739476779862687,
  "efc": 0.51095343096313,
  "fber": 1233.86181640625,
  "fd_mean": 0.11678530132891504,
  "fd_num": 25,
  "fd_perc": 5.707762557077626,
  "fwhm_avg": 2.0451244444444447,
  "fwhm_x": 1.96833,
  "fwhm_y": 2.177093333333333,
  "fwhm_z": 1.98995,
  "gcor": 0.0637749,
  "gsr_x": -0.022948293015360832,
  "gsr_y": 0.025279881432652473,
  "provenance": {
    "md5sum": "bbefee2a03332991caab52369d61ee8d",
    "settings": {
      "fd_thres": 0.2,
      "testing": false
    },
    "software": "mriqc",
    "version": "22.0.6",
    "webapi_port": null,
    "webapi_url": "https://mriqc.nimh.nih.gov/api/v1"
  },
  "size_t": 438,
  "size_x": 72,
  "size_y": 72,
  "size_z": 32,
  "snr": 5.203219889367508,
  "spacing_tr": 2.0,
  "spacing_x": 3.0,
  "spacing_y": 3.0,
  "spacing_z": 4.0,
  "summary_bg_k": 34.190309337935275,
  "summary_bg_mad": 4.573048830915432,
  "summary_bg_mean": 33.38721466064453,
  "summary_bg_median": 19.817350387573242,
  "summary_bg_n": 102045.0,
  "summary_bg_p05": 16.19862937927246,
  "summary_bg_p95": 98.74017791748037,
  "summary_bg_stdv": 38.18546676635742,
  "summary_fg_k": 1.1130645495067517,
  "summary_fg_mad": 115.35186395304801,
  "summary_fg_mean": 730.5430297851562,
  "summary_fg_median": 710.6734619140625,
  "summary_fg_n": 29313.0,
  "summary_fg_p05": 542.495849609375,
  "summary_fg_p95": 987.7766723632812,
  "summary_fg_stdv": 136.58106994628906,
  "tsnr": 65.42279282584786
}