{
  "aor": 0.0005460820045558087,
  "aqi": 0.004522513348519362,
  "bids_meta": {
    "AcquisitionMatrixPE": 72,
    "AcquisitionNumber": 1,
    "AcquisitionTime": "15:17:10.515000",
    "BandwidthPerPixelPhaseEncode": 28.935,
    "BaseResolution": 72,
    "ConversionSoftware": "dcm2niix",
    "ConversionSoftwareVersion": "v1.0.20171215 GCC4.4.7",
    "DerivedVendorReportedEchoSpacing": 0.000480003,
    "DeviceSerialNumber": "35149",
    "DwellTime": 2.9e-06,
    "EchoTime": 0.03,
    "EffectiveEchoSpacing": 0.000480003,
    "FlipAngle": 75,
    "ImageOrientationPatientDICOM": [
      0.996597,
      -0.0783901,
      0.0254705,
      0.0824242,
      0.94782,
      -0.307966
    ],
    "ImageType": "ORIGINALPRIMARYMNDMOSAIC",
    "InPlanePhaseEncodingDirectionDICOM": "COL",
    "InstitutionAddress": "Street_StreetNo_Rehovot_E1B90C_District_IL_ZIP",
    "InstitutionName": "Weizmann",
    "InstitutionalDepartmentName": "Department",
    "MRAcquisitionType": "2D",
    "MagneticFieldStrength": 3,
    "Manufacturer": "Siemens",
    "ManufacturersModelName": "TrioTim",
    "Modality": "MR",
    "PartialFourier": 1,
    "PatientPosition": "HFS",
    "PercentPhaseFOV": 100,
    "PhaseEncodingDirection": "j-",
    "PhaseEncodingSteps": 72,
    "PhaseResolution": 1,
    "PixelBandwidth": 2395,
    "ProcedureStepDescription": "Weizmann_Dudai",
    "ProtocolName": "run3_mod",
    "PulseSequenceDetails": "%SiemensSeq%_ep2d_pace",
    "ReceiveCoilName": "HeadMatrix",
    "ReconMatrixPE": 72,
    "RepetitionTime": 2,
    "SAR": 0.142818,
    "ScanOptions": "FS",
    "ScanningSequence": "EP",
    "SequenceName": "_epfid2d1_72",
    "SequenceVariant": "SK",
    "SeriesDescription": "run3_mod",
    "SeriesNumber": 5,
    "ShimSetting": [
      2364,
      9514,
      -5255,
      957,
      32,
      -735,
      143,
      -76
    ],
    "SliceThickness": 4,
    "SliceTiming": [
      0.995,
      0,
      1.0575,
      0.0625,
      1.1175,
      0.125,
      1.18,
      0.1875,
      1.2425,
      0.25,
      1.305,
      0.31,
      1.3675,
      0.3725,
      1.43,
      0.435,
      1.49,
      0.4975,
      1.5525,
      0.56,
      1.615,
      0.6225,
      1.6775,
      0.6825,
      1.74,
      0.745,
      1.8025,
      0.8075,
      1.865,
      0.87,
      1.925,
      0.9325
    ],
    "SoftwareVersions": "syngo_MR_B17",
    "SpacingBetweenSlices": 4,
    "StationName": "MRC35149",
    "TaskName": "viewclips",
    "TotalReadoutTime": 0.0340802,
    "TxRefAmp": 294.192,
    "VendorReportedEchoSpacing": 0.00048,
    "dataset": "ds001840",
    "modality": "bold",
    "run_id": 3,
    "subject_id": "24",
    "task_id": "viewclips"
  },
  "dummy_trs": 1,
  "dvars_nstd": 19.411371503105027,
  "dvars_std": 1.1221507942009135,
  "dvars_vstd": 1.0066832158904124,
  "efc": 0.5114447256733949,
  "fber": 1226.3184814453125,
  "fd_mean": 0.1276331104295318,
  "fd_num": 57,
  "fd_perc": 12.984054669703873,
  "fwhm_avg": 2.0452952777777775,
  "fwhm_x": 1.9687133333333333,
  "fwhm_y": 2.17476,
  "fwhm_z": 1.9924125,
  "gcor": 0.0599782,
  "gsr_x": -0.02311587706208229,
  "gsr_y": 0.025204531848430634,
  "provenance": {
    "md5sum": "d144387074eb03790bc0c1a4ada5e253",
    "settings": {
      "fd_thres": 0.2,
      "testing": false
    },
    "software": "mriqc",
    "version": "22.0.6",
    "webapi_port": null,
    "webapi_url": "https://mriqc.nimh.nih.gov/api/v1"
  },
  "size_t": 439,
  "size_x": 72,
  "size_y": 72,
  "size_z": 32,
  "snr": 5.174134044707085,
  "spacing_tr": 2.0,
  "spacing_x": 3.0,
  "spacing_y": 3.0,
  "spacing_z": 4.0,
  "summary_bg_k": 29.115034292183715,
  "summary_bg_mad": 4.57276321914467,
  "summary_bg_mean": 34.20588302612305,
  "summary_bg_median": 19.972665786743164,
  "summary_bg_n": 102262.0,
  "summary_bg_p05": 16.40319061279297,
  "summary_bg_p95": 103.46492233276355,
  "summary_bg_stdv": 39.62833023071289,
  "summary_fg_k": 1.0781752829664022,
  "summary_fg_mad": 117.59838999532218,
  "summary_fg_mean": 736.6849365234375,
  "summary_fg_median": 716.8018798828125,
  "summary_fg_n": 29185.0,
  "summary_fg_p05": 545.6273315429687,
  "summary_fg_p95": 996.410986328125,
  "summary_fg_stdv": 138.5332489013672,
  "tsnr": 74.71422131615691
}