{
  "aor": 0.0003407744874715262,
  "aqi": 0.009231174829157177,
  "bids_meta": {
    "AcquisitionMatrixPE": 72,
    "AcquisitionNumber": 1,
    "AcquisitionTime": "15:00:5.567500",
    "BandwidthPerPixelPhaseEncode": 28.935,
    "BaseResolution": 72,
    "ConversionSoftware": "dcm2niix",
    "ConversionSoftwareVersion": "v1.0.20171215 GCC4.4.7",
    "DerivedVendorReportedEchoSpacing": 0.000480003,
    "DeviceSerialNumber": "35149",
    "DwellTime": 2.9e-06,
    "EchoTime": 0.03,
    "EffectiveEchoSpacing": 0.000480003,
    "FlipAngle": 75,
    "ImageOrientationPatientDICOM": [
      0.996597,
      -0.0783901,
      0.0254705,
      0.0824242,
      0.94782,
      -0.307966
    ],
    "ImageType": "ORIGINALPRIMARYMNDMOSAIC",
    "InPlanePhaseEncodingDirectionDICOM": "COL",
    "InstitutionAddress": "Street_StreetNo_Rehovot_E1B90C_District_IL_ZIP",
    "InstitutionName": "Weizmann",
    "InstitutionalDepartmentName": "Department",
    "MRAcquisitionType": "2D",
    "MagneticFieldStrength": 3,
    "Manufacturer": "Siemens",
    "ManufacturersModelName": "TrioTim",
    "Modality": "MR",
    "PartialFourier": 1,
    "PatientPosition": "HFS",
    "PercentPhaseFOV": 100,
    "PhaseEncodingDirection": "j-",
    "PhaseEncodingSteps": 72,
    "PhaseResolution": 1,
    "PixelBandwidth": 2395,
    "ProcedureStepDescription": "Weizmann_Dudai",
    "ProtocolName": "run2_mod",
    "PulseSequenceDetails": "%SiemensSeq%_ep2d_pace",
    "ReceiveCoilName": "HeadMatrix",
    "ReconMatrixPE": 72,
    "RepetitionTime": 2,
    "SAR": 0.142818,
    "ScanOptions": "FS",
    "ScanningSequence": "EP",
    "SequenceName": "_epfid2d1_72",
    "SequenceVariant": "SK",
    "SeriesDescription": "run2_mod",
    "SeriesNumber": 4,
    "ShimSetting": [
      2364,
      9514,
      -5255,
      957,
      32,
      -735,
      143,
      -76
    ],
    "SliceThickness": 4,
    "SliceTiming": [
      0.9925,
      0,
      1.055,
      0.0625,
      1.1175,
      0.1225,
      1.18,
      0.185,
      1.2425,
      0.2475,
      1.3025,
      0.31,
      1.365,
      0.3725,
      1.4275,
      0.435,
      1.49,
      0.495,
      1.5525,
      0.5575,
      1.615,
      0.62,
      1.675,
      0.6825,
      1.7375,
      0.745,
      1.8,
      0.8075,
      1.8625,
      0.8675,
      1.925,
      0.93
    ],
    "SoftwareVersions": "syngo_MR_B17",
    "SpacingBetweenSlices": 4,
    "StationName": "MRC35149",
    "TaskName": "viewclips",
    "TotalReadoutTime": 0.0340802,
    "TxRefAmp": 294.192,
    "VendorReportedEchoSpacing": 0.00048,
    "dataset": "ds001840",
    "modality": "bold",
    "run_id": 2,
    "subject_id": "24",
    "task_id": "viewclips"
  },
  "dummy_trs": 1,
  "dvars_nstd": 19.67525193890411,
  "dvars_std": 1.0333245821461179,
  "dvars_vstd": 0.9385635846347037,
  "efc": 0.5110604076308306,
  "fber": 1209.8349609375,
  "fd_mean": 0.13100818007739534,
  "fd_num": 41,
  "fd_perc": 9.339407744874716,
  "fwhm_avg": 2.0643158333333336,
  "fwhm_x": 1.98991,
  "fwhm_y": 2.20106,
  "fwhm_z": 2.0019775,
  "gcor": 0.0366467,
  "gsr_x": -0.022641807794570923,
  "gsr_y": 0.024730997160077095,
  "provenance": {
    "md5sum": "73fd0e9618973bcb4828f98d286fb1b4",
    "settings": {
      "fd_thres": 0.2,
      "testing": false
    },
    "software": "mriqc",
    "version": "22.0.6",
    "webapi_port": null,
    "webapi_url": "https://mriqc.nimh.nih.gov/api/v1"
  },
  "size_t": 439,
  "size_x": 72,
  "size_y": 72,
  "size_z": 32,
  "snr": 5.176337443236196,
  "spacing_tr": 2.0,
  "spacing_x": 3.0,
  "spacing_y": 3.0,
  "spacing_z": 4.0,
  "summary_bg_k": 30.938522402099515,
  "summary_bg_mad": 5.265097462828083,
  "summary_bg_mean": 33.7758674621582,
  "summary_bg_median": 20.207290649414062,
  "summary_bg_n": 102088.0,
  "summary_bg_p05": 15.628702163696289,
  "summary_bg_p95": 100.24214210510252,
  "summary_bg_stdv": 38.43714141845703,
  "summary_fg_k": 0.9879743577182043,
  "summary_fg_mad": 118.22992569374446,
  "summary_fg_mean": 736.8544311523438,
  "summary_fg_median": 716.9715576171875,
  "summary_fg_n": 29260.0,
  "summary_fg_p05": 545.9119720458984,
  "summary_fg_p95": 999.0466186523437,
  "summary_fg_stdv": 138.50706481933594,
  "tsnr": 58.56920165801421
}